{
  "aor": 0.0007169178082191781,
  "aqi": 0.0023783243150684932,
  "bids_meta": {
    "AcquisitionMatrixPE": 64,
    "AcquisitionNumber": 1,
    "AcquisitionTime": "16:34:23.767500",
    "BandwidthPerPixelPhaseEncode": 26.483,
    "BaseResolution": 64,
    "ConversionSoftware": "dcm2niix",
    "ConversionSoftwareVersion": "v1.0.20171215 Clang9.0.0",
    "DerivedVendorReportedEchoSpacing": 0.000590001,
    "DeviceSerialNumber": "35410",
    "DwellTime": 4.1e-06,
    "EchoTime": 0.026,
    "EffectiveEchoSpacing": 0.000590001,
    "FlipAngle": 90,
    "ImageOrientationPatientDICOM": [
      1,
      2e-16,
      0,
      -2e-16,
      0.98796,
      -0.15471
    ],
    "ImageType": [
      "ORIGINAL",
      "PRIMARY",
      "M",
      "ND",
      "MOSAIC"
    ],
    "InPlanePhaseEncodingDirectionDICOM": "COL",
    "InstitutionAddress": "Cooper_60_St._Lucia_QLD_AU_4072",
    "InstitutionName": "Queensland_Brain_Institute",
    "InstitutionalDepartmentName": "Gehrmann_Labs_MRI",
    "MRAcquisitionType": "2D",
    "MagneticFieldStrength": 3,
    "Manufacturer": "Siemens",
    "ManufacturersModelName": "TrioTim",
    "Modality": "MR",
    "PartialFourier": 1,
    "PatientPosition": "HFS",
    "PercentPhaseFOV": 100,
    "PhaseEncodingDirection": "j-",
    "PhaseEncodingSteps": 64,
    "PhaseResolution": 1,
    "PixelBandwidth": 1905,
    "ProcedureStepDescription": "Brain_-_UQ_fMRI",
    "ProtocolName": "OLVSL_R5",
    "PulseSequenceDetails": "%SiemensSeq%_ep2d_pace",
    "ReceiveCoilName": "32Ch_Head",
    "ReconMatrixPE": 64,
    "RepetitionTime": 2,
    "SAR": 0.228682,
    "ScanOptions": "FS",
    "ScanningSequence": "EP",
    "SequenceName": "_epfid2d1_64",
    "SequenceVariant": "SK",
    "SeriesDescription": "OLVSL_R5",
    "SeriesNumber": 6,
    "ShimSetting": [
      6823,
      -11475,
      -2101,
      683,
      60,
      -403,
      -69,
      -34
    ],
    "SliceThickness": 3,
    "SliceTiming": [
      0,
      1.025,
      0.06,
      1.085,
      0.12,
      1.145,
      0.18,
      1.205,
      0.2425,
      1.265,
      0.3025,
      1.325,
      0.3625,
      1.385,
      0.4225,
      1.445,
      0.4825,
      1.505,
      0.5425,
      1.565,
      0.6025,
      1.6275,
      0.6625,
      1.6875,
      0.7225,
      1.7475,
      0.7825,
      1.8075,
      0.8425,
      1.8675,
      0.9025,
      1.9275,
      0.965
    ],
    "SoftwareVersions": "syngo_MR_B17",
    "SpacingBetweenSlices": 3.3,
    "StationName": "mrc_Trio",
    "TaskName": "learn",
    "TotalReadoutTime": 0.0371701,
    "TxRefAmp": 446.743,
    "dataset": "ds001241",
    "modality": "bold",
    "run_id": 5,
    "subject_id": "19",
    "task_id": "learn"
  },
  "dummy_trs": 2,
  "dvars_nstd": 21.473159842413786,
  "dvars_std": 1.1947362155172412,
  "dvars_vstd": 0.9947475081379309,
  "efc": 0.6328474890597745,
  "fber": 239.35142517089844,
  "fd_mean": 0.08501099422248139,
  "fd_num": 3,
  "fd_perc": 2.0547945205479454,
  "fwhm_avg": 2.5665490027743814,
  "fwhm_x": 2.37022,
  "fwhm_y": 2.6562633333333334,
  "fwhm_z": 2.6731636749898113,
  "gcor": 0.0129415,
  "gsr_x": 0.027796601876616478,
  "gsr_y": 0.06299927085638046,
  "provenance": {
    "md5sum": "a2001b5e436d5d43e5f086c392f1137f",
    "settings": {
      "fd_thres": 0.2,
      "testing": false
    },
    "software": "mriqc",
    "version": "22.0.6",
    "webapi_port": null,
    "webapi_url": "https://mriqc.nimh.nih.gov/api/v1"
  },
  "size_t": 146,
  "size_x": 64,
  "size_y": 64,
  "size_z": 33,
  "snr": 3.291046883847955,
  "spacing_tr": 2.0,
  "spacing_x": 3.0,
  "spacing_y": 3.0,
  "spacing_z": 3.299999952316284,
  "summary_bg_k": 19.819155458580962,
  "summary_bg_mad": 22.239030449744714,
  "summary_bg_mean": 70.72511291503906,
  "summary_bg_median": 37.034244537353516,
  "summary_bg_n": 68112.0,
  "summary_bg_p05": 21.041095733642578,
  "summary_bg_p95": 229.69485549926756,
  "summary_bg_stdv": 85.8045425415039,
  "summary_fg_k": 2.964498358655846,
  "summary_fg_mad": 162.25861464777122,
  "summary_fg_mean": 611.705322265625,
  "summary_fg_median": 583.5993041992188,
  "summary_fg_n": 34534.0,
  "summary_fg_p05": 381.47705841064453,
  "summary_fg_p95": 930.4578796386718,
  "summary_fg_stdv": 177.32681274414062,
  "tsnr": 87.7169841628056
}