{
  "aor": 0.0009977551020408162,
  "aqi": 0.0038587391836734696,
  "bids_meta": {
    "AcquisitionMatrixPE": 64,
    "AcquisitionNumber": 1,
    "AcquisitionTime": "16:17:59.612500",
    "BandwidthPerPixelPhaseEncode": 26.483,
    "BaseResolution": 64,
    "ConversionSoftware": "dcm2niix",
    "ConversionSoftwareVersion": "v1.0.20171215 Clang9.0.0",
    "DerivedVendorReportedEchoSpacing": 0.000590001,
    "DeviceSerialNumber": "35410",
    "DwellTime": 4.1e-06,
    "EchoTime": 0.026,
    "EffectiveEchoSpacing": 0.000590001,
    "FlipAngle": 90,
    "ImageOrientationPatientDICOM": [
      1,
      2e-16,
      0,
      -2e-16,
      0.98796,
      -0.15471
    ],
    "ImageType": [
      "ORIGINAL",
      "PRIMARY",
      "M",
      "ND",
      "MOSAIC"
    ],
    "InPlanePhaseEncodingDirectionDICOM": "COL",
    "InstitutionAddress": "Cooper_60_St._Lucia_QLD_AU_4072",
    "InstitutionName": "Queensland_Brain_Institute",
    "InstitutionalDepartmentName": "Gehrmann_Labs_MRI",
    "MRAcquisitionType": "2D",
    "MagneticFieldStrength": 3,
    "Manufacturer": "Siemens",
    "ManufacturersModelName": "TrioTim",
    "Modality": "MR",
    "PartialFourier": 1,
    "PatientPosition": "HFS",
    "PercentPhaseFOV": 100,
    "PhaseEncodingDirection": "j-",
    "PhaseEncodingSteps": 64,
    "PhaseResolution": 1,
    "PixelBandwidth": 1905,
    "ProcedureStepDescription": "Brain_-_UQ_fMRI",
    "ProtocolName": "OLVSL_R2",
    "PulseSequenceDetails": "%SiemensSeq%_ep2d_pace",
    "ReceiveCoilName": "32Ch_Head",
    "ReconMatrixPE": 64,
    "RepetitionTime": 2,
    "SAR": 0.228682,
    "ScanOptions": "FS",
    "ScanningSequence": "EP",
    "SequenceName": "_epfid2d1_64",
    "SequenceVariant": "SK",
    "SeriesDescription": "OLVSL_R2",
    "SeriesNumber": 3,
    "ShimSetting": [
      6823,
      -11475,
      -2101,
      683,
      60,
      -403,
      -69,
      -34
    ],
    "SliceThickness": 3,
    "SliceTiming": [
      0,
      1.0225,
      0.06,
      1.0825,
      0.12,
      1.1425,
      0.18,
      1.2025,
      0.24,
      1.2625,
      0.3,
      1.325,
      0.36,
      1.385,
      0.42,
      1.445,
      0.48,
      1.505,
      0.54,
      1.565,
      0.6025,
      1.625,
      0.6625,
      1.685,
      0.7225,
      1.745,
      0.7825,
      1.805,
      0.8425,
      1.865,
      0.9025,
      1.925,
      0.9625
    ],
    "SoftwareVersions": "syngo_MR_B17",
    "SpacingBetweenSlices": 3.3,
    "StationName": "mrc_Trio",
    "TaskName": "learn",
    "TotalReadoutTime": 0.0371701,
    "TxRefAmp": 446.743,
    "dataset": "ds001241",
    "modality": "bold",
    "run_id": 2,
    "subject_id": "19",
    "task_id": "learn"
  },
  "dummy_trs": 1,
  "dvars_nstd": 25.14506427595891,
  "dvars_std": 1.1687404441780818,
  "dvars_vstd": 0.9560675528767125,
  "efc": 0.6316876986710679,
  "fber": 240.18833923339844,
  "fd_mean": 0.1331653204803886,
  "fd_num": 22,
  "fd_perc": 14.965986394557824,
  "fwhm_avg": 2.5848631441962735,
  "fwhm_x": 2.41989,
  "fwhm_y": 2.6599266666666668,
  "fwhm_z": 2.674772765922153,
  "gcor": 0.0119951,
  "gsr_x": 0.026339320465922356,
  "gsr_y": 0.056131571531295776,
  "provenance": {
    "md5sum": "83f3d1b9b1574d161acf0f8746dcd257",
    "settings": {
      "fd_thres": 0.2,
      "testing": false
    },
    "software": "mriqc",
    "version": "22.0.6",
    "webapi_port": null,
    "webapi_url": "https://mriqc.nimh.nih.gov/api/v1"
  },
  "size_t": 147,
  "size_x": 64,
  "size_y": 64,
  "size_z": 33,
  "snr": 3.240770325814237,
  "spacing_tr": 2.0,
  "spacing_x": 3.0,
  "spacing_y": 3.0,
  "spacing_z": 3.299999952316284,
  "summary_bg_k": 19.50450506695281,
  "summary_bg_mad": 22.63741786628711,
  "summary_bg_mean": 69.1375961303711,
  "summary_bg_median": 37.32653045654297,
  "summary_bg_n": 67624.0,
  "summary_bg_p05": 20.496597290039062,
  "summary_bg_p95": 220.86972198486328,
  "summary_bg_stdv": 81.46781921386719,
  "summary_fg_k": 2.941647073139717,
  "summary_fg_mad": 164.05949583679921,
  "summary_fg_mean": 615.9228515625,
  "summary_fg_median": 586.7755126953125,
  "summary_fg_n": 34844.0,
  "summary_fg_p05": 381.00135650634763,
  "summary_fg_p95": 943.1907745361327,
  "summary_fg_stdv": 181.0579071044922,
  "tsnr": 67.58298154454678
}