{
  "aor": 0.0014890476190476192,
  "aqi": 0.0033926952380952382,
  "bids_meta": {
    "AcquisitionMatrixPE": 64,
    "AcquisitionNumber": 1,
    "AcquisitionTime": "16:11:52.502500",
    "BandwidthPerPixelPhaseEncode": 26.483,
    "BaseResolution": 64,
    "ConversionSoftware": "dcm2niix",
    "ConversionSoftwareVersion": "v1.0.20171215 Clang9.0.0",
    "DerivedVendorReportedEchoSpacing": 0.000590001,
    "DeviceSerialNumber": "35410",
    "DwellTime": 4.1e-06,
    "EchoTime": 0.026,
    "EffectiveEchoSpacing": 0.000590001,
    "FlipAngle": 90,
    "ImageOrientationPatientDICOM": [
      1,
      2e-16,
      0,
      -2e-16,
      0.98796,
      -0.15471
    ],
    "ImageType": [
      "ORIGINAL",
      "PRIMARY",
      "M",
      "ND",
      "MOSAIC"
    ],
    "InPlanePhaseEncodingDirectionDICOM": "COL",
    "InstitutionAddress": "Cooper_60_St._Lucia_QLD_AU_4072",
    "InstitutionName": "Queensland_Brain_Institute",
    "InstitutionalDepartmentName": "Gehrmann_Labs_MRI",
    "MRAcquisitionType": "2D",
    "MagneticFieldStrength": 3,
    "Manufacturer": "Siemens",
    "ManufacturersModelName": "TrioTim",
    "Modality": "MR",
    "PartialFourier": 1,
    "PatientPosition": "HFS",
    "PercentPhaseFOV": 100,
    "PhaseEncodingDirection": "j-",
    "PhaseEncodingSteps": 64,
    "PhaseResolution": 1,
    "PixelBandwidth": 1905,
    "ProcedureStepDescription": "Brain_-_UQ_fMRI",
    "ProtocolName": "OLVSL_R1",
    "PulseSequenceDetails": "%SiemensSeq%_ep2d_pace",
    "ReceiveCoilName": "32Ch_Head",
    "ReconMatrixPE": 64,
    "RepetitionTime": 2,
    "SAR": 0.228682,
    "ScanOptions": "FS",
    "ScanningSequence": "EP",
    "SequenceName": "_epfid2d1_64",
    "SequenceVariant": "SK",
    "SeriesDescription": "OLVSL_R1",
    "SeriesNumber": 2,
    "ShimSetting": [
      6823,
      -11475,
      -2101,
      683,
      60,
      -403,
      -69,
      -34
    ],
    "SliceThickness": 3,
    "SliceTiming": [
      0,
      1.025,
      0.06,
      1.085,
      0.1225,
      1.145,
      0.1825,
      1.205,
      0.2425,
      1.265,
      0.3025,
      1.325,
      0.3625,
      1.385,
      0.4225,
      1.4475,
      0.4825,
      1.5075,
      0.5425,
      1.5675,
      0.6025,
      1.6275,
      0.6625,
      1.6875,
      0.7225,
      1.7475,
      0.785,
      1.8075,
      0.845,
      1.8675,
      0.905,
      1.9275,
      0.965
    ],
    "SoftwareVersions": "syngo_MR_B17",
    "SpacingBetweenSlices": 3.3,
    "StationName": "mrc_Trio",
    "TaskName": "learn",
    "TotalReadoutTime": 0.0371701,
    "TxRefAmp": 446.743,
    "dataset": "ds001241",
    "modality": "bold",
    "run_id": 1,
    "subject_id": "19",
    "task_id": "learn"
  },
  "dummy_trs": 1,
  "dvars_nstd": 27.748861417465744,
  "dvars_std": 1.2458721175342466,
  "dvars_vstd": 1.0005884238356157,
  "efc": 0.6322005380384498,
  "fber": 235.98641967773438,
  "fd_mean": 0.1975704342601102,
  "fd_num": 56,
  "fd_perc": 38.095238095238095,
  "fwhm_avg": 2.610481831155861,
  "fwhm_x": 2.4482399999999997,
  "fwhm_y": 2.68956,
  "fwhm_z": 2.6936454934675838,
  "gcor": 0.0145391,
  "gsr_x": 0.02681831829249859,
  "gsr_y": 0.05594263970851898,
  "provenance": {
    "md5sum": "6ac81cdbfb42e9ff3033d32e3461cde1",
    "settings": {
      "fd_thres": 0.2,
      "testing": false
    },
    "software": "mriqc",
    "version": "22.0.6",
    "webapi_port": null,
    "webapi_url": "https://mriqc.nimh.nih.gov/api/v1"
  },
  "size_t": 147,
  "size_x": 64,
  "size_y": 64,
  "size_z": 33,
  "snr": 3.221723267216049,
  "spacing_tr": 2.0,
  "spacing_x": 3.0,
  "spacing_y": 3.0,
  "spacing_z": 3.299999952316284,
  "summary_bg_k": 19.41848248892544,
  "summary_bg_mad": 22.884521535183907,
  "summary_bg_mean": 70.2008056640625,
  "summary_bg_median": 37.60544204711914,
  "summary_bg_n": 67663.0,
  "summary_bg_p05": 20.850339889526367,
  "summary_bg_p95": 227.2095169067382,
  "summary_bg_stdv": 83.99727630615234,
  "summary_fg_k": 2.816570139193023,
  "summary_fg_mad": 166.72721157792802,
  "summary_fg_mean": 617.8912353515625,
  "summary_fg_median": 588.10546875,
  "summary_fg_n": 34848.0,
  "summary_fg_p05": 381.2312927246094,
  "summary_fg_p95": 947.9220977783203,
  "summary_fg_stdv": 182.5411376953125,
  "tsnr": 72.31526985578239
}