{
  "aor": 0.0010971428571428573,
  "aqi": 0.001238133299319728,
  "bids_meta": {
    "AcquisitionMatrixPE": 64,
    "AcquisitionNumber": 1,
    "AcquisitionTime": "17:07:58.662500",
    "BandwidthPerPixelPhaseEncode": 26.483,
    "BaseResolution": 64,
    "ConversionSoftware": "dcm2niix",
    "ConversionSoftwareVersion": "v1.0.20171215 Clang9.0.0",
    "DerivedVendorReportedEchoSpacing": 0.000590001,
    "DeviceSerialNumber": "35410",
    "DwellTime": 4.1e-06,
    "EchoTime": 0.026,
    "EffectiveEchoSpacing": 0.000590001,
    "FlipAngle": 90,
    "ImageOrientationPatientDICOM": [
      0.999616,
      -0.00328404,
      -0.02753,
      4.40261e-10,
      0.99296,
      -0.11845
    ],
    "ImageType": [
      "ORIGINAL",
      "PRIMARY",
      "M",
      "ND",
      "MOSAIC"
    ],
    "InPlanePhaseEncodingDirectionDICOM": "COL",
    "InstitutionAddress": "Cooper_60_St._Lucia_QLD_AU_4072",
    "InstitutionName": "School_of_Psychology",
    "InstitutionalDepartmentName": "Gehrmann_Labs_MRI",
    "MRAcquisitionType": "2D",
    "MagneticFieldStrength": 3,
    "Manufacturer": "Siemens",
    "ManufacturersModelName": "TrioTim",
    "Modality": "MR",
    "PartialFourier": 1,
    "PatientPosition": "HFS",
    "PercentPhaseFOV": 100,
    "PhaseEncodingDirection": "j-",
    "PhaseEncodingSteps": 64,
    "PhaseResolution": 1,
    "PixelBandwidth": 1905,
    "ProcedureStepDescription": "Brain_-_UQ_fMRI",
    "ProtocolName": "OLVSL_R5",
    "PulseSequenceDetails": "%SiemensSeq%_ep2d_pace",
    "ReceiveCoilName": "32Ch_Head",
    "ReconMatrixPE": 64,
    "RepetitionTime": 2,
    "SAR": 0.242382,
    "ScanOptions": "FS",
    "ScanningSequence": "EP",
    "SequenceName": "_epfid2d1_64",
    "SequenceVariant": "SK",
    "SeriesDescription": "OLVSL_R5",
    "SeriesNumber": 6,
    "ShimSetting": [
      6750,
      -11459,
      -2101,
      1055,
      -130,
      -160,
      121,
      130
    ],
    "SliceThickness": 3,
    "SliceTiming": [
      0,
      1.025,
      0.06,
      1.085,
      0.1225,
      1.145,
      0.1825,
      1.205,
      0.2425,
      1.265,
      0.3025,
      1.325,
      0.3625,
      1.385,
      0.4225,
      1.4475,
      0.4825,
      1.5075,
      0.5425,
      1.5675,
      0.6025,
      1.6275,
      0.6625,
      1.6875,
      0.7225,
      1.7475,
      0.785,
      1.8075,
      0.845,
      1.8675,
      0.905,
      1.9275,
      0.965
    ],
    "SoftwareVersions": "syngo_MR_B17",
    "SpacingBetweenSlices": 3.3,
    "StationName": "mrc_Trio",
    "TaskName": "learn",
    "TotalReadoutTime": 0.0371701,
    "TxRefAmp": 379.235,
    "dataset": "ds001241",
    "modality": "bold",
    "run_id": 5,
    "subject_id": "15",
    "task_id": "learn"
  },
  "dummy_trs": 1,
  "dvars_nstd": 18.78030844226028,
  "dvars_std": 1.2273409993835611,
  "dvars_vstd": 1.0109988719178082,
  "efc": 0.6154762077482636,
  "fber": 415.0911560058594,
  "fd_mean": 0.05952220171400042,
  "fd_num": 0,
  "fd_perc": 0.0,
  "fwhm_avg": 2.722328901897713,
  "fwhm_x": 2.5956533333333334,
  "fwhm_y": 2.8704666666666667,
  "fwhm_z": 2.7008667056931395,
  "gcor": 0.0293868,
  "gsr_x": 0.0018125976203009486,
  "gsr_y": 0.07406778633594513,
  "provenance": {
    "md5sum": "462492cdee62b5956678721f90d8e86c",
    "settings": {
      "fd_thres": 0.2,
      "testing": false
    },
    "software": "mriqc",
    "version": "22.0.6",
    "webapi_port": null,
    "webapi_url": "https://mriqc.nimh.nih.gov/api/v1"
  },
  "size_t": 147,
  "size_x": 64,
  "size_y": 64,
  "size_z": 33,
  "snr": 3.1301686195736855,
  "spacing_tr": 2.0,
  "spacing_x": 3.0,
  "spacing_y": 3.0,
  "spacing_z": 3.299999952316284,
  "summary_bg_k": 27.621066925784245,
  "summary_bg_mad": 13.464448661370481,
  "summary_bg_mean": 58.81592559814453,
  "summary_bg_median": 30.46938705444336,
  "summary_bg_n": 66113.0,
  "summary_bg_p05": 20.816326141357422,
  "summary_bg_p95": 195.05306091308566,
  "summary_bg_stdv": 74.67662048339844,
  "summary_fg_k": 1.4460807420244084,
  "summary_fg_mad": 187.71559332893665,
  "summary_fg_mean": 697.195068359375,
  "summary_fg_median": 662.1632690429688,
  "summary_fg_n": 35483.0,
  "summary_fg_p05": 423.8578247070312,
  "summary_fg_p95": 1101.948913574219,
  "summary_fg_stdv": 211.5393829345703,
  "tsnr": 113.9450894058682
}