{
  "aor": 0.000997793103448276,
  "aqi": 0.0013451781241379309,
  "bids_meta": {
    "AcquisitionMatrixPE": 64,
    "AcquisitionNumber": 1,
    "AcquisitionTime": "17:41:23.577500",
    "BandwidthPerPixelPhaseEncode": 26.483,
    "BaseResolution": 64,
    "ConversionSoftware": "dcm2niix",
    "ConversionSoftwareVersion": "v1.0.20171215 Clang9.0.0",
    "DerivedVendorReportedEchoSpacing": 0.000590001,
    "DeviceSerialNumber": "35410",
    "DwellTime": 4.1e-06,
    "EchoTime": 0.026,
    "EffectiveEchoSpacing": 0.000590001,
    "FlipAngle": 90,
    "ImageOrientationPatientDICOM": [
      0.999616,
      -0.00328404,
      -0.02753,
      4.40261e-10,
      0.99296,
      -0.11845
    ],
    "ImageType": [
      "ORIGINAL",
      "PRIMARY",
      "M",
      "ND",
      "MOSAIC"
    ],
    "InPlanePhaseEncodingDirectionDICOM": "COL",
    "InstitutionAddress": "Cooper_60_St._Lucia_QLD_AU_4072",
    "InstitutionName": "School_of_Psychology",
    "InstitutionalDepartmentName": "Gehrmann_Labs_MRI",
    "MRAcquisitionType": "2D",
    "MagneticFieldStrength": 3,
    "Manufacturer": "Siemens",
    "ManufacturersModelName": "TrioTim",
    "Modality": "MR",
    "PartialFourier": 1,
    "PatientPosition": "HFS",
    "PercentPhaseFOV": 100,
    "PhaseEncodingDirection": "j-",
    "PhaseEncodingSteps": 64,
    "PhaseResolution": 1,
    "PixelBandwidth": 1905,
    "ProcedureStepDescription": "Brain_-_UQ_fMRI",
    "ProtocolName": "OLVSL_R10",
    "PulseSequenceDetails": "%SiemensSeq%_ep2d_pace",
    "ReceiveCoilName": "32Ch_Head",
    "ReconMatrixPE": 64,
    "RepetitionTime": 2,
    "SAR": 0.242382,
    "ScanOptions": "FS",
    "ScanningSequence": "EP",
    "SequenceName": "_epfid2d1_64",
    "SequenceVariant": "SK",
    "SeriesDescription": "OLVSL_R10",
    "SeriesNumber": 12,
    "ShimSetting": [
      6750,
      -11459,
      -2101,
      1055,
      -130,
      -160,
      121,
      130
    ],
    "SliceThickness": 3,
    "SliceTiming": [
      0,
      1.025,
      0.06,
      1.085,
      0.12,
      1.145,
      0.18,
      1.205,
      0.2425,
      1.265,
      0.3025,
      1.325,
      0.3625,
      1.385,
      0.4225,
      1.445,
      0.4825,
      1.505,
      0.5425,
      1.565,
      0.6025,
      1.6275,
      0.6625,
      1.6875,
      0.7225,
      1.7475,
      0.7825,
      1.8075,
      0.8425,
      1.8675,
      0.9025,
      1.9275,
      0.965
    ],
    "SoftwareVersions": "syngo_MR_B17",
    "SpacingBetweenSlices": 3.3,
    "StationName": "mrc_Trio",
    "TaskName": "learn",
    "TotalReadoutTime": 0.0371701,
    "TxRefAmp": 379.235,
    "dataset": "ds001241",
    "modality": "bold",
    "run_id": 10,
    "subject_id": "15",
    "task_id": "learn"
  },
  "dummy_trs": 3,
  "dvars_nstd": 19.811159544999995,
  "dvars_std": 1.222491315972223,
  "dvars_vstd": 1.0072806504861118,
  "efc": 0.6171541210313725,
  "fber": 403.9285888671875,
  "fd_mean": 0.06290592917199898,
  "fd_num": 0,
  "fd_perc": 0.0,
  "fwhm_avg": 2.7575443565226556,
  "fwhm_x": 2.6469133333333335,
  "fwhm_y": 2.90835,
  "fwhm_z": 2.7173697362346325,
  "gcor": 0.0253002,
  "gsr_x": 0.0018540095770731568,
  "gsr_y": 0.07582063972949982,
  "provenance": {
    "md5sum": "3456613d3fb8875e9bdf23c0118479c5",
    "settings": {
      "fd_thres": 0.2,
      "testing": false
    },
    "software": "mriqc",
    "version": "22.0.6",
    "webapi_port": null,
    "webapi_url": "https://mriqc.nimh.nih.gov/api/v1"
  },
  "size_t": 145,
  "size_x": 64,
  "size_y": 64,
  "size_z": 33,
  "snr": 3.0969416338797164,
  "spacing_tr": 2.0,
  "spacing_x": 3.0,
  "spacing_y": 3.0,
  "spacing_z": 3.299999952316284,
  "summary_bg_k": 27.06123883318478,
  "summary_bg_mad": 14.01826119623451,
  "summary_bg_mean": 60.6068000793457,
  "summary_bg_median": 31.034482955932617,
  "summary_bg_n": 66035.0,
  "summary_bg_p05": 20.979310989379883,
  "summary_bg_p95": 202.50896606445295,
  "summary_bg_stdv": 77.59048461914062,
  "summary_fg_k": 1.3562475287688214,
  "summary_fg_mad": 189.83443677048382,
  "summary_fg_mean": 697.009521484375,
  "summary_fg_median": 661.4345092773438,
  "summary_fg_n": 35483.0,
  "summary_fg_p05": 420.7386047363281,
  "summary_fg_p95": 1105.7427978515627,
  "summary_fg_stdv": 213.57366943359375,
  "tsnr": 107.86162187391892
}