{
  "aor": 0.0008755782312925169,
  "aqi": 0.0019558807687074828,
  "bids_meta": {
    "AcquisitionMatrixPE": 64,
    "AcquisitionNumber": 1,
    "AcquisitionTime": "16:51:7.117500",
    "BandwidthPerPixelPhaseEncode": 26.483,
    "BaseResolution": 64,
    "ConversionSoftware": "dcm2niix",
    "ConversionSoftwareVersion": "v1.0.20171215 Clang9.0.0",
    "DerivedVendorReportedEchoSpacing": 0.000590001,
    "DeviceSerialNumber": "35410",
    "DwellTime": 4.1e-06,
    "EchoTime": 0.026,
    "EffectiveEchoSpacing": 0.000590001,
    "FlipAngle": 90,
    "ImageOrientationPatientDICOM": [
      1,
      0,
      0,
      0,
      0.935444,
      -0.353475
    ],
    "ImageType": [
      "ORIGINAL",
      "PRIMARY",
      "M",
      "ND",
      "MOSAIC"
    ],
    "InPlanePhaseEncodingDirectionDICOM": "COL",
    "InstitutionAddress": "Cooper_60_St._Lucia_QLD_AU_4072",
    "InstitutionName": "St_Lucia_Campus",
    "InstitutionalDepartmentName": "Gehrmann_Labs_MRI",
    "MRAcquisitionType": "2D",
    "MagneticFieldStrength": 3,
    "Manufacturer": "Siemens",
    "ManufacturersModelName": "TrioTim",
    "Modality": "MR",
    "PartialFourier": 1,
    "PatientPosition": "HFS",
    "PercentPhaseFOV": 100,
    "PhaseEncodingDirection": "j-",
    "PhaseEncodingSteps": 64,
    "PhaseResolution": 1,
    "PixelBandwidth": 1905,
    "ProcedureStepDescription": "Brain_-_UQ_fMRI",
    "ProtocolName": "OLVSL_R7",
    "PulseSequenceDetails": "%SiemensSeq%_ep2d_pace",
    "ReceiveCoilName": "32Ch_Head",
    "ReconMatrixPE": 64,
    "RepetitionTime": 2,
    "SAR": 0.165252,
    "ScanOptions": "FS",
    "ScanningSequence": "EP",
    "SequenceName": "_epfid2d1_64",
    "SequenceVariant": "SK",
    "SeriesDescription": "OLVSL_R7",
    "SeriesNumber": 9,
    "ShimSetting": [
      6833,
      -11294,
      -2082,
      897,
      129,
      -20,
      -136,
      -27
    ],
    "SliceThickness": 3,
    "SliceTiming": [
      0,
      1.025,
      0.06,
      1.085,
      0.1225,
      1.145,
      0.1825,
      1.205,
      0.2425,
      1.265,
      0.3025,
      1.325,
      0.3625,
      1.385,
      0.4225,
      1.4475,
      0.4825,
      1.5075,
      0.5425,
      1.5675,
      0.6025,
      1.6275,
      0.6625,
      1.6875,
      0.7225,
      1.7475,
      0.785,
      1.8075,
      0.845,
      1.8675,
      0.905,
      1.9275,
      0.965
    ],
    "SoftwareVersions": "syngo_MR_B17",
    "SpacingBetweenSlices": 3.3,
    "StationName": "mrc_Trio",
    "TaskName": "learn",
    "TotalReadoutTime": 0.0371701,
    "TxRefAmp": 315.158,
    "dataset": "ds001241",
    "modality": "bold",
    "run_id": 7,
    "subject_id": "04",
    "task_id": "learn"
  },
  "dummy_trs": 1,
  "dvars_nstd": 18.822578691575334,
  "dvars_std": 1.1551503949315072,
  "dvars_vstd": 0.9943828302054796,
  "efc": 0.5957376815006876,
  "fber": 550.4674072265625,
  "fd_mean": 0.15897890302292209,
  "fd_num": 40,
  "fd_perc": 27.210884353741495,
  "fwhm_avg": 2.5826715908440128,
  "fwhm_x": 2.50395,
  "fwhm_y": 2.6248766666666667,
  "fwhm_z": 2.619188105865372,
  "gcor": 0.0306469,
  "gsr_x": -0.01909346505999565,
  "gsr_y": 0.07264097779989243,
  "provenance": {
    "md5sum": "3f8f81145ee914a232c0401d8e2253aa",
    "settings": {
      "fd_thres": 0.2,
      "testing": false
    },
    "software": "mriqc",
    "version": "22.0.6",
    "webapi_port": null,
    "webapi_url": "https://mriqc.nimh.nih.gov/api/v1"
  },
  "size_t": 147,
  "size_x": 64,
  "size_y": 64,
  "size_z": 33,
  "snr": 3.380432311857684,
  "spacing_tr": 2.0,
  "spacing_x": 3.0,
  "spacing_y": 3.0,
  "spacing_z": 3.299999713897705,
  "summary_bg_k": 31.643997990930558,
  "summary_bg_mad": 9.016642005853674,
  "summary_bg_mean": 53.60471725463867,
  "summary_bg_median": 26.46938705444336,
  "summary_bg_n": 69840.0,
  "summary_bg_p05": 19.510204315185547,
  "summary_bg_p95": 184.89217910766607,
  "summary_bg_stdv": 73.44804382324219,
  "summary_fg_k": 1.157364538579655,
  "summary_fg_mad": 176.46495543681124,
  "summary_fg_mean": 669.266357421875,
  "summary_fg_median": 638.89111328125,
  "summary_fg_n": 33364.0,
  "summary_fg_p05": 416.72209014892576,
  "summary_fg_p95": 1019.5866973876953,
  "summary_fg_stdv": 188.99403381347656,
  "tsnr": 91.93051211768761
}