{
  "aor": 0.0008679591836734694,
  "aqi": 0.0014978481428571425,
  "bids_meta": {
    "AcquisitionMatrixPE": 64,
    "AcquisitionNumber": 1,
    "AcquisitionTime": "16:26:16.937500",
    "BandwidthPerPixelPhaseEncode": 26.483,
    "BaseResolution": 64,
    "ConversionSoftware": "dcm2niix",
    "ConversionSoftwareVersion": "v1.0.20171215 Clang9.0.0",
    "DerivedVendorReportedEchoSpacing": 0.000590001,
    "DeviceSerialNumber": "35410",
    "DwellTime": 4.1e-06,
    "EchoTime": 0.026,
    "EffectiveEchoSpacing": 0.000590001,
    "FlipAngle": 90,
    "ImageOrientationPatientDICOM": [
      1,
      0,
      0,
      0,
      0.935444,
      -0.353475
    ],
    "ImageType": [
      "ORIGINAL",
      "PRIMARY",
      "M",
      "ND",
      "MOSAIC"
    ],
    "InPlanePhaseEncodingDirectionDICOM": "COL",
    "InstitutionAddress": "Cooper_60_St._Lucia_QLD_AU_4072",
    "InstitutionName": "St_Lucia_Campus",
    "InstitutionalDepartmentName": "Gehrmann_Labs_MRI",
    "MRAcquisitionType": "2D",
    "MagneticFieldStrength": 3,
    "Manufacturer": "Siemens",
    "ManufacturersModelName": "TrioTim",
    "Modality": "MR",
    "PartialFourier": 1,
    "PatientPosition": "HFS",
    "PercentPhaseFOV": 100,
    "PhaseEncodingDirection": "j-",
    "PhaseEncodingSteps": 64,
    "PhaseResolution": 1,
    "PixelBandwidth": 1905,
    "ProcedureStepDescription": "Brain_-_UQ_fMRI",
    "ProtocolName": "OLVSL_R4",
    "PulseSequenceDetails": "%SiemensSeq%_ep2d_pace",
    "ReceiveCoilName": "32Ch_Head",
    "ReconMatrixPE": 64,
    "RepetitionTime": 2,
    "SAR": 0.165252,
    "ScanOptions": "FS",
    "ScanningSequence": "EP",
    "SequenceName": "_epfid2d1_64",
    "SequenceVariant": "SK",
    "SeriesDescription": "OLVSL_R4",
    "SeriesNumber": 5,
    "ShimSetting": [
      6833,
      -11294,
      -2082,
      897,
      129,
      -20,
      -136,
      -27
    ],
    "SliceThickness": 3,
    "SliceTiming": [
      0,
      1.0225,
      0.06,
      1.085,
      0.12,
      1.145,
      0.18,
      1.205,
      0.24,
      1.265,
      0.3,
      1.325,
      0.3625,
      1.385,
      0.4225,
      1.445,
      0.4825,
      1.505,
      0.5425,
      1.565,
      0.6025,
      1.625,
      0.6625,
      1.685,
      0.7225,
      1.7475,
      0.7825,
      1.8075,
      0.8425,
      1.8675,
      0.9025,
      1.9275,
      0.9625
    ],
    "SoftwareVersions": "syngo_MR_B17",
    "SpacingBetweenSlices": 3.3,
    "StationName": "mrc_Trio",
    "TaskName": "learn",
    "TotalReadoutTime": 0.0371701,
    "TxRefAmp": 315.158,
    "dataset": "ds001241",
    "modality": "bold",
    "run_id": 4,
    "subject_id": "04",
    "task_id": "learn"
  },
  "dummy_trs": 1,
  "dvars_nstd": 18.03104880760275,
  "dvars_std": 1.1522369014383562,
  "dvars_vstd": 0.9994509589041102,
  "efc": 0.5964918768789791,
  "fber": 550.0439453125,
  "fd_mean": 0.14343703019747026,
  "fd_num": 37,
  "fd_perc": 25.170068027210885,
  "fwhm_avg": 2.627016642619141,
  "fwhm_x": 2.534263333333333,
  "fwhm_y": 2.68365,
  "fwhm_z": 2.663136594524088,
  "gcor": 0.0332585,
  "gsr_x": -0.020747922360897064,
  "gsr_y": 0.07418636232614517,
  "provenance": {
    "md5sum": "9f9547a494707c1e926ff5f0bfbb732f",
    "settings": {
      "fd_thres": 0.2,
      "testing": false
    },
    "software": "mriqc",
    "version": "22.0.6",
    "webapi_port": null,
    "webapi_url": "https://mriqc.nimh.nih.gov/api/v1"
  },
  "size_t": 147,
  "size_x": 64,
  "size_y": 64,
  "size_z": 33,
  "snr": 3.345944257237782,
  "spacing_tr": 2.0,
  "spacing_x": 3.0,
  "spacing_y": 3.0,
  "spacing_z": 3.299999713897705,
  "summary_bg_k": 33.155185343500406,
  "summary_bg_mad": 8.593040160063797,
  "summary_bg_mean": 53.68007278442383,
  "summary_bg_median": 26.353740692138672,
  "summary_bg_n": 69503.0,
  "summary_bg_p05": 20.08843421936035,
  "summary_bg_p95": 186.41428222656245,
  "summary_bg_stdv": 74.4017105102539,
  "summary_fg_k": 1.0908502820800363,
  "summary_fg_mad": 179.58643758569738,
  "summary_fg_mean": 669.7941284179688,
  "summary_fg_median": 639.7619018554688,
  "summary_fg_n": 33645.0,
  "summary_fg_p05": 412.5115539550781,
  "summary_fg_p95": 1022.4680297851562,
  "summary_fg_stdv": 191.2023468017578,
  "tsnr": 99.02088061440736
}