{
  "aor": 0.0013671621621621623,
  "aqi": 0.0010781729324324326,
  "bids_meta": {
    "AcquisitionMatrixPE": 64,
    "AcquisitionNumber": 1,
    "AcquisitionTime": "11:29:15.192500",
    "BandwidthPerPixelPhaseEncode": 26.483,
    "BaseResolution": 64,
    "ConversionSoftware": "dcm2niix",
    "ConversionSoftwareVersion": "v1.0.20171215 Clang9.0.0",
    "DerivedVendorReportedEchoSpacing": 0.000590001,
    "DeviceSerialNumber": "35410",
    "DwellTime": 4.1e-06,
    "EchoTime": 0.026,
    "EffectiveEchoSpacing": 0.000590001,
    "FlipAngle": 90,
    "ImageOrientationPatientDICOM": [
      0.999939,
      -0.00953312,
      0.0055168,
      0.0104717,
      0.978101,
      -0.207867
    ],
    "ImageType": [
      "ORIGINAL",
      "PRIMARY",
      "M",
      "ND",
      "MOSAIC"
    ],
    "InPlanePhaseEncodingDirectionDICOM": "COL",
    "InstitutionAddress": "Cooper_60_St._Lucia_QLD_AU_4072",
    "InstitutionName": "Centre_for_Advanced_Imaging",
    "InstitutionalDepartmentName": "Gehrmann_Labs_MRI",
    "MRAcquisitionType": "2D",
    "MagneticFieldStrength": 3,
    "Manufacturer": "Siemens",
    "ManufacturersModelName": "TrioTim",
    "Modality": "MR",
    "PartialFourier": 1,
    "PatientPosition": "HFS",
    "PercentPhaseFOV": 100,
    "PhaseEncodingDirection": "j-",
    "PhaseEncodingSteps": 64,
    "PhaseResolution": 1,
    "PixelBandwidth": 1905,
    "ProcedureStepDescription": "Brain_-_UQ_fMRI",
    "ProtocolName": "OLVSL_R3",
    "PulseSequenceDetails": "%SiemensSeq%_ep2d_pace",
    "ReceiveCoilName": "32Ch_Head",
    "ReconMatrixPE": 64,
    "RepetitionTime": 2,
    "SAR": 0.217635,
    "ScanOptions": "FS",
    "ScanningSequence": "EP",
    "SequenceName": "_epfid2d1_64",
    "SequenceVariant": "SK",
    "SeriesDescription": "OLVSL_R3",
    "SeriesNumber": 4,
    "ShimSetting": [
      6812,
      -11316,
      -2112,
      695,
      -143,
      102,
      134,
      49
    ],
    "SliceThickness": 3,
    "SliceTiming": [
      0,
      1.025,
      0.0625,
      1.085,
      0.1225,
      1.145,
      0.1825,
      1.205,
      0.2425,
      1.265,
      0.3025,
      1.325,
      0.3625,
      1.3875,
      0.4225,
      1.4475,
      0.4825,
      1.5075,
      0.5425,
      1.5675,
      0.6025,
      1.6275,
      0.6625,
      1.6875,
      0.725,
      1.7475,
      0.785,
      1.8075,
      0.845,
      1.8675,
      0.905,
      1.9275,
      0.965
    ],
    "SoftwareVersions": "syngo_MR_B17",
    "SpacingBetweenSlices": 3.3,
    "StationName": "mrc_Trio",
    "TaskName": "learn",
    "TotalReadoutTime": 0.0371701,
    "TxRefAmp": 359.939,
    "dataset": "ds001241",
    "modality": "bold",
    "run_id": 3,
    "subject_id": "16",
    "task_id": "learn"
  },
  "dummy_trs": 0,
  "dvars_nstd": 16.354130900544217,
  "dvars_std": 1.1563604568707488,
  "dvars_vstd": 0.9946426474149659,
  "efc": 0.6137301144834981,
  "fber": 445.729736328125,
  "fd_mean": 0.0831434264302235,
  "fd_num": 1,
  "fd_perc": 0.6756756756756757,
  "fwhm_avg": 2.95092678184845,
  "fwhm_x": 2.9583933333333334,
  "fwhm_y": 2.95209,
  "fwhm_z": 2.9422970122120167,
  "gcor": 0.0345618,
  "gsr_x": -0.023344673216342926,
  "gsr_y": 0.09002871066331863,
  "provenance": {
    "md5sum": "b9d4ff4af2dea805c6cfbaba5130687e",
    "settings": {
      "fd_thres": 0.2,
      "testing": false
    },
    "software": "mriqc",
    "version": "22.0.6",
    "webapi_port": null,
    "webapi_url": "https://mriqc.nimh.nih.gov/api/v1"
  },
  "size_t": 148,
  "size_x": 64,
  "size_y": 64,
  "size_z": 33,
  "snr": 2.751206052079926,
  "spacing_tr": 2.0,
  "spacing_x": 3.0,
  "spacing_y": 3.0,
  "spacing_z": 3.299999952316284,
  "summary_bg_k": 17.46257076017456,
  "summary_bg_mad": 13.593859071918637,
  "summary_bg_mean": 65.05389404296875,
  "summary_bg_median": 30.95945930480957,
  "summary_bg_n": 65222.0,
  "summary_bg_p05": 21.128379821777344,
  "summary_bg_p95": 237.57703094482397,
  "summary_bg_stdv": 85.95657348632812,
  "summary_fg_k": 2.885661958488627,
  "summary_fg_mad": 207.6845276957211,
  "summary_fg_mean": 722.1389770507812,
  "summary_fg_median": 674.3446044921875,
  "summary_fg_n": 37128.0,
  "summary_fg_p05": 424.00305633544923,
  "summary_fg_p95": 1183.929412841797,
  "summary_fg_stdv": 245.1054229736328,
  "tsnr": 110.11363233067095
}