{
  "bids_meta": {
    "AcquisitionMatrixPE": 256,
    "AcquisitionNumber": 1,
    "AcquisitionTime": "17:08:26.837500",
    "BaseResolution": 256,
    "ConversionSoftware": "dcm2niix",
    "ConversionSoftwareVersion": "v1.0.20171215 Clang9.0.0",
    "DeviceSerialNumber": "35410",
    "DwellTime": 9.8e-06,
    "EchoTime": 0.00232,
    "FlipAngle": 9,
    "ImageOrientationPatientDICOM": [
      0.0104835,
      0.999945,
      -2.41255e-08,
      -0.055817,
      0.000585165,
      -0.998441
    ],
    "ImageType": [
      "ORIGINAL",
      "PRIMARY",
      "M",
      "ND",
      "NORM"
    ],
    "InPlanePhaseEncodingDirectionDICOM": "ROW",
    "InstitutionAddress": "Cooper_60_St._Lucia_QLD_AU_4072",
    "InstitutionName": "School_of_Psychology",
    "InstitutionalDepartmentName": "Gehrmann_Labs_MRI",
    "Interpolation2D": 1,
    "InversionTime": 0.9,
    "MRAcquisitionType": "3D",
    "MagneticFieldStrength": 3,
    "Manufacturer": "Siemens",
    "ManufacturersModelName": "TrioTim",
    "Modality": "MR",
    "ParallelReductionFactorInPlane": 2,
    "PartialFourier": 1,
    "PatientPosition": "HFS",
    "PercentPhaseFOV": 100,
    "PhaseEncodingSteps": 255,
    "PhaseResolution": 1,
    "PixelBandwidth": 199,
    "ProcedureStepDescription": "Brain_-_UQ_fMRI",
    "ProtocolName": "t1_mpr_sag_p2_iso_0.9",
    "PulseSequenceDetails": "%SiemensSeq%_tfl",
    "ReceiveCoilName": "32Ch_Head",
    "ReconMatrixPE": 512,
    "RepetitionTime": 1.9,
    "SAR": 0.111485,
    "ScanOptions": "IR",
    "ScanningSequence": "GR_IR",
    "SequenceName": "_tfl3d1_ns",
    "SequenceVariant": "SP_MP",
    "SeriesDescription": "t1_mpr_sag_p2_iso_0.9",
    "SeriesNumber": 7,
    "ShimSetting": [
      6825,
      -11255,
      -2613,
      -72,
      38,
      19,
      -121,
      14
    ],
    "SliceThickness": 0.9,
    "SoftwareVersions": "syngo_MR_B17",
    "StationName": "mrc_Trio",
    "TxRefAmp": 343.071,
    "dataset": "ds001241",
    "modality": "T1w",
    "subject_id": "11"
  },
  "cjv": 0.35249477721682076,
  "cnr": 3.8749265993927695,
  "efc": 0.5973148160779501,
  "fber": -1.0,
  "fwhm_avg": 7.325315109251001,
  "fwhm_x": 4.518370936485538,
  "fwhm_y": 8.937338434782609,
  "fwhm_z": 8.520235956484855,
  "icvs_csf": 0.19652756023027113,
  "icvs_gm": 0.43876712507407883,
  "icvs_wm": 0.36470531469565004,
  "inu_med": 0.5491484999656677,
  "inu_range": 0.2555382400751114,
  "provenance": {
    "md5sum": "09158af5b1f3bdaafb3408c2c5e9a28b",
    "settings": {
      "testing": false
    },
    "software": "mriqc",
    "version": "22.0.6",
    "warnings": {
      "large_rot_frame": true,
      "small_air_mask": false
    },
    "webapi_port": null,
    "webapi_url": "https://mriqc.nimh.nih.gov/api/v1"
  },
  "qi_1": 1.4588852106970651e-05,
  "qi_2": 0.010098762179238207,
  "rpve_csf": 20.435856873822974,
  "rpve_gm": 9.788965823541846,
  "rpve_wm": 13.010199515323293,
  "size_x": 192,
  "size_y": 512,
  "size_z": 512,
  "snr_csf": 2.7862765393733033,
  "snr_gm": 18.477580799933325,
  "snr_total": 14.092260004196987,
  "snr_wm": 21.012922673284333,
  "snrd_csf": 31.977898104001728,
  "snrd_gm": 83.35846803101543,
  "snrd_total": 75.21143217414858,
  "snrd_wm": 110.29793038742858,
  "spacing_x": 0.8999969363212585,
  "spacing_y": 0.44921875,
  "spacing_z": 0.4492187798023224,
  "summary_bg_k": 20.30055884754643,
  "summary_bg_mad": 0.0,
  "summary_bg_mean": 2.465102315456554,
  "summary_bg_median": 0.0,
  "summary_bg_n": 8627269.0,
  "summary_bg_p05": 0.0,
  "summary_bg_p95": 14.470137298107147,
  "summary_bg_stdv": 5.939697904218273,
  "summary_csf_k": 1.764142143025662,
  "summary_csf_mad": 87.00568939992027,
  "summary_csf_mean": 293.67440048622353,
  "summary_csf_median": 289.9229142963886,
  "summary_csf_n": 406730.0,
  "summary_csf_p05": 105.64145988225937,
  "summary_csf_p95": 474.015216588974,
  "summary_csf_stdv": 104.05376271598877,
  "summary_gm_k": 0.3259023424255827,
  "summary_gm_mad": 39.822104415112584,
  "summary_gm_mean": 754.2361436603597,
  "summary_gm_median": 755.7573016285896,
  "summary_gm_n": 495676.0,
  "summary_gm_p05": 684.9080101028085,
  "summary_gm_p95": 818.3666538596153,
  "summary_gm_stdv": 40.90127097595086,
  "summary_wm_k": 0.464287708632769,
  "summary_wm_mad": 46.27216358094068,
  "summary_wm_mean": 1002.0659709392758,
  "summary_wm_median": 999.9999785721302,
  "summary_wm_n": 1464592.0,
  "summary_wm_p05": 927.8384442031384,
  "summary_wm_p95": 1082.964463482795,
  "summary_wm_stdv": 47.58974525954286,
  "tpm_overlap_csf": 0.15715231478609948,
  "tpm_overlap_gm": 0.46525398556409986,
  "tpm_overlap_wm": 0.5051902130037015,
  "wm2max": 0.44505008839127874
}