{
  "aor": 0.0011141891891891893,
  "aqi": 0.0011033520067567568,
  "bids_meta": {
    "AcquisitionMatrixPE": 64,
    "AcquisitionNumber": 1,
    "AcquisitionTime": "11:23:44.132500",
    "BandwidthPerPixelPhaseEncode": 26.483,
    "BaseResolution": 64,
    "ConversionSoftware": "dcm2niix",
    "ConversionSoftwareVersion": "v1.0.20171215 Clang9.0.0",
    "DerivedVendorReportedEchoSpacing": 0.000590001,
    "DeviceSerialNumber": "35410",
    "DwellTime": 4.1e-06,
    "EchoTime": 0.026,
    "EffectiveEchoSpacing": 0.000590001,
    "FlipAngle": 90,
    "ImageOrientationPatientDICOM": [
      0.999939,
      -0.00953312,
      0.0055168,
      0.0104717,
      0.978101,
      -0.207867
    ],
    "ImageType": [
      "ORIGINAL",
      "PRIMARY",
      "M",
      "ND",
      "MOSAIC"
    ],
    "InPlanePhaseEncodingDirectionDICOM": "COL",
    "InstitutionAddress": "Cooper_60_St._Lucia_QLD_AU_4072",
    "InstitutionName": "Centre_for_Advanced_Imaging",
    "InstitutionalDepartmentName": "Gehrmann_Labs_MRI",
    "MRAcquisitionType": "2D",
    "MagneticFieldStrength": 3,
    "Manufacturer": "Siemens",
    "ManufacturersModelName": "TrioTim",
    "Modality": "MR",
    "PartialFourier": 1,
    "PatientPosition": "HFS",
    "PercentPhaseFOV": 100,
    "PhaseEncodingDirection": "j-",
    "PhaseEncodingSteps": 64,
    "PhaseResolution": 1,
    "PixelBandwidth": 1905,
    "ProcedureStepDescription": "Brain_-_UQ_fMRI",
    "ProtocolName": "OLVSL_R2",
    "PulseSequenceDetails": "%SiemensSeq%_ep2d_pace",
    "ReceiveCoilName": "32Ch_Head",
    "ReconMatrixPE": 64,
    "RepetitionTime": 2,
    "SAR": 0.217635,
    "ScanOptions": "FS",
    "ScanningSequence": "EP",
    "SequenceName": "_epfid2d1_64",
    "SequenceVariant": "SK",
    "SeriesDescription": "OLVSL_R2",
    "SeriesNumber": 3,
    "ShimSetting": [
      6812,
      -11316,
      -2112,
      695,
      -143,
      102,
      134,
      49
    ],
    "SliceThickness": 3,
    "SliceTiming": [
      0,
      1.025,
      0.06,
      1.085,
      0.12,
      1.145,
      0.18,
      1.205,
      0.24,
      1.265,
      0.3,
      1.325,
      0.3625,
      1.385,
      0.4225,
      1.445,
      0.4825,
      1.505,
      0.5425,
      1.565,
      0.6025,
      1.625,
      0.6625,
      1.6875,
      0.7225,
      1.7475,
      0.7825,
      1.8075,
      0.8425,
      1.8675,
      0.9025,
      1.9275,
      0.9625
    ],
    "SoftwareVersions": "syngo_MR_B17",
    "SpacingBetweenSlices": 3.3,
    "StationName": "mrc_Trio",
    "TaskName": "learn",
    "TotalReadoutTime": 0.0371701,
    "TxRefAmp": 359.939,
    "dataset": "ds001241",
    "modality": "bold",
    "run_id": 2,
    "subject_id": "16",
    "task_id": "learn"
  },
  "dummy_trs": 0,
  "dvars_nstd": 16.83346159938775,
  "dvars_std": 1.1655105221768707,
  "dvars_vstd": 0.9928373523129254,
  "efc": 0.6130745636788318,
  "fber": 447.6439208984375,
  "fd_mean": 0.08239508096027263,
  "fd_num": 0,
  "fd_perc": 0.0,
  "fwhm_avg": 2.951735064678265,
  "fwhm_x": 2.9603466666666667,
  "fwhm_y": 2.9522433333333336,
  "fwhm_z": 2.942615194034796,
  "gcor": 0.0626472,
  "gsr_x": -0.020963462069630623,
  "gsr_y": 0.0893474593758583,
  "provenance": {
    "md5sum": "7ffd5b7a1655172022dfb0a69b762a48",
    "settings": {
      "fd_thres": 0.2,
      "testing": false
    },
    "software": "mriqc",
    "version": "22.0.6",
    "webapi_port": null,
    "webapi_url": "https://mriqc.nimh.nih.gov/api/v1"
  },
  "size_t": 148,
  "size_x": 64,
  "size_y": 64,
  "size_z": 33,
  "snr": 2.7435327304424226,
  "spacing_tr": 2.0,
  "spacing_x": 3.0,
  "spacing_y": 3.0,
  "spacing_z": 3.299999952316284,
  "summary_bg_k": 18.621435393756272,
  "summary_bg_mad": 13.113016102725227,
  "summary_bg_mean": 62.50247573852539,
  "summary_bg_median": 30.628379821777344,
  "summary_bg_n": 64801.0,
  "summary_bg_p05": 21.12162208557129,
  "summary_bg_p95": 223.54054260253906,
  "summary_bg_stdv": 80.04348754882812,
  "summary_fg_k": 2.927910551556879,
  "summary_fg_mad": 207.95998186766514,
  "summary_fg_mean": 720.8011474609375,
  "summary_fg_median": 673.25,
  "summary_fg_n": 37144.0,
  "summary_fg_p05": 422.54831848144534,
  "summary_fg_p95": 1182.3676391601562,
  "summary_fg_stdv": 245.39198303222656,
  "tsnr": 107.67366400687024
}