{
  "aor": 0.002118581081081081,
  "aqi": 0.001208549,
  "bids_meta": {
    "AcquisitionMatrixPE": 64,
    "AcquisitionNumber": 1,
    "AcquisitionTime": "11:18:11.705000",
    "BandwidthPerPixelPhaseEncode": 26.483,
    "BaseResolution": 64,
    "ConversionSoftware": "dcm2niix",
    "ConversionSoftwareVersion": "v1.0.20171215 Clang9.0.0",
    "DerivedVendorReportedEchoSpacing": 0.000590001,
    "DeviceSerialNumber": "35410",
    "DwellTime": 4.1e-06,
    "EchoTime": 0.026,
    "EffectiveEchoSpacing": 0.000590001,
    "FlipAngle": 90,
    "ImageOrientationPatientDICOM": [
      0.999939,
      -0.00953312,
      0.0055168,
      0.0104717,
      0.978101,
      -0.207867
    ],
    "ImageType": [
      "ORIGINAL",
      "PRIMARY",
      "M",
      "ND",
      "MOSAIC"
    ],
    "InPlanePhaseEncodingDirectionDICOM": "COL",
    "InstitutionAddress": "Cooper_60_St._Lucia_QLD_AU_4072",
    "InstitutionName": "Centre_for_Advanced_Imaging",
    "InstitutionalDepartmentName": "Gehrmann_Labs_MRI",
    "MRAcquisitionType": "2D",
    "MagneticFieldStrength": 3,
    "Manufacturer": "Siemens",
    "ManufacturersModelName": "TrioTim",
    "Modality": "MR",
    "PartialFourier": 1,
    "PatientPosition": "HFS",
    "PercentPhaseFOV": 100,
    "PhaseEncodingDirection": "j-",
    "PhaseEncodingSteps": 64,
    "PhaseResolution": 1,
    "PixelBandwidth": 1905,
    "ProcedureStepDescription": "Brain_-_UQ_fMRI",
    "ProtocolName": "OLVSL_R1",
    "PulseSequenceDetails": "%SiemensSeq%_ep2d_pace",
    "ReceiveCoilName": "32Ch_Head",
    "ReconMatrixPE": 64,
    "RepetitionTime": 2,
    "SAR": 0.217635,
    "ScanOptions": "FS",
    "ScanningSequence": "EP",
    "SequenceName": "_epfid2d1_64",
    "SequenceVariant": "SK",
    "SeriesDescription": "OLVSL_R1",
    "SeriesNumber": 2,
    "ShimSetting": [
      6812,
      -11316,
      -2112,
      695,
      -143,
      102,
      134,
      49
    ],
    "SliceThickness": 3,
    "SliceTiming": [
      0,
      1.0225,
      0.06,
      1.0825,
      0.12,
      1.145,
      0.18,
      1.205,
      0.24,
      1.265,
      0.3,
      1.325,
      0.36,
      1.385,
      0.4225,
      1.445,
      0.4825,
      1.505,
      0.5425,
      1.565,
      0.6025,
      1.625,
      0.6625,
      1.685,
      0.7225,
      1.745,
      0.7825,
      1.8075,
      0.8425,
      1.8675,
      0.9025,
      1.9275,
      0.9625
    ],
    "SoftwareVersions": "syngo_MR_B17",
    "SpacingBetweenSlices": 3.3,
    "StationName": "mrc_Trio",
    "TaskName": "learn",
    "TotalReadoutTime": 0.0371701,
    "TxRefAmp": 359.939,
    "dataset": "ds001241",
    "modality": "bold",
    "run_id": 1,
    "subject_id": "16",
    "task_id": "learn"
  },
  "dummy_trs": 0,
  "dvars_nstd": 17.789585126666662,
  "dvars_std": 1.179285746258504,
  "dvars_vstd": 1.001509359659864,
  "efc": 0.6120125747477364,
  "fber": 448.8829345703125,
  "fd_mean": 0.08963831574726852,
  "fd_num": 4,
  "fd_perc": 2.7027027027027026,
  "fwhm_avg": 2.9701597112754983,
  "fwhm_x": 2.9873266666666667,
  "fwhm_y": 2.9530100000000004,
  "fwhm_z": 2.9701424671598273,
  "gcor": 0.0547899,
  "gsr_x": -0.022787529975175858,
  "gsr_y": 0.08990855515003204,
  "provenance": {
    "md5sum": "7492bdfdd325f75cc940634ecea031fe",
    "settings": {
      "fd_thres": 0.2,
      "testing": false
    },
    "software": "mriqc",
    "version": "22.0.6",
    "webapi_port": null,
    "webapi_url": "https://mriqc.nimh.nih.gov/api/v1"
  },
  "size_t": 148,
  "size_x": 64,
  "size_y": 64,
  "size_z": 33,
  "snr": 2.727334994431569,
  "spacing_tr": 2.0,
  "spacing_x": 3.0,
  "spacing_y": 3.0,
  "spacing_z": 3.299999952316284,
  "summary_bg_k": 18.142105552808946,
  "summary_bg_mad": 13.092980861182198,
  "summary_bg_mean": 63.7858772277832,
  "summary_bg_median": 30.567567825317383,
  "summary_bg_n": 65303.0,
  "summary_bg_p05": 21.047298431396484,
  "summary_bg_p95": 231.14730072021476,
  "summary_bg_stdv": 84.27405548095703,
  "summary_fg_k": 2.889446360847745,
  "summary_fg_mad": 208.4158295651579,
  "summary_fg_mean": 718.1358642578125,
  "summary_fg_median": 670.3716430664062,
  "summary_fg_n": 37045.0,
  "summary_fg_p05": 419.25677490234375,
  "summary_fg_p95": 1181.083862304687,
  "summary_fg_stdv": 245.79400634765625,
  "tsnr": 102.07795558962971
}