{
  "aor": 0.001591360544217687,
  "aqi": 0.001160730768707483,
  "bids_meta": {
    "AcquisitionMatrixPE": 64,
    "AcquisitionNumber": 1,
    "AcquisitionTime": "12:11:13.207500",
    "BandwidthPerPixelPhaseEncode": 26.483,
    "BaseResolution": 64,
    "ConversionSoftware": "dcm2niix",
    "ConversionSoftwareVersion": "v1.0.20171215 Clang9.0.0",
    "DerivedVendorReportedEchoSpacing": 0.000590001,
    "DeviceSerialNumber": "35410",
    "DwellTime": 4.1e-06,
    "EchoTime": 0.026,
    "EffectiveEchoSpacing": 0.000590001,
    "FlipAngle": 90,
    "ImageOrientationPatientDICOM": [
      0.999939,
      -0.00953312,
      0.0055168,
      0.0104717,
      0.978101,
      -0.207867
    ],
    "ImageType": [
      "ORIGINAL",
      "PRIMARY",
      "M",
      "ND",
      "MOSAIC"
    ],
    "InPlanePhaseEncodingDirectionDICOM": "COL",
    "InstitutionAddress": "Cooper_60_St._Lucia_QLD_AU_4072",
    "InstitutionName": "Centre_for_Advanced_Imaging",
    "InstitutionalDepartmentName": "Gehrmann_Labs_MRI",
    "MRAcquisitionType": "2D",
    "MagneticFieldStrength": 3,
    "Manufacturer": "Siemens",
    "ManufacturersModelName": "TrioTim",
    "Modality": "MR",
    "PartialFourier": 1,
    "PatientPosition": "HFS",
    "PercentPhaseFOV": 100,
    "PhaseEncodingDirection": "j-",
    "PhaseEncodingSteps": 64,
    "PhaseResolution": 1,
    "PixelBandwidth": 1905,
    "ProcedureStepDescription": "Brain_-_UQ_fMRI",
    "ProtocolName": "OLVSL_R9",
    "PulseSequenceDetails": "%SiemensSeq%_ep2d_pace",
    "ReceiveCoilName": "32Ch_Head",
    "ReconMatrixPE": 64,
    "RepetitionTime": 2,
    "SAR": 0.217635,
    "ScanOptions": "FS",
    "ScanningSequence": "EP",
    "SequenceName": "_epfid2d1_64",
    "SequenceVariant": "SK",
    "SeriesDescription": "OLVSL_R9",
    "SeriesNumber": 11,
    "ShimSetting": [
      6812,
      -11316,
      -2112,
      695,
      -143,
      102,
      134,
      49
    ],
    "SliceThickness": 3,
    "SliceTiming": [
      0,
      1.0225,
      0.06,
      1.085,
      0.12,
      1.145,
      0.18,
      1.205,
      0.24,
      1.265,
      0.3,
      1.325,
      0.3625,
      1.385,
      0.4225,
      1.445,
      0.4825,
      1.505,
      0.5425,
      1.565,
      0.6025,
      1.625,
      0.6625,
      1.685,
      0.7225,
      1.7475,
      0.7825,
      1.8075,
      0.8425,
      1.8675,
      0.9025,
      1.9275,
      0.9625
    ],
    "SoftwareVersions": "syngo_MR_B17",
    "SpacingBetweenSlices": 3.3,
    "StationName": "mrc_Trio",
    "TaskName": "learn",
    "TotalReadoutTime": 0.0371701,
    "TxRefAmp": 359.939,
    "dataset": "ds001241",
    "modality": "bold",
    "run_id": 9,
    "subject_id": "16",
    "task_id": "learn"
  },
  "dummy_trs": 1,
  "dvars_nstd": 16.1773315849315,
  "dvars_std": 1.1976987319863017,
  "dvars_vstd": 1.0099125984246577,
  "efc": 0.6169631833580936,
  "fber": 411.35699462890625,
  "fd_mean": 0.07689078401710597,
  "fd_num": 2,
  "fd_perc": 1.3605442176870748,
  "fwhm_avg": 2.9669835495305015,
  "fwhm_x": 2.9693199999999997,
  "fwhm_y": 2.988236666666667,
  "fwhm_z": 2.9433939819248374,
  "gcor": 0.0477008,
  "gsr_x": -0.021922502666711807,
  "gsr_y": 0.08994901925325394,
  "provenance": {
    "md5sum": "b0c0bb9a5361f47665a399bf44a2124d",
    "settings": {
      "fd_thres": 0.2,
      "testing": false
    },
    "software": "mriqc",
    "version": "22.0.6",
    "webapi_port": null,
    "webapi_url": "https://mriqc.nimh.nih.gov/api/v1"
  },
  "size_t": 147,
  "size_x": 64,
  "size_y": 64,
  "size_z": 33,
  "snr": 2.693419894517785,
  "spacing_tr": 2.0,
  "spacing_x": 3.0,
  "spacing_y": 3.0,
  "spacing_z": 3.299999952316284,
  "summary_bg_k": 16.247223146102304,
  "summary_bg_mad": 14.513364959090799,
  "summary_bg_mean": 66.66924285888672,
  "summary_bg_median": 31.94557762145996,
  "summary_bg_n": 64675.0,
  "summary_bg_p05": 21.353740692138672,
  "summary_bg_p95": 244.26258239746087,
  "summary_bg_stdv": 85.57815551757812,
  "summary_fg_k": 2.7754394308077455,
  "summary_fg_mad": 211.80036863843347,
  "summary_fg_mean": 722.2483520507812,
  "summary_fg_median": 673.2040405273438,
  "summary_fg_n": 37311.0,
  "summary_fg_p05": 418.1428527832031,
  "summary_fg_p95": 1196.39111328125,
  "summary_fg_stdv": 249.94061279296875,
  "tsnr": 109.95789140975103
}