{
  "aor": 0.000981972789115646,
  "aqi": 0.0010602256326530612,
  "bids_meta": {
    "AcquisitionMatrixPE": 64,
    "AcquisitionNumber": 1,
    "AcquisitionTime": "12:00:13.282500",
    "BandwidthPerPixelPhaseEncode": 26.483,
    "BaseResolution": 64,
    "ConversionSoftware": "dcm2niix",
    "ConversionSoftwareVersion": "v1.0.20171215 Clang9.0.0",
    "DerivedVendorReportedEchoSpacing": 0.000590001,
    "DeviceSerialNumber": "35410",
    "DwellTime": 4.1e-06,
    "EchoTime": 0.026,
    "EffectiveEchoSpacing": 0.000590001,
    "FlipAngle": 90,
    "ImageOrientationPatientDICOM": [
      0.999939,
      -0.00953312,
      0.0055168,
      0.0104717,
      0.978101,
      -0.207867
    ],
    "ImageType": [
      "ORIGINAL",
      "PRIMARY",
      "M",
      "ND",
      "MOSAIC"
    ],
    "InPlanePhaseEncodingDirectionDICOM": "COL",
    "InstitutionAddress": "Cooper_60_St._Lucia_QLD_AU_4072",
    "InstitutionName": "Centre_for_Advanced_Imaging",
    "InstitutionalDepartmentName": "Gehrmann_Labs_MRI",
    "MRAcquisitionType": "2D",
    "MagneticFieldStrength": 3,
    "Manufacturer": "Siemens",
    "ManufacturersModelName": "TrioTim",
    "Modality": "MR",
    "PartialFourier": 1,
    "PatientPosition": "HFS",
    "PercentPhaseFOV": 100,
    "PhaseEncodingDirection": "j-",
    "PhaseEncodingSteps": 64,
    "PhaseResolution": 1,
    "PixelBandwidth": 1905,
    "ProcedureStepDescription": "Brain_-_UQ_fMRI",
    "ProtocolName": "OLVSL_R7",
    "PulseSequenceDetails": "%SiemensSeq%_ep2d_pace",
    "ReceiveCoilName": "32Ch_Head",
    "ReconMatrixPE": 64,
    "RepetitionTime": 2,
    "SAR": 0.217635,
    "ScanOptions": "FS",
    "ScanningSequence": "EP",
    "SequenceName": "_epfid2d1_64",
    "SequenceVariant": "SK",
    "SeriesDescription": "OLVSL_R7",
    "SeriesNumber": 9,
    "ShimSetting": [
      6812,
      -11316,
      -2112,
      695,
      -143,
      102,
      134,
      49
    ],
    "SliceThickness": 3,
    "SliceTiming": [
      0,
      1.025,
      0.06,
      1.085,
      0.1225,
      1.145,
      0.1825,
      1.205,
      0.2425,
      1.265,
      0.3025,
      1.325,
      0.3625,
      1.385,
      0.4225,
      1.4475,
      0.4825,
      1.5075,
      0.5425,
      1.5675,
      0.6025,
      1.6275,
      0.6625,
      1.6875,
      0.7225,
      1.7475,
      0.785,
      1.8075,
      0.845,
      1.8675,
      0.905,
      1.9275,
      0.965
    ],
    "SoftwareVersions": "syngo_MR_B17",
    "SpacingBetweenSlices": 3.3,
    "StationName": "mrc_Trio",
    "TaskName": "learn",
    "TotalReadoutTime": 0.0371701,
    "TxRefAmp": 359.939,
    "dataset": "ds001241",
    "modality": "bold",
    "run_id": 7,
    "subject_id": "16",
    "task_id": "learn"
  },
  "dummy_trs": 1,
  "dvars_nstd": 16.274647268082198,
  "dvars_std": 1.1868724441095886,
  "dvars_vstd": 1.0064523734246578,
  "efc": 0.6159660019445992,
  "fber": 422.3278503417969,
  "fd_mean": 0.08498284337354486,
  "fd_num": 0,
  "fd_perc": 0.0,
  "fwhm_avg": 2.9452775898987973,
  "fwhm_x": 2.95107,
  "fwhm_y": 2.9487900000000002,
  "fwhm_z": 2.9359727696963915,
  "gcor": 0.0480516,
  "gsr_x": -0.0220594834536314,
  "gsr_y": 0.08919990062713623,
  "provenance": {
    "md5sum": "cc5ed3db456f11b798221991b274c1dc",
    "settings": {
      "fd_thres": 0.2,
      "testing": false
    },
    "software": "mriqc",
    "version": "22.0.6",
    "webapi_port": null,
    "webapi_url": "https://mriqc.nimh.nih.gov/api/v1"
  },
  "size_t": 147,
  "size_x": 64,
  "size_y": 64,
  "size_z": 33,
  "snr": 2.698305903665905,
  "spacing_tr": 2.0,
  "spacing_x": 3.0,
  "spacing_y": 3.0,
  "spacing_z": 3.299999952316284,
  "summary_bg_k": 16.37008972162124,
  "summary_bg_mad": 14.019163276975828,
  "summary_bg_mean": 65.3660888671875,
  "summary_bg_median": 31.462583541870117,
  "summary_bg_n": 64680.0,
  "summary_bg_p05": 21.258502960205078,
  "summary_bg_p95": 237.12958221435545,
  "summary_bg_stdv": 83.53147888183594,
  "summary_fg_k": 2.9059776430734754,
  "summary_fg_mad": 210.31265368644728,
  "summary_fg_mean": 721.0369262695312,
  "summary_fg_median": 672.6122436523438,
  "summary_fg_n": 37288.0,
  "summary_fg_p05": 418.2020294189453,
  "summary_fg_p95": 1191.1054260253914,
  "summary_fg_stdv": 249.26870727539062,
  "tsnr": 114.72456954466179
}