{
  "aor": 0.0011072108843537415,
  "aqi": 0.0011388732857142857,
  "bids_meta": {
    "AcquisitionMatrixPE": 64,
    "AcquisitionNumber": 1,
    "AcquisitionTime": "11:54:46.010000",
    "BandwidthPerPixelPhaseEncode": 26.483,
    "BaseResolution": 64,
    "ConversionSoftware": "dcm2niix",
    "ConversionSoftwareVersion": "v1.0.20171215 Clang9.0.0",
    "DerivedVendorReportedEchoSpacing": 0.000590001,
    "DeviceSerialNumber": "35410",
    "DwellTime": 4.1e-06,
    "EchoTime": 0.026,
    "EffectiveEchoSpacing": 0.000590001,
    "FlipAngle": 90,
    "ImageOrientationPatientDICOM": [
      0.999939,
      -0.00953312,
      0.0055168,
      0.0104717,
      0.978101,
      -0.207867
    ],
    "ImageType": [
      "ORIGINAL",
      "PRIMARY",
      "M",
      "ND",
      "MOSAIC"
    ],
    "InPlanePhaseEncodingDirectionDICOM": "COL",
    "InstitutionAddress": "Cooper_60_St._Lucia_QLD_AU_4072",
    "InstitutionName": "Centre_for_Advanced_Imaging",
    "InstitutionalDepartmentName": "Gehrmann_Labs_MRI",
    "MRAcquisitionType": "2D",
    "MagneticFieldStrength": 3,
    "Manufacturer": "Siemens",
    "ManufacturersModelName": "TrioTim",
    "Modality": "MR",
    "PartialFourier": 1,
    "PatientPosition": "HFS",
    "PercentPhaseFOV": 100,
    "PhaseEncodingDirection": "j-",
    "PhaseEncodingSteps": 64,
    "PhaseResolution": 1,
    "PixelBandwidth": 1905,
    "ProcedureStepDescription": "Brain_-_UQ_fMRI",
    "ProtocolName": "OLVSL_R6",
    "PulseSequenceDetails": "%SiemensSeq%_ep2d_pace",
    "ReceiveCoilName": "32Ch_Head",
    "ReconMatrixPE": 64,
    "RepetitionTime": 2,
    "SAR": 0.217635,
    "ScanOptions": "FS",
    "ScanningSequence": "EP",
    "SequenceName": "_epfid2d1_64",
    "SequenceVariant": "SK",
    "SeriesDescription": "OLVSL_R6",
    "SeriesNumber": 8,
    "ShimSetting": [
      6812,
      -11316,
      -2112,
      695,
      -143,
      102,
      134,
      49
    ],
    "SliceThickness": 3,
    "SliceTiming": [
      0,
      1.025,
      0.06,
      1.085,
      0.12,
      1.145,
      0.18,
      1.205,
      0.24,
      1.265,
      0.3,
      1.325,
      0.3625,
      1.385,
      0.4225,
      1.445,
      0.4825,
      1.505,
      0.5425,
      1.565,
      0.6025,
      1.625,
      0.6625,
      1.6875,
      0.7225,
      1.7475,
      0.7825,
      1.8075,
      0.8425,
      1.8675,
      0.9025,
      1.9275,
      0.9625
    ],
    "SoftwareVersions": "syngo_MR_B17",
    "SpacingBetweenSlices": 3.3,
    "StationName": "mrc_Trio",
    "TaskName": "learn",
    "TotalReadoutTime": 0.0371701,
    "TxRefAmp": 359.939,
    "dataset": "ds001241",
    "modality": "bold",
    "run_id": 6,
    "subject_id": "16",
    "task_id": "learn"
  },
  "dummy_trs": 1,
  "dvars_nstd": 17.79665415890412,
  "dvars_std": 1.2037997247945202,
  "dvars_vstd": 1.001578741712329,
  "efc": 0.615110182982767,
  "fber": 422.8438720703125,
  "fd_mean": 0.0845247490679111,
  "fd_num": 3,
  "fd_perc": 2.0408163265306123,
  "fwhm_avg": 2.966222741489305,
  "fwhm_x": 2.9642366666666664,
  "fwhm_y": 2.982813333333333,
  "fwhm_z": 2.9516182244679166,
  "gcor": 0.0585365,
  "gsr_x": -0.021580051630735397,
  "gsr_y": 0.08897144347429276,
  "provenance": {
    "md5sum": "daff0acfe293f416b98eaea27d42a576",
    "settings": {
      "fd_thres": 0.2,
      "testing": false
    },
    "software": "mriqc",
    "version": "22.0.6",
    "webapi_port": null,
    "webapi_url": "https://mriqc.nimh.nih.gov/api/v1"
  },
  "size_t": 147,
  "size_x": 64,
  "size_y": 64,
  "size_z": 33,
  "snr": 2.7010628042730143,
  "spacing_tr": 2.0,
  "spacing_x": 3.0,
  "spacing_y": 3.0,
  "spacing_z": 3.299999952316284,
  "summary_bg_k": 16.643828777430485,
  "summary_bg_mad": 13.82753474583067,
  "summary_bg_mean": 64.55282592773438,
  "summary_bg_median": 31.292516708374023,
  "summary_bg_n": 64737.0,
  "summary_bg_p05": 21.244897842407227,
  "summary_bg_p95": 233.7863922119138,
  "summary_bg_stdv": 82.16687774658203,
  "summary_fg_k": 2.8044681041617654,
  "summary_fg_mad": 210.0252094758099,
  "summary_fg_mean": 718.7177734375,
  "summary_fg_median": 670.5305786132812,
  "summary_fg_n": 37225.0,
  "summary_fg_p05": 416.2870666503906,
  "summary_fg_p95": 1186.7102050781245,
  "summary_fg_stdv": 248.2436065673828,
  "tsnr": 108.3706030966714
}