{
  "aor": 0.002668639455782313,
  "aqi": 0.0010540000204081633,
  "bids_meta": {
    "AcquisitionMatrixPE": 64,
    "AcquisitionNumber": 1,
    "AcquisitionTime": "11:38:35.227500",
    "BandwidthPerPixelPhaseEncode": 26.483,
    "BaseResolution": 64,
    "ConversionSoftware": "dcm2niix",
    "ConversionSoftwareVersion": "v1.0.20171215 Clang9.0.0",
    "DerivedVendorReportedEchoSpacing": 0.000590001,
    "DeviceSerialNumber": "35410",
    "DwellTime": 4.1e-06,
    "EchoTime": 0.026,
    "EffectiveEchoSpacing": 0.000590001,
    "FlipAngle": 90,
    "ImageOrientationPatientDICOM": [
      0.999939,
      -0.00953312,
      0.0055168,
      0.0104717,
      0.978101,
      -0.207867
    ],
    "ImageType": [
      "ORIGINAL",
      "PRIMARY",
      "M",
      "ND",
      "MOSAIC"
    ],
    "InPlanePhaseEncodingDirectionDICOM": "COL",
    "InstitutionAddress": "Cooper_60_St._Lucia_QLD_AU_4072",
    "InstitutionName": "Centre_for_Advanced_Imaging",
    "InstitutionalDepartmentName": "Gehrmann_Labs_MRI",
    "MRAcquisitionType": "2D",
    "MagneticFieldStrength": 3,
    "Manufacturer": "Siemens",
    "ManufacturersModelName": "TrioTim",
    "Modality": "MR",
    "PartialFourier": 1,
    "PatientPosition": "HFS",
    "PercentPhaseFOV": 100,
    "PhaseEncodingDirection": "j-",
    "PhaseEncodingSteps": 64,
    "PhaseResolution": 1,
    "PixelBandwidth": 1905,
    "ProcedureStepDescription": "Brain_-_UQ_fMRI",
    "ProtocolName": "OLVSL_R4",
    "PulseSequenceDetails": "%SiemensSeq%_ep2d_pace",
    "ReceiveCoilName": "32Ch_Head",
    "ReconMatrixPE": 64,
    "RepetitionTime": 2,
    "SAR": 0.217635,
    "ScanOptions": "FS",
    "ScanningSequence": "EP",
    "SequenceName": "_epfid2d1_64",
    "SequenceVariant": "SK",
    "SeriesDescription": "OLVSL_R4",
    "SeriesNumber": 5,
    "ShimSetting": [
      6812,
      -11316,
      -2112,
      695,
      -143,
      102,
      134,
      49
    ],
    "SliceThickness": 3,
    "SliceTiming": [
      0,
      1.025,
      0.06,
      1.085,
      0.12,
      1.145,
      0.18,
      1.205,
      0.24,
      1.265,
      0.3,
      1.325,
      0.3625,
      1.385,
      0.4225,
      1.445,
      0.4825,
      1.505,
      0.5425,
      1.565,
      0.6025,
      1.625,
      0.6625,
      1.6875,
      0.7225,
      1.7475,
      0.7825,
      1.8075,
      0.8425,
      1.8675,
      0.9025,
      1.9275,
      0.9625
    ],
    "SoftwareVersions": "syngo_MR_B17",
    "SpacingBetweenSlices": 3.3,
    "StationName": "mrc_Trio",
    "TaskName": "learn",
    "TotalReadoutTime": 0.0371701,
    "TxRefAmp": 359.939,
    "dataset": "ds001241",
    "modality": "bold",
    "run_id": 4,
    "subject_id": "16",
    "task_id": "learn"
  },
  "dummy_trs": 1,
  "dvars_nstd": 17.339970699520542,
  "dvars_std": 1.223551887123287,
  "dvars_vstd": 1.0238071254794514,
  "efc": 0.614491560659509,
  "fber": 437.4172058105469,
  "fd_mean": 0.09223969232197796,
  "fd_num": 0,
  "fd_perc": 0.0,
  "fwhm_avg": 2.9389656706352283,
  "fwhm_x": 2.9638066666666667,
  "fwhm_y": 2.9319933333333332,
  "fwhm_z": 2.921097011905685,
  "gcor": 0.0627756,
  "gsr_x": -0.024610409513115883,
  "gsr_y": 0.08969148248434067,
  "provenance": {
    "md5sum": "1a7ebac5184cfbecd0390610e427bcfd",
    "settings": {
      "fd_thres": 0.2,
      "testing": false
    },
    "software": "mriqc",
    "version": "22.0.6",
    "webapi_port": null,
    "webapi_url": "https://mriqc.nimh.nih.gov/api/v1"
  },
  "size_t": 147,
  "size_x": 64,
  "size_y": 64,
  "size_z": 33,
  "snr": 2.7280639174373174,
  "spacing_tr": 2.0,
  "spacing_x": 3.0,
  "spacing_y": 3.0,
  "spacing_z": 3.299999952316284,
  "summary_bg_k": 16.69054248148791,
  "summary_bg_mad": 13.716592953845327,
  "summary_bg_mean": 65.70228576660156,
  "summary_bg_median": 31.06802749633789,
  "summary_bg_n": 65207.0,
  "summary_bg_p05": 21.108842849731445,
  "summary_bg_p95": 239.92992401123044,
  "summary_bg_stdv": 86.45108795166016,
  "summary_fg_k": 2.921095159538357,
  "summary_fg_mad": 208.59301066524543,
  "summary_fg_mean": 721.628662109375,
  "summary_fg_median": 673.3129272460938,
  "summary_fg_n": 37189.0,
  "summary_fg_p05": 421.84624633789065,
  "summary_fg_p95": 1187.0843261718749,
  "summary_fg_stdv": 246.80648803710938,
  "tsnr": 108.15110279014334
}