{
  "aor": 0.006643175675675675,
  "aqi": 0.0025694347972972974,
  "bids_meta": {
    "AcquisitionMatrixPE": 64,
    "AcquisitionNumber": 1,
    "AcquisitionTime": "16:39:6.002500",
    "BandwidthPerPixelPhaseEncode": 26.483,
    "BaseResolution": 64,
    "ConversionSoftware": "dcm2niix",
    "ConversionSoftwareVersion": "v1.0.20171215 Clang9.0.0",
    "DerivedVendorReportedEchoSpacing": 0.000590001,
    "DeviceSerialNumber": "35410",
    "DwellTime": 4.1e-06,
    "EchoTime": 0.026,
    "EffectiveEchoSpacing": 0.000590001,
    "FlipAngle": 90,
    "ImageOrientationPatientDICOM": [
      1,
      0,
      0,
      0,
      0.993572,
      -0.113203
    ],
    "ImageType": [
      "ORIGINAL",
      "PRIMARY",
      "M",
      "ND",
      "MOSAIC"
    ],
    "InPlanePhaseEncodingDirectionDICOM": "COL",
    "InstitutionAddress": "Cooper_60_St._Lucia_QLD_AU_4072",
    "InstitutionName": "St_Lucia_Campus",
    "InstitutionalDepartmentName": "Gehrmann_Labs_MRI",
    "MRAcquisitionType": "2D",
    "MagneticFieldStrength": 3,
    "Manufacturer": "Siemens",
    "ManufacturersModelName": "TrioTim",
    "Modality": "MR",
    "PartialFourier": 1,
    "PatientPosition": "HFS",
    "PercentPhaseFOV": 100,
    "PhaseEncodingDirection": "j-",
    "PhaseEncodingSteps": 64,
    "PhaseResolution": 1,
    "PixelBandwidth": 1905,
    "ProcedureStepDescription": "Brain_-_UQ_fMRI",
    "ProtocolName": "OLVSL_R9",
    "PulseSequenceDetails": "%SiemensSeq%_ep2d_pace",
    "ReceiveCoilName": "32Ch_Head",
    "ReconMatrixPE": 64,
    "RepetitionTime": 2,
    "SAR": 0.167173,
    "ScanOptions": "FS",
    "ScanningSequence": "EP",
    "SequenceName": "_epfid2d1_64",
    "SequenceVariant": "SK",
    "SeriesDescription": "OLVSL_R9",
    "SeriesNumber": 11,
    "ShimSetting": [
      6815,
      -11400,
      -2155,
      954,
      3,
      -165,
      -151,
      -115
    ],
    "SliceThickness": 3,
    "SliceTiming": [
      0,
      1.025,
      0.06,
      1.085,
      0.1225,
      1.145,
      0.1825,
      1.205,
      0.2425,
      1.265,
      0.3025,
      1.325,
      0.3625,
      1.385,
      0.4225,
      1.445,
      0.4825,
      1.5075,
      0.5425,
      1.5675,
      0.6025,
      1.6275,
      0.6625,
      1.6875,
      0.7225,
      1.7475,
      0.785,
      1.8075,
      0.845,
      1.8675,
      0.905,
      1.9275,
      0.965
    ],
    "SoftwareVersions": "syngo_MR_B17",
    "SpacingBetweenSlices": 3.3,
    "StationName": "mrc_Trio",
    "TaskName": "learn",
    "TotalReadoutTime": 0.0371701,
    "TxRefAmp": 331.306,
    "dataset": "ds001241",
    "modality": "bold",
    "run_id": 9,
    "subject_id": "02",
    "task_id": "learn"
  },
  "dummy_trs": 0,
  "dvars_nstd": 20.924309853333344,
  "dvars_std": 1.233228540476191,
  "dvars_vstd": 1.0360762976870752,
  "efc": 0.6224406270616634,
  "fber": 395.21099853515625,
  "fd_mean": 0.10753403146573759,
  "fd_num": 16,
  "fd_perc": 10.81081081081081,
  "fwhm_avg": 2.4825803460745255,
  "fwhm_x": 2.3606166666666666,
  "fwhm_y": 2.6341364573243093,
  "fwhm_z": 2.4529879142325997,
  "gcor": 0.0419189,
  "gsr_x": 0.0002641684841364622,
  "gsr_y": 0.0955752581357956,
  "provenance": {
    "md5sum": "f7a5d0f761faf93aa3d5444fdc2e407c",
    "settings": {
      "fd_thres": 0.2,
      "testing": false
    },
    "software": "mriqc",
    "version": "22.0.6",
    "webapi_port": null,
    "webapi_url": "https://mriqc.nimh.nih.gov/api/v1"
  },
  "size_t": 148,
  "size_x": 64,
  "size_y": 64,
  "size_z": 33,
  "snr": 3.446889478585558,
  "spacing_tr": 2.0,
  "spacing_x": 3.0,
  "spacing_y": 3.000000238418579,
  "spacing_z": 3.299999952316284,
  "summary_bg_k": 16.392907845523737,
  "summary_bg_mad": 13.323387552846702,
  "summary_bg_mean": 67.31685638427734,
  "summary_bg_median": 30.189189910888672,
  "summary_bg_n": 68288.0,
  "summary_bg_p05": 20.628379821777344,
  "summary_bg_p95": 255.13142471313427,
  "summary_bg_stdv": 92.20130920410156,
  "summary_fg_k": 0.7942124800158101,
  "summary_fg_mad": 174.54632301872866,
  "summary_fg_mean": 654.7343139648438,
  "summary_fg_median": 628.0,
  "summary_fg_n": 33749.0,
  "summary_fg_p05": 410.7635131835938,
  "summary_fg_p95": 992.1689331054685,
  "summary_fg_stdv": 182.1905517578125,
  "tsnr": 85.76846597762778
}