{
  "aor": 0.005037364864864865,
  "aqi": 0.002306722743243243,
  "bids_meta": {
    "AcquisitionMatrixPE": 64,
    "AcquisitionNumber": 1,
    "AcquisitionTime": "15:48:57.175000",
    "BandwidthPerPixelPhaseEncode": 26.483,
    "BaseResolution": 64,
    "ConversionSoftware": "dcm2niix",
    "ConversionSoftwareVersion": "v1.0.20171215 Clang9.0.0",
    "DerivedVendorReportedEchoSpacing": 0.000590001,
    "DeviceSerialNumber": "35410",
    "DwellTime": 4.1e-06,
    "EchoTime": 0.026,
    "EffectiveEchoSpacing": 0.000590001,
    "FlipAngle": 90,
    "ImageOrientationPatientDICOM": [
      1,
      0,
      0,
      0,
      0.993572,
      -0.113203
    ],
    "ImageType": [
      "ORIGINAL",
      "PRIMARY",
      "M",
      "ND",
      "MOSAIC"
    ],
    "InPlanePhaseEncodingDirectionDICOM": "COL",
    "InstitutionAddress": "Cooper_60_St._Lucia_QLD_AU_4072",
    "InstitutionName": "St_Lucia_Campus",
    "InstitutionalDepartmentName": "Gehrmann_Labs_MRI",
    "MRAcquisitionType": "2D",
    "MagneticFieldStrength": 3,
    "Manufacturer": "Siemens",
    "ManufacturersModelName": "TrioTim",
    "Modality": "MR",
    "PartialFourier": 1,
    "PatientPosition": "HFS",
    "PercentPhaseFOV": 100,
    "PhaseEncodingDirection": "j-",
    "PhaseEncodingSteps": 64,
    "PhaseResolution": 1,
    "PixelBandwidth": 1905,
    "ProcedureStepDescription": "Brain_-_UQ_fMRI",
    "ProtocolName": "OLVSL_R1",
    "PulseSequenceDetails": "%SiemensSeq%_ep2d_pace",
    "ReceiveCoilName": "32Ch_Head",
    "ReconMatrixPE": 64,
    "RepetitionTime": 2,
    "SAR": 0.167173,
    "ScanOptions": "FS",
    "ScanningSequence": "EP",
    "SequenceName": "_epfid2d1_64",
    "SequenceVariant": "SK",
    "SeriesDescription": "OLVSL_R1",
    "SeriesNumber": 2,
    "ShimSetting": [
      6815,
      -11400,
      -2155,
      954,
      3,
      -165,
      -151,
      -115
    ],
    "SliceThickness": 3,
    "SliceTiming": [
      0,
      1.0225,
      0.06,
      1.0825,
      0.12,
      1.1425,
      0.18,
      1.2025,
      0.24,
      1.2625,
      0.3,
      1.3225,
      0.36,
      1.385,
      0.42,
      1.445,
      0.48,
      1.505,
      0.54,
      1.565,
      0.6,
      1.625,
      0.66,
      1.685,
      0.7225,
      1.745,
      0.7825,
      1.805,
      0.8425,
      1.865,
      0.9025,
      1.925,
      0.9625
    ],
    "SoftwareVersions": "syngo_MR_B17",
    "SpacingBetweenSlices": 3.3,
    "StationName": "mrc_Trio",
    "TaskName": "learn",
    "TotalReadoutTime": 0.0371701,
    "TxRefAmp": 331.306,
    "dataset": "ds001241",
    "modality": "bold",
    "run_id": 1,
    "subject_id": "02",
    "task_id": "learn"
  },
  "dummy_trs": 0,
  "dvars_nstd": 19.767980756870752,
  "dvars_std": 1.2434907734693876,
  "dvars_vstd": 1.0271679156462588,
  "efc": 0.6213243976670076,
  "fber": 384.9781494140625,
  "fd_mean": 0.06732312938591202,
  "fd_num": 4,
  "fd_perc": 2.7027027027027026,
  "fwhm_avg": 2.522587011601616,
  "fwhm_x": 2.42911,
  "fwhm_y": 2.6784631204682094,
  "fwhm_z": 2.460187914336637,
  "gcor": 0.0455747,
  "gsr_x": -0.002674250863492489,
  "gsr_y": 0.10078790038824081,
  "provenance": {
    "md5sum": "71396e8c20b1ea2a39bb5c5cb6207004",
    "settings": {
      "fd_thres": 0.2,
      "testing": false
    },
    "software": "mriqc",
    "version": "22.0.6",
    "webapi_port": null,
    "webapi_url": "https://mriqc.nimh.nih.gov/api/v1"
  },
  "size_t": 148,
  "size_x": 64,
  "size_y": 64,
  "size_z": 33,
  "snr": 3.2948512439224427,
  "spacing_tr": 2.0,
  "spacing_x": 3.0,
  "spacing_y": 3.000000238418579,
  "spacing_z": 3.299999952316284,
  "summary_bg_k": 17.588309860488938,
  "summary_bg_mad": 13.78419528049708,
  "summary_bg_mean": 67.536865234375,
  "summary_bg_median": 30.4797306060791,
  "summary_bg_n": 67810.0,
  "summary_bg_p05": 20.364866256713867,
  "summary_bg_p95": 257.74764251708973,
  "summary_bg_stdv": 94.31230163574219,
  "summary_fg_k": 0.8366908891970213,
  "summary_fg_mad": 184.18828230435207,
  "summary_fg_mean": 655.7264404296875,
  "summary_fg_median": 627.4020385742188,
  "summary_fg_n": 33948.0,
  "summary_fg_p05": 401.30238189697263,
  "summary_fg_p95": 1007.8557830810547,
  "summary_fg_stdv": 190.41612243652344,
  "tsnr": 89.66427628998645
}