{
  "aor": 0.0064389189189189185,
  "aqi": 0.007498032770270269,
  "bids_meta": {
    "AcquisitionMatrixPE": 64,
    "AcquisitionNumber": 1,
    "AcquisitionTime": "16:11:15.802500",
    "BandwidthPerPixelPhaseEncode": 26.483,
    "BaseResolution": 64,
    "ConversionSoftware": "dcm2niix",
    "ConversionSoftwareVersion": "v1.0.20171215 Clang9.0.0",
    "DerivedVendorReportedEchoSpacing": 0.000590001,
    "DeviceSerialNumber": "35410",
    "DwellTime": 4.1e-06,
    "EchoTime": 0.026,
    "EffectiveEchoSpacing": 0.000590001,
    "FlipAngle": 90,
    "ImageOrientationPatientDICOM": [
      1,
      0,
      0,
      0,
      0.993572,
      -0.113203
    ],
    "ImageType": [
      "ORIGINAL",
      "PRIMARY",
      "M",
      "ND",
      "MOSAIC"
    ],
    "InPlanePhaseEncodingDirectionDICOM": "COL",
    "InstitutionAddress": "Cooper_60_St._Lucia_QLD_AU_4072",
    "InstitutionName": "St_Lucia_Campus",
    "InstitutionalDepartmentName": "Gehrmann_Labs_MRI",
    "MRAcquisitionType": "2D",
    "MagneticFieldStrength": 3,
    "Manufacturer": "Siemens",
    "ManufacturersModelName": "TrioTim",
    "Modality": "MR",
    "PartialFourier": 1,
    "PatientPosition": "HFS",
    "PercentPhaseFOV": 100,
    "PhaseEncodingDirection": "j-",
    "PhaseEncodingSteps": 64,
    "PhaseResolution": 1,
    "PixelBandwidth": 1905,
    "ProcedureStepDescription": "Brain_-_UQ_fMRI",
    "ProtocolName": "OLVSL_R5",
    "PulseSequenceDetails": "%SiemensSeq%_ep2d_pace",
    "ReceiveCoilName": "32Ch_Head",
    "ReconMatrixPE": 64,
    "RepetitionTime": 2,
    "SAR": 0.167173,
    "ScanOptions": "FS",
    "ScanningSequence": "EP",
    "SequenceName": "_epfid2d1_64",
    "SequenceVariant": "SK",
    "SeriesDescription": "OLVSL_R5",
    "SeriesNumber": 6,
    "ShimSetting": [
      6815,
      -11400,
      -2155,
      954,
      3,
      -165,
      -151,
      -115
    ],
    "SliceThickness": 3,
    "SliceTiming": [
      0,
      1.025,
      0.06,
      1.085,
      0.1225,
      1.145,
      0.1825,
      1.205,
      0.2425,
      1.265,
      0.3025,
      1.325,
      0.3625,
      1.385,
      0.4225,
      1.4475,
      0.4825,
      1.5075,
      0.5425,
      1.5675,
      0.6025,
      1.6275,
      0.6625,
      1.6875,
      0.7225,
      1.7475,
      0.785,
      1.8075,
      0.845,
      1.8675,
      0.905,
      1.9275,
      0.965
    ],
    "SoftwareVersions": "syngo_MR_B17",
    "SpacingBetweenSlices": 3.3,
    "StationName": "mrc_Trio",
    "TaskName": "learn",
    "TotalReadoutTime": 0.0371701,
    "TxRefAmp": 331.306,
    "dataset": "ds001241",
    "modality": "bold",
    "run_id": 5,
    "subject_id": "02",
    "task_id": "learn"
  },
  "dummy_trs": 0,
  "dvars_nstd": 22.17140008312926,
  "dvars_std": 1.095508647006802,
  "dvars_vstd": 0.9558756233333332,
  "efc": 0.6205621083749829,
  "fber": 396.066650390625,
  "fd_mean": 0.13235173086107832,
  "fd_num": 21,
  "fd_perc": 14.18918918918919,
  "fwhm_avg": 2.496374386244356,
  "fwhm_x": 2.3944433333333333,
  "fwhm_y": 2.642779789970733,
  "fwhm_z": 2.4519000354290013,
  "gcor": 0.0520286,
  "gsr_x": 0.0025621431414037943,
  "gsr_y": 0.09907111525535583,
  "provenance": {
    "md5sum": "9463eb521024e36f63896ba97e044d28",
    "settings": {
      "fd_thres": 0.2,
      "testing": false
    },
    "software": "mriqc",
    "version": "22.0.6",
    "webapi_port": null,
    "webapi_url": "https://mriqc.nimh.nih.gov/api/v1"
  },
  "size_t": 148,
  "size_x": 64,
  "size_y": 64,
  "size_z": 33,
  "snr": 3.4162776446727157,
  "spacing_tr": 2.0,
  "spacing_x": 3.0,
  "spacing_y": 3.000000238418579,
  "spacing_z": 3.299999952316284,
  "summary_bg_k": 16.16278085858741,
  "summary_bg_mad": 13.90941483318119,
  "summary_bg_mean": 67.7093505859375,
  "summary_bg_median": 30.422298431396484,
  "summary_bg_n": 68538.0,
  "summary_bg_p05": 20.093581581115725,
  "summary_bg_p95": 253.0368309020987,
  "summary_bg_stdv": 93.66822814941406,
  "summary_fg_k": 0.7984921114033545,
  "summary_fg_mad": 177.49152897610793,
  "summary_fg_mean": 657.5413208007812,
  "summary_fg_median": 629.8108520507812,
  "summary_fg_n": 33640.0,
  "summary_fg_p05": 411.76216888427734,
  "summary_fg_p95": 999.4091705322265,
  "summary_fg_stdv": 184.35313415527344,
  "tsnr": 56.15773719968274
}