{
  "aor": 0.0012588435374149662,
  "aqi": 0.0023956448299319727,
  "bids_meta": {
    "AcquisitionMatrixPE": 64,
    "AcquisitionNumber": 1,
    "AcquisitionTime": "16:55:57.572500",
    "BandwidthPerPixelPhaseEncode": 26.483,
    "BaseResolution": 64,
    "ConversionSoftware": "dcm2niix",
    "ConversionSoftwareVersion": "v1.0.20171215 Clang9.0.0",
    "DerivedVendorReportedEchoSpacing": 0.000590001,
    "DeviceSerialNumber": "35410",
    "DwellTime": 4.1e-06,
    "EchoTime": 0.026,
    "EffectiveEchoSpacing": 0.000590001,
    "FlipAngle": 90,
    "ImageOrientationPatientDICOM": [
      1,
      2e-16,
      0,
      -2e-16,
      0.98796,
      -0.15471
    ],
    "ImageType": [
      "ORIGINAL",
      "PRIMARY",
      "M",
      "ND",
      "MOSAIC"
    ],
    "InPlanePhaseEncodingDirectionDICOM": "COL",
    "InstitutionAddress": "Cooper_60_St._Lucia_QLD_AU_4072",
    "InstitutionName": "Queensland_Brain_Institute",
    "InstitutionalDepartmentName": "Gehrmann_Labs_MRI",
    "MRAcquisitionType": "2D",
    "MagneticFieldStrength": 3,
    "Manufacturer": "Siemens",
    "ManufacturersModelName": "TrioTim",
    "Modality": "MR",
    "PartialFourier": 1,
    "PatientPosition": "HFS",
    "PercentPhaseFOV": 100,
    "PhaseEncodingDirection": "j-",
    "PhaseEncodingSteps": 64,
    "PhaseResolution": 1,
    "PixelBandwidth": 1905,
    "ProcedureStepDescription": "Brain_-_UQ_fMRI",
    "ProtocolName": "OLVSL_R8",
    "PulseSequenceDetails": "%SiemensSeq%_ep2d_pace",
    "ReceiveCoilName": "32Ch_Head",
    "ReconMatrixPE": 64,
    "RepetitionTime": 2,
    "SAR": 0.228682,
    "ScanOptions": "FS",
    "ScanningSequence": "EP",
    "SequenceName": "_epfid2d1_64",
    "SequenceVariant": "SK",
    "SeriesDescription": "OLVSL_R8",
    "SeriesNumber": 10,
    "ShimSetting": [
      6823,
      -11475,
      -2101,
      683,
      60,
      -403,
      -69,
      -34
    ],
    "SliceThickness": 3,
    "SliceTiming": [
      0,
      1.025,
      0.0625,
      1.085,
      0.1225,
      1.145,
      0.1825,
      1.205,
      0.2425,
      1.265,
      0.3025,
      1.325,
      0.3625,
      1.3875,
      0.4225,
      1.4475,
      0.4825,
      1.5075,
      0.5425,
      1.5675,
      0.6025,
      1.6275,
      0.6625,
      1.6875,
      0.725,
      1.7475,
      0.785,
      1.8075,
      0.845,
      1.8675,
      0.905,
      1.9275,
      0.965
    ],
    "SoftwareVersions": "syngo_MR_B17",
    "SpacingBetweenSlices": 3.3,
    "StationName": "mrc_Trio",
    "TaskName": "learn",
    "TotalReadoutTime": 0.0371701,
    "TxRefAmp": 446.743,
    "dataset": "ds001241",
    "modality": "bold",
    "run_id": 8,
    "subject_id": "19",
    "task_id": "learn"
  },
  "dummy_trs": 1,
  "dvars_nstd": 21.119365149863004,
  "dvars_std": 1.1818937710958903,
  "dvars_vstd": 1.0009584605479454,
  "efc": 0.6337916103721281,
  "fber": 234.65696716308594,
  "fd_mean": 0.11187323694041841,
  "fd_num": 21,
  "fd_perc": 14.285714285714286,
  "fwhm_avg": 2.5677517300025627,
  "fwhm_x": 2.38732,
  "fwhm_y": 2.65202,
  "fwhm_z": 2.6639151900076894,
  "gcor": 0.0253733,
  "gsr_x": 0.02826455794274807,
  "gsr_y": 0.060641154646873474,
  "provenance": {
    "md5sum": "ba8a58cc0409f87ea02323e9c035ac3d",
    "settings": {
      "fd_thres": 0.2,
      "testing": false
    },
    "software": "mriqc",
    "version": "22.0.6",
    "webapi_port": null,
    "webapi_url": "https://mriqc.nimh.nih.gov/api/v1"
  },
  "size_t": 147,
  "size_x": 64,
  "size_y": 64,
  "size_z": 33,
  "snr": 3.2685830141170324,
  "spacing_tr": 2.0,
  "spacing_x": 3.0,
  "spacing_y": 3.0,
  "spacing_z": 3.299999952316284,
  "summary_bg_k": 18.711371747132816,
  "summary_bg_mad": 22.259207083253468,
  "summary_bg_mean": 71.19799041748047,
  "summary_bg_median": 37.156463623046875,
  "summary_bg_n": 68087.0,
  "summary_bg_p05": 21.08843421936035,
  "summary_bg_p95": 231.95849609374986,
  "summary_bg_stdv": 85.82117462158203,
  "summary_fg_k": 2.8462313819002594,
  "summary_fg_mad": 162.15837339975184,
  "summary_fg_mean": 609.7335815429688,
  "summary_fg_median": 581.4251708984375,
  "summary_fg_n": 34562.0,
  "summary_fg_p05": 378.6394348144531,
  "summary_fg_p95": 928.5557586669921,
  "summary_fg_stdv": 177.88037109375,
  "tsnr": 86.31222509220243
}