{
  "aor": 0.0047578767123287674,
  "aqi": 0.003005033904109589,
  "bids_meta": {
    "AcquisitionMatrixPE": 64,
    "AcquisitionNumber": 1,
    "AcquisitionTime": "17:01:23.987500",
    "BandwidthPerPixelPhaseEncode": 26.483,
    "BaseResolution": 64,
    "ConversionSoftware": "dcm2niix",
    "ConversionSoftwareVersion": "v1.0.20171215 Clang9.0.0",
    "DerivedVendorReportedEchoSpacing": 0.000590001,
    "DeviceSerialNumber": "35410",
    "DwellTime": 4.1e-06,
    "EchoTime": 0.026,
    "EffectiveEchoSpacing": 0.000590001,
    "FlipAngle": 90,
    "ImageOrientationPatientDICOM": [
      1,
      2e-16,
      0,
      -2e-16,
      0.98796,
      -0.15471
    ],
    "ImageType": [
      "ORIGINAL",
      "PRIMARY",
      "M",
      "ND",
      "MOSAIC"
    ],
    "InPlanePhaseEncodingDirectionDICOM": "COL",
    "InstitutionAddress": "Cooper_60_St._Lucia_QLD_AU_4072",
    "InstitutionName": "Queensland_Brain_Institute",
    "InstitutionalDepartmentName": "Gehrmann_Labs_MRI",
    "MRAcquisitionType": "2D",
    "MagneticFieldStrength": 3,
    "Manufacturer": "Siemens",
    "ManufacturersModelName": "TrioTim",
    "Modality": "MR",
    "PartialFourier": 1,
    "PatientPosition": "HFS",
    "PercentPhaseFOV": 100,
    "PhaseEncodingDirection": "j-",
    "PhaseEncodingSteps": 64,
    "PhaseResolution": 1,
    "PixelBandwidth": 1905,
    "ProcedureStepDescription": "Brain_-_UQ_fMRI",
    "ProtocolName": "OLVSL_R9",
    "PulseSequenceDetails": "%SiemensSeq%_ep2d_pace",
    "ReceiveCoilName": "32Ch_Head",
    "ReconMatrixPE": 64,
    "RepetitionTime": 2,
    "SAR": 0.228682,
    "ScanOptions": "FS",
    "ScanningSequence": "EP",
    "SequenceName": "_epfid2d1_64",
    "SequenceVariant": "SK",
    "SeriesDescription": "OLVSL_R9",
    "SeriesNumber": 11,
    "ShimSetting": [
      6823,
      -11475,
      -2101,
      683,
      60,
      -403,
      -69,
      -34
    ],
    "SliceThickness": 3,
    "SliceTiming": [
      0,
      1.025,
      0.06,
      1.085,
      0.12,
      1.145,
      0.18,
      1.205,
      0.24,
      1.265,
      0.3025,
      1.325,
      0.3625,
      1.385,
      0.4225,
      1.445,
      0.4825,
      1.505,
      0.5425,
      1.565,
      0.6025,
      1.625,
      0.6625,
      1.6875,
      0.7225,
      1.7475,
      0.7825,
      1.8075,
      0.8425,
      1.8675,
      0.9025,
      1.9275,
      0.965
    ],
    "SoftwareVersions": "syngo_MR_B17",
    "SpacingBetweenSlices": 3.3,
    "StationName": "mrc_Trio",
    "TaskName": "learn",
    "TotalReadoutTime": 0.0371701,
    "TxRefAmp": 446.743,
    "dataset": "ds001241",
    "modality": "bold",
    "run_id": 9,
    "subject_id": "19",
    "task_id": "learn"
  },
  "dummy_trs": 2,
  "dvars_nstd": 21.437425626551732,
  "dvars_std": 1.236472862344828,
  "dvars_vstd": 1.0517681514482764,
  "efc": 0.6341841089804608,
  "fber": 235.52468872070312,
  "fd_mean": 0.12440277070605987,
  "fd_num": 18,
  "fd_perc": 12.32876712328767,
  "fwhm_avg": 2.566998093712182,
  "fwhm_x": 2.3733666666666666,
  "fwhm_y": 2.648503333333333,
  "fwhm_z": 2.679124281136546,
  "gcor": 0.0193149,
  "gsr_x": 0.028218740597367287,
  "gsr_y": 0.06083083152770996,
  "provenance": {
    "md5sum": "8146026466c91bff030d7072c602ade1",
    "settings": {
      "fd_thres": 0.2,
      "testing": false
    },
    "software": "mriqc",
    "version": "22.0.6",
    "webapi_port": null,
    "webapi_url": "https://mriqc.nimh.nih.gov/api/v1"
  },
  "size_t": 146,
  "size_x": 64,
  "size_y": 64,
  "size_z": 33,
  "snr": 3.2641507849167404,
  "spacing_tr": 2.0,
  "spacing_x": 3.0,
  "spacing_y": 3.0,
  "spacing_z": 3.299999952316284,
  "summary_bg_k": 19.06947767858607,
  "summary_bg_mad": 22.503057323018968,
  "summary_bg_mean": 71.35646057128906,
  "summary_bg_median": 37.3698616027832,
  "summary_bg_n": 67969.0,
  "summary_bg_p05": 21.123287200927734,
  "summary_bg_p95": 232.14108886718748,
  "summary_bg_stdv": 85.39952850341797,
  "summary_fg_k": 2.924350789551881,
  "summary_fg_mad": 163.4720970543972,
  "summary_fg_mean": 613.2658081054688,
  "summary_fg_median": 585.0684814453125,
  "summary_fg_n": 34611.0,
  "summary_fg_p05": 379.6130065917969,
  "summary_fg_p95": 935.00341796875,
  "summary_fg_stdv": 179.23805236816406,
  "tsnr": 81.80990503169596
}