{
  "aor": 0.004187465753424658,
  "aqi": 0.0029180547260273973,
  "bids_meta": {
    "AcquisitionMatrixPE": 64,
    "AcquisitionNumber": 1,
    "AcquisitionTime": "17:06:52.202500",
    "BandwidthPerPixelPhaseEncode": 26.483,
    "BaseResolution": 64,
    "ConversionSoftware": "dcm2niix",
    "ConversionSoftwareVersion": "v1.0.20171215 Clang9.0.0",
    "DerivedVendorReportedEchoSpacing": 0.000590001,
    "DeviceSerialNumber": "35410",
    "DwellTime": 4.1e-06,
    "EchoTime": 0.026,
    "EffectiveEchoSpacing": 0.000590001,
    "FlipAngle": 90,
    "ImageOrientationPatientDICOM": [
      1,
      2e-16,
      0,
      -2e-16,
      0.98796,
      -0.15471
    ],
    "ImageType": [
      "ORIGINAL",
      "PRIMARY",
      "M",
      "ND",
      "MOSAIC"
    ],
    "InPlanePhaseEncodingDirectionDICOM": "COL",
    "InstitutionAddress": "Cooper_60_St._Lucia_QLD_AU_4072",
    "InstitutionName": "Queensland_Brain_Institute",
    "InstitutionalDepartmentName": "Gehrmann_Labs_MRI",
    "MRAcquisitionType": "2D",
    "MagneticFieldStrength": 3,
    "Manufacturer": "Siemens",
    "ManufacturersModelName": "TrioTim",
    "Modality": "MR",
    "PartialFourier": 1,
    "PatientPosition": "HFS",
    "PercentPhaseFOV": 100,
    "PhaseEncodingDirection": "j-",
    "PhaseEncodingSteps": 64,
    "PhaseResolution": 1,
    "PixelBandwidth": 1905,
    "ProcedureStepDescription": "Brain_-_UQ_fMRI",
    "ProtocolName": "OLVSL_R10",
    "PulseSequenceDetails": "%SiemensSeq%_ep2d_pace",
    "ReceiveCoilName": "32Ch_Head",
    "ReconMatrixPE": 64,
    "RepetitionTime": 2,
    "SAR": 0.228682,
    "ScanOptions": "FS",
    "ScanningSequence": "EP",
    "SequenceName": "_epfid2d1_64",
    "SequenceVariant": "SK",
    "SeriesDescription": "OLVSL_R10",
    "SeriesNumber": 12,
    "ShimSetting": [
      6823,
      -11475,
      -2101,
      683,
      60,
      -403,
      -69,
      -34
    ],
    "SliceThickness": 3,
    "SliceTiming": [
      0,
      1.0225,
      0.06,
      1.0825,
      0.12,
      1.1425,
      0.18,
      1.2025,
      0.24,
      1.265,
      0.3,
      1.325,
      0.36,
      1.385,
      0.42,
      1.445,
      0.48,
      1.505,
      0.54,
      1.565,
      0.6025,
      1.625,
      0.6625,
      1.685,
      0.7225,
      1.745,
      0.7825,
      1.805,
      0.8425,
      1.865,
      0.9025,
      1.9275,
      0.9625
    ],
    "SoftwareVersions": "syngo_MR_B17",
    "SpacingBetweenSlices": 3.3,
    "StationName": "mrc_Trio",
    "TaskName": "learn",
    "TotalReadoutTime": 0.0371701,
    "TxRefAmp": 446.743,
    "dataset": "ds001241",
    "modality": "bold",
    "run_id": 10,
    "subject_id": "19",
    "task_id": "learn"
  },
  "dummy_trs": 2,
  "dvars_nstd": 20.593748579517246,
  "dvars_std": 1.2061800174482764,
  "dvars_vstd": 1.0305751398620688,
  "efc": 0.6342908474678193,
  "fber": 234.5924835205078,
  "fd_mean": 0.10808578690853968,
  "fd_num": 12,
  "fd_perc": 8.219178082191782,
  "fwhm_avg": 2.5693806189020485,
  "fwhm_x": 2.3791466666666667,
  "fwhm_y": 2.66288,
  "fwhm_z": 2.6661151900394784,
  "gcor": 0.0381059,
  "gsr_x": 0.027751775458455086,
  "gsr_y": 0.06233575567603111,
  "provenance": {
    "md5sum": "38a3b3311ae13ea969c0b4281180ae15",
    "settings": {
      "fd_thres": 0.2,
      "testing": false
    },
    "software": "mriqc",
    "version": "22.0.6",
    "webapi_port": null,
    "webapi_url": "https://mriqc.nimh.nih.gov/api/v1"
  },
  "size_t": 146,
  "size_x": 64,
  "size_y": 64,
  "size_z": 33,
  "snr": 3.269356517603555,
  "spacing_tr": 2.0,
  "spacing_x": 3.0,
  "spacing_y": 3.0,
  "spacing_z": 3.299999952316284,
  "summary_bg_k": 18.58128414535255,
  "summary_bg_mad": 22.584295490845104,
  "summary_bg_mean": 71.56389617919922,
  "summary_bg_median": 37.45205307006836,
  "summary_bg_n": 67997.0,
  "summary_bg_p05": 21.21232795715332,
  "summary_bg_p95": 233.99314880371094,
  "summary_bg_stdv": 85.70645904541016,
  "summary_fg_k": 2.9520647896948953,
  "summary_fg_mad": 163.8021398364678,
  "summary_fg_mean": 612.7061157226562,
  "summary_fg_median": 584.856201171875,
  "summary_fg_n": 34612.0,
  "summary_fg_p05": 380.25719451904297,
  "summary_fg_p95": 933.478091430664,
  "summary_fg_stdv": 178.88772583007812,
  "tsnr": 79.74313772865571
}