{
  "aor": 0.0007980821917808219,
  "aqi": 0.0019748235616438357,
  "bids_meta": {
    "AcquisitionMatrixPE": 64,
    "AcquisitionNumber": 1,
    "AcquisitionTime": "16:28:55.060000",
    "BandwidthPerPixelPhaseEncode": 26.483,
    "BaseResolution": 64,
    "ConversionSoftware": "dcm2niix",
    "ConversionSoftwareVersion": "v1.0.20171215 Clang9.0.0",
    "DerivedVendorReportedEchoSpacing": 0.000590001,
    "DeviceSerialNumber": "35410",
    "DwellTime": 4.1e-06,
    "EchoTime": 0.026,
    "EffectiveEchoSpacing": 0.000590001,
    "FlipAngle": 90,
    "ImageOrientationPatientDICOM": [
      1,
      2e-16,
      0,
      -2e-16,
      0.98796,
      -0.15471
    ],
    "ImageType": [
      "ORIGINAL",
      "PRIMARY",
      "M",
      "ND",
      "MOSAIC"
    ],
    "InPlanePhaseEncodingDirectionDICOM": "COL",
    "InstitutionAddress": "Cooper_60_St._Lucia_QLD_AU_4072",
    "InstitutionName": "Queensland_Brain_Institute",
    "InstitutionalDepartmentName": "Gehrmann_Labs_MRI",
    "MRAcquisitionType": "2D",
    "MagneticFieldStrength": 3,
    "Manufacturer": "Siemens",
    "ManufacturersModelName": "TrioTim",
    "Modality": "MR",
    "PartialFourier": 1,
    "PatientPosition": "HFS",
    "PercentPhaseFOV": 100,
    "PhaseEncodingDirection": "j-",
    "PhaseEncodingSteps": 64,
    "PhaseResolution": 1,
    "PixelBandwidth": 1905,
    "ProcedureStepDescription": "Brain_-_UQ_fMRI",
    "ProtocolName": "OLVSL_R4",
    "PulseSequenceDetails": "%SiemensSeq%_ep2d_pace",
    "ReceiveCoilName": "32Ch_Head",
    "ReconMatrixPE": 64,
    "RepetitionTime": 2,
    "SAR": 0.228682,
    "ScanOptions": "FS",
    "ScanningSequence": "EP",
    "SequenceName": "_epfid2d1_64",
    "SequenceVariant": "SK",
    "SeriesDescription": "OLVSL_R4",
    "SeriesNumber": 5,
    "ShimSetting": [
      6823,
      -11475,
      -2101,
      683,
      60,
      -403,
      -69,
      -34
    ],
    "SliceThickness": 3,
    "SliceTiming": [
      0,
      1.0225,
      0.06,
      1.0825,
      0.12,
      1.1425,
      0.18,
      1.2025,
      0.24,
      1.2625,
      0.3,
      1.325,
      0.36,
      1.385,
      0.42,
      1.445,
      0.48,
      1.505,
      0.54,
      1.565,
      0.6,
      1.625,
      0.6625,
      1.685,
      0.7225,
      1.745,
      0.7825,
      1.805,
      0.8425,
      1.865,
      0.9025,
      1.925,
      0.9625
    ],
    "SoftwareVersions": "syngo_MR_B17",
    "SpacingBetweenSlices": 3.3,
    "StationName": "mrc_Trio",
    "TaskName": "learn",
    "TotalReadoutTime": 0.0371701,
    "TxRefAmp": 446.743,
    "dataset": "ds001241",
    "modality": "bold",
    "run_id": 4,
    "subject_id": "19",
    "task_id": "learn"
  },
  "dummy_trs": 2,
  "dvars_nstd": 22.827060468827593,
  "dvars_std": 1.2253434404137933,
  "dvars_vstd": 1.0045785413793107,
  "efc": 0.6323064896175287,
  "fber": 241.9411163330078,
  "fd_mean": 0.10101842185465598,
  "fd_num": 11,
  "fd_perc": 7.534246575342466,
  "fwhm_avg": 2.556098497676747,
  "fwhm_x": 2.3693433333333336,
  "fwhm_y": 2.6355733333333333,
  "fwhm_z": 2.663378826363575,
  "gcor": 0.0165739,
  "gsr_x": 0.028210682794451714,
  "gsr_y": 0.062008555978536606,
  "provenance": {
    "md5sum": "08aa10f5fa01f36e43067db80586fc6c",
    "settings": {
      "fd_thres": 0.2,
      "testing": false
    },
    "software": "mriqc",
    "version": "22.0.6",
    "webapi_port": null,
    "webapi_url": "https://mriqc.nimh.nih.gov/api/v1"
  },
  "size_t": 146,
  "size_x": 64,
  "size_y": 64,
  "size_z": 33,
  "snr": 3.27286032080415,
  "spacing_tr": 2.0,
  "spacing_x": 3.0,
  "spacing_y": 3.0,
  "spacing_z": 3.299999952316284,
  "summary_bg_k": 19.283018352342854,
  "summary_bg_mad": 22.137482739962046,
  "summary_bg_mean": 70.20511627197266,
  "summary_bg_median": 36.92465591430664,
  "summary_bg_n": 68039.0,
  "summary_bg_p05": 20.97260284423828,
  "summary_bg_p95": 228.15890197753905,
  "summary_bg_stdv": 84.70606231689453,
  "summary_fg_k": 3.0003074705002906,
  "summary_fg_mad": 163.4568945902426,
  "summary_fg_mean": 612.6907348632812,
  "summary_fg_median": 584.27392578125,
  "summary_fg_n": 34652.0,
  "summary_fg_p05": 380.6705322265625,
  "summary_fg_p95": 932.7441772460934,
  "summary_fg_stdv": 178.518310546875,
  "tsnr": 89.91123920539394
}