{
  "aor": 0.0015558904109589044,
  "aqi": 0.0022469811643835618,
  "bids_meta": {
    "AcquisitionMatrixPE": 64,
    "AcquisitionNumber": 1,
    "AcquisitionTime": "16:50:26.910000",
    "BandwidthPerPixelPhaseEncode": 26.483,
    "BaseResolution": 64,
    "ConversionSoftware": "dcm2niix",
    "ConversionSoftwareVersion": "v1.0.20171215 Clang9.0.0",
    "DerivedVendorReportedEchoSpacing": 0.000590001,
    "DeviceSerialNumber": "35410",
    "DwellTime": 4.1e-06,
    "EchoTime": 0.026,
    "EffectiveEchoSpacing": 0.000590001,
    "FlipAngle": 90,
    "ImageOrientationPatientDICOM": [
      1,
      2e-16,
      0,
      -2e-16,
      0.98796,
      -0.15471
    ],
    "ImageType": [
      "ORIGINAL",
      "PRIMARY",
      "M",
      "ND",
      "MOSAIC"
    ],
    "InPlanePhaseEncodingDirectionDICOM": "COL",
    "InstitutionAddress": "Cooper_60_St._Lucia_QLD_AU_4072",
    "InstitutionName": "Queensland_Brain_Institute",
    "InstitutionalDepartmentName": "Gehrmann_Labs_MRI",
    "MRAcquisitionType": "2D",
    "MagneticFieldStrength": 3,
    "Manufacturer": "Siemens",
    "ManufacturersModelName": "TrioTim",
    "Modality": "MR",
    "PartialFourier": 1,
    "PatientPosition": "HFS",
    "PercentPhaseFOV": 100,
    "PhaseEncodingDirection": "j-",
    "PhaseEncodingSteps": 64,
    "PhaseResolution": 1,
    "PixelBandwidth": 1905,
    "ProcedureStepDescription": "Brain_-_UQ_fMRI",
    "ProtocolName": "OLVSL_R7",
    "PulseSequenceDetails": "%SiemensSeq%_ep2d_pace",
    "ReceiveCoilName": "32Ch_Head",
    "ReconMatrixPE": 64,
    "RepetitionTime": 2,
    "SAR": 0.228682,
    "ScanOptions": "FS",
    "ScanningSequence": "EP",
    "SequenceName": "_epfid2d1_64",
    "SequenceVariant": "SK",
    "SeriesDescription": "OLVSL_R7",
    "SeriesNumber": 9,
    "ShimSetting": [
      6823,
      -11475,
      -2101,
      683,
      60,
      -403,
      -69,
      -34
    ],
    "SliceThickness": 3,
    "SliceTiming": [
      0,
      1.0225,
      0.06,
      1.0825,
      0.12,
      1.1425,
      0.18,
      1.205,
      0.24,
      1.265,
      0.3,
      1.325,
      0.36,
      1.385,
      0.42,
      1.445,
      0.48,
      1.505,
      0.5425,
      1.565,
      0.6025,
      1.625,
      0.6625,
      1.685,
      0.7225,
      1.745,
      0.7825,
      1.805,
      0.8425,
      1.865,
      0.9025,
      1.9275,
      0.9625
    ],
    "SoftwareVersions": "syngo_MR_B17",
    "SpacingBetweenSlices": 3.3,
    "StationName": "mrc_Trio",
    "TaskName": "learn",
    "TotalReadoutTime": 0.0371701,
    "TxRefAmp": 446.743,
    "dataset": "ds001241",
    "modality": "bold",
    "run_id": 7,
    "subject_id": "19",
    "task_id": "learn"
  },
  "dummy_trs": 2,
  "dvars_nstd": 19.559382116137915,
  "dvars_std": 1.184260737724137,
  "dvars_vstd": 1.013188772,
  "efc": 0.6336786890340012,
  "fber": 235.9354248046875,
  "fd_mean": 0.08539216764089075,
  "fd_num": 4,
  "fd_perc": 2.73972602739726,
  "fwhm_avg": 2.5468277905112564,
  "fwhm_x": 2.3734100000000002,
  "fwhm_y": 2.6233733333333333,
  "fwhm_z": 2.6437000382004365,
  "gcor": 0.0161377,
  "gsr_x": 0.027499185875058174,
  "gsr_y": 0.06111721694469452,
  "provenance": {
    "md5sum": "e1ddd283033dfe7cadf41b29c85f99ca",
    "settings": {
      "fd_thres": 0.2,
      "testing": false
    },
    "software": "mriqc",
    "version": "22.0.6",
    "webapi_port": null,
    "webapi_url": "https://mriqc.nimh.nih.gov/api/v1"
  },
  "size_t": 146,
  "size_x": 64,
  "size_y": 64,
  "size_z": 33,
  "snr": 3.2638875690626445,
  "spacing_tr": 2.0,
  "spacing_x": 3.0,
  "spacing_y": 3.0,
  "spacing_z": 3.299999952316284,
  "summary_bg_k": 18.983418560871787,
  "summary_bg_mad": 22.51321492183655,
  "summary_bg_mean": 71.06141662597656,
  "summary_bg_median": 37.25342559814453,
  "summary_bg_n": 67967.0,
  "summary_bg_p05": 20.97260284423828,
  "summary_bg_p95": 231.40958404541007,
  "summary_bg_stdv": 85.4080581665039,
  "summary_fg_k": 2.9402745934109626,
  "summary_fg_mad": 162.95421787370216,
  "summary_fg_mean": 611.4216918945312,
  "summary_fg_median": 582.9589233398438,
  "summary_fg_n": 34645.0,
  "summary_fg_p05": 379.6040954589844,
  "summary_fg_p95": 931.076708984374,
  "summary_fg_stdv": 178.60618591308594,
  "tsnr": 88.40653996448964
}