{
  "aor": 0.0009840136054421768,
  "aqi": 0.0017903934217687073,
  "bids_meta": {
    "AcquisitionMatrixPE": 64,
    "AcquisitionNumber": 1,
    "AcquisitionTime": "12:33:14.907500",
    "BandwidthPerPixelPhaseEncode": 26.483,
    "BaseResolution": 64,
    "ConversionSoftware": "dcm2niix",
    "ConversionSoftwareVersion": "v1.0.20171215 Clang9.0.0",
    "DerivedVendorReportedEchoSpacing": 0.000590001,
    "DeviceSerialNumber": "35410",
    "DwellTime": 4.1e-06,
    "EchoTime": 0.026,
    "EffectiveEchoSpacing": 0.000590001,
    "FlipAngle": 90,
    "ImageOrientationPatientDICOM": [
      1,
      0,
      0,
      0,
      0.995396,
      -0.0958458
    ],
    "ImageType": [
      "ORIGINAL",
      "PRIMARY",
      "M",
      "ND",
      "MOSAIC"
    ],
    "InPlanePhaseEncodingDirectionDICOM": "COL",
    "InstitutionAddress": "Cooper_60_St._Lucia_QLD_AU_4072",
    "InstitutionName": "St_Lucia_Campus",
    "InstitutionalDepartmentName": "Gehrmann_Labs_MRI",
    "MRAcquisitionType": "2D",
    "MagneticFieldStrength": 3,
    "Manufacturer": "Siemens",
    "ManufacturersModelName": "TrioTim",
    "Modality": "MR",
    "PartialFourier": 1,
    "PatientPosition": "HFS",
    "PercentPhaseFOV": 100,
    "PhaseEncodingDirection": "j-",
    "PhaseEncodingSteps": 64,
    "PhaseResolution": 1,
    "PixelBandwidth": 1905,
    "ProcedureStepDescription": "Brain_-_UQ_fMRI",
    "ProtocolName": "OLVSL_R4",
    "PulseSequenceDetails": "%SiemensSeq%_ep2d_pace",
    "ReceiveCoilName": "32Ch_Head",
    "ReconMatrixPE": 64,
    "RepetitionTime": 2,
    "SAR": 0.170284,
    "ScanOptions": "FS",
    "ScanningSequence": "EP",
    "SequenceName": "_epfid2d1_64",
    "SequenceVariant": "SK",
    "SeriesDescription": "OLVSL_R4",
    "SeriesNumber": 5,
    "ShimSetting": [
      6826,
      -11404,
      -2181,
      702,
      72,
      -327,
      -240,
      -41
    ],
    "SliceThickness": 3,
    "SliceTiming": [
      0,
      1.0225,
      0.06,
      1.085,
      0.12,
      1.145,
      0.18,
      1.205,
      0.24,
      1.265,
      0.3,
      1.325,
      0.36,
      1.385,
      0.4225,
      1.445,
      0.4825,
      1.505,
      0.5425,
      1.565,
      0.6025,
      1.625,
      0.6625,
      1.685,
      0.7225,
      1.7475,
      0.7825,
      1.8075,
      0.8425,
      1.8675,
      0.9025,
      1.9275,
      0.9625
    ],
    "SoftwareVersions": "syngo_MR_B17",
    "SpacingBetweenSlices": 3.3,
    "StationName": "mrc_Trio",
    "TaskName": "learn",
    "TotalReadoutTime": 0.0371701,
    "TxRefAmp": 331.353,
    "dataset": "ds001241",
    "modality": "bold",
    "run_id": 4,
    "subject_id": "09",
    "task_id": "learn"
  },
  "dummy_trs": 1,
  "dvars_nstd": 16.779891125479452,
  "dvars_std": 1.149584217054794,
  "dvars_vstd": 0.9869014305479455,
  "efc": 0.604074525061497,
  "fber": 330.711181640625,
  "fd_mean": 0.08458734038713334,
  "fd_num": 0,
  "fd_perc": 0.0,
  "fwhm_avg": 2.8263798113829655,
  "fwhm_x": 2.707883333333333,
  "fwhm_y": 2.988516666666667,
  "fwhm_z": 2.782739434148896,
  "gcor": 0.0328267,
  "gsr_x": -0.0005116664106026292,
  "gsr_y": 0.061535753309726715,
  "provenance": {
    "md5sum": "bb68b0496e961ecad5db09cd95e4c8a4",
    "settings": {
      "fd_thres": 0.2,
      "testing": false
    },
    "software": "mriqc",
    "version": "22.0.6",
    "webapi_port": null,
    "webapi_url": "https://mriqc.nimh.nih.gov/api/v1"
  },
  "size_t": 147,
  "size_x": 64,
  "size_y": 64,
  "size_z": 33,
  "snr": 2.765966324120504,
  "spacing_tr": 2.0,
  "spacing_x": 3.0,
  "spacing_y": 3.0,
  "spacing_z": 3.299999952316284,
  "summary_bg_k": 18.26890579988919,
  "summary_bg_mad": 18.537569768817725,
  "summary_bg_mean": 76.64985656738281,
  "summary_bg_median": 34.911563873291016,
  "summary_bg_n": 69776.0,
  "summary_bg_p05": 21.510204315185547,
  "summary_bg_p95": 288.6224365234375,
  "summary_bg_stdv": 107.3840103149414,
  "summary_fg_k": 2.461193280371032,
  "summary_fg_mad": 197.72569204787524,
  "summary_fg_mean": 709.3926391601562,
  "summary_fg_median": 662.0238037109375,
  "summary_fg_n": 32266.0,
  "summary_fg_p05": 419.6020278930664,
  "summary_fg_p95": 1186.45068359375,
  "summary_fg_stdv": 239.34259033203125,
  "tsnr": 102.84064592071809
}