{
  "aor": 0.0008423809523809523,
  "aqi": 0.0018836057551020408,
  "bids_meta": {
    "AcquisitionMatrixPE": 64,
    "AcquisitionNumber": 1,
    "AcquisitionTime": "12:38:41.285000",
    "BandwidthPerPixelPhaseEncode": 26.483,
    "BaseResolution": 64,
    "ConversionSoftware": "dcm2niix",
    "ConversionSoftwareVersion": "v1.0.20171215 Clang9.0.0",
    "DerivedVendorReportedEchoSpacing": 0.000590001,
    "DeviceSerialNumber": "35410",
    "DwellTime": 4.1e-06,
    "EchoTime": 0.026,
    "EffectiveEchoSpacing": 0.000590001,
    "FlipAngle": 90,
    "ImageOrientationPatientDICOM": [
      1,
      0,
      0,
      0,
      0.995396,
      -0.0958458
    ],
    "ImageType": [
      "ORIGINAL",
      "PRIMARY",
      "M",
      "ND",
      "MOSAIC"
    ],
    "InPlanePhaseEncodingDirectionDICOM": "COL",
    "InstitutionAddress": "Cooper_60_St._Lucia_QLD_AU_4072",
    "InstitutionName": "St_Lucia_Campus",
    "InstitutionalDepartmentName": "Gehrmann_Labs_MRI",
    "MRAcquisitionType": "2D",
    "MagneticFieldStrength": 3,
    "Manufacturer": "Siemens",
    "ManufacturersModelName": "TrioTim",
    "Modality": "MR",
    "PartialFourier": 1,
    "PatientPosition": "HFS",
    "PercentPhaseFOV": 100,
    "PhaseEncodingDirection": "j-",
    "PhaseEncodingSteps": 64,
    "PhaseResolution": 1,
    "PixelBandwidth": 1905,
    "ProcedureStepDescription": "Brain_-_UQ_fMRI",
    "ProtocolName": "OLVSL_R5",
    "PulseSequenceDetails": "%SiemensSeq%_ep2d_pace",
    "ReceiveCoilName": "32Ch_Head",
    "ReconMatrixPE": 64,
    "RepetitionTime": 2,
    "SAR": 0.170284,
    "ScanOptions": "FS",
    "ScanningSequence": "EP",
    "SequenceName": "_epfid2d1_64",
    "SequenceVariant": "SK",
    "SeriesDescription": "OLVSL_R5",
    "SeriesNumber": 6,
    "ShimSetting": [
      6826,
      -11404,
      -2181,
      702,
      72,
      -327,
      -240,
      -41
    ],
    "SliceThickness": 3,
    "SliceTiming": [
      0,
      1.025,
      0.06,
      1.085,
      0.12,
      1.145,
      0.1825,
      1.205,
      0.2425,
      1.265,
      0.3025,
      1.325,
      0.3625,
      1.385,
      0.4225,
      1.445,
      0.4825,
      1.505,
      0.5425,
      1.5675,
      0.6025,
      1.6275,
      0.6625,
      1.6875,
      0.7225,
      1.7475,
      0.7825,
      1.8075,
      0.845,
      1.8675,
      0.905,
      1.9275,
      0.965
    ],
    "SoftwareVersions": "syngo_MR_B17",
    "SpacingBetweenSlices": 3.3,
    "StationName": "mrc_Trio",
    "TaskName": "learn",
    "TotalReadoutTime": 0.0371701,
    "TxRefAmp": 331.353,
    "dataset": "ds001241",
    "modality": "bold",
    "run_id": 5,
    "subject_id": "09",
    "task_id": "learn"
  },
  "dummy_trs": 1,
  "dvars_nstd": 16.309417646095895,
  "dvars_std": 1.1258885465753423,
  "dvars_vstd": 0.9732672806849308,
  "efc": 0.6041276975781062,
  "fber": 330.81671142578125,
  "fd_mean": 0.07652145989021501,
  "fd_num": 1,
  "fd_perc": 0.6802721088435374,
  "fwhm_avg": 2.837085569031905,
  "fwhm_x": 2.7420833333333334,
  "fwhm_y": 2.97124,
  "fwhm_z": 2.797933373762382,
  "gcor": 0.0280074,
  "gsr_x": 1.598715789441485e-05,
  "gsr_y": 0.0606854222714901,
  "provenance": {
    "md5sum": "9166ae3e272494597595df1b9c6fc35f",
    "settings": {
      "fd_thres": 0.2,
      "testing": false
    },
    "software": "mriqc",
    "version": "22.0.6",
    "webapi_port": null,
    "webapi_url": "https://mriqc.nimh.nih.gov/api/v1"
  },
  "size_t": 147,
  "size_x": 64,
  "size_y": 64,
  "size_z": 33,
  "snr": 2.759537849305068,
  "spacing_tr": 2.0,
  "spacing_x": 3.0,
  "spacing_y": 3.0,
  "spacing_z": 3.299999952316284,
  "summary_bg_k": 17.720709842153493,
  "summary_bg_mad": 18.66868536647251,
  "summary_bg_mean": 76.73938751220703,
  "summary_bg_median": 35.06802749633789,
  "summary_bg_n": 69689.0,
  "summary_bg_p05": 21.46258544921875,
  "summary_bg_p95": 286.9714294433589,
  "summary_bg_stdv": 106.87737274169922,
  "summary_fg_k": 2.3010117990232413,
  "summary_fg_mad": 198.23501984248333,
  "summary_fg_mean": 712.8718872070312,
  "summary_fg_median": 664.2108154296875,
  "summary_fg_n": 32322.0,
  "summary_fg_p05": 421.25406036376955,
  "summary_fg_p95": 1195.099670410156,
  "summary_fg_stdv": 240.6926727294922,
  "tsnr": 100.75747851049528
}