{
  "aor": 0.0013416326530612246,
  "aqi": 0.0020952094693877554,
  "bids_meta": {
    "AcquisitionMatrixPE": 64,
    "AcquisitionNumber": 1,
    "AcquisitionTime": "13:17:31.757500",
    "BandwidthPerPixelPhaseEncode": 26.483,
    "BaseResolution": 64,
    "ConversionSoftware": "dcm2niix",
    "ConversionSoftwareVersion": "v1.0.20171215 Clang9.0.0",
    "DerivedVendorReportedEchoSpacing": 0.000590001,
    "DeviceSerialNumber": "35410",
    "DwellTime": 4.1e-06,
    "EchoTime": 0.026,
    "EffectiveEchoSpacing": 0.000590001,
    "FlipAngle": 90,
    "ImageOrientationPatientDICOM": [
      0.999926,
      -0.00143649,
      -0.0120457,
      1.54037e-08,
      0.992964,
      -0.118413
    ],
    "ImageType": [
      "ORIGINAL",
      "PRIMARY",
      "M",
      "ND",
      "MOSAIC"
    ],
    "InPlanePhaseEncodingDirectionDICOM": "COL",
    "InstitutionAddress": "Cooper_60_St._Lucia_QLD_AU_4072",
    "InstitutionName": "St_Lucia_Campus",
    "InstitutionalDepartmentName": "Gehrmann_Labs_MRI",
    "MRAcquisitionType": "2D",
    "MagneticFieldStrength": 3,
    "Manufacturer": "Siemens",
    "ManufacturersModelName": "TrioTim",
    "Modality": "MR",
    "PartialFourier": 1,
    "PatientPosition": "HFS",
    "PercentPhaseFOV": 100,
    "PhaseEncodingDirection": "j-",
    "PhaseEncodingSteps": 64,
    "PhaseResolution": 1,
    "PixelBandwidth": 1905,
    "ProcedureStepDescription": "Brain_-_UQ_fMRI",
    "ProtocolName": "OLVSL_R9",
    "PulseSequenceDetails": "%SiemensSeq%_ep2d_pace",
    "ReceiveCoilName": "32Ch_Head",
    "ReconMatrixPE": 64,
    "RepetitionTime": 2,
    "SAR": 0.170055,
    "ScanOptions": "FS",
    "ScanningSequence": "EP",
    "SequenceName": "_epfid2d1_64",
    "SequenceVariant": "SK",
    "SeriesDescription": "OLVSL_R9",
    "SeriesNumber": 12,
    "ShimSetting": [
      6779,
      -11394,
      -2210,
      716,
      -17,
      -274,
      -219,
      35
    ],
    "SliceThickness": 3,
    "SliceTiming": [
      0,
      1.0225,
      0.06,
      1.0825,
      0.12,
      1.1425,
      0.18,
      1.2025,
      0.24,
      1.265,
      0.3,
      1.325,
      0.36,
      1.385,
      0.42,
      1.445,
      0.48,
      1.505,
      0.5425,
      1.565,
      0.6025,
      1.625,
      0.6625,
      1.685,
      0.7225,
      1.745,
      0.7825,
      1.805,
      0.8425,
      1.865,
      0.9025,
      1.9275,
      0.9625
    ],
    "SoftwareVersions": "syngo_MR_B17",
    "SpacingBetweenSlices": 3.3,
    "StationName": "mrc_Trio",
    "TaskName": "learn",
    "TotalReadoutTime": 0.0371701,
    "TxRefAmp": 332.949,
    "dataset": "ds001241",
    "modality": "bold",
    "run_id": 9,
    "subject_id": "09",
    "task_id": "learn"
  },
  "dummy_trs": 1,
  "dvars_nstd": 15.520434869178082,
  "dvars_std": 1.1432052459589044,
  "dvars_vstd": 1.0042336039041098,
  "efc": 0.6112848532122811,
  "fber": 346.66949462890625,
  "fd_mean": 0.06334699587429225,
  "fd_num": 0,
  "fd_perc": 0.0,
  "fwhm_avg": 2.5452788002165225,
  "fwhm_x": 2.418363333333333,
  "fwhm_y": 2.655936666666667,
  "fwhm_z": 2.561536400649568,
  "gcor": 0.0244773,
  "gsr_x": 0.00667918287217617,
  "gsr_y": 0.06335121393203735,
  "provenance": {
    "md5sum": "289e21e73761321cba8972b4eb4e0de6",
    "settings": {
      "fd_thres": 0.2,
      "testing": false
    },
    "software": "mriqc",
    "version": "22.0.6",
    "webapi_port": null,
    "webapi_url": "https://mriqc.nimh.nih.gov/api/v1"
  },
  "size_t": 147,
  "size_x": 64,
  "size_y": 64,
  "size_z": 33,
  "snr": 3.2584917103254836,
  "spacing_tr": 2.0,
  "spacing_x": 3.0,
  "spacing_y": 3.0,
  "spacing_z": 3.299999952316284,
  "summary_bg_k": 16.807655381910074,
  "summary_bg_mad": 16.535550025030012,
  "summary_bg_mean": 72.6749496459961,
  "summary_bg_median": 32.894554138183594,
  "summary_bg_n": 70102.0,
  "summary_bg_p05": 20.530611038208008,
  "summary_bg_p95": 272.1149505615234,
  "summary_bg_stdv": 100.62297821044922,
  "summary_fg_k": 1.6559125921201119,
  "summary_fg_mad": 176.24307185284056,
  "summary_fg_mean": 670.2765502929688,
  "summary_fg_median": 638.1224365234375,
  "summary_fg_n": 32194.0,
  "summary_fg_p05": 416.0377502441406,
  "summary_fg_p95": 1038.6853820800782,
  "summary_fg_stdv": 195.8306427001953,
  "tsnr": 103.46012190543115
}