{
  "aor": 0.0010051020408163266,
  "aqi": 0.0009137049999999999,
  "bids_meta": {
    "AcquisitionMatrixPE": 64,
    "AcquisitionNumber": 1,
    "AcquisitionTime": "14:18:56.935000",
    "BandwidthPerPixelPhaseEncode": 26.483,
    "BaseResolution": 64,
    "ConversionSoftware": "dcm2niix",
    "ConversionSoftwareVersion": "v1.0.20171215 Clang9.0.0",
    "DerivedVendorReportedEchoSpacing": 0.000590001,
    "DeviceSerialNumber": "35410",
    "DwellTime": 4.1e-06,
    "EchoTime": 0.026,
    "EffectiveEchoSpacing": 0.000590001,
    "FlipAngle": 90,
    "ImageOrientationPatientDICOM": [
      1,
      0,
      0,
      0,
      0.996637,
      -0.0819385
    ],
    "ImageType": [
      "ORIGINAL",
      "PRIMARY",
      "M",
      "ND",
      "MOSAIC"
    ],
    "InPlanePhaseEncodingDirectionDICOM": "COL",
    "InstitutionAddress": "Cooper_60_St._Lucia_QLD_AU_4072",
    "InstitutionName": "School_of_Psychology",
    "InstitutionalDepartmentName": "Gehrmann_Labs_MRI",
    "MRAcquisitionType": "2D",
    "MagneticFieldStrength": 3,
    "Manufacturer": "Siemens",
    "ManufacturersModelName": "TrioTim",
    "Modality": "MR",
    "PartialFourier": 1,
    "PatientPosition": "HFS",
    "PercentPhaseFOV": 100,
    "PhaseEncodingDirection": "j-",
    "PhaseEncodingSteps": 64,
    "PhaseResolution": 1,
    "PixelBandwidth": 1905,
    "ProcedureStepDescription": "Brain_-_UQ_fMRI",
    "ProtocolName": "OLVSL_R7",
    "PulseSequenceDetails": "%SiemensSeq%_ep2d_pace",
    "ReceiveCoilName": "32Ch_Head",
    "ReconMatrixPE": 64,
    "RepetitionTime": 2,
    "SAR": 0.166231,
    "ScanOptions": "FS",
    "ScanningSequence": "EP",
    "SequenceName": "_epfid2d1_64",
    "SequenceVariant": "SK",
    "SeriesDescription": "OLVSL_R7",
    "SeriesNumber": 9,
    "ShimSetting": [
      6777,
      -11357,
      -2124,
      886,
      -167,
      -238,
      -136,
      -27
    ],
    "SliceThickness": 3,
    "SliceTiming": [
      0,
      1.0225,
      0.06,
      1.0825,
      0.12,
      1.1425,
      0.18,
      1.2025,
      0.24,
      1.2625,
      0.3,
      1.325,
      0.36,
      1.385,
      0.42,
      1.445,
      0.48,
      1.505,
      0.54,
      1.565,
      0.6,
      1.625,
      0.6625,
      1.685,
      0.7225,
      1.745,
      0.7825,
      1.805,
      0.8425,
      1.865,
      0.9025,
      1.925,
      0.9625
    ],
    "SoftwareVersions": "syngo_MR_B17",
    "SpacingBetweenSlices": 3.3,
    "StationName": "mrc_Trio",
    "TaskName": "learn",
    "TotalReadoutTime": 0.0371701,
    "TxRefAmp": 328.445,
    "dataset": "ds001241",
    "modality": "bold",
    "run_id": 7,
    "subject_id": "20",
    "task_id": "learn"
  },
  "dummy_trs": 1,
  "dvars_nstd": 18.02561648260275,
  "dvars_std": 1.240968688150685,
  "dvars_vstd": 1.0034073585616436,
  "efc": 0.5707694190344227,
  "fber": 616.2068481445312,
  "fd_mean": 0.051324819774695954,
  "fd_num": 0,
  "fd_perc": 0.0,
  "fwhm_avg": 3.340086379561003,
  "fwhm_x": 3.2199166666666668,
  "fwhm_y": 3.4941,
  "fwhm_z": 3.3062424720163417,
  "gcor": 0.0503001,
  "gsr_x": -0.02101363241672516,
  "gsr_y": 0.10089341551065445,
  "provenance": {
    "md5sum": "4b5a9dcc132da588e1ea2a8ba4e482d6",
    "settings": {
      "fd_thres": 0.2,
      "testing": false
    },
    "software": "mriqc",
    "version": "22.0.6",
    "webapi_port": null,
    "webapi_url": "https://mriqc.nimh.nih.gov/api/v1"
  },
  "size_t": 147,
  "size_x": 64,
  "size_y": 64,
  "size_z": 33,
  "snr": 2.2840088241544105,
  "spacing_tr": 2.0,
  "spacing_x": 3.0,
  "spacing_y": 3.0,
  "spacing_z": 3.299999952316284,
  "summary_bg_k": 31.201165431376644,
  "summary_bg_mad": 7.977812610968075,
  "summary_bg_mean": 55.609310150146484,
  "summary_bg_median": 26.306121826171875,
  "summary_bg_n": 70471.0,
  "summary_bg_p05": 20.530611038208008,
  "summary_bg_p95": 195.3333282470703,
  "summary_bg_stdv": 84.10819244384766,
  "summary_fg_k": 2.975596486051007,
  "summary_fg_mad": 218.51741454159827,
  "summary_fg_mean": 740.0994262695312,
  "summary_fg_median": 668.70068359375,
  "summary_fg_n": 33265.0,
  "summary_fg_p05": 421.1469299316406,
  "summary_fg_p95": 1359.356469726562,
  "summary_fg_stdv": 292.7705993652344,
  "tsnr": 117.09066135110334
}