{
  "bids_meta": {
    "AcquisitionMatrixPE": 256,
    "AcquisitionNumber": 1,
    "AcquisitionTime": "16:39:40.297500",
    "BaseResolution": 256,
    "ConversionSoftware": "dcm2niix",
    "ConversionSoftwareVersion": "v1.0.20171215 Clang9.0.0",
    "DeviceSerialNumber": "35410",
    "DwellTime": 9.8e-06,
    "EchoTime": 0.00232,
    "FlipAngle": 9,
    "ImageOrientationPatientDICOM": [
      -0.0104763,
      0.999945,
      -6.12985e-09,
      -0.00349191,
      -3.65906e-05,
      -0.999994
    ],
    "ImageType": [
      "ORIGINAL",
      "PRIMARY",
      "M",
      "ND",
      "NORM"
    ],
    "InPlanePhaseEncodingDirectionDICOM": "ROW",
    "InstitutionAddress": "Cooper_60_St._Lucia_QLD_AU_4072",
    "InstitutionName": "Queensland_Brain_Institute",
    "InstitutionalDepartmentName": "Gehrmann_Labs_MRI",
    "Interpolation2D": 1,
    "InversionTime": 0.9,
    "MRAcquisitionType": "3D",
    "MagneticFieldStrength": 3,
    "Manufacturer": "Siemens",
    "ManufacturersModelName": "TrioTim",
    "Modality": "MR",
    "ParallelReductionFactorInPlane": 2,
    "PartialFourier": 1,
    "PatientPosition": "HFS",
    "PercentPhaseFOV": 100,
    "PhaseEncodingSteps": 255,
    "PhaseResolution": 1,
    "PixelBandwidth": 199,
    "ProcedureStepDescription": "Brain_-_UQ_fMRI",
    "ProtocolName": "t1_mpr_sag_p2_iso_0.9",
    "PulseSequenceDetails": "%SiemensSeq%_tfl",
    "ReceiveCoilName": "32Ch_Head",
    "ReconMatrixPE": 512,
    "RepetitionTime": 1.9,
    "SAR": 0.155759,
    "ScanOptions": "IR",
    "ScanningSequence": "GR_IR",
    "SequenceName": "_tfl3d1_ns",
    "SequenceVariant": "SP_MP",
    "SeriesDescription": "t1_mpr_sag_p2_iso_0.9",
    "SeriesNumber": 7,
    "ShimSetting": [
      6825,
      -11255,
      -2613,
      -72,
      38,
      19,
      -121,
      14
    ],
    "SliceThickness": 0.9,
    "SoftwareVersions": "syngo_MR_B17",
    "StationName": "mrc_Trio",
    "TxRefAmp": 446.743,
    "dataset": "ds001241",
    "modality": "T1w",
    "subject_id": "19"
  },
  "cjv": 0.3173406787061821,
  "cnr": 4.2780307603263275,
  "efc": 0.5766484519950721,
  "fber": -1.0,
  "fwhm_avg": 7.967055146391921,
  "fwhm_x": 4.9853922217844575,
  "fwhm_y": 9.368976695652172,
  "fwhm_z": 9.54679652173913,
  "icvs_csf": 0.2297616622594677,
  "icvs_gm": 0.4247660716239241,
  "icvs_wm": 0.3454722661166082,
  "inu_med": 0.5175305604934692,
  "inu_range": 0.22850766777992249,
  "provenance": {
    "md5sum": "f6fb9295da3c6413b8ff6d511ec89747",
    "settings": {
      "testing": false
    },
    "software": "mriqc",
    "version": "22.0.6",
    "warnings": {
      "large_rot_frame": true,
      "small_air_mask": false
    },
    "webapi_port": null,
    "webapi_url": "https://mriqc.nimh.nih.gov/api/v1"
  },
  "qi_1": 0.0,
  "qi_2": 0.004214371300682461,
  "rpve_csf": 19.574922322831405,
  "rpve_gm": 10.678189782079599,
  "rpve_wm": 14.483848541487722,
  "size_x": 192,
  "size_y": 512,
  "size_z": 512,
  "snr_csf": 3.152576723035728,
  "snr_gm": 17.80510404559416,
  "snr_total": 14.717032276477667,
  "snr_wm": 23.193416060803113,
  "snrd_csf": 20.77776010752962,
  "snrd_gm": 57.50953313208371,
  "snrd_total": 51.96272949688021,
  "snrd_wm": 77.6008952510273,
  "spacing_x": 0.8999953866004944,
  "spacing_y": 0.44921875,
  "spacing_z": 0.44921875,
  "summary_bg_k": 66.68477845792754,
  "summary_bg_mad": 0.0,
  "summary_bg_mean": 3.1149812877398992,
  "summary_bg_median": 0.0,
  "summary_bg_n": 10703047.0,
  "summary_bg_p05": 0.0,
  "summary_bg_p95": 17.544716857373714,
  "summary_bg_stdv": 8.442794486008163,
  "summary_csf_k": 1.5862932339929472,
  "summary_csf_mad": 62.312476537001714,
  "summary_csf_mean": 277.6109687322058,
  "summary_csf_median": 267.764634154737,
  "summary_csf_n": 645869.0,
  "summary_csf_p05": 149.25227098166943,
  "summary_csf_p95": 434.36613768339157,
  "summary_csf_stdv": 84.93510242206331,
  "summary_gm_k": 0.30632991912969754,
  "summary_gm_mad": 40.21328427678599,
  "summary_gm_mean": 740.2079273804281,
  "summary_gm_median": 741.1298917606473,
  "summary_gm_n": 554218.0,
  "summary_gm_p05": 670.5111846327782,
  "summary_gm_p95": 806.8199507128459,
  "summary_gm_stdv": 41.62453761774274,
  "summary_wm_k": 0.29001173169365746,
  "summary_wm_mad": 41.952237110376736,
  "summary_wm_mean": 1000.7304501235836,
  "summary_wm_median": 1000.0488608703017,
  "summary_wm_n": 1355631.0,
  "summary_wm_p05": 931.3361257687211,
  "summary_wm_p95": 1072.7201532572508,
  "summary_wm_stdv": 43.117774863288176,
  "tpm_overlap_csf": 0.14235895591663789,
  "tpm_overlap_gm": 0.44666339840288355,
  "tpm_overlap_wm": 0.4973821821116649,
  "wm2max": 0.3886904988033279
}