{
  "aor": 0.0009946938775510204,
  "aqi": 0.001498401925170068,
  "bids_meta": {
    "AcquisitionMatrixPE": 64,
    "AcquisitionNumber": 1,
    "AcquisitionTime": "12:27:44.727500",
    "BandwidthPerPixelPhaseEncode": 26.483,
    "BaseResolution": 64,
    "ConversionSoftware": "dcm2niix",
    "ConversionSoftwareVersion": "v1.0.20171215 Clang9.0.0",
    "DerivedVendorReportedEchoSpacing": 0.000590001,
    "DeviceSerialNumber": "35410",
    "DwellTime": 4.1e-06,
    "EchoTime": 0.026,
    "EffectiveEchoSpacing": 0.000590001,
    "FlipAngle": 90,
    "ImageOrientationPatientDICOM": [
      1,
      0,
      0,
      0,
      0.995396,
      -0.0958458
    ],
    "ImageType": [
      "ORIGINAL",
      "PRIMARY",
      "M",
      "ND",
      "MOSAIC"
    ],
    "InPlanePhaseEncodingDirectionDICOM": "COL",
    "InstitutionAddress": "Cooper_60_St._Lucia_QLD_AU_4072",
    "InstitutionName": "St_Lucia_Campus",
    "InstitutionalDepartmentName": "Gehrmann_Labs_MRI",
    "MRAcquisitionType": "2D",
    "MagneticFieldStrength": 3,
    "Manufacturer": "Siemens",
    "ManufacturersModelName": "TrioTim",
    "Modality": "MR",
    "PartialFourier": 1,
    "PatientPosition": "HFS",
    "PercentPhaseFOV": 100,
    "PhaseEncodingDirection": "j-",
    "PhaseEncodingSteps": 64,
    "PhaseResolution": 1,
    "PixelBandwidth": 1905,
    "ProcedureStepDescription": "Brain_-_UQ_fMRI",
    "ProtocolName": "OLVSL_R3",
    "PulseSequenceDetails": "%SiemensSeq%_ep2d_pace",
    "ReceiveCoilName": "32Ch_Head",
    "ReconMatrixPE": 64,
    "RepetitionTime": 2,
    "SAR": 0.170284,
    "ScanOptions": "FS",
    "ScanningSequence": "EP",
    "SequenceName": "_epfid2d1_64",
    "SequenceVariant": "SK",
    "SeriesDescription": "OLVSL_R3",
    "SeriesNumber": 4,
    "ShimSetting": [
      6826,
      -11404,
      -2181,
      702,
      72,
      -327,
      -240,
      -41
    ],
    "SliceThickness": 3,
    "SliceTiming": [
      0,
      1.0225,
      0.06,
      1.0825,
      0.12,
      1.1425,
      0.18,
      1.2025,
      0.24,
      1.265,
      0.3,
      1.325,
      0.36,
      1.385,
      0.42,
      1.445,
      0.48,
      1.505,
      0.54,
      1.565,
      0.6025,
      1.625,
      0.6625,
      1.685,
      0.7225,
      1.745,
      0.7825,
      1.805,
      0.8425,
      1.865,
      0.9025,
      1.9275,
      0.9625
    ],
    "SoftwareVersions": "syngo_MR_B17",
    "SpacingBetweenSlices": 3.3,
    "StationName": "mrc_Trio",
    "TaskName": "learn",
    "TotalReadoutTime": 0.0371701,
    "TxRefAmp": 331.353,
    "dataset": "ds001241",
    "modality": "bold",
    "run_id": 3,
    "subject_id": "09",
    "task_id": "learn"
  },
  "dummy_trs": 1,
  "dvars_nstd": 17.088718877739726,
  "dvars_std": 1.1529109933561643,
  "dvars_vstd": 0.9892349105479453,
  "efc": 0.6047737492756827,
  "fber": 328.1275329589844,
  "fd_mean": 0.09810420607039726,
  "fd_num": 0,
  "fd_perc": 0.0,
  "fwhm_avg": 2.777194053654553,
  "fwhm_x": 2.668556666666667,
  "fwhm_y": 2.91198,
  "fwhm_z": 2.7510454942969913,
  "gcor": 0.0612853,
  "gsr_x": 0.0022392068058252335,
  "gsr_y": 0.06302198767662048,
  "provenance": {
    "md5sum": "c4be5ade1462d3621abbcb02ffd14873",
    "settings": {
      "fd_thres": 0.2,
      "testing": false
    },
    "software": "mriqc",
    "version": "22.0.6",
    "webapi_port": null,
    "webapi_url": "https://mriqc.nimh.nih.gov/api/v1"
  },
  "size_t": 147,
  "size_x": 64,
  "size_y": 64,
  "size_z": 33,
  "snr": 2.8145221375729905,
  "spacing_tr": 2.0,
  "spacing_x": 3.0,
  "spacing_y": 3.0,
  "spacing_z": 3.299999952316284,
  "summary_bg_k": 17.897370778085424,
  "summary_bg_mad": 18.30559928201232,
  "summary_bg_mean": 76.21489715576172,
  "summary_bg_median": 34.72108840942383,
  "summary_bg_n": 69827.0,
  "summary_bg_p05": 21.510204315185547,
  "summary_bg_p95": 289.04285278320276,
  "summary_bg_stdv": 106.68893432617188,
  "summary_fg_k": 2.368501370266494,
  "summary_fg_mad": 194.94707976019012,
  "summary_fg_mean": 704.003173828125,
  "summary_fg_median": 658.9863891601562,
  "summary_fg_n": 32179.0,
  "summary_fg_p05": 418.2741394042969,
  "summary_fg_p95": 1171.527880859375,
  "summary_fg_stdv": 234.13429260253906,
  "tsnr": 102.60452408716083
}