{
  "aor": 0.003611824324324324,
  "aqi": 0.002919987722972973,
  "bids_meta": {
    "AcquisitionMatrixPE": 64,
    "AcquisitionNumber": 1,
    "AcquisitionTime": "12:55:17.365000",
    "BandwidthPerPixelPhaseEncode": 26.483,
    "BaseResolution": 64,
    "ConversionSoftware": "dcm2niix",
    "ConversionSoftwareVersion": "v1.0.20171215 Clang9.0.0",
    "DerivedVendorReportedEchoSpacing": 0.000590001,
    "DeviceSerialNumber": "35410",
    "DwellTime": 4.1e-06,
    "EchoTime": 0.026,
    "EffectiveEchoSpacing": 0.000590001,
    "FlipAngle": 90,
    "ImageOrientationPatientDICOM": [
      1,
      0,
      0,
      0,
      0.995396,
      -0.0958458
    ],
    "ImageType": [
      "ORIGINAL",
      "PRIMARY",
      "M",
      "ND",
      "MOSAIC"
    ],
    "InPlanePhaseEncodingDirectionDICOM": "COL",
    "InstitutionAddress": "Cooper_60_St._Lucia_QLD_AU_4072",
    "InstitutionName": "St_Lucia_Campus",
    "InstitutionalDepartmentName": "Gehrmann_Labs_MRI",
    "MRAcquisitionType": "2D",
    "MagneticFieldStrength": 3,
    "Manufacturer": "Siemens",
    "ManufacturersModelName": "TrioTim",
    "Modality": "MR",
    "PartialFourier": 1,
    "PatientPosition": "HFS",
    "PercentPhaseFOV": 100,
    "PhaseEncodingDirection": "j-",
    "PhaseEncodingSteps": 64,
    "PhaseResolution": 1,
    "PixelBandwidth": 1905,
    "ProcedureStepDescription": "Brain_-_UQ_fMRI",
    "ProtocolName": "OLVSL_R7",
    "PulseSequenceDetails": "%SiemensSeq%_ep2d_pace",
    "ReceiveCoilName": "32Ch_Head",
    "ReconMatrixPE": 64,
    "RepetitionTime": 2,
    "SAR": 0.170284,
    "ScanOptions": "FS",
    "ScanningSequence": "EP",
    "SequenceName": "_epfid2d1_64",
    "SequenceVariant": "SK",
    "SeriesDescription": "OLVSL_R7",
    "SeriesNumber": 9,
    "ShimSetting": [
      6826,
      -11404,
      -2181,
      702,
      72,
      -327,
      -240,
      -41
    ],
    "SliceThickness": 3,
    "SliceTiming": [
      0,
      1.0225,
      0.06,
      1.0825,
      0.12,
      1.1425,
      0.18,
      1.2025,
      0.24,
      1.2625,
      0.3,
      1.325,
      0.36,
      1.385,
      0.42,
      1.445,
      0.48,
      1.505,
      0.54,
      1.565,
      0.6,
      1.625,
      0.6625,
      1.685,
      0.7225,
      1.745,
      0.7825,
      1.805,
      0.8425,
      1.865,
      0.9025,
      1.925,
      0.9625
    ],
    "SoftwareVersions": "syngo_MR_B17",
    "SpacingBetweenSlices": 3.3,
    "StationName": "mrc_Trio",
    "TaskName": "learn",
    "TotalReadoutTime": 0.0371701,
    "TxRefAmp": 331.353,
    "dataset": "ds001241",
    "modality": "bold",
    "run_id": 7,
    "subject_id": "09",
    "task_id": "learn"
  },
  "dummy_trs": 0,
  "dvars_nstd": 18.572163036734704,
  "dvars_std": 1.1871850231972791,
  "dvars_vstd": 1.003692801632653,
  "efc": 0.6053270582117314,
  "fber": 334.5550231933594,
  "fd_mean": 0.11441997024505947,
  "fd_num": 11,
  "fd_perc": 7.4324324324324325,
  "fwhm_avg": 2.738049912034862,
  "fwhm_x": 2.673486666666667,
  "fwhm_y": 2.8322933333333338,
  "fwhm_z": 2.708369736104586,
  "gcor": 0.0314702,
  "gsr_x": 0.0028715578373521566,
  "gsr_y": 0.05801132321357727,
  "provenance": {
    "md5sum": "fe8a0c2188504bc630c02ce8bc870221",
    "settings": {
      "fd_thres": 0.2,
      "testing": false
    },
    "software": "mriqc",
    "version": "22.0.6",
    "webapi_port": null,
    "webapi_url": "https://mriqc.nimh.nih.gov/api/v1"
  },
  "size_t": 148,
  "size_x": 64,
  "size_y": 64,
  "size_z": 33,
  "snr": 2.853810900521758,
  "spacing_tr": 2.0,
  "spacing_x": 3.0,
  "spacing_y": 3.0,
  "spacing_z": 3.299999952316284,
  "summary_bg_k": 16.516258966235593,
  "summary_bg_mad": 18.482438213542792,
  "summary_bg_mean": 76.80940246582031,
  "summary_bg_median": 34.81081008911133,
  "summary_bg_n": 69789.0,
  "summary_bg_p05": 21.317567825317383,
  "summary_bg_p95": 289.38379516601515,
  "summary_bg_stdv": 106.66190338134766,
  "summary_fg_k": 2.462476766976825,
  "summary_fg_mad": 192.86352775328757,
  "summary_fg_mean": 708.822021484375,
  "summary_fg_median": 663.5169067382812,
  "summary_fg_n": 32166.0,
  "summary_fg_p05": 426.1334533691406,
  "summary_fg_p95": 1170.4814453125,
  "summary_fg_stdv": 232.49844360351562,
  "tsnr": 87.37513474747539
}