{
  "aor": 0.0011931972789115646,
  "aqi": 0.0013678173401360544,
  "bids_meta": {
    "AcquisitionMatrixPE": 64,
    "AcquisitionNumber": 1,
    "AcquisitionTime": "12:22:15.515000",
    "BandwidthPerPixelPhaseEncode": 26.483,
    "BaseResolution": 64,
    "ConversionSoftware": "dcm2niix",
    "ConversionSoftwareVersion": "v1.0.20171215 Clang9.0.0",
    "DerivedVendorReportedEchoSpacing": 0.000590001,
    "DeviceSerialNumber": "35410",
    "DwellTime": 4.1e-06,
    "EchoTime": 0.026,
    "EffectiveEchoSpacing": 0.000590001,
    "FlipAngle": 90,
    "ImageOrientationPatientDICOM": [
      1,
      0,
      0,
      0,
      0.995396,
      -0.0958458
    ],
    "ImageType": [
      "ORIGINAL",
      "PRIMARY",
      "M",
      "ND",
      "MOSAIC"
    ],
    "InPlanePhaseEncodingDirectionDICOM": "COL",
    "InstitutionAddress": "Cooper_60_St._Lucia_QLD_AU_4072",
    "InstitutionName": "St_Lucia_Campus",
    "InstitutionalDepartmentName": "Gehrmann_Labs_MRI",
    "MRAcquisitionType": "2D",
    "MagneticFieldStrength": 3,
    "Manufacturer": "Siemens",
    "ManufacturersModelName": "TrioTim",
    "Modality": "MR",
    "PartialFourier": 1,
    "PatientPosition": "HFS",
    "PercentPhaseFOV": 100,
    "PhaseEncodingDirection": "j-",
    "PhaseEncodingSteps": 64,
    "PhaseResolution": 1,
    "PixelBandwidth": 1905,
    "ProcedureStepDescription": "Brain_-_UQ_fMRI",
    "ProtocolName": "OLVSL_R2",
    "PulseSequenceDetails": "%SiemensSeq%_ep2d_pace",
    "ReceiveCoilName": "32Ch_Head",
    "ReconMatrixPE": 64,
    "RepetitionTime": 2,
    "SAR": 0.170284,
    "ScanOptions": "FS",
    "ScanningSequence": "EP",
    "SequenceName": "_epfid2d1_64",
    "SequenceVariant": "SK",
    "SeriesDescription": "OLVSL_R2",
    "SeriesNumber": 3,
    "ShimSetting": [
      6826,
      -11404,
      -2181,
      702,
      72,
      -327,
      -240,
      -41
    ],
    "SliceThickness": 3,
    "SliceTiming": [
      0,
      1.025,
      0.06,
      1.085,
      0.12,
      1.145,
      0.18,
      1.205,
      0.2425,
      1.265,
      0.3025,
      1.325,
      0.3625,
      1.385,
      0.4225,
      1.445,
      0.4825,
      1.505,
      0.5425,
      1.565,
      0.6025,
      1.6275,
      0.6625,
      1.6875,
      0.7225,
      1.7475,
      0.7825,
      1.8075,
      0.8425,
      1.8675,
      0.9025,
      1.9275,
      0.965
    ],
    "SoftwareVersions": "syngo_MR_B17",
    "SpacingBetweenSlices": 3.3,
    "StationName": "mrc_Trio",
    "TaskName": "learn",
    "TotalReadoutTime": 0.0371701,
    "TxRefAmp": 331.353,
    "dataset": "ds001241",
    "modality": "bold",
    "run_id": 2,
    "subject_id": "09",
    "task_id": "learn"
  },
  "dummy_trs": 1,
  "dvars_nstd": 17.90212302047944,
  "dvars_std": 1.2012174002054792,
  "dvars_vstd": 1.0189540646575346,
  "efc": 0.6046321057853493,
  "fber": 328.4506530761719,
  "fd_mean": 0.09796595337847891,
  "fd_num": 1,
  "fd_perc": 0.6802721088435374,
  "fwhm_avg": 2.7503542555384173,
  "fwhm_x": 2.654523333333333,
  "fwhm_y": 2.8737999999999997,
  "fwhm_z": 2.722739433281919,
  "gcor": 0.0416325,
  "gsr_x": 0.0004734644026029855,
  "gsr_y": 0.06271159648895264,
  "provenance": {
    "md5sum": "04fcc3fa94bfda255db2cc6d6fb51a32",
    "settings": {
      "fd_thres": 0.2,
      "testing": false
    },
    "software": "mriqc",
    "version": "22.0.6",
    "webapi_port": null,
    "webapi_url": "https://mriqc.nimh.nih.gov/api/v1"
  },
  "size_t": 147,
  "size_x": 64,
  "size_y": 64,
  "size_z": 33,
  "snr": 2.830955475449133,
  "spacing_tr": 2.0,
  "spacing_x": 3.0,
  "spacing_y": 3.0,
  "spacing_z": 3.299999952316284,
  "summary_bg_k": 18.14710511989773,
  "summary_bg_mad": 18.315683357007725,
  "summary_bg_mean": 75.80149841308594,
  "summary_bg_median": 34.63945388793945,
  "summary_bg_n": 69810.0,
  "summary_bg_p05": 21.39455795288086,
  "summary_bg_p95": 286.0588363647461,
  "summary_bg_stdv": 106.03779602050781,
  "summary_fg_k": 2.3499834883680153,
  "summary_fg_mad": 194.03932071753025,
  "summary_fg_mean": 703.6021728515625,
  "summary_fg_median": 658.6700439453125,
  "summary_fg_n": 32110.0,
  "summary_fg_p05": 419.5880844116211,
  "summary_fg_p95": 1168.6282226562498,
  "summary_fg_stdv": 232.66342163085938,
  "tsnr": 113.89766630530357
}