{
  "aor": 0.0011006802721088436,
  "aqi": 0.0016955397891156463,
  "bids_meta": {
    "AcquisitionMatrixPE": 64,
    "AcquisitionNumber": 1,
    "AcquisitionTime": "13:22:55.965000",
    "BandwidthPerPixelPhaseEncode": 26.483,
    "BaseResolution": 64,
    "ConversionSoftware": "dcm2niix",
    "ConversionSoftwareVersion": "v1.0.20171215 Clang9.0.0",
    "DerivedVendorReportedEchoSpacing": 0.000590001,
    "DeviceSerialNumber": "35410",
    "DwellTime": 4.1e-06,
    "EchoTime": 0.026,
    "EffectiveEchoSpacing": 0.000590001,
    "FlipAngle": 90,
    "ImageOrientationPatientDICOM": [
      0.999926,
      -0.00143649,
      -0.0120457,
      1.54037e-08,
      0.992964,
      -0.118413
    ],
    "ImageType": [
      "ORIGINAL",
      "PRIMARY",
      "M",
      "ND",
      "MOSAIC"
    ],
    "InPlanePhaseEncodingDirectionDICOM": "COL",
    "InstitutionAddress": "Cooper_60_St._Lucia_QLD_AU_4072",
    "InstitutionName": "St_Lucia_Campus",
    "InstitutionalDepartmentName": "Gehrmann_Labs_MRI",
    "MRAcquisitionType": "2D",
    "MagneticFieldStrength": 3,
    "Manufacturer": "Siemens",
    "ManufacturersModelName": "TrioTim",
    "Modality": "MR",
    "PartialFourier": 1,
    "PatientPosition": "HFS",
    "PercentPhaseFOV": 100,
    "PhaseEncodingDirection": "j-",
    "PhaseEncodingSteps": 64,
    "PhaseResolution": 1,
    "PixelBandwidth": 1905,
    "ProcedureStepDescription": "Brain_-_UQ_fMRI",
    "ProtocolName": "OLVSL_R10",
    "PulseSequenceDetails": "%SiemensSeq%_ep2d_pace",
    "ReceiveCoilName": "32Ch_Head",
    "ReconMatrixPE": 64,
    "RepetitionTime": 2,
    "SAR": 0.170055,
    "ScanOptions": "FS",
    "ScanningSequence": "EP",
    "SequenceName": "_epfid2d1_64",
    "SequenceVariant": "SK",
    "SeriesDescription": "OLVSL_R10",
    "SeriesNumber": 13,
    "ShimSetting": [
      6779,
      -11394,
      -2210,
      716,
      -17,
      -274,
      -219,
      35
    ],
    "SliceThickness": 3,
    "SliceTiming": [
      0,
      1.0225,
      0.06,
      1.0825,
      0.12,
      1.1425,
      0.18,
      1.205,
      0.24,
      1.265,
      0.3,
      1.325,
      0.36,
      1.385,
      0.42,
      1.445,
      0.4825,
      1.505,
      0.5425,
      1.565,
      0.6025,
      1.625,
      0.6625,
      1.685,
      0.7225,
      1.745,
      0.7825,
      1.805,
      0.8425,
      1.8675,
      0.9025,
      1.9275,
      0.9625
    ],
    "SoftwareVersions": "syngo_MR_B17",
    "SpacingBetweenSlices": 3.3,
    "StationName": "mrc_Trio",
    "TaskName": "learn",
    "TotalReadoutTime": 0.0371701,
    "TxRefAmp": 332.949,
    "dataset": "ds001241",
    "modality": "bold",
    "run_id": 10,
    "subject_id": "09",
    "task_id": "learn"
  },
  "dummy_trs": 1,
  "dvars_nstd": 15.289704355753432,
  "dvars_std": 1.1326391804109592,
  "dvars_vstd": 1.0018350873972606,
  "efc": 0.6112596159395987,
  "fber": 345.6705627441406,
  "fd_mean": 0.06310835970884608,
  "fd_num": 0,
  "fd_perc": 0.0,
  "fwhm_avg": 2.572396780221905,
  "fwhm_x": 2.4396366666666665,
  "fwhm_y": 2.6729566666666664,
  "fwhm_z": 2.6045970073323828,
  "gcor": 0.0218147,
  "gsr_x": 0.00661113066598773,
  "gsr_y": 0.06354065984487534,
  "provenance": {
    "md5sum": "848881116107c1d823f2f4fc75ab0145",
    "settings": {
      "fd_thres": 0.2,
      "testing": false
    },
    "software": "mriqc",
    "version": "22.0.6",
    "webapi_port": null,
    "webapi_url": "https://mriqc.nimh.nih.gov/api/v1"
  },
  "size_t": 147,
  "size_x": 64,
  "size_y": 64,
  "size_z": 33,
  "snr": 3.2457976801550297,
  "spacing_tr": 2.0,
  "spacing_x": 3.0,
  "spacing_y": 3.0,
  "spacing_z": 3.299999952316284,
  "summary_bg_k": 16.48909067185373,
  "summary_bg_mad": 16.30862440356162,
  "summary_bg_mean": 72.4968032836914,
  "summary_bg_median": 32.836734771728516,
  "summary_bg_n": 70082.0,
  "summary_bg_p05": 20.843536376953125,
  "summary_bg_p95": 272.4687103271484,
  "summary_bg_stdv": 99.91063690185547,
  "summary_fg_k": 1.6973606679098525,
  "summary_fg_mad": 176.85325170875996,
  "summary_fg_mean": 669.62548828125,
  "summary_fg_median": 636.7720947265625,
  "summary_fg_n": 32176.0,
  "summary_fg_p05": 415.65135192871094,
  "summary_fg_p95": 1039.1377563476562,
  "summary_fg_stdv": 196.1804962158203,
  "tsnr": 107.52242843061686
}