{
  "aor": 0.0014696598639455784,
  "aqi": 0.0015718298163265305,
  "bids_meta": {
    "AcquisitionMatrixPE": 64,
    "AcquisitionNumber": 1,
    "AcquisitionTime": "13:12:4.580000",
    "BandwidthPerPixelPhaseEncode": 26.483,
    "BaseResolution": 64,
    "ConversionSoftware": "dcm2niix",
    "ConversionSoftwareVersion": "v1.0.20171215 Clang9.0.0",
    "DerivedVendorReportedEchoSpacing": 0.000590001,
    "DeviceSerialNumber": "35410",
    "DwellTime": 4.1e-06,
    "EchoTime": 0.026,
    "EffectiveEchoSpacing": 0.000590001,
    "FlipAngle": 90,
    "ImageOrientationPatientDICOM": [
      0.999926,
      -0.00143649,
      -0.0120457,
      1.54037e-08,
      0.992964,
      -0.118413
    ],
    "ImageType": [
      "ORIGINAL",
      "PRIMARY",
      "M",
      "ND",
      "MOSAIC"
    ],
    "InPlanePhaseEncodingDirectionDICOM": "COL",
    "InstitutionAddress": "Cooper_60_St._Lucia_QLD_AU_4072",
    "InstitutionName": "St_Lucia_Campus",
    "InstitutionalDepartmentName": "Gehrmann_Labs_MRI",
    "MRAcquisitionType": "2D",
    "MagneticFieldStrength": 3,
    "Manufacturer": "Siemens",
    "ManufacturersModelName": "TrioTim",
    "Modality": "MR",
    "PartialFourier": 1,
    "PatientPosition": "HFS",
    "PercentPhaseFOV": 100,
    "PhaseEncodingDirection": "j-",
    "PhaseEncodingSteps": 64,
    "PhaseResolution": 1,
    "PixelBandwidth": 1905,
    "ProcedureStepDescription": "Brain_-_UQ_fMRI",
    "ProtocolName": "OLVSL_R8",
    "PulseSequenceDetails": "%SiemensSeq%_ep2d_pace",
    "ReceiveCoilName": "32Ch_Head",
    "ReconMatrixPE": 64,
    "RepetitionTime": 2,
    "SAR": 0.170055,
    "ScanOptions": "FS",
    "ScanningSequence": "EP",
    "SequenceName": "_epfid2d1_64",
    "SequenceVariant": "SK",
    "SeriesDescription": "OLVSL_R8",
    "SeriesNumber": 11,
    "ShimSetting": [
      6779,
      -11394,
      -2210,
      716,
      -17,
      -274,
      -219,
      35
    ],
    "SliceThickness": 3,
    "SliceTiming": [
      0,
      1.025,
      0.0625,
      1.085,
      0.1225,
      1.145,
      0.1825,
      1.205,
      0.2425,
      1.265,
      0.3025,
      1.325,
      0.3625,
      1.3875,
      0.4225,
      1.4475,
      0.4825,
      1.5075,
      0.5425,
      1.5675,
      0.6025,
      1.6275,
      0.6625,
      1.6875,
      0.725,
      1.7475,
      0.785,
      1.8075,
      0.845,
      1.8675,
      0.905,
      1.9275,
      0.965
    ],
    "SoftwareVersions": "syngo_MR_B17",
    "SpacingBetweenSlices": 3.3,
    "StationName": "mrc_Trio",
    "TaskName": "learn",
    "TotalReadoutTime": 0.0371701,
    "TxRefAmp": 332.949,
    "dataset": "ds001241",
    "modality": "bold",
    "run_id": 8,
    "subject_id": "09",
    "task_id": "learn"
  },
  "dummy_trs": 1,
  "dvars_nstd": 14.849801638424658,
  "dvars_std": 1.1411667917123287,
  "dvars_vstd": 1.0117818246575339,
  "efc": 0.6109117462722679,
  "fber": 348.93743896484375,
  "fd_mean": 0.060134708429961735,
  "fd_num": 0,
  "fd_perc": 0.0,
  "fwhm_avg": 2.5631322347853565,
  "fwhm_x": 2.4276066666666667,
  "fwhm_y": 2.6534566666666666,
  "fwhm_z": 2.6083333710227357,
  "gcor": 0.0234188,
  "gsr_x": 0.00525472080335021,
  "gsr_y": 0.06302088499069214,
  "provenance": {
    "md5sum": "7192adc1c0c743cf96d84217fade71d5",
    "settings": {
      "fd_thres": 0.2,
      "testing": false
    },
    "software": "mriqc",
    "version": "22.0.6",
    "webapi_port": null,
    "webapi_url": "https://mriqc.nimh.nih.gov/api/v1"
  },
  "size_t": 147,
  "size_x": 64,
  "size_y": 64,
  "size_z": 33,
  "snr": 3.265550768826979,
  "spacing_tr": 2.0,
  "spacing_x": 3.0,
  "spacing_y": 3.0,
  "spacing_z": 3.299999952316284,
  "summary_bg_k": 16.77777614119965,
  "summary_bg_mad": 16.26828244790137,
  "summary_bg_mean": 71.92790222167969,
  "summary_bg_median": 32.71428680419922,
  "summary_bg_n": 70036.0,
  "summary_bg_p05": 20.857141494750977,
  "summary_bg_p95": 267.8129119873047,
  "summary_bg_stdv": 99.01158142089844,
  "summary_fg_k": 1.5957297382968392,
  "summary_fg_mad": 176.8128927860638,
  "summary_fg_mean": 670.1668701171875,
  "summary_fg_median": 637.5986328125,
  "summary_fg_n": 32168.0,
  "summary_fg_p05": 417.36529846191405,
  "summary_fg_p95": 1036.4529968261718,
  "summary_fg_stdv": 195.24691772460938,
  "tsnr": 109.17411678470671
}