{
  "aor": 0.0009378231292517008,
  "aqi": 0.0011490004149659863,
  "bids_meta": {
    "AcquisitionMatrixPE": 64,
    "AcquisitionNumber": 1,
    "AcquisitionTime": "12:16:44.870000",
    "BandwidthPerPixelPhaseEncode": 26.483,
    "BaseResolution": 64,
    "ConversionSoftware": "dcm2niix",
    "ConversionSoftwareVersion": "v1.0.20171215 Clang9.0.0",
    "DerivedVendorReportedEchoSpacing": 0.000590001,
    "DeviceSerialNumber": "35410",
    "DwellTime": 4.1e-06,
    "EchoTime": 0.026,
    "EffectiveEchoSpacing": 0.000590001,
    "FlipAngle": 90,
    "ImageOrientationPatientDICOM": [
      1,
      0,
      0,
      0,
      0.995396,
      -0.0958458
    ],
    "ImageType": [
      "ORIGINAL",
      "PRIMARY",
      "M",
      "ND",
      "MOSAIC"
    ],
    "InPlanePhaseEncodingDirectionDICOM": "COL",
    "InstitutionAddress": "Cooper_60_St._Lucia_QLD_AU_4072",
    "InstitutionName": "St_Lucia_Campus",
    "InstitutionalDepartmentName": "Gehrmann_Labs_MRI",
    "MRAcquisitionType": "2D",
    "MagneticFieldStrength": 3,
    "Manufacturer": "Siemens",
    "ManufacturersModelName": "TrioTim",
    "Modality": "MR",
    "PartialFourier": 1,
    "PatientPosition": "HFS",
    "PercentPhaseFOV": 100,
    "PhaseEncodingDirection": "j-",
    "PhaseEncodingSteps": 64,
    "PhaseResolution": 1,
    "PixelBandwidth": 1905,
    "ProcedureStepDescription": "Brain_-_UQ_fMRI",
    "ProtocolName": "OLVSL_R1",
    "PulseSequenceDetails": "%SiemensSeq%_ep2d_pace",
    "ReceiveCoilName": "32Ch_Head",
    "ReconMatrixPE": 64,
    "RepetitionTime": 2,
    "SAR": 0.170284,
    "ScanOptions": "FS",
    "ScanningSequence": "EP",
    "SequenceName": "_epfid2d1_64",
    "SequenceVariant": "SK",
    "SeriesDescription": "OLVSL_R1",
    "SeriesNumber": 2,
    "ShimSetting": [
      6826,
      -11404,
      -2181,
      702,
      72,
      -327,
      -240,
      -41
    ],
    "SliceThickness": 3,
    "SliceTiming": [
      0,
      1.025,
      0.06,
      1.085,
      0.12,
      1.145,
      0.18,
      1.205,
      0.24,
      1.265,
      0.3,
      1.325,
      0.3625,
      1.385,
      0.4225,
      1.445,
      0.4825,
      1.505,
      0.5425,
      1.565,
      0.6025,
      1.625,
      0.6625,
      1.685,
      0.7225,
      1.7475,
      0.7825,
      1.8075,
      0.8425,
      1.8675,
      0.9025,
      1.9275,
      0.9625
    ],
    "SoftwareVersions": "syngo_MR_B17",
    "SpacingBetweenSlices": 3.3,
    "StationName": "mrc_Trio",
    "TaskName": "learn",
    "TotalReadoutTime": 0.0371701,
    "TxRefAmp": 331.353,
    "dataset": "ds001241",
    "modality": "bold",
    "run_id": 1,
    "subject_id": "09",
    "task_id": "learn"
  },
  "dummy_trs": 1,
  "dvars_nstd": 17.916096367054795,
  "dvars_std": 1.1978525572602745,
  "dvars_vstd": 1.0095841133561643,
  "efc": 0.6039676741586699,
  "fber": 329.2338562011719,
  "fd_mean": 0.10559052998645065,
  "fd_num": 5,
  "fd_perc": 3.401360544217687,
  "fwhm_avg": 2.787316174958845,
  "fwhm_x": 2.680633333333333,
  "fwhm_y": 2.9111333333333334,
  "fwhm_z": 2.770181858209868,
  "gcor": 0.0403983,
  "gsr_x": 0.0015803249552845955,
  "gsr_y": 0.061936862766742706,
  "provenance": {
    "md5sum": "2d599e2927f2f9162e475a4218868527",
    "settings": {
      "fd_thres": 0.2,
      "testing": false
    },
    "software": "mriqc",
    "version": "22.0.6",
    "webapi_port": null,
    "webapi_url": "https://mriqc.nimh.nih.gov/api/v1"
  },
  "size_t": 147,
  "size_x": 64,
  "size_y": 64,
  "size_z": 33,
  "snr": 2.8169448833420034,
  "spacing_tr": 2.0,
  "spacing_x": 3.0,
  "spacing_y": 3.0,
  "spacing_z": 3.299999952316284,
  "summary_bg_k": 17.79545290931411,
  "summary_bg_mad": 18.275341401347475,
  "summary_bg_mean": 75.4877700805664,
  "summary_bg_median": 34.61224365234375,
  "summary_bg_n": 69894.0,
  "summary_bg_p05": 21.428571701049805,
  "summary_bg_p95": 285.67176055908175,
  "summary_bg_stdv": 105.27694702148438,
  "summary_fg_k": 2.357429785268817,
  "summary_fg_mad": 195.23954621345,
  "summary_fg_mean": 702.8969116210938,
  "summary_fg_median": 657.6802368164062,
  "summary_fg_n": 32049.0,
  "summary_fg_p05": 418.80272216796874,
  "summary_fg_p95": 1168.3238037109375,
  "summary_fg_stdv": 233.46923828125,
  "tsnr": 112.61492636054754
}