{
  "bids_meta": {
    "AcquisitionMatrixPE": 256,
    "AcquisitionNumber": 1,
    "AcquisitionTime": "13:40:45.057500",
    "BaseResolution": 256,
    "ConversionSoftware": "dcm2niix",
    "ConversionSoftwareVersion": "v1.0.20171215 Clang9.0.0",
    "DeviceSerialNumber": "35410",
    "DwellTime": 9.8e-06,
    "EchoTime": 0.00232,
    "FlipAngle": 9,
    "ImageOrientationPatientDICOM": [
      0.0226868,
      0.999743,
      1.94613e-08,
      -0.0279146,
      0.000633475,
      -0.99961
    ],
    "ImageType": [
      "ORIGINAL",
      "PRIMARY",
      "M",
      "ND",
      "NORM"
    ],
    "InPlanePhaseEncodingDirectionDICOM": "ROW",
    "InstitutionAddress": "Cooper_60_St._Lucia_QLD_AU_4072",
    "InstitutionName": "Centre_for_Advanced_Imaging",
    "InstitutionalDepartmentName": "Gehrmann_Labs_MRI",
    "Interpolation2D": 1,
    "InversionTime": 0.9,
    "MRAcquisitionType": "3D",
    "MagneticFieldStrength": 3,
    "Manufacturer": "Siemens",
    "ManufacturersModelName": "TrioTim",
    "Modality": "MR",
    "ParallelReductionFactorInPlane": 2,
    "PartialFourier": 1,
    "PatientPosition": "HFS",
    "PercentPhaseFOV": 100,
    "PhaseEncodingSteps": 255,
    "PhaseResolution": 1,
    "PixelBandwidth": 199,
    "ProcedureStepDescription": "Brain_-_UQ_fMRI",
    "ProtocolName": "t1_mpr_sag_p2_iso_0.9",
    "PulseSequenceDetails": "%SiemensSeq%_tfl",
    "ReceiveCoilName": "32Ch_Head",
    "ReconMatrixPE": 512,
    "RepetitionTime": 1.9,
    "SAR": 0.13628,
    "ScanOptions": "IR",
    "ScanningSequence": "GR_IR",
    "SequenceName": "_tfl3d1_ns",
    "SequenceVariant": "SP_MP",
    "SeriesDescription": "t1_mpr_sag_p2_iso_0.9",
    "SeriesNumber": 7,
    "ShimSetting": [
      6825,
      -11255,
      -2613,
      -72,
      38,
      19,
      -121,
      14
    ],
    "SliceThickness": 0.9,
    "SoftwareVersions": "syngo_MR_B17",
    "StationName": "mrc_Trio",
    "TxRefAmp": 335.312,
    "dataset": "ds001241",
    "modality": "T1w",
    "subject_id": "12"
  },
  "cjv": 0.29682514016664646,
  "cnr": 4.544762576112647,
  "efc": 0.556881958131203,
  "fber": 20490.57666739718,
  "fwhm_avg": 7.4119485770661315,
  "fwhm_x": 4.482402154637334,
  "fwhm_y": 9.004053663517585,
  "fwhm_z": 8.749389913043478,
  "icvs_csf": 0.20955691579496621,
  "icvs_gm": 0.4581730485687729,
  "icvs_wm": 0.3322700356362609,
  "inu_med": 0.47142285108566284,
  "inu_range": 0.18730541318655014,
  "provenance": {
    "md5sum": "6999949febafe3959813f8fdf2a85be3",
    "settings": {
      "testing": false
    },
    "software": "mriqc",
    "version": "22.0.6",
    "warnings": {
      "large_rot_frame": true,
      "small_air_mask": false
    },
    "webapi_port": null,
    "webapi_url": "https://mriqc.nimh.nih.gov/api/v1"
  },
  "qi_1": 0.0,
  "qi_2": 0.02279699275007062,
  "rpve_csf": 19.124638236556503,
  "rpve_gm": 9.399023328472087,
  "rpve_wm": 14.079068534737877,
  "size_x": 192,
  "size_y": 512,
  "size_z": 512,
  "snr_csf": 3.5413065581492504,
  "snr_gm": 18.5051320947914,
  "snr_total": 15.427276045815768,
  "snr_wm": 24.23538948450665,
  "snrd_csf": 31.9450929527047,
  "snrd_gm": 84.29812650761883,
  "snrd_total": 76.82717940776477,
  "snrd_wm": 114.2383187629708,
  "spacing_x": 0.9000040292739868,
  "spacing_y": 0.4492187798023224,
  "spacing_z": 0.44921875,
  "summary_bg_k": 9.193447033790246,
  "summary_bg_mad": 0.0,
  "summary_bg_mean": 3.344024910992557,
  "summary_bg_median": 0.0,
  "summary_bg_n": 10199904.0,
  "summary_bg_p05": 0.0,
  "summary_bg_p95": 14.67815825343132,
  "summary_bg_stdv": 5.735079381367632,
  "summary_csf_k": 1.952178669686571,
  "summary_csf_mad": 59.828504957529404,
  "summary_csf_mean": 292.4006620339202,
  "summary_csf_median": 279.6480914950371,
  "summary_csf_n": 490231.0,
  "summary_csf_p05": 193.1501986682415,
  "summary_csf_p95": 446.7187490463257,
  "summary_csf_stdv": 78.96740981958543,
  "summary_gm_k": 0.47858488736385896,
  "summary_gm_mad": 37.73388466175658,
  "summary_gm_mean": 736.8962326823051,
  "summary_gm_median": 737.9477727413177,
  "summary_gm_n": 664137.0,
  "summary_gm_p05": 669.3958360910417,
  "summary_gm_p95": 800.2065051496029,
  "summary_gm_stdv": 39.87797619558096,
  "summary_wm_k": 0.30194767131682054,
  "summary_wm_mad": 40.06313680137119,
  "summary_wm_mean": 999.7896743699117,
  "summary_wm_median": 1000.0449165999889,
  "summary_wm_n": 1396327.0,
  "summary_wm_p05": 931.9957180917263,
  "summary_wm_p95": 1067.0617064237595,
  "summary_wm_stdv": 41.26381212651209,
  "tpm_overlap_csf": 0.14515829861377957,
  "tpm_overlap_gm": 0.44444965528942787,
  "tpm_overlap_wm": 0.4866735944017414,
  "wm2max": 0.43825241954520416
}