{
  "aor": 0.0037493877551020415,
  "aqi": 0.0015767611428571429,
  "bids_meta": {
    "AcquisitionMatrixPE": 64,
    "AcquisitionNumber": 1,
    "AcquisitionTime": "14:59:32.190000",
    "BandwidthPerPixelPhaseEncode": 26.483,
    "BaseResolution": 64,
    "ConversionSoftware": "dcm2niix",
    "ConversionSoftwareVersion": "v1.0.20171215 Clang9.0.0",
    "DerivedVendorReportedEchoSpacing": 0.000590001,
    "DeviceSerialNumber": "35410",
    "DwellTime": 4.1e-06,
    "EchoTime": 0.026,
    "EffectiveEchoSpacing": 0.000590001,
    "FlipAngle": 90,
    "ImageOrientationPatientDICOM": [
      1,
      0,
      0,
      0,
      0.999701,
      0.0244322
    ],
    "ImageType": [
      "ORIGINAL",
      "PRIMARY",
      "M",
      "ND",
      "MOSAIC"
    ],
    "InPlanePhaseEncodingDirectionDICOM": "COL",
    "InstitutionAddress": "Cooper_60_St._Lucia_QLD_AU_4072",
    "InstitutionName": "Centre_for_Advanced_Imaging",
    "InstitutionalDepartmentName": "Gehrmann_Labs_MRI",
    "MRAcquisitionType": "2D",
    "MagneticFieldStrength": 3,
    "Manufacturer": "Siemens",
    "ManufacturersModelName": "TrioTim",
    "Modality": "MR",
    "PartialFourier": 1,
    "PatientPosition": "HFS",
    "PercentPhaseFOV": 100,
    "PhaseEncodingDirection": "j-",
    "PhaseEncodingSteps": 64,
    "PhaseResolution": 1,
    "PixelBandwidth": 1905,
    "ProcedureStepDescription": "Brain_-_UQ_fMRI",
    "ProtocolName": "OLVSL_R5",
    "PulseSequenceDetails": "%SiemensSeq%_ep2d_pace",
    "ReceiveCoilName": "32Ch_Head",
    "ReconMatrixPE": 64,
    "RepetitionTime": 2,
    "SAR": 0.172876,
    "ScanOptions": "FS",
    "ScanningSequence": "EP",
    "SequenceName": "_epfid2d1_64",
    "SequenceVariant": "SK",
    "SeriesDescription": "OLVSL_R5",
    "SeriesNumber": 6,
    "ShimSetting": [
      6805,
      -11434,
      -2107,
      962,
      59,
      -160,
      -166,
      162
    ],
    "SliceThickness": 3,
    "SliceTiming": [
      0,
      1.025,
      0.06,
      1.085,
      0.12,
      1.145,
      0.18,
      1.205,
      0.24,
      1.265,
      0.3,
      1.325,
      0.3625,
      1.385,
      0.4225,
      1.445,
      0.4825,
      1.505,
      0.5425,
      1.565,
      0.6025,
      1.625,
      0.6625,
      1.6875,
      0.7225,
      1.7475,
      0.7825,
      1.8075,
      0.8425,
      1.8675,
      0.9025,
      1.9275,
      0.9625
    ],
    "SoftwareVersions": "syngo_MR_B17",
    "SpacingBetweenSlices": 3.3,
    "StationName": "mrc_Trio",
    "TaskName": "learn",
    "TotalReadoutTime": 0.0371701,
    "TxRefAmp": 327.906,
    "dataset": "ds001241",
    "modality": "bold",
    "run_id": 5,
    "subject_id": "13",
    "task_id": "learn"
  },
  "dummy_trs": 1,
  "dvars_nstd": 25.544138738424664,
  "dvars_std": 1.3517437947260278,
  "dvars_vstd": 1.0419566977397257,
  "efc": 0.5681436185207648,
  "fber": 581.9728393554688,
  "fd_mean": 0.16107109851427243,
  "fd_num": 33,
  "fd_perc": 22.448979591836736,
  "fwhm_avg": 3.623077710429751,
  "fwhm_x": 3.5532,
  "fwhm_y": 3.8203666666666667,
  "fwhm_z": 3.4956664646225866,
  "gcor": 0.0357628,
  "gsr_x": -0.034738603979349136,
  "gsr_y": 0.11952390521764755,
  "provenance": {
    "md5sum": "5f0d2711e250de18da891a0ed499012b",
    "settings": {
      "fd_thres": 0.2,
      "testing": false
    },
    "software": "mriqc",
    "version": "22.0.6",
    "webapi_port": null,
    "webapi_url": "https://mriqc.nimh.nih.gov/api/v1"
  },
  "size_t": 147,
  "size_x": 64,
  "size_y": 64,
  "size_z": 33,
  "snr": 1.9607931557163518,
  "spacing_tr": 2.0,
  "spacing_x": 3.0,
  "spacing_y": 3.0,
  "spacing_z": 3.3000001907348633,
  "summary_bg_k": 21.80253541807144,
  "summary_bg_mad": 10.05546857289996,
  "summary_bg_mean": 63.22419738769531,
  "summary_bg_median": 28.60544204711914,
  "summary_bg_n": 68866.0,
  "summary_bg_p05": 21.34013557434082,
  "summary_bg_p95": 237.5748291015625,
  "summary_bg_stdv": 91.1940689086914,
  "summary_fg_k": 3.438510117625558,
  "summary_fg_mad": 267.8265165361803,
  "summary_fg_mean": 821.1124877929688,
  "summary_fg_median": 719.1564331054688,
  "summary_fg_n": 34146.0,
  "summary_fg_p05": 444.5033874511719,
  "summary_fg_p95": 1583.2992553710938,
  "summary_fg_stdv": 366.76275634765625,
  "tsnr": 93.14308447763324
}