{
  "aor": 0.0017753061224489795,
  "aqi": 0.0023164681972789114,
  "bids_meta": {
    "AcquisitionMatrixPE": 64,
    "AcquisitionNumber": 1,
    "AcquisitionTime": "14:48:26.487500",
    "BandwidthPerPixelPhaseEncode": 26.483,
    "BaseResolution": 64,
    "ConversionSoftware": "dcm2niix",
    "ConversionSoftwareVersion": "v1.0.20171215 Clang9.0.0",
    "DerivedVendorReportedEchoSpacing": 0.000590001,
    "DeviceSerialNumber": "35410",
    "DwellTime": 4.1e-06,
    "EchoTime": 0.026,
    "EffectiveEchoSpacing": 0.000590001,
    "FlipAngle": 90,
    "ImageOrientationPatientDICOM": [
      1,
      0,
      0,
      0,
      0.999701,
      0.0244322
    ],
    "ImageType": [
      "ORIGINAL",
      "PRIMARY",
      "M",
      "ND",
      "MOSAIC"
    ],
    "InPlanePhaseEncodingDirectionDICOM": "COL",
    "InstitutionAddress": "Cooper_60_St._Lucia_QLD_AU_4072",
    "InstitutionName": "Centre_for_Advanced_Imaging",
    "InstitutionalDepartmentName": "Gehrmann_Labs_MRI",
    "MRAcquisitionType": "2D",
    "MagneticFieldStrength": 3,
    "Manufacturer": "Siemens",
    "ManufacturersModelName": "TrioTim",
    "Modality": "MR",
    "PartialFourier": 1,
    "PatientPosition": "HFS",
    "PercentPhaseFOV": 100,
    "PhaseEncodingDirection": "j-",
    "PhaseEncodingSteps": 64,
    "PhaseResolution": 1,
    "PixelBandwidth": 1905,
    "ProcedureStepDescription": "Brain_-_UQ_fMRI",
    "ProtocolName": "OLVSL_R3",
    "PulseSequenceDetails": "%SiemensSeq%_ep2d_pace",
    "ReceiveCoilName": "32Ch_Head",
    "ReconMatrixPE": 64,
    "RepetitionTime": 2,
    "SAR": 0.172876,
    "ScanOptions": "FS",
    "ScanningSequence": "EP",
    "SequenceName": "_epfid2d1_64",
    "SequenceVariant": "SK",
    "SeriesDescription": "OLVSL_R3",
    "SeriesNumber": 4,
    "ShimSetting": [
      6805,
      -11434,
      -2107,
      962,
      59,
      -160,
      -166,
      162
    ],
    "SliceThickness": 3,
    "SliceTiming": [
      0,
      1.0225,
      0.06,
      1.0825,
      0.12,
      1.1425,
      0.18,
      1.205,
      0.24,
      1.265,
      0.3,
      1.325,
      0.36,
      1.385,
      0.42,
      1.445,
      0.48,
      1.505,
      0.5425,
      1.565,
      0.6025,
      1.625,
      0.6625,
      1.685,
      0.7225,
      1.745,
      0.7825,
      1.805,
      0.8425,
      1.8675,
      0.9025,
      1.9275,
      0.9625
    ],
    "SoftwareVersions": "syngo_MR_B17",
    "SpacingBetweenSlices": 3.3,
    "StationName": "mrc_Trio",
    "TaskName": "learn",
    "TotalReadoutTime": 0.0371701,
    "TxRefAmp": 327.906,
    "dataset": "ds001241",
    "modality": "bold",
    "run_id": 3,
    "subject_id": "13",
    "task_id": "learn"
  },
  "dummy_trs": 1,
  "dvars_nstd": 24.128094411575347,
  "dvars_std": 1.2418246552054792,
  "dvars_vstd": 0.9796633412328768,
  "efc": 0.5670271642951722,
  "fber": 583.5639038085938,
  "fd_mean": 0.1261816545275829,
  "fd_num": 15,
  "fd_perc": 10.204081632653061,
  "fwhm_avg": 3.657861548662963,
  "fwhm_x": 3.591333333333333,
  "fwhm_y": 3.878766666666667,
  "fwhm_z": 3.5034846459888898,
  "gcor": 0.0343836,
  "gsr_x": -0.03518812358379364,
  "gsr_y": 0.11895482987165451,
  "provenance": {
    "md5sum": "3773c5d290ad1d8b8ad9a7b042bf481c",
    "settings": {
      "fd_thres": 0.2,
      "testing": false
    },
    "software": "mriqc",
    "version": "22.0.6",
    "webapi_port": null,
    "webapi_url": "https://mriqc.nimh.nih.gov/api/v1"
  },
  "size_t": 147,
  "size_x": 64,
  "size_y": 64,
  "size_z": 33,
  "snr": 1.940405797573219,
  "spacing_tr": 2.0,
  "spacing_x": 3.0,
  "spacing_y": 3.0,
  "spacing_z": 3.3000001907348633,
  "summary_bg_k": 21.908950963802265,
  "summary_bg_mad": 10.398386507369338,
  "summary_bg_mean": 63.498844146728516,
  "summary_bg_median": 28.80272102355957,
  "summary_bg_n": 68847.0,
  "summary_bg_p05": 21.170066833496094,
  "summary_bg_p95": 234.6959136962889,
  "summary_bg_stdv": 91.56700897216797,
  "summary_fg_k": 3.3828692431125846,
  "summary_fg_mad": 273.8578227169431,
  "summary_fg_mean": 827.1451416015625,
  "summary_fg_median": 723.448974609375,
  "summary_fg_n": 34169.0,
  "summary_fg_p05": 444.2176818847656,
  "summary_fg_p95": 1599.0707031249995,
  "summary_fg_stdv": 372.8283996582031,
  "tsnr": 82.43635622318834
}