{
  "aor": 0.0014889115646258503,
  "aqi": 0.0013357661360544216,
  "bids_meta": {
    "AcquisitionMatrixPE": 64,
    "AcquisitionNumber": 1,
    "AcquisitionTime": "14:42:57.507500",
    "BandwidthPerPixelPhaseEncode": 26.483,
    "BaseResolution": 64,
    "ConversionSoftware": "dcm2niix",
    "ConversionSoftwareVersion": "v1.0.20171215 Clang9.0.0",
    "DerivedVendorReportedEchoSpacing": 0.000590001,
    "DeviceSerialNumber": "35410",
    "DwellTime": 4.1e-06,
    "EchoTime": 0.026,
    "EffectiveEchoSpacing": 0.000590001,
    "FlipAngle": 90,
    "ImageOrientationPatientDICOM": [
      1,
      0,
      0,
      0,
      0.999701,
      0.0244322
    ],
    "ImageType": [
      "ORIGINAL",
      "PRIMARY",
      "M",
      "ND",
      "MOSAIC"
    ],
    "InPlanePhaseEncodingDirectionDICOM": "COL",
    "InstitutionAddress": "Cooper_60_St._Lucia_QLD_AU_4072",
    "InstitutionName": "Centre_for_Advanced_Imaging",
    "InstitutionalDepartmentName": "Gehrmann_Labs_MRI",
    "MRAcquisitionType": "2D",
    "MagneticFieldStrength": 3,
    "Manufacturer": "Siemens",
    "ManufacturersModelName": "TrioTim",
    "Modality": "MR",
    "PartialFourier": 1,
    "PatientPosition": "HFS",
    "PercentPhaseFOV": 100,
    "PhaseEncodingDirection": "j-",
    "PhaseEncodingSteps": 64,
    "PhaseResolution": 1,
    "PixelBandwidth": 1905,
    "ProcedureStepDescription": "Brain_-_UQ_fMRI",
    "ProtocolName": "OLVSL_R2",
    "PulseSequenceDetails": "%SiemensSeq%_ep2d_pace",
    "ReceiveCoilName": "32Ch_Head",
    "ReconMatrixPE": 64,
    "RepetitionTime": 2,
    "SAR": 0.172876,
    "ScanOptions": "FS",
    "ScanningSequence": "EP",
    "SequenceName": "_epfid2d1_64",
    "SequenceVariant": "SK",
    "SeriesDescription": "OLVSL_R2",
    "SeriesNumber": 3,
    "ShimSetting": [
      6805,
      -11434,
      -2107,
      962,
      59,
      -160,
      -166,
      162
    ],
    "SliceThickness": 3,
    "SliceTiming": [
      0,
      1.025,
      0.06,
      1.085,
      0.12,
      1.145,
      0.1825,
      1.205,
      0.2425,
      1.265,
      0.3025,
      1.325,
      0.3625,
      1.385,
      0.4225,
      1.445,
      0.4825,
      1.505,
      0.5425,
      1.5675,
      0.6025,
      1.6275,
      0.6625,
      1.6875,
      0.7225,
      1.7475,
      0.7825,
      1.8075,
      0.8425,
      1.8675,
      0.905,
      1.9275,
      0.965
    ],
    "SoftwareVersions": "syngo_MR_B17",
    "SpacingBetweenSlices": 3.3,
    "StationName": "mrc_Trio",
    "TaskName": "learn",
    "TotalReadoutTime": 0.0371701,
    "TxRefAmp": 327.906,
    "dataset": "ds001241",
    "modality": "bold",
    "run_id": 2,
    "subject_id": "13",
    "task_id": "learn"
  },
  "dummy_trs": 1,
  "dvars_nstd": 23.72880145280823,
  "dvars_std": 1.3101626991780826,
  "dvars_vstd": 1.0094408609589038,
  "efc": 0.5658206652792961,
  "fber": 576.0,
  "fd_mean": 0.11794552936598292,
  "fd_num": 13,
  "fd_perc": 8.843537414965986,
  "fwhm_avg": 3.622387811593397,
  "fwhm_x": 3.5596666666666668,
  "fwhm_y": 3.8198000000000003,
  "fwhm_z": 3.4876967681135254,
  "gcor": 0.0400169,
  "gsr_x": -0.03509638458490372,
  "gsr_y": 0.12052825838327408,
  "provenance": {
    "md5sum": "bf7b4caa50a9bd7931e5e8c7690eab4a",
    "settings": {
      "fd_thres": 0.2,
      "testing": false
    },
    "software": "mriqc",
    "version": "22.0.6",
    "webapi_port": null,
    "webapi_url": "https://mriqc.nimh.nih.gov/api/v1"
  },
  "size_t": 147,
  "size_x": 64,
  "size_y": 64,
  "size_z": 33,
  "snr": 1.9092052445349106,
  "spacing_tr": 2.0,
  "spacing_x": 3.0,
  "spacing_y": 3.0,
  "spacing_z": 3.3000001907348633,
  "summary_bg_k": 21.6383284165793,
  "summary_bg_mad": 10.398386507369338,
  "summary_bg_mean": 63.59740447998047,
  "summary_bg_median": 28.897958755493164,
  "summary_bg_n": 68831.0,
  "summary_bg_p05": 21.421768188476562,
  "summary_bg_p95": 236.99319458007812,
  "summary_bg_stdv": 92.1273193359375,
  "summary_fg_k": 3.4899856490672736,
  "summary_fg_mad": 275.1084516208039,
  "summary_fg_mean": 828.8528442382812,
  "summary_fg_median": 722.8162841796875,
  "summary_fg_n": 34008.0,
  "summary_fg_p05": 443.64013519287107,
  "summary_fg_p95": 1614.7458984375,
  "summary_fg_stdv": 378.5898132324219,
  "tsnr": 96.57229790464044
}