{
  "aor": 0.003367328767123288,
  "aqi": 0.0017891799520547945,
  "bids_meta": {
    "AcquisitionMatrixPE": 64,
    "AcquisitionNumber": 1,
    "AcquisitionTime": "14:53:54.775000",
    "BandwidthPerPixelPhaseEncode": 26.483,
    "BaseResolution": 64,
    "ConversionSoftware": "dcm2niix",
    "ConversionSoftwareVersion": "v1.0.20171215 Clang9.0.0",
    "DerivedVendorReportedEchoSpacing": 0.000590001,
    "DeviceSerialNumber": "35410",
    "DwellTime": 4.1e-06,
    "EchoTime": 0.026,
    "EffectiveEchoSpacing": 0.000590001,
    "FlipAngle": 90,
    "ImageOrientationPatientDICOM": [
      1,
      0,
      0,
      0,
      0.999701,
      0.0244322
    ],
    "ImageType": [
      "ORIGINAL",
      "PRIMARY",
      "M",
      "ND",
      "MOSAIC"
    ],
    "InPlanePhaseEncodingDirectionDICOM": "COL",
    "InstitutionAddress": "Cooper_60_St._Lucia_QLD_AU_4072",
    "InstitutionName": "Centre_for_Advanced_Imaging",
    "InstitutionalDepartmentName": "Gehrmann_Labs_MRI",
    "MRAcquisitionType": "2D",
    "MagneticFieldStrength": 3,
    "Manufacturer": "Siemens",
    "ManufacturersModelName": "TrioTim",
    "Modality": "MR",
    "PartialFourier": 1,
    "PatientPosition": "HFS",
    "PercentPhaseFOV": 100,
    "PhaseEncodingDirection": "j-",
    "PhaseEncodingSteps": 64,
    "PhaseResolution": 1,
    "PixelBandwidth": 1905,
    "ProcedureStepDescription": "Brain_-_UQ_fMRI",
    "ProtocolName": "OLVSL_R4",
    "PulseSequenceDetails": "%SiemensSeq%_ep2d_pace",
    "ReceiveCoilName": "32Ch_Head",
    "ReconMatrixPE": 64,
    "RepetitionTime": 2,
    "SAR": 0.172876,
    "ScanOptions": "FS",
    "ScanningSequence": "EP",
    "SequenceName": "_epfid2d1_64",
    "SequenceVariant": "SK",
    "SeriesDescription": "OLVSL_R4",
    "SeriesNumber": 5,
    "ShimSetting": [
      6805,
      -11434,
      -2107,
      962,
      59,
      -160,
      -166,
      162
    ],
    "SliceThickness": 3,
    "SliceTiming": [
      0,
      1.025,
      0.06,
      1.085,
      0.12,
      1.145,
      0.18,
      1.205,
      0.24,
      1.265,
      0.3025,
      1.325,
      0.3625,
      1.385,
      0.4225,
      1.445,
      0.4825,
      1.505,
      0.5425,
      1.565,
      0.6025,
      1.625,
      0.6625,
      1.6875,
      0.7225,
      1.7475,
      0.7825,
      1.8075,
      0.8425,
      1.8675,
      0.9025,
      1.9275,
      0.965
    ],
    "SoftwareVersions": "syngo_MR_B17",
    "SpacingBetweenSlices": 3.3,
    "StationName": "mrc_Trio",
    "TaskName": "learn",
    "TotalReadoutTime": 0.0371701,
    "TxRefAmp": 327.906,
    "dataset": "ds001241",
    "modality": "bold",
    "run_id": 4,
    "subject_id": "13",
    "task_id": "learn"
  },
  "dummy_trs": 2,
  "dvars_nstd": 25.232359918896545,
  "dvars_std": 1.3278488548965517,
  "dvars_vstd": 1.0244918386896549,
  "efc": 0.5675359004979532,
  "fber": 581.1306762695312,
  "fd_mean": 0.14496877773195022,
  "fd_num": 24,
  "fd_perc": 16.438356164383563,
  "fwhm_avg": 3.611177710969203,
  "fwhm_x": 3.5582,
  "fwhm_y": 3.8076666666666665,
  "fwhm_z": 3.4676664662409427,
  "gcor": 0.0308999,
  "gsr_x": -0.03462889790534973,
  "gsr_y": 0.11871340125799179,
  "provenance": {
    "md5sum": "981c75b877e11050a2f68512e8819829",
    "settings": {
      "fd_thres": 0.2,
      "testing": false
    },
    "software": "mriqc",
    "version": "22.0.6",
    "webapi_port": null,
    "webapi_url": "https://mriqc.nimh.nih.gov/api/v1"
  },
  "size_t": 146,
  "size_x": 64,
  "size_y": 64,
  "size_z": 33,
  "snr": 1.943730434403035,
  "spacing_tr": 2.0,
  "spacing_x": 3.0,
  "spacing_y": 3.0,
  "spacing_z": 3.3000001907348633,
  "summary_bg_k": 21.957222073589215,
  "summary_bg_mad": 10.296974533873763,
  "summary_bg_mean": 63.4098014831543,
  "summary_bg_median": 28.74657440185547,
  "summary_bg_n": 68787.0,
  "summary_bg_p05": 21.287670135498047,
  "summary_bg_p95": 235.53972625732393,
  "summary_bg_stdv": 91.49117279052734,
  "summary_fg_k": 3.4583618618444767,
  "summary_fg_mad": 271.3162059865252,
  "summary_fg_mean": 824.78662109375,
  "summary_fg_median": 721.2739868164062,
  "summary_fg_n": 34219.0,
  "summary_fg_p05": 444.3342315673828,
  "summary_fg_p95": 1596.2314453124998,
  "summary_fg_stdv": 371.0717468261719,
  "tsnr": 88.50861144484952
}