{
  "aor": 0.0019895918367346934,
  "aqi": 0.00327857380952381,
  "bids_meta": {
    "AcquisitionMatrixPE": 64,
    "AcquisitionNumber": 1,
    "AcquisitionTime": "13:30:31.222500",
    "BandwidthPerPixelPhaseEncode": 26.483,
    "BaseResolution": 64,
    "ConversionSoftware": "dcm2niix",
    "ConversionSoftwareVersion": "v1.0.20171215 Clang9.0.0",
    "DerivedVendorReportedEchoSpacing": 0.000590001,
    "DeviceSerialNumber": "35410",
    "DwellTime": 4.1e-06,
    "EchoTime": 0.026,
    "EffectiveEchoSpacing": 0.000590001,
    "FlipAngle": 90,
    "ImageOrientationPatientDICOM": [
      0.999963,
      0.00164872,
      0.00840308,
      -3.84932e-08,
      0.981291,
      -0.192529
    ],
    "ImageType": [
      "ORIGINAL",
      "PRIMARY",
      "M",
      "ND",
      "MOSAIC"
    ],
    "InPlanePhaseEncodingDirectionDICOM": "COL",
    "InstitutionAddress": "Cooper_60_St._Lucia_QLD_AU_4072",
    "InstitutionName": "St_Lucia_Campus",
    "InstitutionalDepartmentName": "Gehrmann_Labs_MRI",
    "MRAcquisitionType": "2D",
    "MagneticFieldStrength": 3,
    "Manufacturer": "Siemens",
    "ManufacturersModelName": "TrioTim",
    "Modality": "MR",
    "PartialFourier": 1,
    "PatientPosition": "HFS",
    "PercentPhaseFOV": 100,
    "PhaseEncodingDirection": "j-",
    "PhaseEncodingSteps": 64,
    "PhaseResolution": 1,
    "PixelBandwidth": 1905,
    "ProcedureStepDescription": "Brain_-_UQ_fMRI",
    "ProtocolName": "OLVSL_R7",
    "PulseSequenceDetails": "%SiemensSeq%_ep2d_pace",
    "ReceiveCoilName": "32Ch_Head",
    "ReconMatrixPE": 64,
    "RepetitionTime": 2,
    "SAR": 0.170498,
    "ScanOptions": "FS",
    "ScanningSequence": "EP",
    "SequenceName": "_epfid2d1_64",
    "SequenceVariant": "SK",
    "SeriesDescription": "OLVSL_R7",
    "SeriesNumber": 9,
    "ShimSetting": [
      6843,
      -11241,
      -2139,
      780,
      56,
      594,
      -65,
      15
    ],
    "SliceThickness": 3,
    "SliceTiming": [
      0,
      1.025,
      0.06,
      1.085,
      0.12,
      1.145,
      0.1825,
      1.205,
      0.2425,
      1.265,
      0.3025,
      1.325,
      0.3625,
      1.385,
      0.4225,
      1.445,
      0.4825,
      1.505,
      0.5425,
      1.5675,
      0.6025,
      1.6275,
      0.6625,
      1.6875,
      0.7225,
      1.7475,
      0.7825,
      1.8075,
      0.8425,
      1.8675,
      0.905,
      1.9275,
      0.965
    ],
    "SoftwareVersions": "syngo_MR_B17",
    "SpacingBetweenSlices": 3.3,
    "StationName": "mrc_Trio",
    "TaskName": "learn",
    "TotalReadoutTime": 0.0371701,
    "TxRefAmp": 323.511,
    "dataset": "ds001241",
    "modality": "bold",
    "run_id": 7,
    "subject_id": "23",
    "task_id": "learn"
  },
  "dummy_trs": 1,
  "dvars_nstd": 23.659588245821922,
  "dvars_std": 1.256213576164384,
  "dvars_vstd": 0.9981209574657539,
  "efc": 0.5758464950468634,
  "fber": 626.495849609375,
  "fd_mean": 0.13583083678214747,
  "fd_num": 18,
  "fd_perc": 12.244897959183673,
  "fwhm_avg": 2.508263446585612,
  "fwhm_x": 2.4094700000000002,
  "fwhm_y": 2.5736233333333334,
  "fwhm_z": 2.5416970064235027,
  "gcor": 0.0164929,
  "gsr_x": -0.013976226560771465,
  "gsr_y": 0.07956714928150177,
  "provenance": {
    "md5sum": "11a6d791f263a0e74390cac180089167",
    "settings": {
      "fd_thres": 0.2,
      "testing": false
    },
    "software": "mriqc",
    "version": "22.0.6",
    "webapi_port": null,
    "webapi_url": "https://mriqc.nimh.nih.gov/api/v1"
  },
  "size_t": 147,
  "size_x": 64,
  "size_y": 64,
  "size_z": 33,
  "snr": 3.307713428298956,
  "spacing_tr": 2.0,
  "spacing_x": 3.0,
  "spacing_y": 3.0,
  "spacing_z": 3.299999952316284,
  "summary_bg_k": 29.295590200117537,
  "summary_bg_mad": 6.343920989138252,
  "summary_bg_mean": 48.53157043457031,
  "summary_bg_median": 24.02040672302246,
  "summary_bg_n": 73801.0,
  "summary_bg_p05": 19.238094329833984,
  "summary_bg_p95": 178.35374450683594,
  "summary_bg_stdv": 67.99124145507812,
  "summary_fg_k": 2.361406670400588,
  "summary_fg_mad": 161.90119838113657,
  "summary_fg_mean": 639.6852416992188,
  "summary_fg_median": 606.9251708984375,
  "summary_fg_n": 30730.0,
  "summary_fg_p05": 414.8006790161133,
  "summary_fg_p95": 982.5244537353516,
  "summary_fg_stdv": 183.48484802246094,
  "tsnr": 84.15441208798438
}