{
  "aor": 0.0019421088435374152,
  "aqi": 0.0011701343605442175,
  "bids_meta": {
    "AcquisitionMatrixPE": 64,
    "AcquisitionNumber": 1,
    "AcquisitionTime": "13:23:36.152500",
    "BandwidthPerPixelPhaseEncode": 26.483,
    "BaseResolution": 64,
    "ConversionSoftware": "dcm2niix",
    "ConversionSoftwareVersion": "v1.0.20171215 Clang9.0.0",
    "DerivedVendorReportedEchoSpacing": 0.000590001,
    "DeviceSerialNumber": "35410",
    "DwellTime": 4.1e-06,
    "EchoTime": 0.026,
    "EffectiveEchoSpacing": 0.000590001,
    "FlipAngle": 90,
    "ImageOrientationPatientDICOM": [
      0.999663,
      0.00244462,
      0.0258494,
      -4.37999e-09,
      0.995558,
      -0.0941513
    ],
    "ImageType": [
      "ORIGINAL",
      "PRIMARY",
      "M",
      "ND",
      "MOSAIC"
    ],
    "InPlanePhaseEncodingDirectionDICOM": "COL",
    "InstitutionAddress": "Cooper_60_St._Lucia_QLD_AU_4072",
    "InstitutionName": "Centre_for_Advanced_Imaging",
    "InstitutionalDepartmentName": "Gehrmann_Labs_MRI",
    "MRAcquisitionType": "2D",
    "MagneticFieldStrength": 3,
    "Manufacturer": "Siemens",
    "ManufacturersModelName": "TrioTim",
    "Modality": "MR",
    "PartialFourier": 1,
    "PatientPosition": "HFS",
    "PercentPhaseFOV": 100,
    "PhaseEncodingDirection": "j-",
    "PhaseEncodingSteps": 64,
    "PhaseResolution": 1,
    "PixelBandwidth": 1905,
    "ProcedureStepDescription": "Brain_-_UQ_fMRI",
    "ProtocolName": "OLVSL_R6",
    "PulseSequenceDetails": "%SiemensSeq%_ep2d_pace",
    "ReceiveCoilName": "32Ch_Head",
    "ReconMatrixPE": 64,
    "RepetitionTime": 2,
    "SAR": 0.17941,
    "ScanOptions": "FS",
    "ScanningSequence": "EP",
    "SequenceName": "_epfid2d1_64",
    "SequenceVariant": "SK",
    "SeriesDescription": "OLVSL_R6",
    "SeriesNumber": 8,
    "ShimSetting": [
      6822,
      -11411,
      -2117,
      934,
      14,
      80,
      128,
      30
    ],
    "SliceThickness": 3,
    "SliceTiming": [
      0,
      1.025,
      0.0625,
      1.085,
      0.1225,
      1.145,
      0.1825,
      1.205,
      0.2425,
      1.265,
      0.3025,
      1.325,
      0.3625,
      1.3875,
      0.4225,
      1.4475,
      0.4825,
      1.5075,
      0.5425,
      1.5675,
      0.6025,
      1.6275,
      0.6625,
      1.6875,
      0.725,
      1.7475,
      0.785,
      1.8075,
      0.845,
      1.8675,
      0.905,
      1.9275,
      0.965
    ],
    "SoftwareVersions": "syngo_MR_B17",
    "SpacingBetweenSlices": 3.3,
    "StationName": "mrc_Trio",
    "TaskName": "learn",
    "TotalReadoutTime": 0.0371701,
    "TxRefAmp": 346.956,
    "dataset": "ds001241",
    "modality": "bold",
    "run_id": 6,
    "subject_id": "17",
    "task_id": "learn"
  },
  "dummy_trs": 1,
  "dvars_nstd": 18.32100531856164,
  "dvars_std": 1.1986112843835621,
  "dvars_vstd": 1.0205503502739723,
  "efc": 0.642844765298338,
  "fber": 420.0689697265625,
  "fd_mean": 0.13804979241062845,
  "fd_num": 25,
  "fd_perc": 17.006802721088434,
  "fwhm_avg": 2.4848292040215,
  "fwhm_x": 2.3564700000000003,
  "fwhm_y": 2.58536,
  "fwhm_z": 2.5126576120645003,
  "gcor": 0.0394939,
  "gsr_x": -0.012768502347171307,
  "gsr_y": 0.08739585429430008,
  "provenance": {
    "md5sum": "eead0185a78c6a25b5b7be65187808f4",
    "settings": {
      "fd_thres": 0.2,
      "testing": false
    },
    "software": "mriqc",
    "version": "22.0.6",
    "webapi_port": null,
    "webapi_url": "https://mriqc.nimh.nih.gov/api/v1"
  },
  "size_t": 147,
  "size_x": 64,
  "size_y": 64,
  "size_z": 33,
  "snr": 3.3217453492291495,
  "spacing_tr": 2.0,
  "spacing_x": 3.0,
  "spacing_y": 3.0,
  "spacing_z": 3.299999952316284,
  "summary_bg_k": 15.184935443446932,
  "summary_bg_mad": 11.285932154609345,
  "summary_bg_mean": 56.82025146484375,
  "summary_bg_median": 28.86394500732422,
  "summary_bg_n": 60873.0,
  "summary_bg_p05": 20.510204315185547,
  "summary_bg_p95": 204.5265258789062,
  "summary_bg_stdv": 70.0799331665039,
  "summary_fg_k": 0.6247844664248592,
  "summary_fg_mad": 172.8694369279616,
  "summary_fg_mean": 650.5433959960938,
  "summary_fg_median": 617.10205078125,
  "summary_fg_n": 40511.0,
  "summary_fg_p05": 407.149658203125,
  "summary_fg_p95": 1000.3707275390625,
  "summary_fg_stdv": 185.77415466308594,
  "tsnr": 106.26197158265859
}