{
  "aor": 0.0021962837837837834,
  "aqi": 0.001957192804054054,
  "bids_meta": {
    "AcquisitionMatrixPE": 64,
    "AcquisitionNumber": 1,
    "AcquisitionTime": "13:34:38.465000",
    "BandwidthPerPixelPhaseEncode": 26.483,
    "BaseResolution": 64,
    "ConversionSoftware": "dcm2niix",
    "ConversionSoftwareVersion": "v1.0.20171215 Clang9.0.0",
    "DerivedVendorReportedEchoSpacing": 0.000590001,
    "DeviceSerialNumber": "35410",
    "DwellTime": 4.1e-06,
    "EchoTime": 0.026,
    "EffectiveEchoSpacing": 0.000590001,
    "FlipAngle": 90,
    "ImageOrientationPatientDICOM": [
      0.999663,
      0.00244462,
      0.0258494,
      -4.37999e-09,
      0.995558,
      -0.0941513
    ],
    "ImageType": [
      "ORIGINAL",
      "PRIMARY",
      "M",
      "ND",
      "MOSAIC"
    ],
    "InPlanePhaseEncodingDirectionDICOM": "COL",
    "InstitutionAddress": "Cooper_60_St._Lucia_QLD_AU_4072",
    "InstitutionName": "Centre_for_Advanced_Imaging",
    "InstitutionalDepartmentName": "Gehrmann_Labs_MRI",
    "MRAcquisitionType": "2D",
    "MagneticFieldStrength": 3,
    "Manufacturer": "Siemens",
    "ManufacturersModelName": "TrioTim",
    "Modality": "MR",
    "PartialFourier": 1,
    "PatientPosition": "HFS",
    "PercentPhaseFOV": 100,
    "PhaseEncodingDirection": "j-",
    "PhaseEncodingSteps": 64,
    "PhaseResolution": 1,
    "PixelBandwidth": 1905,
    "ProcedureStepDescription": "Brain_-_UQ_fMRI",
    "ProtocolName": "OLVSL_R8",
    "PulseSequenceDetails": "%SiemensSeq%_ep2d_pace",
    "ReceiveCoilName": "32Ch_Head",
    "ReconMatrixPE": 64,
    "RepetitionTime": 2,
    "SAR": 0.17941,
    "ScanOptions": "FS",
    "ScanningSequence": "EP",
    "SequenceName": "_epfid2d1_64",
    "SequenceVariant": "SK",
    "SeriesDescription": "OLVSL_R8",
    "SeriesNumber": 10,
    "ShimSetting": [
      6822,
      -11411,
      -2117,
      934,
      14,
      80,
      128,
      30
    ],
    "SliceThickness": 3,
    "SliceTiming": [
      0,
      1.025,
      0.06,
      1.085,
      0.12,
      1.145,
      0.18,
      1.205,
      0.2425,
      1.265,
      0.3025,
      1.325,
      0.3625,
      1.385,
      0.4225,
      1.445,
      0.4825,
      1.505,
      0.5425,
      1.5675,
      0.6025,
      1.6275,
      0.6625,
      1.6875,
      0.7225,
      1.7475,
      0.7825,
      1.8075,
      0.8425,
      1.8675,
      0.905,
      1.9275,
      0.965
    ],
    "SoftwareVersions": "syngo_MR_B17",
    "SpacingBetweenSlices": 3.3,
    "StationName": "mrc_Trio",
    "TaskName": "learn",
    "TotalReadoutTime": 0.0371701,
    "TxRefAmp": 346.956,
    "dataset": "ds001241",
    "modality": "bold",
    "run_id": 8,
    "subject_id": "17",
    "task_id": "learn"
  },
  "dummy_trs": 0,
  "dvars_nstd": 18.62640536544219,
  "dvars_std": 1.1353725920408164,
  "dvars_vstd": 0.9762917397278906,
  "efc": 0.6425139827822219,
  "fber": 421.9005126953125,
  "fd_mean": 0.15201136293143833,
  "fd_num": 37,
  "fd_perc": 25.0,
  "fwhm_avg": 2.4867372849077256,
  "fwhm_x": 2.3539333333333334,
  "fwhm_y": 2.5773966666666666,
  "fwhm_z": 2.528881854723177,
  "gcor": 0.0376957,
  "gsr_x": -0.01131328847259283,
  "gsr_y": 0.08916213363409042,
  "provenance": {
    "md5sum": "b8d6ec2bce925d2588b0df01da624b75",
    "settings": {
      "fd_thres": 0.2,
      "testing": false
    },
    "software": "mriqc",
    "version": "22.0.6",
    "webapi_port": null,
    "webapi_url": "https://mriqc.nimh.nih.gov/api/v1"
  },
  "size_t": 148,
  "size_x": 64,
  "size_y": 64,
  "size_z": 33,
  "snr": 3.331148073048165,
  "spacing_tr": 2.0,
  "spacing_x": 3.0,
  "spacing_y": 3.0,
  "spacing_z": 3.299999952316284,
  "summary_bg_k": 14.86176161729971,
  "summary_bg_mad": 11.249744294902053,
  "summary_bg_mean": 56.380828857421875,
  "summary_bg_median": 28.75,
  "summary_bg_n": 60863.0,
  "summary_bg_p05": 20.466217041015625,
  "summary_bg_p95": 203.99122772216785,
  "summary_bg_stdv": 69.01640319824219,
  "summary_fg_k": 0.6531913117250605,
  "summary_fg_mad": 172.0419432764037,
  "summary_fg_mean": 649.4172973632812,
  "summary_fg_median": 615.8851318359375,
  "summary_fg_n": 40425.0,
  "summary_fg_p05": 408.04189453125,
  "summary_fg_p95": 998.5311157226562,
  "summary_fg_stdv": 184.88446044921875,
  "tsnr": 88.24649868998677
}