{
  "aor": 0.0017151351351351353,
  "aqi": 0.0016014080675675676,
  "bids_meta": {
    "AcquisitionMatrixPE": 64,
    "AcquisitionNumber": 1,
    "AcquisitionTime": "13:12:34.187500",
    "BandwidthPerPixelPhaseEncode": 26.483,
    "BaseResolution": 64,
    "ConversionSoftware": "dcm2niix",
    "ConversionSoftwareVersion": "v1.0.20171215 Clang9.0.0",
    "DerivedVendorReportedEchoSpacing": 0.000590001,
    "DeviceSerialNumber": "35410",
    "DwellTime": 4.1e-06,
    "EchoTime": 0.026,
    "EffectiveEchoSpacing": 0.000590001,
    "FlipAngle": 90,
    "ImageOrientationPatientDICOM": [
      0.999663,
      0.00244462,
      0.0258494,
      -4.37999e-09,
      0.995558,
      -0.0941513
    ],
    "ImageType": [
      "ORIGINAL",
      "PRIMARY",
      "M",
      "ND",
      "MOSAIC"
    ],
    "InPlanePhaseEncodingDirectionDICOM": "COL",
    "InstitutionAddress": "Cooper_60_St._Lucia_QLD_AU_4072",
    "InstitutionName": "Centre_for_Advanced_Imaging",
    "InstitutionalDepartmentName": "Gehrmann_Labs_MRI",
    "MRAcquisitionType": "2D",
    "MagneticFieldStrength": 3,
    "Manufacturer": "Siemens",
    "ManufacturersModelName": "TrioTim",
    "Modality": "MR",
    "PartialFourier": 1,
    "PatientPosition": "HFS",
    "PercentPhaseFOV": 100,
    "PhaseEncodingDirection": "j-",
    "PhaseEncodingSteps": 64,
    "PhaseResolution": 1,
    "PixelBandwidth": 1905,
    "ProcedureStepDescription": "Brain_-_UQ_fMRI",
    "ProtocolName": "OLVSL_R5",
    "PulseSequenceDetails": "%SiemensSeq%_ep2d_pace",
    "ReceiveCoilName": "32Ch_Head",
    "ReconMatrixPE": 64,
    "RepetitionTime": 2,
    "SAR": 0.17941,
    "ScanOptions": "FS",
    "ScanningSequence": "EP",
    "SequenceName": "_epfid2d1_64",
    "SequenceVariant": "SK",
    "SeriesDescription": "OLVSL_R5",
    "SeriesNumber": 6,
    "ShimSetting": [
      6822,
      -11411,
      -2117,
      934,
      14,
      80,
      128,
      30
    ],
    "SliceThickness": 3,
    "SliceTiming": [
      0,
      1.025,
      0.06,
      1.085,
      0.12,
      1.145,
      0.1825,
      1.205,
      0.2425,
      1.265,
      0.3025,
      1.325,
      0.3625,
      1.385,
      0.4225,
      1.445,
      0.4825,
      1.505,
      0.5425,
      1.5675,
      0.6025,
      1.6275,
      0.6625,
      1.6875,
      0.7225,
      1.7475,
      0.7825,
      1.8075,
      0.845,
      1.8675,
      0.905,
      1.9275,
      0.965
    ],
    "SoftwareVersions": "syngo_MR_B17",
    "SpacingBetweenSlices": 3.3,
    "StationName": "mrc_Trio",
    "TaskName": "learn",
    "TotalReadoutTime": 0.0371701,
    "TxRefAmp": 346.956,
    "dataset": "ds001241",
    "modality": "bold",
    "run_id": 5,
    "subject_id": "17",
    "task_id": "learn"
  },
  "dummy_trs": 0,
  "dvars_nstd": 18.803830996870758,
  "dvars_std": 1.1720422621088433,
  "dvars_vstd": 0.9971803060544214,
  "efc": 0.6440410345065789,
  "fber": 413.0561828613281,
  "fd_mean": 0.15190086366373867,
  "fd_num": 35,
  "fd_perc": 23.64864864864865,
  "fwhm_avg": 2.4913779919762433,
  "fwhm_x": 2.35354,
  "fwhm_y": 2.592166666666667,
  "fwhm_z": 2.5284273092620633,
  "gcor": 0.0464989,
  "gsr_x": -0.01427245419472456,
  "gsr_y": 0.08672718703746796,
  "provenance": {
    "md5sum": "49248974c1866d7bb0dbd7e5744f086b",
    "settings": {
      "fd_thres": 0.2,
      "testing": false
    },
    "software": "mriqc",
    "version": "22.0.6",
    "webapi_port": null,
    "webapi_url": "https://mriqc.nimh.nih.gov/api/v1"
  },
  "size_t": 148,
  "size_x": 64,
  "size_y": 64,
  "size_z": 33,
  "snr": 3.3311435025916576,
  "spacing_tr": 2.0,
  "spacing_x": 3.0,
  "spacing_y": 3.0,
  "spacing_z": 3.299999952316284,
  "summary_bg_k": 15.769738253187427,
  "summary_bg_mad": 11.78067960971201,
  "summary_bg_mean": 57.23308563232422,
  "summary_bg_median": 29.20270347595215,
  "summary_bg_n": 60692.0,
  "summary_bg_p05": 20.20945930480957,
  "summary_bg_p95": 206.7364959716797,
  "summary_bg_stdv": 71.03485870361328,
  "summary_fg_k": 0.6010319677380052,
  "summary_fg_mad": 173.34424246021862,
  "summary_fg_mean": 653.0140380859375,
  "summary_fg_median": 619.79052734375,
  "summary_fg_n": 40600.0,
  "summary_fg_p05": 409.4658798217773,
  "summary_fg_p95": 1003.231427001953,
  "summary_fg_stdv": 186.05709838867188,
  "tsnr": 94.4386528339237
}