{
  "aor": 0.0014703401360544217,
  "aqi": 0.0013863333401360543,
  "bids_meta": {
    "AcquisitionMatrixPE": 64,
    "AcquisitionNumber": 1,
    "AcquisitionTime": "12:56:8.555000",
    "BandwidthPerPixelPhaseEncode": 26.483,
    "BaseResolution": 64,
    "ConversionSoftware": "dcm2niix",
    "ConversionSoftwareVersion": "v1.0.20171215 Clang9.0.0",
    "DerivedVendorReportedEchoSpacing": 0.000590001,
    "DeviceSerialNumber": "35410",
    "DwellTime": 4.1e-06,
    "EchoTime": 0.026,
    "EffectiveEchoSpacing": 0.000590001,
    "FlipAngle": 90,
    "ImageOrientationPatientDICOM": [
      0.999663,
      0.00244462,
      0.0258494,
      -4.37999e-09,
      0.995558,
      -0.0941513
    ],
    "ImageType": [
      "ORIGINAL",
      "PRIMARY",
      "M",
      "ND",
      "MOSAIC"
    ],
    "InPlanePhaseEncodingDirectionDICOM": "COL",
    "InstitutionAddress": "Cooper_60_St._Lucia_QLD_AU_4072",
    "InstitutionName": "Centre_for_Advanced_Imaging",
    "InstitutionalDepartmentName": "Gehrmann_Labs_MRI",
    "MRAcquisitionType": "2D",
    "MagneticFieldStrength": 3,
    "Manufacturer": "Siemens",
    "ManufacturersModelName": "TrioTim",
    "Modality": "MR",
    "PartialFourier": 1,
    "PatientPosition": "HFS",
    "PercentPhaseFOV": 100,
    "PhaseEncodingDirection": "j-",
    "PhaseEncodingSteps": 64,
    "PhaseResolution": 1,
    "PixelBandwidth": 1905,
    "ProcedureStepDescription": "Brain_-_UQ_fMRI",
    "ProtocolName": "OLVSL_R2",
    "PulseSequenceDetails": "%SiemensSeq%_ep2d_pace",
    "ReceiveCoilName": "32Ch_Head",
    "ReconMatrixPE": 64,
    "RepetitionTime": 2,
    "SAR": 0.17941,
    "ScanOptions": "FS",
    "ScanningSequence": "EP",
    "SequenceName": "_epfid2d1_64",
    "SequenceVariant": "SK",
    "SeriesDescription": "OLVSL_R2",
    "SeriesNumber": 3,
    "ShimSetting": [
      6822,
      -11411,
      -2117,
      934,
      14,
      80,
      128,
      30
    ],
    "SliceThickness": 3,
    "SliceTiming": [
      0,
      1.0225,
      0.06,
      1.0825,
      0.12,
      1.1425,
      0.18,
      1.205,
      0.24,
      1.265,
      0.3,
      1.325,
      0.36,
      1.385,
      0.42,
      1.445,
      0.48,
      1.505,
      0.5425,
      1.565,
      0.6025,
      1.625,
      0.6625,
      1.685,
      0.7225,
      1.745,
      0.7825,
      1.805,
      0.8425,
      1.865,
      0.9025,
      1.9275,
      0.9625
    ],
    "SoftwareVersions": "syngo_MR_B17",
    "SpacingBetweenSlices": 3.3,
    "StationName": "mrc_Trio",
    "TaskName": "learn",
    "TotalReadoutTime": 0.0371701,
    "TxRefAmp": 346.956,
    "dataset": "ds001241",
    "modality": "bold",
    "run_id": 2,
    "subject_id": "17",
    "task_id": "learn"
  },
  "dummy_trs": 1,
  "dvars_nstd": 19.889217788424656,
  "dvars_std": 1.2073142450684933,
  "dvars_vstd": 1.0110571113013698,
  "efc": 0.6392950220489256,
  "fber": 435.30987548828125,
  "fd_mean": 0.15285388783979223,
  "fd_num": 32,
  "fd_perc": 21.768707482993197,
  "fwhm_avg": 2.4926132445244984,
  "fwhm_x": 2.3529733333333334,
  "fwhm_y": 2.5916633333333334,
  "fwhm_z": 2.533203066906829,
  "gcor": 0.0351568,
  "gsr_x": -0.00925207044929266,
  "gsr_y": 0.08935151249170303,
  "provenance": {
    "md5sum": "80d6342010219c36aff5430f998eb2ad",
    "settings": {
      "fd_thres": 0.2,
      "testing": false
    },
    "software": "mriqc",
    "version": "22.0.6",
    "webapi_port": null,
    "webapi_url": "https://mriqc.nimh.nih.gov/api/v1"
  },
  "size_t": 147,
  "size_x": 64,
  "size_y": 64,
  "size_z": 33,
  "snr": 3.3301587559427994,
  "spacing_tr": 2.0,
  "spacing_x": 3.0,
  "spacing_y": 3.0,
  "spacing_z": 3.299999952316284,
  "summary_bg_k": 17.366249613107342,
  "summary_bg_mad": 10.670701777674308,
  "summary_bg_mean": 54.569950103759766,
  "summary_bg_median": 28.108842849731445,
  "summary_bg_n": 61147.0,
  "summary_bg_p05": 20.12925148010254,
  "summary_bg_p95": 195.4210815429686,
  "summary_bg_stdv": 67.99417877197266,
  "summary_fg_k": 0.6188184574316633,
  "summary_fg_mad": 171.14472641870822,
  "summary_fg_mean": 644.8472290039062,
  "summary_fg_median": 611.89794921875,
  "summary_fg_n": 40259.0,
  "summary_fg_p05": 406.06666259765626,
  "summary_fg_p95": 991.7462219238281,
  "summary_fg_stdv": 183.74209594726562,
  "tsnr": 100.32031365996227
}