{
  "bids_meta": {
    "AcquisitionMatrixPE": 256,
    "AcquisitionNumber": 1,
    "AcquisitionTime": "13:19:29.272500",
    "BaseResolution": 256,
    "ConversionSoftware": "dcm2niix",
    "ConversionSoftwareVersion": "v1.0.20171215 Clang9.0.0",
    "DeviceSerialNumber": "35410",
    "DwellTime": 9.8e-06,
    "EchoTime": 0.00232,
    "FlipAngle": 9,
    "ImageOrientationPatientDICOM": [
      0.0104736,
      0.999945,
      -3.4518e-08,
      0.034894,
      -0.00036552,
      -0.999391
    ],
    "ImageType": [
      "ORIGINAL",
      "PRIMARY",
      "M",
      "ND",
      "NORM"
    ],
    "InPlanePhaseEncodingDirectionDICOM": "ROW",
    "InstitutionAddress": "Cooper_60_St._Lucia_QLD_AU_4072",
    "InstitutionName": "St_Lucia_Campus",
    "InstitutionalDepartmentName": "Gehrmann_Labs_MRI",
    "Interpolation2D": 1,
    "InversionTime": 0.9,
    "MRAcquisitionType": "3D",
    "MagneticFieldStrength": 3,
    "Manufacturer": "Siemens",
    "ManufacturersModelName": "TrioTim",
    "Modality": "MR",
    "ParallelReductionFactorInPlane": 2,
    "PartialFourier": 1,
    "PatientPosition": "HFS",
    "PercentPhaseFOV": 100,
    "PhaseEncodingSteps": 255,
    "PhaseResolution": 1,
    "PixelBandwidth": 199,
    "ProcedureStepDescription": "Brain_-_UQ_fMRI",
    "ProtocolName": "t1_mpr_sag_p2_iso_0.9",
    "PulseSequenceDetails": "%SiemensSeq%_tfl",
    "ReceiveCoilName": "32Ch_Head",
    "ReconMatrixPE": 512,
    "RepetitionTime": 1.9,
    "SAR": 0.116129,
    "ScanOptions": "IR",
    "ScanningSequence": "GR_IR",
    "SequenceName": "_tfl3d1_ns",
    "SequenceVariant": "SP_MP",
    "SeriesDescription": "t1_mpr_sag_p2_iso_0.9",
    "SeriesNumber": 7,
    "ShimSetting": [
      6825,
      -11255,
      -2613,
      -72,
      38,
      19,
      -121,
      14
    ],
    "SliceThickness": 0.9,
    "SoftwareVersions": "syngo_MR_B17",
    "StationName": "mrc_Trio",
    "TxRefAmp": 323.511,
    "dataset": "ds001241",
    "modality": "T1w",
    "subject_id": "23"
  },
  "cjv": 0.31270281434339087,
  "cnr": 4.389159106995331,
  "efc": 0.5089288001225288,
  "fber": 21353.559387755104,
  "fwhm_avg": 7.961375295127681,
  "fwhm_x": 4.682390148185756,
  "fwhm_y": 9.997556869565217,
  "fwhm_z": 9.20417886763207,
  "icvs_csf": 0.24432924054812757,
  "icvs_gm": 0.404973847717883,
  "icvs_wm": 0.3506969117339895,
  "inu_med": 0.44422513246536255,
  "inu_range": 0.14454516172409054,
  "provenance": {
    "md5sum": "93212b1d7d003bac3d2f4981340b38b5",
    "settings": {
      "testing": false
    },
    "software": "mriqc",
    "version": "22.0.6",
    "warnings": {
      "large_rot_frame": true,
      "small_air_mask": false
    },
    "webapi_port": null,
    "webapi_url": "https://mriqc.nimh.nih.gov/api/v1"
  },
  "qi_1": 0.0,
  "qi_2": 0.013138674448407184,
  "rpve_csf": 20.975793495157944,
  "rpve_gm": 12.457405290288305,
  "rpve_wm": 16.58334439864879,
  "size_x": 192,
  "size_y": 512,
  "size_z": 512,
  "snr_csf": 3.438434409521071,
  "snr_gm": 16.70885677490621,
  "snr_total": 14.992867509598389,
  "snr_wm": 24.831311344367883,
  "snrd_csf": 23.16592649123885,
  "snrd_gm": 60.06191597041056,
  "snrd_total": 54.95437804035103,
  "snrd_wm": 81.63529165940368,
  "spacing_x": 0.9000040292739868,
  "spacing_y": 0.44921875,
  "spacing_z": 0.4492187798023224,
  "summary_bg_k": 697.7198788737893,
  "summary_bg_mad": 0.0,
  "summary_bg_mean": 4.123921490981409,
  "summary_bg_median": 0.0,
  "summary_bg_n": 13399800.0,
  "summary_bg_p05": 0.0,
  "summary_bg_p95": 16.094196639955044,
  "summary_bg_stdv": 8.025161656019236,
  "summary_csf_k": 0.7777856141849289,
  "summary_csf_mad": 72.15200092189927,
  "summary_csf_mean": 293.84920180887974,
  "summary_csf_median": 283.77343253046274,
  "summary_csf_n": 564883.0,
  "summary_csf_p05": 175.29436686635017,
  "summary_csf_p95": 442.9736027568579,
  "summary_csf_stdv": 82.52976429203777,
  "summary_gm_k": 0.18410293408709588,
  "summary_gm_mad": 43.539110076708006,
  "summary_gm_mean": 735.2451401755868,
  "summary_gm_median": 735.734703540802,
  "summary_gm_n": 364830.0,
  "summary_gm_p05": 662.7534438855946,
  "summary_gm_p95": 806.3819563239813,
  "summary_gm_stdv": 44.03255741108904,
  "summary_wm_k": 0.39087781609767225,
  "summary_wm_mad": 39.09739777944005,
  "summary_wm_mean": 1000.8143248614265,
  "summary_wm_median": 1000.0000189319253,
  "summary_wm_n": 1221353.0,
  "summary_wm_p05": 936.3199508413672,
  "summary_wm_p95": 1068.1042493022978,
  "summary_wm_stdv": 40.27171967205004,
  "tpm_overlap_csf": 0.14296699821669193,
  "tpm_overlap_gm": 0.44216664336536715,
  "tpm_overlap_wm": 0.5014778271700505,
  "wm2max": 0.5316615116774397
}