{
  "aor": 0.0011512162162162162,
  "aqi": 0.0010500131689189192,
  "bids_meta": {
    "AcquisitionMatrixPE": 64,
    "AcquisitionNumber": 1,
    "AcquisitionTime": "14:35:26.625000",
    "BandwidthPerPixelPhaseEncode": 26.483,
    "BaseResolution": 64,
    "ConversionSoftware": "dcm2niix",
    "ConversionSoftwareVersion": "v1.0.20171215 Clang9.0.0",
    "DerivedVendorReportedEchoSpacing": 0.000590001,
    "DeviceSerialNumber": "35410",
    "DwellTime": 4.1e-06,
    "EchoTime": 0.026,
    "EffectiveEchoSpacing": 0.000590001,
    "FlipAngle": 90,
    "ImageOrientationPatientDICOM": [
      1,
      0,
      0,
      0,
      0.996637,
      -0.0819385
    ],
    "ImageType": [
      "ORIGINAL",
      "PRIMARY",
      "M",
      "ND",
      "MOSAIC"
    ],
    "InPlanePhaseEncodingDirectionDICOM": "COL",
    "InstitutionAddress": "Cooper_60_St._Lucia_QLD_AU_4072",
    "InstitutionName": "School_of_Psychology",
    "InstitutionalDepartmentName": "Gehrmann_Labs_MRI",
    "MRAcquisitionType": "2D",
    "MagneticFieldStrength": 3,
    "Manufacturer": "Siemens",
    "ManufacturersModelName": "TrioTim",
    "Modality": "MR",
    "PartialFourier": 1,
    "PatientPosition": "HFS",
    "PercentPhaseFOV": 100,
    "PhaseEncodingDirection": "j-",
    "PhaseEncodingSteps": 64,
    "PhaseResolution": 1,
    "PixelBandwidth": 1905,
    "ProcedureStepDescription": "Brain_-_UQ_fMRI",
    "ProtocolName": "OLVSL_R10",
    "PulseSequenceDetails": "%SiemensSeq%_ep2d_pace",
    "ReceiveCoilName": "32Ch_Head",
    "ReconMatrixPE": 64,
    "RepetitionTime": 2,
    "SAR": 0.166231,
    "ScanOptions": "FS",
    "ScanningSequence": "EP",
    "SequenceName": "_epfid2d1_64",
    "SequenceVariant": "SK",
    "SeriesDescription": "OLVSL_R10",
    "SeriesNumber": 12,
    "ShimSetting": [
      6777,
      -11357,
      -2124,
      886,
      -167,
      -238,
      -136,
      -27
    ],
    "SliceThickness": 3,
    "SliceTiming": [
      0,
      1.0225,
      0.06,
      1.0825,
      0.12,
      1.1425,
      0.18,
      1.2025,
      0.24,
      1.2625,
      0.3,
      1.3225,
      0.36,
      1.385,
      0.42,
      1.445,
      0.48,
      1.505,
      0.54,
      1.565,
      0.6,
      1.625,
      0.66,
      1.685,
      0.7225,
      1.745,
      0.7825,
      1.805,
      0.8425,
      1.865,
      0.9025,
      1.925,
      0.9625
    ],
    "SoftwareVersions": "syngo_MR_B17",
    "SpacingBetweenSlices": 3.3,
    "StationName": "mrc_Trio",
    "TaskName": "learn",
    "TotalReadoutTime": 0.0371701,
    "TxRefAmp": 328.445,
    "dataset": "ds001241",
    "modality": "bold",
    "run_id": 10,
    "subject_id": "20",
    "task_id": "learn"
  },
  "dummy_trs": 0,
  "dvars_nstd": 18.030213466258516,
  "dvars_std": 1.2275805564625848,
  "dvars_vstd": 0.9965473062585034,
  "efc": 0.5716663820577328,
  "fber": 614.3165893554688,
  "fd_mean": 0.05268086031724959,
  "fd_num": 0,
  "fd_perc": 0.0,
  "fwhm_avg": 3.3971169859756967,
  "fwhm_x": 3.2786933333333335,
  "fwhm_y": 3.5328999999999997,
  "fwhm_z": 3.379757624593758,
  "gcor": 0.0392943,
  "gsr_x": -0.021846842020750046,
  "gsr_y": 0.10274529457092285,
  "provenance": {
    "md5sum": "7e1e7fca8815c9c8940cec427e8c46c0",
    "settings": {
      "fd_thres": 0.2,
      "testing": false
    },
    "software": "mriqc",
    "version": "22.0.6",
    "webapi_port": null,
    "webapi_url": "https://mriqc.nimh.nih.gov/api/v1"
  },
  "size_t": 148,
  "size_x": 64,
  "size_y": 64,
  "size_z": 33,
  "snr": 2.3004858548025107,
  "spacing_tr": 2.0,
  "spacing_x": 3.0,
  "spacing_y": 3.0,
  "spacing_z": 3.299999952316284,
  "summary_bg_k": 30.275112610500237,
  "summary_bg_mad": 8.064155028756833,
  "summary_bg_mean": 56.13886642456055,
  "summary_bg_median": 26.378379821777344,
  "summary_bg_n": 70595.0,
  "summary_bg_p05": 20.41216278076172,
  "summary_bg_p95": 199.13514709472656,
  "summary_bg_stdv": 84.6727294921875,
  "summary_fg_k": 2.999836033135339,
  "summary_fg_mad": 216.18944672706732,
  "summary_fg_mean": 738.2482299804688,
  "summary_fg_median": 667.7026977539062,
  "summary_fg_n": 33197.0,
  "summary_fg_p05": 421.55272216796874,
  "summary_fg_p95": 1350.8311035156246,
  "summary_fg_stdv": 290.2398376464844,
  "tsnr": 112.45711608789861
}