{
  "aor": 0.001165578231292517,
  "aqi": 0.001225088326530612,
  "bids_meta": {
    "AcquisitionMatrixPE": 64,
    "AcquisitionNumber": 1,
    "AcquisitionTime": "14:13:21.827500",
    "BandwidthPerPixelPhaseEncode": 26.483,
    "BaseResolution": 64,
    "ConversionSoftware": "dcm2niix",
    "ConversionSoftwareVersion": "v1.0.20171215 Clang9.0.0",
    "DerivedVendorReportedEchoSpacing": 0.000590001,
    "DeviceSerialNumber": "35410",
    "DwellTime": 4.1e-06,
    "EchoTime": 0.026,
    "EffectiveEchoSpacing": 0.000590001,
    "FlipAngle": 90,
    "ImageOrientationPatientDICOM": [
      1,
      0,
      0,
      0,
      0.996637,
      -0.0819385
    ],
    "ImageType": [
      "ORIGINAL",
      "PRIMARY",
      "M",
      "ND",
      "MOSAIC"
    ],
    "InPlanePhaseEncodingDirectionDICOM": "COL",
    "InstitutionAddress": "Cooper_60_St._Lucia_QLD_AU_4072",
    "InstitutionName": "School_of_Psychology",
    "InstitutionalDepartmentName": "Gehrmann_Labs_MRI",
    "MRAcquisitionType": "2D",
    "MagneticFieldStrength": 3,
    "Manufacturer": "Siemens",
    "ManufacturersModelName": "TrioTim",
    "Modality": "MR",
    "PartialFourier": 1,
    "PatientPosition": "HFS",
    "PercentPhaseFOV": 100,
    "PhaseEncodingDirection": "j-",
    "PhaseEncodingSteps": 64,
    "PhaseResolution": 1,
    "PixelBandwidth": 1905,
    "ProcedureStepDescription": "Brain_-_UQ_fMRI",
    "ProtocolName": "OLVSL_R6",
    "PulseSequenceDetails": "%SiemensSeq%_ep2d_pace",
    "ReceiveCoilName": "32Ch_Head",
    "ReconMatrixPE": 64,
    "RepetitionTime": 2,
    "SAR": 0.166231,
    "ScanOptions": "FS",
    "ScanningSequence": "EP",
    "SequenceName": "_epfid2d1_64",
    "SequenceVariant": "SK",
    "SeriesDescription": "OLVSL_R6",
    "SeriesNumber": 8,
    "ShimSetting": [
      6777,
      -11357,
      -2124,
      886,
      -167,
      -238,
      -136,
      -27
    ],
    "SliceThickness": 3,
    "SliceTiming": [
      0,
      1.0225,
      0.06,
      1.0825,
      0.12,
      1.1425,
      0.18,
      1.205,
      0.24,
      1.265,
      0.3,
      1.325,
      0.36,
      1.385,
      0.42,
      1.445,
      0.48,
      1.505,
      0.5425,
      1.565,
      0.6025,
      1.625,
      0.6625,
      1.685,
      0.7225,
      1.745,
      0.7825,
      1.805,
      0.8425,
      1.865,
      0.9025,
      1.9275,
      0.9625
    ],
    "SoftwareVersions": "syngo_MR_B17",
    "SpacingBetweenSlices": 3.3,
    "StationName": "mrc_Trio",
    "TaskName": "learn",
    "TotalReadoutTime": 0.0371701,
    "TxRefAmp": 328.445,
    "dataset": "ds001241",
    "modality": "bold",
    "run_id": 6,
    "subject_id": "20",
    "task_id": "learn"
  },
  "dummy_trs": 1,
  "dvars_nstd": 18.017403857397248,
  "dvars_std": 1.2213457311643834,
  "dvars_vstd": 0.9968800682191779,
  "efc": 0.5700742979848379,
  "fber": 616.436767578125,
  "fd_mean": 0.059315453888685116,
  "fd_num": 2,
  "fd_perc": 1.3605442176870748,
  "fwhm_avg": 3.3916187030455376,
  "fwhm_x": 3.2511166666666664,
  "fwhm_y": 3.5651333333333333,
  "fwhm_z": 3.3586061091366117,
  "gcor": 0.0414056,
  "gsr_x": -0.02081087790429592,
  "gsr_y": 0.1005246713757515,
  "provenance": {
    "md5sum": "abb5f69cd870bec613eecc62a036b13d",
    "settings": {
      "fd_thres": 0.2,
      "testing": false
    },
    "software": "mriqc",
    "version": "22.0.6",
    "webapi_port": null,
    "webapi_url": "https://mriqc.nimh.nih.gov/api/v1"
  },
  "size_t": 147,
  "size_x": 64,
  "size_y": 64,
  "size_z": 33,
  "snr": 2.2804521646570577,
  "spacing_tr": 2.0,
  "spacing_x": 3.0,
  "spacing_y": 3.0,
  "spacing_z": 3.299999952316284,
  "summary_bg_k": 31.79982815333568,
  "summary_bg_mad": 8.03832554445845,
  "summary_bg_mean": 55.64866638183594,
  "summary_bg_median": 26.306121826171875,
  "summary_bg_n": 70615.0,
  "summary_bg_p05": 20.299320220947266,
  "summary_bg_p95": 194.32108917236337,
  "summary_bg_stdv": 84.8005142211914,
  "summary_fg_k": 2.995280221596299,
  "summary_fg_mad": 218.80988099485816,
  "summary_fg_mean": 739.4445190429688,
  "summary_fg_median": 668.0238037109375,
  "summary_fg_n": 33192.0,
  "summary_fg_p05": 420.2554214477539,
  "summary_fg_p95": 1356.527178955078,
  "summary_fg_stdv": 292.9303894042969,
  "tsnr": 106.30898769432679
}