{
  "aor": 0.0013183108108108107,
  "aqi": 0.0009895444189189188,
  "bids_meta": {
    "AcquisitionMatrixPE": 64,
    "AcquisitionNumber": 1,
    "AcquisitionTime": "14:02:31.205000",
    "BandwidthPerPixelPhaseEncode": 26.483,
    "BaseResolution": 64,
    "ConversionSoftware": "dcm2niix",
    "ConversionSoftwareVersion": "v1.0.20171215 Clang9.0.0",
    "DerivedVendorReportedEchoSpacing": 0.000590001,
    "DeviceSerialNumber": "35410",
    "DwellTime": 4.1e-06,
    "EchoTime": 0.026,
    "EffectiveEchoSpacing": 0.000590001,
    "FlipAngle": 90,
    "ImageOrientationPatientDICOM": [
      1,
      0,
      0,
      0,
      0.996637,
      -0.0819385
    ],
    "ImageType": [
      "ORIGINAL",
      "PRIMARY",
      "M",
      "ND",
      "MOSAIC"
    ],
    "InPlanePhaseEncodingDirectionDICOM": "COL",
    "InstitutionAddress": "Cooper_60_St._Lucia_QLD_AU_4072",
    "InstitutionName": "School_of_Psychology",
    "InstitutionalDepartmentName": "Gehrmann_Labs_MRI",
    "MRAcquisitionType": "2D",
    "MagneticFieldStrength": 3,
    "Manufacturer": "Siemens",
    "ManufacturersModelName": "TrioTim",
    "Modality": "MR",
    "PartialFourier": 1,
    "PatientPosition": "HFS",
    "PercentPhaseFOV": 100,
    "PhaseEncodingDirection": "j-",
    "PhaseEncodingSteps": 64,
    "PhaseResolution": 1,
    "PixelBandwidth": 1905,
    "ProcedureStepDescription": "Brain_-_UQ_fMRI",
    "ProtocolName": "OLVSL_R5",
    "PulseSequenceDetails": "%SiemensSeq%_ep2d_pace",
    "ReceiveCoilName": "32Ch_Head",
    "ReconMatrixPE": 64,
    "RepetitionTime": 2,
    "SAR": 0.166231,
    "ScanOptions": "FS",
    "ScanningSequence": "EP",
    "SequenceName": "_epfid2d1_64",
    "SequenceVariant": "SK",
    "SeriesDescription": "OLVSL_R5",
    "SeriesNumber": 6,
    "ShimSetting": [
      6777,
      -11357,
      -2124,
      886,
      -167,
      -238,
      -136,
      -27
    ],
    "SliceThickness": 3,
    "SliceTiming": [
      0,
      1.025,
      0.06,
      1.085,
      0.1225,
      1.145,
      0.1825,
      1.205,
      0.2425,
      1.265,
      0.3025,
      1.325,
      0.3625,
      1.385,
      0.4225,
      1.445,
      0.4825,
      1.5075,
      0.5425,
      1.5675,
      0.6025,
      1.6275,
      0.6625,
      1.6875,
      0.7225,
      1.7475,
      0.785,
      1.8075,
      0.845,
      1.8675,
      0.905,
      1.9275,
      0.965
    ],
    "SoftwareVersions": "syngo_MR_B17",
    "SpacingBetweenSlices": 3.3,
    "StationName": "mrc_Trio",
    "TaskName": "learn",
    "TotalReadoutTime": 0.0371701,
    "TxRefAmp": 328.445,
    "dataset": "ds001241",
    "modality": "bold",
    "run_id": 5,
    "subject_id": "20",
    "task_id": "learn"
  },
  "dummy_trs": 0,
  "dvars_nstd": 18.317075736054427,
  "dvars_std": 1.2481195396598632,
  "dvars_vstd": 1.0021515691836735,
  "efc": 0.5693510730681233,
  "fber": 637.0899047851562,
  "fd_mean": 0.060431801031953454,
  "fd_num": 1,
  "fd_perc": 0.6756756756756757,
  "fwhm_avg": 3.3788724403620605,
  "fwhm_x": 3.2168566666666667,
  "fwhm_y": 3.573033333333333,
  "fwhm_z": 3.3467273210861803,
  "gcor": 0.0464267,
  "gsr_x": -0.0181712843477726,
  "gsr_y": 0.09940186887979507,
  "provenance": {
    "md5sum": "015090573ea0a808e8913c35de5bae54",
    "settings": {
      "fd_thres": 0.2,
      "testing": false
    },
    "software": "mriqc",
    "version": "22.0.6",
    "webapi_port": null,
    "webapi_url": "https://mriqc.nimh.nih.gov/api/v1"
  },
  "size_t": 148,
  "size_x": 64,
  "size_y": 64,
  "size_z": 33,
  "snr": 2.348319946754903,
  "spacing_tr": 2.0,
  "spacing_x": 3.0,
  "spacing_y": 3.0,
  "spacing_z": 3.299999952316284,
  "summary_bg_k": 32.446291373382,
  "summary_bg_mad": 7.723555922525319,
  "summary_bg_mean": 54.487945556640625,
  "summary_bg_median": 25.9797306060791,
  "summary_bg_n": 70878.0,
  "summary_bg_p05": 20.324325561523438,
  "summary_bg_p95": 190.50101394653316,
  "summary_bg_stdv": 83.10699462890625,
  "summary_fg_k": 3.031112561239304,
  "summary_fg_mad": 213.26432974017806,
  "summary_fg_mean": 737.024169921875,
  "summary_fg_median": 668.87841796875,
  "summary_fg_n": 33002.0,
  "summary_fg_p05": 424.9932556152344,
  "summary_fg_p95": 1336.6483459472656,
  "summary_fg_stdv": 284.82843017578125,
  "tsnr": 114.82569328439422
}