{
  "aor": 0.0010370945945945946,
  "aqi": 0.0010627113243243242,
  "bids_meta": {
    "AcquisitionMatrixPE": 64,
    "AcquisitionNumber": 1,
    "AcquisitionTime": "14:29:59.885000",
    "BandwidthPerPixelPhaseEncode": 26.483,
    "BaseResolution": 64,
    "ConversionSoftware": "dcm2niix",
    "ConversionSoftwareVersion": "v1.0.20171215 Clang9.0.0",
    "DerivedVendorReportedEchoSpacing": 0.000590001,
    "DeviceSerialNumber": "35410",
    "DwellTime": 4.1e-06,
    "EchoTime": 0.026,
    "EffectiveEchoSpacing": 0.000590001,
    "FlipAngle": 90,
    "ImageOrientationPatientDICOM": [
      1,
      0,
      0,
      0,
      0.996637,
      -0.0819385
    ],
    "ImageType": [
      "ORIGINAL",
      "PRIMARY",
      "M",
      "ND",
      "MOSAIC"
    ],
    "InPlanePhaseEncodingDirectionDICOM": "COL",
    "InstitutionAddress": "Cooper_60_St._Lucia_QLD_AU_4072",
    "InstitutionName": "School_of_Psychology",
    "InstitutionalDepartmentName": "Gehrmann_Labs_MRI",
    "MRAcquisitionType": "2D",
    "MagneticFieldStrength": 3,
    "Manufacturer": "Siemens",
    "ManufacturersModelName": "TrioTim",
    "Modality": "MR",
    "PartialFourier": 1,
    "PatientPosition": "HFS",
    "PercentPhaseFOV": 100,
    "PhaseEncodingDirection": "j-",
    "PhaseEncodingSteps": 64,
    "PhaseResolution": 1,
    "PixelBandwidth": 1905,
    "ProcedureStepDescription": "Brain_-_UQ_fMRI",
    "ProtocolName": "OLVSL_R9",
    "PulseSequenceDetails": "%SiemensSeq%_ep2d_pace",
    "ReceiveCoilName": "32Ch_Head",
    "ReconMatrixPE": 64,
    "RepetitionTime": 2,
    "SAR": 0.166231,
    "ScanOptions": "FS",
    "ScanningSequence": "EP",
    "SequenceName": "_epfid2d1_64",
    "SequenceVariant": "SK",
    "SeriesDescription": "OLVSL_R9",
    "SeriesNumber": 11,
    "ShimSetting": [
      6777,
      -11357,
      -2124,
      886,
      -167,
      -238,
      -136,
      -27
    ],
    "SliceThickness": 3,
    "SliceTiming": [
      0,
      1.025,
      0.06,
      1.085,
      0.12,
      1.145,
      0.1825,
      1.205,
      0.2425,
      1.265,
      0.3025,
      1.325,
      0.3625,
      1.385,
      0.4225,
      1.445,
      0.4825,
      1.5075,
      0.5425,
      1.5675,
      0.6025,
      1.6275,
      0.6625,
      1.6875,
      0.7225,
      1.7475,
      0.7825,
      1.8075,
      0.845,
      1.8675,
      0.905,
      1.9275,
      0.965
    ],
    "SoftwareVersions": "syngo_MR_B17",
    "SpacingBetweenSlices": 3.3,
    "StationName": "mrc_Trio",
    "TaskName": "learn",
    "TotalReadoutTime": 0.0371701,
    "TxRefAmp": 328.445,
    "dataset": "ds001241",
    "modality": "bold",
    "run_id": 9,
    "subject_id": "20",
    "task_id": "learn"
  },
  "dummy_trs": 0,
  "dvars_nstd": 18.094776056802722,
  "dvars_std": 1.2323677222448977,
  "dvars_vstd": 0.9924604117687075,
  "efc": 0.5715115297498484,
  "fber": 611.2808227539062,
  "fd_mean": 0.05266984266736279,
  "fd_num": 0,
  "fd_perc": 0.0,
  "fwhm_avg": 3.3737271877890804,
  "fwhm_x": 3.2559299999999998,
  "fwhm_y": 3.5284333333333335,
  "fwhm_z": 3.3368182300339067,
  "gcor": 0.0332445,
  "gsr_x": -0.021512646228075027,
  "gsr_y": 0.10248611867427826,
  "provenance": {
    "md5sum": "54fb59f47a84a40add30d50a2aaf0402",
    "settings": {
      "fd_thres": 0.2,
      "testing": false
    },
    "software": "mriqc",
    "version": "22.0.6",
    "webapi_port": null,
    "webapi_url": "https://mriqc.nimh.nih.gov/api/v1"
  },
  "size_t": 148,
  "size_x": 64,
  "size_y": 64,
  "size_z": 33,
  "snr": 2.2878779879990625,
  "spacing_tr": 2.0,
  "spacing_x": 3.0,
  "spacing_y": 3.0,
  "spacing_z": 3.299999952316284,
  "summary_bg_k": 30.330179069051518,
  "summary_bg_mad": 8.164328408632668,
  "summary_bg_mean": 56.56278991699219,
  "summary_bg_median": 26.45945930480957,
  "summary_bg_n": 70543.0,
  "summary_bg_p05": 20.398649215698242,
  "summary_bg_p95": 200.74594573974585,
  "summary_bg_stdv": 86.03121185302734,
  "summary_fg_k": 2.9636047111348445,
  "summary_fg_mad": 218.08780919294378,
  "summary_fg_mean": 740.260498046875,
  "summary_fg_median": 669.2060546875,
  "summary_fg_n": 33288.0,
  "summary_fg_p05": 422.00406036376955,
  "summary_fg_p95": 1359.011871337889,
  "summary_fg_stdv": 292.4963684082031,
  "tsnr": 112.94673282373697
}