{
  "aor": 0.0034662585034013604,
  "aqi": 0.0027746567346938777,
  "bids_meta": {
    "AcquisitionMatrixPE": 64,
    "AcquisitionNumber": 1,
    "AcquisitionTime": "13:23:5.125000",
    "BandwidthPerPixelPhaseEncode": 26.483,
    "BaseResolution": 64,
    "ConversionSoftware": "dcm2niix",
    "ConversionSoftwareVersion": "v1.0.20171215 Clang9.0.0",
    "DerivedVendorReportedEchoSpacing": 0.000590001,
    "DeviceSerialNumber": "35410",
    "DwellTime": 4.1e-06,
    "EchoTime": 0.026,
    "EffectiveEchoSpacing": 0.000590001,
    "FlipAngle": 90,
    "ImageOrientationPatientDICOM": [
      0.999976,
      0.000642127,
      0.00692169,
      -5.42359e-09,
      0.995724,
      -0.0923728
    ],
    "ImageType": [
      "ORIGINAL",
      "PRIMARY",
      "M",
      "ND",
      "MOSAIC"
    ],
    "InPlanePhaseEncodingDirectionDICOM": "COL",
    "InstitutionAddress": "Cooper_60_St._Lucia_QLD_AU_4072",
    "InstitutionName": "Centre_for_Advanced_Imaging",
    "InstitutionalDepartmentName": "Gehrmann_Labs_MRI",
    "MRAcquisitionType": "2D",
    "MagneticFieldStrength": 3,
    "Manufacturer": "Siemens",
    "ManufacturersModelName": "TrioTim",
    "Modality": "MR",
    "PartialFourier": 1,
    "PatientPosition": "HFS",
    "PercentPhaseFOV": 100,
    "PhaseEncodingDirection": "j-",
    "PhaseEncodingSteps": 64,
    "PhaseResolution": 1,
    "PixelBandwidth": 1905,
    "ProcedureStepDescription": "Brain_-_UQ_fMRI",
    "ProtocolName": "OLVSL_R2",
    "PulseSequenceDetails": "%SiemensSeq%_ep2d_pace",
    "ReceiveCoilName": "32Ch_Head",
    "ReconMatrixPE": 64,
    "RepetitionTime": 2,
    "SAR": 0.170195,
    "ScanOptions": "FS",
    "ScanningSequence": "EP",
    "SequenceName": "_epfid2d1_64",
    "SequenceVariant": "SK",
    "SeriesDescription": "OLVSL_R2",
    "SeriesNumber": 3,
    "ShimSetting": [
      6844,
      -11265,
      -2199,
      409,
      57,
      315,
      299,
      55
    ],
    "SliceThickness": 3,
    "SliceTiming": [
      0,
      1.025,
      0.06,
      1.085,
      0.1225,
      1.145,
      0.1825,
      1.205,
      0.2425,
      1.265,
      0.3025,
      1.325,
      0.3625,
      1.385,
      0.4225,
      1.445,
      0.4825,
      1.5075,
      0.5425,
      1.5675,
      0.6025,
      1.6275,
      0.6625,
      1.6875,
      0.7225,
      1.7475,
      0.785,
      1.8075,
      0.845,
      1.8675,
      0.905,
      1.9275,
      0.965
    ],
    "SoftwareVersions": "syngo_MR_B17",
    "SpacingBetweenSlices": 3.3,
    "StationName": "mrc_Trio",
    "TaskName": "learn",
    "TotalReadoutTime": 0.0371701,
    "TxRefAmp": 363.739,
    "dataset": "ds001241",
    "modality": "bold",
    "run_id": 2,
    "subject_id": "06",
    "task_id": "learn"
  },
  "dummy_trs": 1,
  "dvars_nstd": 21.083945143904106,
  "dvars_std": 1.264631962671233,
  "dvars_vstd": 1.0245914152054794,
  "efc": 0.6497545506940378,
  "fber": 293.7076721191406,
  "fd_mean": 0.10108551284825244,
  "fd_num": 4,
  "fd_perc": 2.7210884353741496,
  "fwhm_avg": 2.897675872569506,
  "fwhm_x": 2.805903333333333,
  "fwhm_y": 2.9838666666666662,
  "fwhm_z": 2.9032576177085185,
  "gcor": 0.0161367,
  "gsr_x": -0.03618041053414345,
  "gsr_y": 0.1579989492893219,
  "provenance": {
    "md5sum": "68539c686a0ebf3a1de259e17a598947",
    "settings": {
      "fd_thres": 0.2,
      "testing": false
    },
    "software": "mriqc",
    "version": "22.0.6",
    "webapi_port": null,
    "webapi_url": "https://mriqc.nimh.nih.gov/api/v1"
  },
  "size_t": 147,
  "size_x": 64,
  "size_y": 64,
  "size_z": 33,
  "snr": 2.524768509817367,
  "spacing_tr": 2.0,
  "spacing_x": 3.0,
  "spacing_y": 3.0,
  "spacing_z": 3.299999952316284,
  "summary_bg_k": 9.658645765594457,
  "summary_bg_mad": 19.53606003588239,
  "summary_bg_mean": 98.98397827148438,
  "summary_bg_median": 37.231292724609375,
  "summary_bg_n": 61934.0,
  "summary_bg_p05": 22.98639488220215,
  "summary_bg_p95": 416.120735168457,
  "summary_bg_stdv": 140.89553833007812,
  "summary_fg_k": 2.463660427115716,
  "summary_fg_mad": 227.54405861510722,
  "summary_fg_mean": 738.859375,
  "summary_fg_median": 686.251708984375,
  "summary_fg_n": 38343.0,
  "summary_fg_p05": 415.2469390869141,
  "summary_fg_p95": 1284.866650390625,
  "summary_fg_stdv": 271.8042297363281,
  "tsnr": 90.95566004887223
}