{
  "aor": 0.007154662162162163,
  "aqi": 0.007334782702702701,
  "bids_meta": {
    "AcquisitionMatrixPE": 64,
    "AcquisitionNumber": 1,
    "AcquisitionTime": "13:56:29.035000",
    "BandwidthPerPixelPhaseEncode": 26.483,
    "BaseResolution": 64,
    "ConversionSoftware": "dcm2niix",
    "ConversionSoftwareVersion": "v1.0.20171215 Clang9.0.0",
    "DerivedVendorReportedEchoSpacing": 0.000590001,
    "DeviceSerialNumber": "35410",
    "DwellTime": 4.1e-06,
    "EchoTime": 0.026,
    "EffectiveEchoSpacing": 0.000590001,
    "FlipAngle": 90,
    "ImageOrientationPatientDICOM": [
      0.999976,
      0.000642127,
      0.00692169,
      -5.42359e-09,
      0.995724,
      -0.0923728
    ],
    "ImageType": [
      "ORIGINAL",
      "PRIMARY",
      "M",
      "ND",
      "MOSAIC"
    ],
    "InPlanePhaseEncodingDirectionDICOM": "COL",
    "InstitutionAddress": "Cooper_60_St._Lucia_QLD_AU_4072",
    "InstitutionName": "Centre_for_Advanced_Imaging",
    "InstitutionalDepartmentName": "Gehrmann_Labs_MRI",
    "MRAcquisitionType": "2D",
    "MagneticFieldStrength": 3,
    "Manufacturer": "Siemens",
    "ManufacturersModelName": "TrioTim",
    "Modality": "MR",
    "PartialFourier": 1,
    "PatientPosition": "HFS",
    "PercentPhaseFOV": 100,
    "PhaseEncodingDirection": "j-",
    "PhaseEncodingSteps": 64,
    "PhaseResolution": 1,
    "PixelBandwidth": 1905,
    "ProcedureStepDescription": "Brain_-_UQ_fMRI",
    "ProtocolName": "OLVSL_R7",
    "PulseSequenceDetails": "%SiemensSeq%_ep2d_pace",
    "ReceiveCoilName": "32Ch_Head",
    "ReconMatrixPE": 64,
    "RepetitionTime": 2,
    "SAR": 0.170195,
    "ScanOptions": "FS",
    "ScanningSequence": "EP",
    "SequenceName": "_epfid2d1_64",
    "SequenceVariant": "SK",
    "SeriesDescription": "OLVSL_R7",
    "SeriesNumber": 9,
    "ShimSetting": [
      6844,
      -11265,
      -2199,
      409,
      57,
      315,
      299,
      55
    ],
    "SliceThickness": 3,
    "SliceTiming": [
      0,
      1.025,
      0.06,
      1.085,
      0.12,
      1.145,
      0.18,
      1.205,
      0.24,
      1.265,
      0.3025,
      1.325,
      0.3625,
      1.385,
      0.4225,
      1.445,
      0.4825,
      1.505,
      0.5425,
      1.565,
      0.6025,
      1.6275,
      0.6625,
      1.6875,
      0.7225,
      1.7475,
      0.7825,
      1.8075,
      0.8425,
      1.8675,
      0.9025,
      1.9275,
      0.965
    ],
    "SoftwareVersions": "syngo_MR_B17",
    "SpacingBetweenSlices": 3.3,
    "StationName": "mrc_Trio",
    "TaskName": "learn",
    "TotalReadoutTime": 0.0371701,
    "TxRefAmp": 363.739,
    "dataset": "ds001241",
    "modality": "bold",
    "run_id": 7,
    "subject_id": "06",
    "task_id": "learn"
  },
  "dummy_trs": 0,
  "dvars_nstd": 29.231725069795925,
  "dvars_std": 1.1082605572108848,
  "dvars_vstd": 0.9625920419727896,
  "efc": 0.6556948088814986,
  "fber": 267.1680908203125,
  "fd_mean": 0.21418213316371312,
  "fd_num": 41,
  "fd_perc": 27.7027027027027,
  "fwhm_avg": 2.9342832463963653,
  "fwhm_x": 2.84852,
  "fwhm_y": 3.032493333333333,
  "fwhm_z": 2.921836405855763,
  "gcor": 0.0458216,
  "gsr_x": -0.041466616094112396,
  "gsr_y": 0.16548322141170502,
  "provenance": {
    "md5sum": "359c1abeaaf0e7f3d334a9bd567448fb",
    "settings": {
      "fd_thres": 0.2,
      "testing": false
    },
    "software": "mriqc",
    "version": "22.0.6",
    "webapi_port": null,
    "webapi_url": "https://mriqc.nimh.nih.gov/api/v1"
  },
  "size_t": 148,
  "size_x": 64,
  "size_y": 64,
  "size_z": 33,
  "snr": 2.5118552640517446,
  "spacing_tr": 2.0,
  "spacing_x": 3.0,
  "spacing_y": 3.0,
  "spacing_z": 3.299999952316284,
  "summary_bg_k": 8.899981134321484,
  "summary_bg_mad": 21.64298979039768,
  "summary_bg_mean": 106.0510025024414,
  "summary_bg_median": 39.185813903808594,
  "summary_bg_n": 61294.0,
  "summary_bg_p05": 23.243244171142578,
  "summary_bg_p95": 444.74833526611326,
  "summary_bg_stdv": 150.3470916748047,
  "summary_fg_k": 2.4936142589129204,
  "summary_fg_mad": 230.85018735987111,
  "summary_fg_mean": 743.2947387695312,
  "summary_fg_median": 689.16552734375,
  "summary_fg_n": 38756.0,
  "summary_fg_p05": 416.77027130126953,
  "summary_fg_p95": 1293.0406188964844,
  "summary_fg_stdv": 274.3616027832031,
  "tsnr": 56.77895698323846
}