{
  "aor": 0.0021204081632653065,
  "aqi": 0.0021170948707482998,
  "bids_meta": {
    "AcquisitionMatrixPE": 64,
    "AcquisitionNumber": 1,
    "AcquisitionTime": "14:44:59.755000",
    "BandwidthPerPixelPhaseEncode": 26.483,
    "BaseResolution": 64,
    "ConversionSoftware": "dcm2niix",
    "ConversionSoftwareVersion": "v1.0.20171215 Clang9.0.0",
    "DerivedVendorReportedEchoSpacing": 0.000590001,
    "DeviceSerialNumber": "35410",
    "DwellTime": 4.1e-06,
    "EchoTime": 0.026,
    "EffectiveEchoSpacing": 0.000590001,
    "FlipAngle": 90,
    "ImageOrientationPatientDICOM": [
      1,
      2e-16,
      0,
      -2e-16,
      0.977046,
      -0.21303
    ],
    "ImageType": [
      "ORIGINAL",
      "PRIMARY",
      "M",
      "ND",
      "MOSAIC"
    ],
    "InPlanePhaseEncodingDirectionDICOM": "COL",
    "InstitutionAddress": "Cooper_60_St._Lucia_QLD_AU_4072",
    "InstitutionName": "St_Lucia_Campus",
    "InstitutionalDepartmentName": "Gehrmann_Labs_MRI",
    "MRAcquisitionType": "2D",
    "MagneticFieldStrength": 3,
    "Manufacturer": "Siemens",
    "ManufacturersModelName": "TrioTim",
    "Modality": "MR",
    "PartialFourier": 1,
    "PatientPosition": "HFS",
    "PercentPhaseFOV": 100,
    "PhaseEncodingDirection": "j-",
    "PhaseEncodingSteps": 64,
    "PhaseResolution": 1,
    "PixelBandwidth": 1905,
    "ProcedureStepDescription": "Brain_-_UQ_fMRI",
    "ProtocolName": "OLVSL_R6",
    "PulseSequenceDetails": "%SiemensSeq%_ep2d_pace",
    "ReceiveCoilName": "32Ch_Head",
    "ReconMatrixPE": 64,
    "RepetitionTime": 2,
    "SAR": 0.191062,
    "ScanOptions": "FS",
    "ScanningSequence": "EP",
    "SequenceName": "_epfid2d1_64",
    "SequenceVariant": "SK",
    "SeriesDescription": "OLVSL_R6",
    "SeriesNumber": 8,
    "ShimSetting": [
      6849,
      -11251,
      -2167,
      510,
      68,
      190,
      -206,
      7
    ],
    "SliceThickness": 3,
    "SliceTiming": [
      0,
      1.0225,
      0.06,
      1.0825,
      0.12,
      1.145,
      0.18,
      1.205,
      0.24,
      1.265,
      0.3,
      1.325,
      0.36,
      1.385,
      0.42,
      1.445,
      0.4825,
      1.505,
      0.5425,
      1.565,
      0.6025,
      1.625,
      0.6625,
      1.685,
      0.7225,
      1.745,
      0.7825,
      1.8075,
      0.8425,
      1.8675,
      0.9025,
      1.9275,
      0.9625
    ],
    "SoftwareVersions": "syngo_MR_B17",
    "SpacingBetweenSlices": 3.3,
    "StationName": "mrc_Trio",
    "TaskName": "learn",
    "TotalReadoutTime": 0.0371701,
    "TxRefAmp": 358.147,
    "dataset": "ds001241",
    "modality": "bold",
    "run_id": 6,
    "subject_id": "24",
    "task_id": "learn"
  },
  "dummy_trs": 1,
  "dvars_nstd": 18.146943863287675,
  "dvars_std": 1.1390092211643834,
  "dvars_vstd": 1.0122243352739724,
  "efc": 0.6393812447132794,
  "fber": 306.7022399902344,
  "fd_mean": 0.14574848513148791,
  "fd_num": 25,
  "fd_perc": 17.006802721088434,
  "fwhm_avg": 2.4990455679088495,
  "fwhm_x": 2.3268133333333334,
  "fwhm_y": 2.6055566666666667,
  "fwhm_z": 2.5647667037265474,
  "gcor": 0.0403126,
  "gsr_x": -0.012769665569067001,
  "gsr_y": 0.13749460875988007,
  "provenance": {
    "md5sum": "e88d7ea1270211387b4ba7bc7b5228b6",
    "settings": {
      "fd_thres": 0.2,
      "testing": false
    },
    "software": "mriqc",
    "version": "22.0.6",
    "webapi_port": null,
    "webapi_url": "https://mriqc.nimh.nih.gov/api/v1"
  },
  "size_t": 147,
  "size_x": 64,
  "size_y": 64,
  "size_z": 33,
  "snr": 3.258266769576761,
  "spacing_tr": 2.0,
  "spacing_x": 3.0,
  "spacing_y": 3.0,
  "spacing_z": 3.299999952316284,
  "summary_bg_k": 13.023056187891225,
  "summary_bg_mad": 15.18910826951621,
  "summary_bg_mean": 88.72151184082031,
  "summary_bg_median": 31.87755012512207,
  "summary_bg_n": 68894.0,
  "summary_bg_p05": 20.86394500732422,
  "summary_bg_p95": 374.13739776611317,
  "summary_bg_stdv": 129.7826690673828,
  "summary_fg_k": 1.1964686409116982,
  "summary_fg_mad": 160.9884397185687,
  "summary_fg_mean": 603.8517456054688,
  "summary_fg_median": 576.251708984375,
  "summary_fg_n": 33057.0,
  "summary_fg_p05": 374.32379150390625,
  "summary_fg_p95": 941.8911132812498,
  "summary_fg_stdv": 176.85568237304688,
  "tsnr": 89.2354043778032
}