{
  "aor": 0.002948571428571429,
  "aqi": 0.003216637931972789,
  "bids_meta": {
    "AcquisitionMatrixPE": 64,
    "AcquisitionNumber": 1,
    "AcquisitionTime": "14:28:36.655000",
    "BandwidthPerPixelPhaseEncode": 26.483,
    "BaseResolution": 64,
    "ConversionSoftware": "dcm2niix",
    "ConversionSoftwareVersion": "v1.0.20171215 Clang9.0.0",
    "DerivedVendorReportedEchoSpacing": 0.000590001,
    "DeviceSerialNumber": "35410",
    "DwellTime": 4.1e-06,
    "EchoTime": 0.026,
    "EffectiveEchoSpacing": 0.000590001,
    "FlipAngle": 90,
    "ImageOrientationPatientDICOM": [
      1,
      2e-16,
      0,
      -2e-16,
      0.977046,
      -0.21303
    ],
    "ImageType": [
      "ORIGINAL",
      "PRIMARY",
      "M",
      "ND",
      "MOSAIC"
    ],
    "InPlanePhaseEncodingDirectionDICOM": "COL",
    "InstitutionAddress": "Cooper_60_St._Lucia_QLD_AU_4072",
    "InstitutionName": "St_Lucia_Campus",
    "InstitutionalDepartmentName": "Gehrmann_Labs_MRI",
    "MRAcquisitionType": "2D",
    "MagneticFieldStrength": 3,
    "Manufacturer": "Siemens",
    "ManufacturersModelName": "TrioTim",
    "Modality": "MR",
    "PartialFourier": 1,
    "PatientPosition": "HFS",
    "PercentPhaseFOV": 100,
    "PhaseEncodingDirection": "j-",
    "PhaseEncodingSteps": 64,
    "PhaseResolution": 1,
    "PixelBandwidth": 1905,
    "ProcedureStepDescription": "Brain_-_UQ_fMRI",
    "ProtocolName": "OLVSL_R4",
    "PulseSequenceDetails": "%SiemensSeq%_ep2d_pace",
    "ReceiveCoilName": "32Ch_Head",
    "ReconMatrixPE": 64,
    "RepetitionTime": 2,
    "SAR": 0.191062,
    "ScanOptions": "FS",
    "ScanningSequence": "EP",
    "SequenceName": "_epfid2d1_64",
    "SequenceVariant": "SK",
    "SeriesDescription": "OLVSL_R4",
    "SeriesNumber": 5,
    "ShimSetting": [
      6849,
      -11251,
      -2167,
      510,
      68,
      190,
      -206,
      7
    ],
    "SliceThickness": 3,
    "SliceTiming": [
      0,
      1.0225,
      0.06,
      1.0825,
      0.12,
      1.1425,
      0.18,
      1.2025,
      0.24,
      1.2625,
      0.3,
      1.325,
      0.36,
      1.385,
      0.42,
      1.445,
      0.48,
      1.505,
      0.54,
      1.565,
      0.6,
      1.625,
      0.6625,
      1.685,
      0.7225,
      1.745,
      0.7825,
      1.805,
      0.8425,
      1.865,
      0.9025,
      1.925,
      0.9625
    ],
    "SoftwareVersions": "syngo_MR_B17",
    "SpacingBetweenSlices": 3.3,
    "StationName": "mrc_Trio",
    "TaskName": "learn",
    "TotalReadoutTime": 0.0371701,
    "TxRefAmp": 358.147,
    "dataset": "ds001241",
    "modality": "bold",
    "run_id": 4,
    "subject_id": "24",
    "task_id": "learn"
  },
  "dummy_trs": 1,
  "dvars_nstd": 19.925914248904107,
  "dvars_std": 1.1018665236986303,
  "dvars_vstd": 0.9922195260958905,
  "efc": 0.6354336631207795,
  "fber": 327.8351745605469,
  "fd_mean": 0.16872971362771347,
  "fd_num": 32,
  "fd_perc": 21.768707482993197,
  "fwhm_avg": 2.5141394063974545,
  "fwhm_x": 2.3491833333333334,
  "fwhm_y": 2.606716666666667,
  "fwhm_z": 2.5865182191923637,
  "gcor": 0.0244805,
  "gsr_x": -0.007472169119864702,
  "gsr_y": 0.133440762758255,
  "provenance": {
    "md5sum": "aec0330b71658ac530439eba122f3500",
    "settings": {
      "fd_thres": 0.2,
      "testing": false
    },
    "software": "mriqc",
    "version": "22.0.6",
    "webapi_port": null,
    "webapi_url": "https://mriqc.nimh.nih.gov/api/v1"
  },
  "size_t": 147,
  "size_x": 64,
  "size_y": 64,
  "size_z": 33,
  "snr": 3.3193746238170077,
  "spacing_tr": 2.0,
  "spacing_x": 3.0,
  "spacing_y": 3.0,
  "spacing_z": 3.299999952316284,
  "summary_bg_k": 13.813954594520169,
  "summary_bg_mad": 14.553706914751048,
  "summary_bg_mean": 85.3218002319336,
  "summary_bg_median": 31.08843421936035,
  "summary_bg_n": 69351.0,
  "summary_bg_p05": 20.122447967529297,
  "summary_bg_p95": 359.0068054199219,
  "summary_bg_stdv": 125.49278259277344,
  "summary_fg_k": 1.2708400831116275,
  "summary_fg_mad": 158.69897576414363,
  "summary_fg_mean": 608.0682373046875,
  "summary_fg_median": 580.3333740234375,
  "summary_fg_n": 32882.0,
  "summary_fg_p05": 381.69421844482423,
  "summary_fg_p95": 940.3244964599609,
  "summary_fg_stdv": 174.82948303222656,
  "tsnr": 80.68050426989794
}