{
  "aor": 0.0013388513513513513,
  "aqi": 0.00181316222972973,
  "bids_meta": {
    "AcquisitionMatrixPE": 64,
    "AcquisitionNumber": 1,
    "AcquisitionTime": "15:02:55.300000",
    "BandwidthPerPixelPhaseEncode": 26.483,
    "BaseResolution": 64,
    "ConversionSoftware": "dcm2niix",
    "ConversionSoftwareVersion": "v1.0.20171215 Clang9.0.0",
    "DerivedVendorReportedEchoSpacing": 0.000590001,
    "DeviceSerialNumber": "35410",
    "DwellTime": 4.1e-06,
    "EchoTime": 0.026,
    "EffectiveEchoSpacing": 0.000590001,
    "FlipAngle": 90,
    "ImageOrientationPatientDICOM": [
      0.994155,
      -0.00394781,
      0.107894,
      -3.5876e-08,
      0.999331,
      0.0365656
    ],
    "ImageType": [
      "ORIGINAL",
      "PRIMARY",
      "M",
      "ND",
      "MOSAIC"
    ],
    "InPlanePhaseEncodingDirectionDICOM": "COL",
    "InstitutionAddress": "Cooper_60_St._Lucia_QLD_AU_4072",
    "InstitutionName": "St_Lucia_Campus",
    "InstitutionalDepartmentName": "Gehrmann_Labs_MRI",
    "MRAcquisitionType": "2D",
    "MagneticFieldStrength": 3,
    "Manufacturer": "Siemens",
    "ManufacturersModelName": "TrioTim",
    "Modality": "MR",
    "PartialFourier": 1,
    "PatientPosition": "HFS",
    "PercentPhaseFOV": 100,
    "PhaseEncodingDirection": "j-",
    "PhaseEncodingSteps": 64,
    "PhaseResolution": 1,
    "PixelBandwidth": 1905,
    "ProcedureStepDescription": "Brain_-_UQ_fMRI",
    "ProtocolName": "OLVSL_R7",
    "PulseSequenceDetails": "%SiemensSeq%_ep2d_pace",
    "ReceiveCoilName": "32Ch_Head",
    "ReconMatrixPE": 64,
    "RepetitionTime": 2,
    "SAR": 0.199313,
    "ScanOptions": "FS",
    "ScanningSequence": "EP",
    "SequenceName": "_epfid2d1_64",
    "SequenceVariant": "SK",
    "SeriesDescription": "OLVSL_R7",
    "SeriesNumber": 9,
    "ShimSetting": [
      6844,
      -11428,
      -2013,
      679,
      -47,
      -153,
      60,
      -97
    ],
    "SliceThickness": 3,
    "SliceTiming": [
      0,
      1.025,
      0.06,
      1.085,
      0.1225,
      1.145,
      0.1825,
      1.205,
      0.2425,
      1.265,
      0.3025,
      1.325,
      0.3625,
      1.385,
      0.4225,
      1.4475,
      0.4825,
      1.5075,
      0.5425,
      1.5675,
      0.6025,
      1.6275,
      0.6625,
      1.6875,
      0.7225,
      1.7475,
      0.785,
      1.8075,
      0.845,
      1.8675,
      0.905,
      1.9275,
      0.965
    ],
    "SoftwareVersions": "syngo_MR_B17",
    "SpacingBetweenSlices": 3.3,
    "StationName": "mrc_Trio",
    "TaskName": "learn",
    "TotalReadoutTime": 0.0371701,
    "TxRefAmp": 434.37,
    "dataset": "ds001241",
    "modality": "bold",
    "run_id": 7,
    "subject_id": "01",
    "task_id": "learn"
  },
  "dummy_trs": 0,
  "dvars_nstd": 22.56708180163266,
  "dvars_std": 1.2499923597959186,
  "dvars_vstd": 1.0020262074829926,
  "efc": 0.6189758136987167,
  "fber": 356.4638977050781,
  "fd_mean": 0.1341204703425175,
  "fd_num": 17,
  "fd_perc": 11.486486486486486,
  "fwhm_avg": 2.7881463769212194,
  "fwhm_x": 2.62848,
  "fwhm_y": 2.9777833333333334,
  "fwhm_z": 2.7581757974303245,
  "gcor": 0.0331722,
  "gsr_x": -0.02473502606153488,
  "gsr_y": 0.10547477751970291,
  "provenance": {
    "md5sum": "7d290927f8ca70275358ae86ee1c899e",
    "settings": {
      "fd_thres": 0.2,
      "testing": false
    },
    "software": "mriqc",
    "version": "22.0.6",
    "webapi_port": null,
    "webapi_url": "https://mriqc.nimh.nih.gov/api/v1"
  },
  "size_t": 148,
  "size_x": 64,
  "size_y": 64,
  "size_z": 33,
  "snr": 3.117439971515742,
  "spacing_tr": 2.0,
  "spacing_x": 3.0,
  "spacing_y": 3.0,
  "spacing_z": 3.299999952316284,
  "summary_bg_k": 12.883675359779815,
  "summary_bg_mad": 16.729364475965255,
  "summary_bg_mean": 67.73652648925781,
  "summary_bg_median": 33.43918991088867,
  "summary_bg_n": 67519.0,
  "summary_bg_p05": 21.62162208557129,
  "summary_bg_p95": 232.84730377197252,
  "summary_bg_stdv": 80.3365707397461,
  "summary_fg_k": 1.7329162438392292,
  "summary_fg_mad": 190.98023201527863,
  "summary_fg_mean": 706.9896240234375,
  "summary_fg_median": 669.564208984375,
  "summary_fg_n": 34914.0,
  "summary_fg_p05": 438.2655624389648,
  "summary_fg_p95": 1119.4476928710935,
  "summary_fg_stdv": 214.77706909179688,
  "tsnr": 92.3327574133873
}