{
  "bids_meta": {
    "AcquisitionMatrixPE": 256,
    "AcquisitionNumber": 1,
    "AcquisitionTime": "15:39:8.927500",
    "BaseResolution": 256,
    "ConversionSoftware": "dcm2niix",
    "ConversionSoftwareVersion": "v1.0.20171215 Clang9.0.0",
    "DeviceSerialNumber": "35410",
    "DwellTime": 9.8e-06,
    "EchoTime": 0.00232,
    "FlipAngle": 9,
    "ImageOrientationPatientDICOM": [
      0.0104685,
      0.999945,
      1.14721e-08,
      0.0157039,
      -0.000164394,
      -0.999877
    ],
    "ImageType": [
      "ORIGINAL",
      "PRIMARY",
      "M",
      "ND",
      "NORM"
    ],
    "InPlanePhaseEncodingDirectionDICOM": "ROW",
    "InstitutionAddress": "Cooper_60_St._Lucia_QLD_AU_4072",
    "InstitutionName": "Centre_for_Advanced_Imaging",
    "InstitutionalDepartmentName": "Gehrmann_Labs_MRI",
    "Interpolation2D": 1,
    "InversionTime": 0.9,
    "MRAcquisitionType": "3D",
    "MagneticFieldStrength": 3,
    "Manufacturer": "Siemens",
    "ManufacturersModelName": "TrioTim",
    "Modality": "MR",
    "ParallelReductionFactorInPlane": 2,
    "PartialFourier": 1,
    "PatientPosition": "HFS",
    "PercentPhaseFOV": 100,
    "PhaseEncodingSteps": 255,
    "PhaseResolution": 1,
    "PixelBandwidth": 199,
    "ProcedureStepDescription": "Brain_-_UQ_fMRI",
    "ProtocolName": "t1_mpr_sag_p2_iso_0.9",
    "PulseSequenceDetails": "%SiemensSeq%_tfl",
    "ReceiveCoilName": "32Ch_Head",
    "ReconMatrixPE": 512,
    "RepetitionTime": 1.9,
    "SAR": 0.108026,
    "ScanOptions": "IR",
    "ScanningSequence": "GR_IR",
    "SequenceName": "_tfl3d1_ns",
    "SequenceVariant": "SP_MP",
    "SeriesDescription": "t1_mpr_sag_p2_iso_0.9",
    "SeriesNumber": 7,
    "ShimSetting": [
      6825,
      -11255,
      -2613,
      -72,
      38,
      19,
      -121,
      14
    ],
    "SliceThickness": 0.9,
    "SoftwareVersions": "syngo_MR_B17",
    "StationName": "mrc_Trio",
    "TxRefAmp": 341.49,
    "dataset": "ds001241",
    "modality": "T1w",
    "subject_id": "14"
  },
  "cjv": 0.2945871400747072,
  "cnr": 4.5875863779189565,
  "efc": 0.5009808981182289,
  "fber": 21223.8891966759,
  "fwhm_avg": 7.137652766967011,
  "fwhm_x": 4.273914126987985,
  "fwhm_y": 8.693982608695652,
  "fwhm_z": 8.445061565217392,
  "icvs_csf": 0.21645270305709077,
  "icvs_gm": 0.44053779058572506,
  "icvs_wm": 0.34300950635718414,
  "inu_med": 0.4610825479030609,
  "inu_range": 0.15419542491436006,
  "provenance": {
    "md5sum": "207f73ae9745ebb310e5537ebc5a1e94",
    "settings": {
      "testing": false
    },
    "software": "mriqc",
    "version": "22.0.6",
    "warnings": {
      "large_rot_frame": true,
      "small_air_mask": false
    },
    "webapi_port": null,
    "webapi_url": "https://mriqc.nimh.nih.gov/api/v1"
  },
  "qi_1": 6.874669954461204e-07,
  "qi_2": 0.02019745879280064,
  "rpve_csf": 23.3502371165432,
  "rpve_gm": 12.114360733113681,
  "rpve_wm": 17.455840178213112,
  "size_x": 192,
  "size_y": 512,
  "size_z": 512,
  "snr_csf": 2.7224049449599357,
  "snr_gm": 16.691037218734987,
  "snr_total": 14.947096343628388,
  "snr_wm": 25.427846867190237,
  "snrd_csf": 34.80094608999693,
  "snrd_gm": 85.74334248490217,
  "snrd_total": 79.37986947416475,
  "snrd_wm": 117.59531984759516,
  "spacing_x": 0.9000017046928406,
  "spacing_y": 0.44921875,
  "spacing_z": 0.44921875,
  "summary_bg_k": 18.775011992029988,
  "summary_bg_mad": 0.0,
  "summary_bg_mean": 2.6220421343581797,
  "summary_bg_median": 0.0,
  "summary_bg_n": 9604246.0,
  "summary_bg_p05": 0.0,
  "summary_bg_p95": 14.922737292945385,
  "summary_bg_stdv": 5.571109464551146,
  "summary_csf_k": 0.043613023669237805,
  "summary_csf_mad": 95.56729523188692,
  "summary_csf_mean": 297.3990673767043,
  "summary_csf_median": 295.9381895698607,
  "summary_csf_n": 346953.0,
  "summary_csf_p05": 93.99558490142226,
  "summary_csf_p95": 478.7196463532746,
  "summary_csf_stdv": 108.70453480323029,
  "summary_gm_k": 0.3968189668540023,
  "summary_gm_mad": 41.63068477224663,
  "summary_gm_mean": 728.8787104534288,
  "summary_gm_median": 729.1390721686184,
  "summary_gm_n": 463567.0,
  "summary_gm_p05": 656.6445909999311,
  "summary_gm_p95": 799.6909484826028,
  "summary_gm_stdv": 43.68442033702128,
  "summary_wm_k": 0.28508881762500327,
  "summary_wm_mad": 38.161461041226076,
  "summary_wm_mean": 1000.4927849484621,
  "summary_wm_median": 999.9999990686774,
  "summary_wm_n": 1160339.0,
  "summary_wm_p05": 936.7770410701632,
  "summary_wm_p95": 1065.9161137975752,
  "summary_wm_stdv": 39.32694629565114,
  "tpm_overlap_csf": 0.13818585072381667,
  "tpm_overlap_gm": 0.46269142509539013,
  "tpm_overlap_wm": 0.5050536061657104,
  "wm2max": 0.4167663348482897
}