{
  "aor": 0.004317567567567568,
  "aqi": 0.004795481081081081,
  "bids_meta": {
    "AcquisitionMatrixPE": 64,
    "AcquisitionNumber": 1,
    "AcquisitionTime": "16:24:56.012500",
    "BandwidthPerPixelPhaseEncode": 26.483,
    "BaseResolution": 64,
    "ConversionSoftware": "dcm2niix",
    "ConversionSoftwareVersion": "v1.0.20171215 Clang9.0.0",
    "DerivedVendorReportedEchoSpacing": 0.000590001,
    "DeviceSerialNumber": "35410",
    "DwellTime": 4.1e-06,
    "EchoTime": 0.026,
    "EffectiveEchoSpacing": 0.000590001,
    "FlipAngle": 90,
    "ImageOrientationPatientDICOM": [
      0.999516,
      0.0299825,
      0.00829097,
      -0.027919,
      0.982155,
      -0.185988
    ],
    "ImageType": [
      "ORIGINAL",
      "PRIMARY",
      "M",
      "ND",
      "MOSAIC"
    ],
    "InPlanePhaseEncodingDirectionDICOM": "COL",
    "InstitutionAddress": "Cooper_60_St._Lucia_QLD_AU_4072",
    "InstitutionName": "St_Lucia_Campus",
    "InstitutionalDepartmentName": "Gehrmann_Labs_MRI",
    "MRAcquisitionType": "2D",
    "MagneticFieldStrength": 3,
    "Manufacturer": "Siemens",
    "ManufacturersModelName": "TrioTim",
    "Modality": "MR",
    "PartialFourier": 1,
    "PatientPosition": "HFS",
    "PercentPhaseFOV": 100,
    "PhaseEncodingDirection": "j-",
    "PhaseEncodingSteps": 64,
    "PhaseResolution": 1,
    "PixelBandwidth": 1905,
    "ProcedureStepDescription": "Brain_-_UQ_fMRI",
    "ProtocolName": "OLVSL_R7",
    "PulseSequenceDetails": "%SiemensSeq%_ep2d_pace",
    "ReceiveCoilName": "32Ch_Head",
    "ReconMatrixPE": 64,
    "RepetitionTime": 2,
    "SAR": 0.151365,
    "ScanOptions": "FS",
    "ScanningSequence": "EP",
    "SequenceName": "_epfid2d1_64",
    "SequenceVariant": "SK",
    "SeriesDescription": "OLVSL_R7",
    "SeriesNumber": 9,
    "ShimSetting": [
      6880,
      -11276,
      -2112,
      771,
      96,
      223,
      210,
      -99
    ],
    "SliceThickness": 3,
    "SliceTiming": [
      0,
      1.025,
      0.06,
      1.085,
      0.1225,
      1.145,
      0.1825,
      1.205,
      0.2425,
      1.265,
      0.3025,
      1.325,
      0.3625,
      1.385,
      0.4225,
      1.445,
      0.4825,
      1.5075,
      0.5425,
      1.5675,
      0.6025,
      1.6275,
      0.6625,
      1.6875,
      0.7225,
      1.7475,
      0.7825,
      1.8075,
      0.845,
      1.8675,
      0.905,
      1.9275,
      0.965
    ],
    "SoftwareVersions": "syngo_MR_B17",
    "SpacingBetweenSlices": 3.3,
    "StationName": "mrc_Trio",
    "TaskName": "learn",
    "TotalReadoutTime": 0.0371701,
    "TxRefAmp": 315.25,
    "dataset": "ds001241",
    "modality": "bold",
    "run_id": 7,
    "subject_id": "22",
    "task_id": "learn"
  },
  "dummy_trs": 0,
  "dvars_nstd": 19.607630106802716,
  "dvars_std": 1.1462228437414967,
  "dvars_vstd": 0.9855729910884359,
  "efc": 0.5758279464945578,
  "fber": 609.7769775390625,
  "fd_mean": 0.13260072228563313,
  "fd_num": 23,
  "fd_perc": 15.54054054054054,
  "fwhm_avg": 2.6376870833603765,
  "fwhm_x": 2.5660233333333333,
  "fwhm_y": 2.7199833333333334,
  "fwhm_z": 2.627054583414462,
  "gcor": 0.0206793,
  "gsr_x": -0.018822722136974335,
  "gsr_y": 0.08684052526950836,
  "provenance": {
    "md5sum": "70ec5130b61c06f9f2c1af47004bfe78",
    "settings": {
      "fd_thres": 0.2,
      "testing": false
    },
    "software": "mriqc",
    "version": "22.0.6",
    "webapi_port": null,
    "webapi_url": "https://mriqc.nimh.nih.gov/api/v1"
  },
  "size_t": 148,
  "size_x": 64,
  "size_y": 64,
  "size_z": 33,
  "snr": 3.403123903293745,
  "spacing_tr": 2.0,
  "spacing_x": 3.0,
  "spacing_y": 3.0,
  "spacing_z": 3.299999952316284,
  "summary_bg_k": 22.18169423881566,
  "summary_bg_mad": 6.872059570866195,
  "summary_bg_mean": 47.74956512451172,
  "summary_bg_median": 23.91891860961914,
  "summary_bg_n": 74055.0,
  "summary_bg_p05": 18.41216278076172,
  "summary_bg_p95": 174.13446655273444,
  "summary_bg_stdv": 63.10034942626953,
  "summary_fg_k": 1.8972430063572938,
  "summary_fg_mad": 149.75284593159628,
  "summary_fg_mean": 634.5089111328125,
  "summary_fg_median": 600.7196044921875,
  "summary_fg_n": 30118.0,
  "summary_fg_p05": 415.27940673828124,
  "summary_fg_p95": 982.817907714843,
  "summary_fg_stdv": 176.51712036132812,
  "tsnr": 73.35921488143504
}