{
  "aor": 0.0027443243243243237,
  "aqi": 0.005990379324324324,
  "bids_meta": {
    "AcquisitionMatrixPE": 64,
    "AcquisitionNumber": 1,
    "AcquisitionTime": "15:57:12.020000",
    "BandwidthPerPixelPhaseEncode": 26.483,
    "BaseResolution": 64,
    "ConversionSoftware": "dcm2niix",
    "ConversionSoftwareVersion": "v1.0.20171215 Clang9.0.0",
    "DerivedVendorReportedEchoSpacing": 0.000590001,
    "DeviceSerialNumber": "35410",
    "DwellTime": 4.1e-06,
    "EchoTime": 0.026,
    "EffectiveEchoSpacing": 0.000590001,
    "FlipAngle": 90,
    "ImageOrientationPatientDICOM": [
      0.999516,
      0.0299825,
      0.00829097,
      -0.027919,
      0.982155,
      -0.185988
    ],
    "ImageType": [
      "ORIGINAL",
      "PRIMARY",
      "M",
      "ND",
      "MOSAIC"
    ],
    "InPlanePhaseEncodingDirectionDICOM": "COL",
    "InstitutionAddress": "Cooper_60_St._Lucia_QLD_AU_4072",
    "InstitutionName": "St_Lucia_Campus",
    "InstitutionalDepartmentName": "Gehrmann_Labs_MRI",
    "MRAcquisitionType": "2D",
    "MagneticFieldStrength": 3,
    "Manufacturer": "Siemens",
    "ManufacturersModelName": "TrioTim",
    "Modality": "MR",
    "PartialFourier": 1,
    "PatientPosition": "HFS",
    "PercentPhaseFOV": 100,
    "PhaseEncodingDirection": "j-",
    "PhaseEncodingSteps": 64,
    "PhaseResolution": 1,
    "PixelBandwidth": 1905,
    "ProcedureStepDescription": "Brain_-_UQ_fMRI",
    "ProtocolName": "OLVSL_R3",
    "PulseSequenceDetails": "%SiemensSeq%_ep2d_pace",
    "ReceiveCoilName": "32Ch_Head",
    "ReconMatrixPE": 64,
    "RepetitionTime": 2,
    "SAR": 0.151365,
    "ScanOptions": "FS",
    "ScanningSequence": "EP",
    "SequenceName": "_epfid2d1_64",
    "SequenceVariant": "SK",
    "SeriesDescription": "OLVSL_R3",
    "SeriesNumber": 4,
    "ShimSetting": [
      6880,
      -11276,
      -2112,
      771,
      96,
      223,
      210,
      -99
    ],
    "SliceThickness": 3,
    "SliceTiming": [
      0,
      1.0225,
      0.06,
      1.0825,
      0.12,
      1.1425,
      0.18,
      1.205,
      0.24,
      1.265,
      0.3,
      1.325,
      0.36,
      1.385,
      0.42,
      1.445,
      0.48,
      1.505,
      0.5425,
      1.565,
      0.6025,
      1.625,
      0.6625,
      1.685,
      0.7225,
      1.745,
      0.7825,
      1.805,
      0.8425,
      1.865,
      0.9025,
      1.9275,
      0.9625
    ],
    "SoftwareVersions": "syngo_MR_B17",
    "SpacingBetweenSlices": 3.3,
    "StationName": "mrc_Trio",
    "TaskName": "learn",
    "TotalReadoutTime": 0.0371701,
    "TxRefAmp": 315.25,
    "dataset": "ds001241",
    "modality": "bold",
    "run_id": 3,
    "subject_id": "22",
    "task_id": "learn"
  },
  "dummy_trs": 0,
  "dvars_nstd": 15.441020141632652,
  "dvars_std": 0.991340536462585,
  "dvars_vstd": 0.9237219913605442,
  "efc": 0.5755325748510252,
  "fber": 597.9966430664062,
  "fd_mean": 0.09045712660499695,
  "fd_num": 4,
  "fd_perc": 2.7027027027027026,
  "fwhm_avg": 2.7087617301791695,
  "fwhm_x": 2.6365833333333333,
  "fwhm_y": 2.78912,
  "fwhm_z": 2.7005818572041753,
  "gcor": 0.0144543,
  "gsr_x": -0.02059190161526203,
  "gsr_y": 0.08553729951381683,
  "provenance": {
    "md5sum": "c7972c2abd1a4012975b0f9b03b9b002",
    "settings": {
      "fd_thres": 0.2,
      "testing": false
    },
    "software": "mriqc",
    "version": "22.0.6",
    "webapi_port": null,
    "webapi_url": "https://mriqc.nimh.nih.gov/api/v1"
  },
  "size_t": 148,
  "size_x": 64,
  "size_y": 64,
  "size_z": 33,
  "snr": 3.3098773691211387,
  "spacing_tr": 2.0,
  "spacing_x": 3.0,
  "spacing_y": 3.0,
  "spacing_z": 3.299999952316284,
  "summary_bg_k": 23.713488028573252,
  "summary_bg_mad": 7.563276818020393,
  "summary_bg_mean": 48.04878616333008,
  "summary_bg_median": 24.283784866333008,
  "summary_bg_n": 73745.0,
  "summary_bg_p05": 18.054054260253906,
  "summary_bg_p95": 171.76757507324223,
  "summary_bg_stdv": 63.63340377807617,
  "summary_fg_k": 1.949843781419962,
  "summary_fg_mad": 153.69980831044842,
  "summary_fg_mean": 639.910888671875,
  "summary_fg_median": 604.8243408203125,
  "summary_fg_n": 30215.0,
  "summary_fg_p05": 414.96690368652344,
  "summary_fg_p95": 1003.6561218261717,
  "summary_fg_stdv": 182.73013305664062,
  "tsnr": 67.57856494863518
}