{
  "aor": 0.0013245945945945948,
  "aqi": 0.0025892038445945948,
  "bids_meta": {
    "AcquisitionMatrixPE": 64,
    "AcquisitionNumber": 1,
    "AcquisitionTime": "16:56:46.207500",
    "BandwidthPerPixelPhaseEncode": 26.483,
    "BaseResolution": 64,
    "ConversionSoftware": "dcm2niix",
    "ConversionSoftwareVersion": "v1.0.20171215 Clang9.0.0",
    "DerivedVendorReportedEchoSpacing": 0.000590001,
    "DeviceSerialNumber": "35410",
    "DwellTime": 4.1e-06,
    "EchoTime": 0.026,
    "EffectiveEchoSpacing": 0.000590001,
    "FlipAngle": 90,
    "ImageOrientationPatientDICOM": [
      1,
      0,
      0,
      0,
      0.935444,
      -0.353475
    ],
    "ImageType": [
      "ORIGINAL",
      "PRIMARY",
      "M",
      "ND",
      "MOSAIC"
    ],
    "InPlanePhaseEncodingDirectionDICOM": "COL",
    "InstitutionAddress": "Cooper_60_St._Lucia_QLD_AU_4072",
    "InstitutionName": "St_Lucia_Campus",
    "InstitutionalDepartmentName": "Gehrmann_Labs_MRI",
    "MRAcquisitionType": "2D",
    "MagneticFieldStrength": 3,
    "Manufacturer": "Siemens",
    "ManufacturersModelName": "TrioTim",
    "Modality": "MR",
    "PartialFourier": 1,
    "PatientPosition": "HFS",
    "PercentPhaseFOV": 100,
    "PhaseEncodingDirection": "j-",
    "PhaseEncodingSteps": 64,
    "PhaseResolution": 1,
    "PixelBandwidth": 1905,
    "ProcedureStepDescription": "Brain_-_UQ_fMRI",
    "ProtocolName": "OLVSL_R8",
    "PulseSequenceDetails": "%SiemensSeq%_ep2d_pace",
    "ReceiveCoilName": "32Ch_Head",
    "ReconMatrixPE": 64,
    "RepetitionTime": 2,
    "SAR": 0.165252,
    "ScanOptions": "FS",
    "ScanningSequence": "EP",
    "SequenceName": "_epfid2d1_64",
    "SequenceVariant": "SK",
    "SeriesDescription": "OLVSL_R8",
    "SeriesNumber": 10,
    "ShimSetting": [
      6833,
      -11294,
      -2082,
      897,
      129,
      -20,
      -136,
      -27
    ],
    "SliceThickness": 3,
    "SliceTiming": [
      0,
      1.0225,
      0.06,
      1.0825,
      0.12,
      1.145,
      0.18,
      1.205,
      0.24,
      1.265,
      0.3,
      1.325,
      0.36,
      1.385,
      0.4225,
      1.445,
      0.4825,
      1.505,
      0.5425,
      1.565,
      0.6025,
      1.625,
      0.6625,
      1.685,
      0.7225,
      1.745,
      0.7825,
      1.8075,
      0.8425,
      1.8675,
      0.9025,
      1.9275,
      0.9625
    ],
    "SoftwareVersions": "syngo_MR_B17",
    "SpacingBetweenSlices": 3.3,
    "StationName": "mrc_Trio",
    "TaskName": "learn",
    "TotalReadoutTime": 0.0371701,
    "TxRefAmp": 315.158,
    "dataset": "ds001241",
    "modality": "bold",
    "run_id": 8,
    "subject_id": "04",
    "task_id": "learn"
  },
  "dummy_trs": 0,
  "dvars_nstd": 17.855778136190477,
  "dvars_std": 1.1248448518367353,
  "dvars_vstd": 0.9843069596598638,
  "efc": 0.5974410006796818,
  "fber": 551.205810546875,
  "fd_mean": 0.1672123514843935,
  "fd_num": 38,
  "fd_perc": 25.675675675675677,
  "fwhm_avg": 2.629614824612294,
  "fwhm_x": 2.54048,
  "fwhm_y": 2.6791733333333334,
  "fwhm_z": 2.669191140503549,
  "gcor": 0.0329021,
  "gsr_x": -0.020528404042124748,
  "gsr_y": 0.07503349334001541,
  "provenance": {
    "md5sum": "89f18d240459b50afcfbee55b9ee4aff",
    "settings": {
      "fd_thres": 0.2,
      "testing": false
    },
    "software": "mriqc",
    "version": "22.0.6",
    "webapi_port": null,
    "webapi_url": "https://mriqc.nimh.nih.gov/api/v1"
  },
  "size_t": 148,
  "size_x": 64,
  "size_y": 64,
  "size_z": 33,
  "snr": 3.368171432262019,
  "spacing_tr": 2.0,
  "spacing_x": 3.0,
  "spacing_y": 3.0,
  "spacing_z": 3.299999713897705,
  "summary_bg_k": 29.304677509887355,
  "summary_bg_mad": 8.534981791098383,
  "summary_bg_mean": 54.0609130859375,
  "summary_bg_median": 26.324325561523438,
  "summary_bg_n": 69561.0,
  "summary_bg_p05": 20.033784866333008,
  "summary_bg_p95": 188.3581085205078,
  "summary_bg_stdv": 73.86880493164062,
  "summary_fg_k": 1.052583018948404,
  "summary_fg_mad": 177.29118221635622,
  "summary_fg_mean": 668.7710571289062,
  "summary_fg_median": 638.564208984375,
  "summary_fg_n": 33580.0,
  "summary_fg_p05": 414.8091323852539,
  "summary_fg_p95": 1019.7986541748047,
  "summary_fg_stdv": 189.58497619628906,
  "tsnr": 85.19386907108128
}