{
  "aor": 0.0011384931506849313,
  "aqi": 0.0021918488904109587,
  "bids_meta": {
    "AcquisitionMatrixPE": 64,
    "AcquisitionNumber": 1,
    "AcquisitionTime": "17:02:38.847500",
    "BandwidthPerPixelPhaseEncode": 26.483,
    "BaseResolution": 64,
    "ConversionSoftware": "dcm2niix",
    "ConversionSoftwareVersion": "v1.0.20171215 Clang9.0.0",
    "DerivedVendorReportedEchoSpacing": 0.000590001,
    "DeviceSerialNumber": "35410",
    "DwellTime": 4.1e-06,
    "EchoTime": 0.026,
    "EffectiveEchoSpacing": 0.000590001,
    "FlipAngle": 90,
    "ImageOrientationPatientDICOM": [
      1,
      0,
      0,
      0,
      0.935444,
      -0.353475
    ],
    "ImageType": [
      "ORIGINAL",
      "PRIMARY",
      "M",
      "ND",
      "MOSAIC"
    ],
    "InPlanePhaseEncodingDirectionDICOM": "COL",
    "InstitutionAddress": "Cooper_60_St._Lucia_QLD_AU_4072",
    "InstitutionName": "St_Lucia_Campus",
    "InstitutionalDepartmentName": "Gehrmann_Labs_MRI",
    "MRAcquisitionType": "2D",
    "MagneticFieldStrength": 3,
    "Manufacturer": "Siemens",
    "ManufacturersModelName": "TrioTim",
    "Modality": "MR",
    "PartialFourier": 1,
    "PatientPosition": "HFS",
    "PercentPhaseFOV": 100,
    "PhaseEncodingDirection": "j-",
    "PhaseEncodingSteps": 64,
    "PhaseResolution": 1,
    "PixelBandwidth": 1905,
    "ProcedureStepDescription": "Brain_-_UQ_fMRI",
    "ProtocolName": "OLVSL_R9",
    "PulseSequenceDetails": "%SiemensSeq%_ep2d_pace",
    "ReceiveCoilName": "32Ch_Head",
    "ReconMatrixPE": 64,
    "RepetitionTime": 2,
    "SAR": 0.165252,
    "ScanOptions": "FS",
    "ScanningSequence": "EP",
    "SequenceName": "_epfid2d1_64",
    "SequenceVariant": "SK",
    "SeriesDescription": "OLVSL_R9",
    "SeriesNumber": 11,
    "ShimSetting": [
      6833,
      -11294,
      -2082,
      897,
      129,
      -20,
      -136,
      -27
    ],
    "SliceThickness": 3,
    "SliceTiming": [
      0,
      1.025,
      0.06,
      1.085,
      0.12,
      1.145,
      0.18,
      1.205,
      0.2425,
      1.265,
      0.3025,
      1.325,
      0.3625,
      1.385,
      0.4225,
      1.445,
      0.4825,
      1.505,
      0.5425,
      1.565,
      0.6025,
      1.6275,
      0.6625,
      1.6875,
      0.7225,
      1.7475,
      0.7825,
      1.8075,
      0.8425,
      1.8675,
      0.905,
      1.9275,
      0.965
    ],
    "SoftwareVersions": "syngo_MR_B17",
    "SpacingBetweenSlices": 3.3,
    "StationName": "mrc_Trio",
    "TaskName": "learn",
    "TotalReadoutTime": 0.0371701,
    "TxRefAmp": 315.158,
    "dataset": "ds001241",
    "modality": "bold",
    "run_id": 9,
    "subject_id": "04",
    "task_id": "learn"
  },
  "dummy_trs": 2,
  "dvars_nstd": 17.88035920882758,
  "dvars_std": 1.1225373759310342,
  "dvars_vstd": 0.9890583392413791,
  "efc": 0.597624856178444,
  "fber": 550.6891479492188,
  "fd_mean": 0.16230666094019472,
  "fd_num": 37,
  "fd_perc": 25.34246575342466,
  "fwhm_avg": 2.6075992686656355,
  "fwhm_x": 2.5113766666666666,
  "fwhm_y": 2.6557633333333333,
  "fwhm_z": 2.6556578059969067,
  "gcor": 0.0302896,
  "gsr_x": -0.02079753577709198,
  "gsr_y": 0.07525689899921417,
  "provenance": {
    "md5sum": "1d824a8bb939ba6c0f119ea2d5258815",
    "settings": {
      "fd_thres": 0.2,
      "testing": false
    },
    "software": "mriqc",
    "version": "22.0.6",
    "webapi_port": null,
    "webapi_url": "https://mriqc.nimh.nih.gov/api/v1"
  },
  "size_t": 146,
  "size_x": 64,
  "size_y": 64,
  "size_z": 33,
  "snr": 3.3611947904846415,
  "spacing_tr": 2.0,
  "spacing_x": 3.0,
  "spacing_y": 3.0,
  "spacing_z": 3.299999713897705,
  "summary_bg_k": 29.554995771711297,
  "summary_bg_mad": 8.499577242881202,
  "summary_bg_mean": 53.94490432739258,
  "summary_bg_median": 26.3150691986084,
  "summary_bg_n": 69521.0,
  "summary_bg_p05": 20.03424644470215,
  "summary_bg_p95": 187.56849670410156,
  "summary_bg_stdv": 73.5322265625,
  "summary_fg_k": 0.93902080752185,
  "summary_fg_mad": 177.64821389684414,
  "summary_fg_mean": 667.6004638671875,
  "summary_fg_median": 637.7328491210938,
  "summary_fg_n": 33643.0,
  "summary_fg_p05": 413.3109649658203,
  "summary_fg_p95": 1018.5185119628906,
  "summary_fg_stdv": 189.7311553955078,
  "tsnr": 88.00712651852518
}