{
  "aor": 0.00123578231292517,
  "aqi": 0.001842384659863946,
  "bids_meta": {
    "AcquisitionMatrixPE": 64,
    "AcquisitionNumber": 1,
    "AcquisitionTime": "16:09:14.297500",
    "BandwidthPerPixelPhaseEncode": 26.483,
    "BaseResolution": 64,
    "ConversionSoftware": "dcm2niix",
    "ConversionSoftwareVersion": "v1.0.20171215 Clang9.0.0",
    "DerivedVendorReportedEchoSpacing": 0.000590001,
    "DeviceSerialNumber": "35410",
    "DwellTime": 4.1e-06,
    "EchoTime": 0.026,
    "EffectiveEchoSpacing": 0.000590001,
    "FlipAngle": 90,
    "ImageOrientationPatientDICOM": [
      1,
      0,
      0,
      0,
      0.935444,
      -0.353475
    ],
    "ImageType": [
      "ORIGINAL",
      "PRIMARY",
      "M",
      "ND",
      "MOSAIC"
    ],
    "InPlanePhaseEncodingDirectionDICOM": "COL",
    "InstitutionAddress": "Cooper_60_St._Lucia_QLD_AU_4072",
    "InstitutionName": "St_Lucia_Campus",
    "InstitutionalDepartmentName": "Gehrmann_Labs_MRI",
    "MRAcquisitionType": "2D",
    "MagneticFieldStrength": 3,
    "Manufacturer": "Siemens",
    "ManufacturersModelName": "TrioTim",
    "Modality": "MR",
    "PartialFourier": 1,
    "PatientPosition": "HFS",
    "PercentPhaseFOV": 100,
    "PhaseEncodingDirection": "j-",
    "PhaseEncodingSteps": 64,
    "PhaseResolution": 1,
    "PixelBandwidth": 1905,
    "ProcedureStepDescription": "Brain_-_UQ_fMRI",
    "ProtocolName": "OLVSL_R1",
    "PulseSequenceDetails": "%SiemensSeq%_ep2d_pace",
    "ReceiveCoilName": "32Ch_Head",
    "ReconMatrixPE": 64,
    "RepetitionTime": 2,
    "SAR": 0.165252,
    "ScanOptions": "FS",
    "ScanningSequence": "EP",
    "SequenceName": "_epfid2d1_64",
    "SequenceVariant": "SK",
    "SeriesDescription": "OLVSL_R1",
    "SeriesNumber": 2,
    "ShimSetting": [
      6833,
      -11294,
      -2082,
      897,
      129,
      -20,
      -136,
      -27
    ],
    "SliceThickness": 3,
    "SliceTiming": [
      0,
      1.0225,
      0.06,
      1.0825,
      0.12,
      1.1425,
      0.18,
      1.2025,
      0.24,
      1.265,
      0.3,
      1.325,
      0.36,
      1.385,
      0.42,
      1.445,
      0.48,
      1.505,
      0.5425,
      1.565,
      0.6025,
      1.625,
      0.6625,
      1.685,
      0.7225,
      1.745,
      0.7825,
      1.805,
      0.8425,
      1.865,
      0.9025,
      1.9275,
      0.9625
    ],
    "SoftwareVersions": "syngo_MR_B17",
    "SpacingBetweenSlices": 3.3,
    "StationName": "mrc_Trio",
    "TaskName": "learn",
    "TotalReadoutTime": 0.0371701,
    "TxRefAmp": 315.158,
    "dataset": "ds001241",
    "modality": "bold",
    "run_id": 1,
    "subject_id": "04",
    "task_id": "learn"
  },
  "dummy_trs": 1,
  "dvars_nstd": 18.515144674726027,
  "dvars_std": 1.148797426643836,
  "dvars_vstd": 0.9926249531506846,
  "efc": 0.5961966738586492,
  "fber": 554.5991821289062,
  "fd_mean": 0.1187883307170066,
  "fd_num": 10,
  "fd_perc": 6.802721088435374,
  "fwhm_avg": 2.61000593553845,
  "fwhm_x": 2.5310366666666666,
  "fwhm_y": 2.63619,
  "fwhm_z": 2.6627911399486837,
  "gcor": 0.0374421,
  "gsr_x": -0.02001081220805645,
  "gsr_y": 0.07314570993185043,
  "provenance": {
    "md5sum": "c2ba6d43e7790dabcc1756d1dd561db4",
    "settings": {
      "fd_thres": 0.2,
      "testing": false
    },
    "software": "mriqc",
    "version": "22.0.6",
    "webapi_port": null,
    "webapi_url": "https://mriqc.nimh.nih.gov/api/v1"
  },
  "size_t": 147,
  "size_x": 64,
  "size_y": 64,
  "size_z": 33,
  "snr": 3.3548162097628973,
  "spacing_tr": 2.0,
  "spacing_x": 3.0,
  "spacing_y": 3.0,
  "spacing_z": 3.299999713897705,
  "summary_bg_k": 31.23265437546459,
  "summary_bg_mad": 8.58295608506839,
  "summary_bg_mean": 52.20184326171875,
  "summary_bg_median": 26.06122398376465,
  "summary_bg_n": 69404.0,
  "summary_bg_p05": 19.428571701049805,
  "summary_bg_p95": 178.4669982910151,
  "summary_bg_stdv": 71.35057830810547,
  "summary_fg_k": 1.143275128866664,
  "summary_fg_mad": 177.22136851936057,
  "summary_fg_mean": 661.6105346679688,
  "summary_fg_median": 632.3060913085938,
  "summary_fg_n": 33672.0,
  "summary_fg_p05": 408.4639465332031,
  "summary_fg_p95": 1008.1203643798827,
  "summary_fg_stdv": 188.4743194580078,
  "tsnr": 88.53636695514433
}