{
  "aor": 0.0013128378378378378,
  "aqi": 0.0028887085067567566,
  "bids_meta": {
    "AcquisitionMatrixPE": 64,
    "AcquisitionNumber": 1,
    "AcquisitionTime": "16:32:3.440000",
    "BandwidthPerPixelPhaseEncode": 26.483,
    "BaseResolution": 64,
    "ConversionSoftware": "dcm2niix",
    "ConversionSoftwareVersion": "v1.0.20171215 Clang9.0.0",
    "DerivedVendorReportedEchoSpacing": 0.000590001,
    "DeviceSerialNumber": "35410",
    "DwellTime": 4.1e-06,
    "EchoTime": 0.026,
    "EffectiveEchoSpacing": 0.000590001,
    "FlipAngle": 90,
    "ImageOrientationPatientDICOM": [
      1,
      0,
      0,
      0,
      0.935444,
      -0.353475
    ],
    "ImageType": [
      "ORIGINAL",
      "PRIMARY",
      "M",
      "ND",
      "MOSAIC"
    ],
    "InPlanePhaseEncodingDirectionDICOM": "COL",
    "InstitutionAddress": "Cooper_60_St._Lucia_QLD_AU_4072",
    "InstitutionName": "St_Lucia_Campus",
    "InstitutionalDepartmentName": "Gehrmann_Labs_MRI",
    "MRAcquisitionType": "2D",
    "MagneticFieldStrength": 3,
    "Manufacturer": "Siemens",
    "ManufacturersModelName": "TrioTim",
    "Modality": "MR",
    "PartialFourier": 1,
    "PatientPosition": "HFS",
    "PercentPhaseFOV": 100,
    "PhaseEncodingDirection": "j-",
    "PhaseEncodingSteps": 64,
    "PhaseResolution": 1,
    "PixelBandwidth": 1905,
    "ProcedureStepDescription": "Brain_-_UQ_fMRI",
    "ProtocolName": "OLVSL_R5",
    "PulseSequenceDetails": "%SiemensSeq%_ep2d_pace",
    "ReceiveCoilName": "32Ch_Head",
    "ReconMatrixPE": 64,
    "RepetitionTime": 2,
    "SAR": 0.165252,
    "ScanOptions": "FS",
    "ScanningSequence": "EP",
    "SequenceName": "_epfid2d1_64",
    "SequenceVariant": "SK",
    "SeriesDescription": "OLVSL_R5",
    "SeriesNumber": 6,
    "ShimSetting": [
      6833,
      -11294,
      -2082,
      897,
      129,
      -20,
      -136,
      -27
    ],
    "SliceThickness": 3,
    "SliceTiming": [
      0,
      1.0225,
      0.06,
      1.0825,
      0.12,
      1.145,
      0.18,
      1.205,
      0.24,
      1.265,
      0.3,
      1.325,
      0.36,
      1.385,
      0.42,
      1.445,
      0.4825,
      1.505,
      0.5425,
      1.565,
      0.6025,
      1.625,
      0.6625,
      1.685,
      0.7225,
      1.745,
      0.7825,
      1.805,
      0.8425,
      1.8675,
      0.9025,
      1.9275,
      0.9625
    ],
    "SoftwareVersions": "syngo_MR_B17",
    "SpacingBetweenSlices": 3.3,
    "StationName": "mrc_Trio",
    "TaskName": "learn",
    "TotalReadoutTime": 0.0371701,
    "TxRefAmp": 315.158,
    "dataset": "ds001241",
    "modality": "bold",
    "run_id": 5,
    "subject_id": "04",
    "task_id": "learn"
  },
  "dummy_trs": 0,
  "dvars_nstd": 19.036531098095246,
  "dvars_std": 1.0850765031972789,
  "dvars_vstd": 0.9504399548299315,
  "efc": 0.596558202005405,
  "fber": 550.2181396484375,
  "fd_mean": 0.16074256608224904,
  "fd_num": 41,
  "fd_perc": 27.7027027027027,
  "fwhm_avg": 2.6036113895040813,
  "fwhm_x": 2.53252,
  "fwhm_y": 2.6355866666666667,
  "fwhm_z": 2.642727501845577,
  "gcor": 0.0227803,
  "gsr_x": -0.020673558115959167,
  "gsr_y": 0.07327347248792648,
  "provenance": {
    "md5sum": "2e02c8d38d0235a52d4982204c88b620",
    "settings": {
      "fd_thres": 0.2,
      "testing": false
    },
    "software": "mriqc",
    "version": "22.0.6",
    "webapi_port": null,
    "webapi_url": "https://mriqc.nimh.nih.gov/api/v1"
  },
  "size_t": 148,
  "size_x": 64,
  "size_y": 64,
  "size_z": 33,
  "snr": 3.352001428288104,
  "spacing_tr": 2.0,
  "spacing_x": 3.0,
  "spacing_y": 3.0,
  "spacing_z": 3.299999713897705,
  "summary_bg_k": 33.66254724847143,
  "summary_bg_mad": 8.645174205665391,
  "summary_bg_mean": 53.758056640625,
  "summary_bg_median": 26.37162208557129,
  "summary_bg_n": 69557.0,
  "summary_bg_p05": 19.9797306060791,
  "summary_bg_p95": 185.27703552246084,
  "summary_bg_stdv": 74.51998901367188,
  "summary_fg_k": 1.1706700891800743,
  "summary_fg_mad": 178.83391561004476,
  "summary_fg_mean": 668.6777954101562,
  "summary_fg_median": 638.8378295898438,
  "summary_fg_n": 33609.0,
  "summary_fg_p05": 413.6837951660156,
  "summary_fg_p95": 1019.2283935546874,
  "summary_fg_stdv": 190.58116149902344,
  "tsnr": 76.55910855159163
}