{
  "aor": 0.0008678472222222221,
  "aqi": 0.0017573833819444441,
  "bids_meta": {
    "AcquisitionMatrixPE": 64,
    "AcquisitionNumber": 1,
    "AcquisitionTime": "17:08:11.025000",
    "BandwidthPerPixelPhaseEncode": 26.483,
    "BaseResolution": 64,
    "ConversionSoftware": "dcm2niix",
    "ConversionSoftwareVersion": "v1.0.20171215 Clang9.0.0",
    "DerivedVendorReportedEchoSpacing": 0.000590001,
    "DeviceSerialNumber": "35410",
    "DwellTime": 4.1e-06,
    "EchoTime": 0.026,
    "EffectiveEchoSpacing": 0.000590001,
    "FlipAngle": 90,
    "ImageOrientationPatientDICOM": [
      1,
      0,
      0,
      0,
      0.935444,
      -0.353475
    ],
    "ImageType": [
      "ORIGINAL",
      "PRIMARY",
      "M",
      "ND",
      "MOSAIC"
    ],
    "InPlanePhaseEncodingDirectionDICOM": "COL",
    "InstitutionAddress": "Cooper_60_St._Lucia_QLD_AU_4072",
    "InstitutionName": "St_Lucia_Campus",
    "InstitutionalDepartmentName": "Gehrmann_Labs_MRI",
    "MRAcquisitionType": "2D",
    "MagneticFieldStrength": 3,
    "Manufacturer": "Siemens",
    "ManufacturersModelName": "TrioTim",
    "Modality": "MR",
    "PartialFourier": 1,
    "PatientPosition": "HFS",
    "PercentPhaseFOV": 100,
    "PhaseEncodingDirection": "j-",
    "PhaseEncodingSteps": 64,
    "PhaseResolution": 1,
    "PixelBandwidth": 1905,
    "ProcedureStepDescription": "Brain_-_UQ_fMRI",
    "ProtocolName": "OLVSL_R10",
    "PulseSequenceDetails": "%SiemensSeq%_ep2d_pace",
    "ReceiveCoilName": "32Ch_Head",
    "ReconMatrixPE": 64,
    "RepetitionTime": 2,
    "SAR": 0.165252,
    "ScanOptions": "FS",
    "ScanningSequence": "EP",
    "SequenceName": "_epfid2d1_64",
    "SequenceVariant": "SK",
    "SeriesDescription": "OLVSL_R10",
    "SeriesNumber": 12,
    "ShimSetting": [
      6833,
      -11294,
      -2082,
      897,
      129,
      -20,
      -136,
      -27
    ],
    "SliceThickness": 3,
    "SliceTiming": [
      0,
      1.0225,
      0.06,
      1.0825,
      0.12,
      1.1425,
      0.18,
      1.2025,
      0.24,
      1.2625,
      0.3,
      1.325,
      0.36,
      1.385,
      0.42,
      1.445,
      0.48,
      1.505,
      0.54,
      1.565,
      0.6,
      1.625,
      0.6625,
      1.685,
      0.7225,
      1.745,
      0.7825,
      1.805,
      0.8425,
      1.865,
      0.9025,
      1.925,
      0.9625
    ],
    "SoftwareVersions": "syngo_MR_B17",
    "SpacingBetweenSlices": 3.3,
    "StationName": "mrc_Trio",
    "TaskName": "learn",
    "TotalReadoutTime": 0.0371701,
    "TxRefAmp": 315.158,
    "dataset": "ds001241",
    "modality": "bold",
    "run_id": 10,
    "subject_id": "04",
    "task_id": "learn"
  },
  "dummy_trs": 4,
  "dvars_nstd": 18.13769480559441,
  "dvars_std": 1.1356536265034958,
  "dvars_vstd": 0.9852487981818182,
  "efc": 0.5978251805433441,
  "fber": 544.1902465820312,
  "fd_mean": 0.14796890392884504,
  "fd_num": 28,
  "fd_perc": 19.444444444444443,
  "fwhm_avg": 2.6084485613200354,
  "fwhm_x": 2.52814,
  "fwhm_y": 2.6510599999999998,
  "fwhm_z": 2.646145683960107,
  "gcor": 0.0245979,
  "gsr_x": -0.021359533071517944,
  "gsr_y": 0.0763087049126625,
  "provenance": {
    "md5sum": "4c27077fcbc4d7640cef976dadf13032",
    "settings": {
      "fd_thres": 0.2,
      "testing": false
    },
    "software": "mriqc",
    "version": "22.0.6",
    "webapi_port": null,
    "webapi_url": "https://mriqc.nimh.nih.gov/api/v1"
  },
  "size_t": 144,
  "size_x": 64,
  "size_y": 64,
  "size_z": 33,
  "snr": 3.3703692412756836,
  "spacing_tr": 2.0,
  "spacing_x": 3.0,
  "spacing_y": 3.0,
  "spacing_z": 3.299999713897705,
  "summary_bg_k": 33.45542639706184,
  "summary_bg_mad": 8.576440743287849,
  "summary_bg_mean": 54.478885650634766,
  "summary_bg_median": 26.4375,
  "summary_bg_n": 69589.0,
  "summary_bg_p05": 20.20833396911621,
  "summary_bg_p95": 190.61389160156224,
  "summary_bg_stdv": 75.38241577148438,
  "summary_fg_k": 1.1704957164419385,
  "summary_fg_mad": 176.88266123763043,
  "summary_fg_mean": 667.5704956054688,
  "summary_fg_median": 637.9444580078125,
  "summary_fg_n": 33544.0,
  "summary_fg_p05": 413.65972900390625,
  "summary_fg_p95": 1016.6357849121093,
  "summary_fg_stdv": 189.2774658203125,
  "tsnr": 95.25431566080078
}