{
  "aor": 0.007364761904761904,
  "aqi": 0.0022053015034013607,
  "bids_meta": {
    "AcquisitionMatrixPE": 64,
    "AcquisitionNumber": 1,
    "AcquisitionTime": "15:21:12.310000",
    "BandwidthPerPixelPhaseEncode": 26.483,
    "BaseResolution": 64,
    "ConversionSoftware": "dcm2niix",
    "ConversionSoftwareVersion": "v1.0.20171215 Clang9.0.0",
    "DerivedVendorReportedEchoSpacing": 0.000590001,
    "DeviceSerialNumber": "35410",
    "DwellTime": 4.1e-06,
    "EchoTime": 0.026,
    "EffectiveEchoSpacing": 0.000590001,
    "FlipAngle": 90,
    "ImageOrientationPatientDICOM": [
      1,
      0,
      0,
      0,
      0.999701,
      0.0244322
    ],
    "ImageType": [
      "ORIGINAL",
      "PRIMARY",
      "M",
      "ND",
      "MOSAIC"
    ],
    "InPlanePhaseEncodingDirectionDICOM": "COL",
    "InstitutionAddress": "Cooper_60_St._Lucia_QLD_AU_4072",
    "InstitutionName": "Centre_for_Advanced_Imaging",
    "InstitutionalDepartmentName": "Gehrmann_Labs_MRI",
    "MRAcquisitionType": "2D",
    "MagneticFieldStrength": 3,
    "Manufacturer": "Siemens",
    "ManufacturersModelName": "TrioTim",
    "Modality": "MR",
    "PartialFourier": 1,
    "PatientPosition": "HFS",
    "PercentPhaseFOV": 100,
    "PhaseEncodingDirection": "j-",
    "PhaseEncodingSteps": 64,
    "PhaseResolution": 1,
    "PixelBandwidth": 1905,
    "ProcedureStepDescription": "Brain_-_UQ_fMRI",
    "ProtocolName": "OLVSL_R8",
    "PulseSequenceDetails": "%SiemensSeq%_ep2d_pace",
    "ReceiveCoilName": "32Ch_Head",
    "ReconMatrixPE": 64,
    "RepetitionTime": 2,
    "SAR": 0.172876,
    "ScanOptions": "FS",
    "ScanningSequence": "EP",
    "SequenceName": "_epfid2d1_64",
    "SequenceVariant": "SK",
    "SeriesDescription": "OLVSL_R8",
    "SeriesNumber": 10,
    "ShimSetting": [
      6805,
      -11434,
      -2107,
      962,
      59,
      -160,
      -166,
      162
    ],
    "SliceThickness": 3,
    "SliceTiming": [
      0,
      1.0225,
      0.06,
      1.0825,
      0.12,
      1.1425,
      0.18,
      1.2025,
      0.24,
      1.2625,
      0.3,
      1.325,
      0.36,
      1.385,
      0.42,
      1.445,
      0.48,
      1.505,
      0.54,
      1.565,
      0.6,
      1.625,
      0.6625,
      1.685,
      0.7225,
      1.745,
      0.7825,
      1.805,
      0.8425,
      1.865,
      0.9025,
      1.925,
      0.9625
    ],
    "SoftwareVersions": "syngo_MR_B17",
    "SpacingBetweenSlices": 3.3,
    "StationName": "mrc_Trio",
    "TaskName": "learn",
    "TotalReadoutTime": 0.0371701,
    "TxRefAmp": 327.906,
    "dataset": "ds001241",
    "modality": "bold",
    "run_id": 8,
    "subject_id": "13",
    "task_id": "learn"
  },
  "dummy_trs": 1,
  "dvars_nstd": 25.49347813486304,
  "dvars_std": 1.3753801092465758,
  "dvars_vstd": 1.0893494658904108,
  "efc": 0.5690785217647,
  "fber": 579.306396484375,
  "fd_mean": 0.1702287681837528,
  "fd_num": 43,
  "fd_perc": 29.25170068027211,
  "fwhm_avg": 3.6419100334238745,
  "fwhm_x": 3.5746333333333333,
  "fwhm_y": 3.8430666666666666,
  "fwhm_z": 3.5080301002716237,
  "gcor": 0.0293216,
  "gsr_x": -0.034946050494909286,
  "gsr_y": 0.11992207169532776,
  "provenance": {
    "md5sum": "fda52c6cc68439c0c9d48da182cacca7",
    "settings": {
      "fd_thres": 0.2,
      "testing": false
    },
    "software": "mriqc",
    "version": "22.0.6",
    "webapi_port": null,
    "webapi_url": "https://mriqc.nimh.nih.gov/api/v1"
  },
  "size_t": 147,
  "size_x": 64,
  "size_y": 64,
  "size_z": 33,
  "snr": 1.960023679949056,
  "spacing_tr": 2.0,
  "spacing_x": 3.0,
  "spacing_y": 3.0,
  "spacing_z": 3.3000001907348633,
  "summary_bg_k": 21.666314778452435,
  "summary_bg_mad": 10.196673901228776,
  "summary_bg_mean": 63.699012756347656,
  "summary_bg_median": 28.80272102355957,
  "summary_bg_n": 68779.0,
  "summary_bg_p05": 21.455781936645508,
  "summary_bg_p95": 237.49251251220699,
  "summary_bg_stdv": 91.40702819824219,
  "summary_fg_k": 3.2847372009971254,
  "summary_fg_mad": 269.82355928277457,
  "summary_fg_mean": 825.1226806640625,
  "summary_fg_median": 722.047607421875,
  "summary_fg_n": 34235.0,
  "summary_fg_p05": 446.0237976074219,
  "summary_fg_p95": 1587.9339477539063,
  "summary_fg_stdv": 368.3818054199219,
  "tsnr": 82.30169836245477
}