{
  "aor": 0.0007280272108843537,
  "aqi": 0.001947157918367347,
  "bids_meta": {
    "AcquisitionMatrixPE": 64,
    "AcquisitionNumber": 1,
    "AcquisitionTime": "14:37:21.522500",
    "BandwidthPerPixelPhaseEncode": 26.483,
    "BaseResolution": 64,
    "ConversionSoftware": "dcm2niix",
    "ConversionSoftwareVersion": "v1.0.20171215 Clang9.0.0",
    "DerivedVendorReportedEchoSpacing": 0.000590001,
    "DeviceSerialNumber": "35410",
    "DwellTime": 4.1e-06,
    "EchoTime": 0.026,
    "EffectiveEchoSpacing": 0.000590001,
    "FlipAngle": 90,
    "ImageOrientationPatientDICOM": [
      1,
      0,
      0,
      0,
      0.999701,
      0.0244322
    ],
    "ImageType": [
      "ORIGINAL",
      "PRIMARY",
      "M",
      "ND",
      "MOSAIC"
    ],
    "InPlanePhaseEncodingDirectionDICOM": "COL",
    "InstitutionAddress": "Cooper_60_St._Lucia_QLD_AU_4072",
    "InstitutionName": "Centre_for_Advanced_Imaging",
    "InstitutionalDepartmentName": "Gehrmann_Labs_MRI",
    "MRAcquisitionType": "2D",
    "MagneticFieldStrength": 3,
    "Manufacturer": "Siemens",
    "ManufacturersModelName": "TrioTim",
    "Modality": "MR",
    "PartialFourier": 1,
    "PatientPosition": "HFS",
    "PercentPhaseFOV": 100,
    "PhaseEncodingDirection": "j-",
    "PhaseEncodingSteps": 64,
    "PhaseResolution": 1,
    "PixelBandwidth": 1905,
    "ProcedureStepDescription": "Brain_-_UQ_fMRI",
    "ProtocolName": "OLVSL_R1",
    "PulseSequenceDetails": "%SiemensSeq%_ep2d_pace",
    "ReceiveCoilName": "32Ch_Head",
    "ReconMatrixPE": 64,
    "RepetitionTime": 2,
    "SAR": 0.172876,
    "ScanOptions": "FS",
    "ScanningSequence": "EP",
    "SequenceName": "_epfid2d1_64",
    "SequenceVariant": "SK",
    "SeriesDescription": "OLVSL_R1",
    "SeriesNumber": 2,
    "ShimSetting": [
      6805,
      -11434,
      -2107,
      962,
      59,
      -160,
      -166,
      162
    ],
    "SliceThickness": 3,
    "SliceTiming": [
      0,
      1.0225,
      0.06,
      1.085,
      0.12,
      1.145,
      0.18,
      1.205,
      0.24,
      1.265,
      0.3,
      1.325,
      0.36,
      1.385,
      0.4225,
      1.445,
      0.4825,
      1.505,
      0.5425,
      1.565,
      0.6025,
      1.625,
      0.6625,
      1.685,
      0.7225,
      1.745,
      0.7825,
      1.8075,
      0.8425,
      1.8675,
      0.9025,
      1.9275,
      0.9625
    ],
    "SoftwareVersions": "syngo_MR_B17",
    "SpacingBetweenSlices": 3.3,
    "StationName": "mrc_Trio",
    "TaskName": "learn",
    "TotalReadoutTime": 0.0371701,
    "TxRefAmp": 327.906,
    "dataset": "ds001241",
    "modality": "bold",
    "run_id": 1,
    "subject_id": "13",
    "task_id": "learn"
  },
  "dummy_trs": 1,
  "dvars_nstd": 22.51155508410958,
  "dvars_std": 1.2217495607534248,
  "dvars_vstd": 0.9684028513013702,
  "efc": 0.565253810279291,
  "fber": 573.22265625,
  "fd_mean": 0.09745463103751725,
  "fd_num": 7,
  "fd_perc": 4.761904761904762,
  "fwhm_avg": 3.62980094342146,
  "fwhm_x": 3.5970999999999997,
  "fwhm_y": 3.8313333333333333,
  "fwhm_z": 3.4609694969310474,
  "gcor": 0.0252617,
  "gsr_x": -0.035071417689323425,
  "gsr_y": 0.12102794647216797,
  "provenance": {
    "md5sum": "86e3014c16b9635f65d9be33b030be38",
    "settings": {
      "fd_thres": 0.2,
      "testing": false
    },
    "software": "mriqc",
    "version": "22.0.6",
    "webapi_port": null,
    "webapi_url": "https://mriqc.nimh.nih.gov/api/v1"
  },
  "size_t": 147,
  "size_x": 64,
  "size_y": 64,
  "size_z": 33,
  "snr": 1.900123423764606,
  "spacing_tr": 2.0,
  "spacing_x": 3.0,
  "spacing_y": 3.0,
  "spacing_z": 3.3000001907348633,
  "summary_bg_k": 21.4264816500223,
  "summary_bg_mad": 10.509328299354681,
  "summary_bg_mean": 63.64175033569336,
  "summary_bg_median": 28.87755012512207,
  "summary_bg_n": 68896.0,
  "summary_bg_p05": 21.231292724609375,
  "summary_bg_p95": 237.81292343139648,
  "summary_bg_stdv": 92.29977416992188,
  "summary_fg_k": 3.502808039543104,
  "summary_fg_mad": 274.81087243406347,
  "summary_fg_mean": 826.6407470703125,
  "summary_fg_median": 720.7584838867188,
  "summary_fg_n": 33962.0,
  "summary_fg_p05": 441.5717514038086,
  "summary_fg_p95": 1614.5469421386717,
  "summary_fg_stdv": 379.31634521484375,
  "tsnr": 88.23864867538214
}