{
  "bids_meta": {
    "AcquisitionMatrixPE": 256,
    "AcquisitionNumber": 1,
    "AcquisitionTime": "14:46:3.150000",
    "BaseResolution": 256,
    "ConversionSoftware": "dcm2niix",
    "ConversionSoftwareVersion": "v1.0.20171215 Clang9.0.0",
    "DeviceSerialNumber": "35410",
    "DwellTime": 9.8e-06,
    "EchoTime": 0.00232,
    "FlipAngle": 9,
    "ImageOrientationPatientDICOM": [
      0.0104676,
      0.999945,
      6.83673e-09,
      -0.0087272,
      9.1365e-05,
      -0.999962
    ],
    "ImageType": [
      "ORIGINAL",
      "PRIMARY",
      "M",
      "ND",
      "NORM"
    ],
    "InPlanePhaseEncodingDirectionDICOM": "ROW",
    "InstitutionAddress": "Cooper_60_St._Lucia_QLD_AU_4072",
    "InstitutionName": "Centre_for_Advanced_Imaging",
    "InstitutionalDepartmentName": "Gehrmann_Labs_MRI",
    "Interpolation2D": 1,
    "InversionTime": 0.9,
    "MRAcquisitionType": "3D",
    "MagneticFieldStrength": 3,
    "Manufacturer": "Siemens",
    "ManufacturersModelName": "TrioTim",
    "Modality": "MR",
    "ParallelReductionFactorInPlane": 2,
    "PartialFourier": 1,
    "PatientPosition": "HFS",
    "PercentPhaseFOV": 100,
    "PhaseEncodingSteps": 255,
    "PhaseResolution": 1,
    "PixelBandwidth": 199,
    "ProcedureStepDescription": "Brain_-_UQ_fMRI",
    "ProtocolName": "t1_mpr_sag_p2_iso_0.9",
    "PulseSequenceDetails": "%SiemensSeq%_tfl",
    "ReceiveCoilName": "32Ch_Head",
    "ReconMatrixPE": 512,
    "RepetitionTime": 1.9,
    "SAR": 0.142959,
    "ScanOptions": "IR",
    "ScanningSequence": "GR_IR",
    "SequenceName": "_tfl3d1_ns",
    "SequenceVariant": "SP_MP",
    "SeriesDescription": "t1_mpr_sag_p2_iso_0.9",
    "SeriesNumber": 7,
    "ShimSetting": [
      6825,
      -11255,
      -2613,
      -72,
      38,
      19,
      -121,
      14
    ],
    "SliceThickness": 0.9,
    "SoftwareVersions": "syngo_MR_B17",
    "StationName": "mrc_Trio",
    "TxRefAmp": 366.711,
    "dataset": "ds001241",
    "modality": "T1w",
    "subject_id": "08"
  },
  "cjv": 0.3028426005057131,
  "cnr": 4.4955666931313125,
  "efc": 0.5152115225547359,
  "fber": 15215.026706979088,
  "fwhm_avg": 7.242848255849377,
  "fwhm_x": 4.399949844171144,
  "fwhm_y": 8.964674782608695,
  "fwhm_z": 8.36392014076829,
  "icvs_csf": 0.19565829273594748,
  "icvs_gm": 0.4491975851034953,
  "icvs_wm": 0.35514412216055724,
  "inu_med": 0.38922402262687683,
  "inu_range": 0.13731433153152467,
  "provenance": {
    "md5sum": "af62a92babf4422b44d95ed9e0e00c2d",
    "settings": {
      "testing": false
    },
    "software": "mriqc",
    "version": "22.0.6",
    "warnings": {
      "large_rot_frame": true,
      "small_air_mask": false
    },
    "webapi_port": null,
    "webapi_url": "https://mriqc.nimh.nih.gov/api/v1"
  },
  "qi_1": 2.99212878632953e-05,
  "qi_2": 0.019430900580056636,
  "rpve_csf": 23.825817339320956,
  "rpve_gm": 11.364318152923511,
  "rpve_wm": 15.90639209008577,
  "size_x": 192,
  "size_y": 512,
  "size_z": 512,
  "snr_csf": 2.8819300966397847,
  "snr_gm": 18.18407074528121,
  "snr_total": 15.705851391461488,
  "snr_wm": 26.05155333246347,
  "snrd_csf": 25.95229569068196,
  "snrd_gm": 64.65987757590885,
  "snrd_total": 59.12361219595465,
  "snrd_wm": 86.75866332127313,
  "spacing_x": 0.9000011682510376,
  "spacing_y": 0.44921875,
  "spacing_z": 0.4492187798023224,
  "summary_bg_k": 23.71758622453898,
  "summary_bg_mad": 0.0,
  "summary_bg_mean": 4.292275963573159,
  "summary_bg_median": 0.0,
  "summary_bg_n": 11890254.0,
  "summary_bg_p05": 0.0,
  "summary_bg_p95": 19.05731774121523,
  "summary_bg_stdv": 7.55161680110502,
  "summary_csf_k": 0.7249632047574757,
  "summary_csf_mad": 85.41031250770365,
  "summary_csf_mean": 304.1319400989415,
  "summary_csf_median": 299.14654744416475,
  "summary_csf_n": 337340.0,
  "summary_csf_p05": 110.51304613798857,
  "summary_csf_p95": 483.90312113352064,
  "summary_csf_stdv": 103.800610709593,
  "summary_gm_k": 0.24380188264729075,
  "summary_gm_mad": 39.829388155949346,
  "summary_gm_mean": 745.3635638728491,
  "summary_gm_median": 745.3205437213182,
  "summary_gm_n": 601825.0,
  "summary_gm_p05": 678.4987018704414,
  "summary_gm_p95": 812.8212722092867,
  "summary_gm_stdv": 40.98751786353839,
  "summary_wm_k": 0.3373613645356839,
  "summary_wm_mad": 37.31309107028468,
  "summary_wm_mean": 1001.1862076338904,
  "summary_wm_median": 1000.0485083386302,
  "summary_wm_n": 1334662.0,
  "summary_wm_p05": 940.2579923719168,
  "summary_wm_p95": 1065.9974959418178,
  "summary_wm_stdv": 38.387274683061555,
  "tpm_overlap_csf": 0.14276008725950629,
  "tpm_overlap_gm": 0.4634774754243002,
  "tpm_overlap_wm": 0.518741980146925,
  "wm2max": 0.40261996798250754
}