{
  "bids_meta": {
    "AcquisitionMatrixPE": 256,
    "AcquisitionNumber": 1,
    "AcquisitionTime": "13:17:53.722500",
    "BaseResolution": 256,
    "ConversionSoftware": "dcm2niix",
    "ConversionSoftwareVersion": "v1.0.20171215 Clang9.0.0",
    "DeviceSerialNumber": "35410",
    "DwellTime": 9.8e-06,
    "EchoTime": 0.00232,
    "FlipAngle": 9,
    "ImageOrientationPatientDICOM": [
      -0.0104748,
      0.999945,
      -2.22787e-08,
      0.0174489,
      0.000182761,
      -0.999848
    ],
    "ImageType": [
      "ORIGINAL",
      "PRIMARY",
      "M",
      "ND",
      "NORM"
    ],
    "InPlanePhaseEncodingDirectionDICOM": "ROW",
    "InstitutionAddress": "Cooper_60_St._Lucia_QLD_AU_4072",
    "InstitutionName": "Centre_for_Advanced_Imaging",
    "InstitutionalDepartmentName": "Gehrmann_Labs_MRI",
    "Interpolation2D": 1,
    "InversionTime": 0.9,
    "MRAcquisitionType": "3D",
    "MagneticFieldStrength": 3,
    "Manufacturer": "Siemens",
    "ManufacturersModelName": "TrioTim",
    "Modality": "MR",
    "ParallelReductionFactorInPlane": 2,
    "PartialFourier": 1,
    "PatientPosition": "HFS",
    "PercentPhaseFOV": 100,
    "PhaseEncodingSteps": 255,
    "PhaseResolution": 1,
    "PixelBandwidth": 199,
    "ProcedureStepDescription": "Brain_-_UQ_fMRI",
    "ProtocolName": "t1_mpr_sag_p2_iso_0.9",
    "PulseSequenceDetails": "%SiemensSeq%_tfl",
    "ReceiveCoilName": "32Ch_Head",
    "ReconMatrixPE": 512,
    "RepetitionTime": 1.9,
    "SAR": 0.122199,
    "ScanOptions": "IR",
    "ScanningSequence": "GR_IR",
    "SequenceName": "_tfl3d1_ns",
    "SequenceVariant": "SP_MP",
    "SeriesDescription": "t1_mpr_sag_p2_iso_0.9",
    "SeriesNumber": 7,
    "ShimSetting": [
      6825,
      -11255,
      -2613,
      -72,
      38,
      19,
      -121,
      14
    ],
    "SliceThickness": 0.9,
    "SoftwareVersions": "syngo_MR_B17",
    "StationName": "mrc_Trio",
    "TxRefAmp": 346.956,
    "dataset": "ds001241",
    "modality": "T1w",
    "subject_id": "17"
  },
  "cjv": 0.2947120942010476,
  "cnr": 4.601692973799066,
  "efc": 0.5686326883212593,
  "fber": 27105.963734567904,
  "fwhm_avg": 7.291128357205498,
  "fwhm_x": 4.476514941980645,
  "fwhm_y": 8.889232695652174,
  "fwhm_z": 8.507637433983675,
  "icvs_csf": 0.17261354045723762,
  "icvs_gm": 0.4430018430328224,
  "icvs_wm": 0.38438461650994,
  "inu_med": 0.3857964724302292,
  "inu_range": 0.12710608541965485,
  "provenance": {
    "md5sum": "1b246055886d0d42993de6600347f1ac",
    "settings": {
      "testing": false
    },
    "software": "mriqc",
    "version": "22.0.6",
    "warnings": {
      "large_rot_frame": true,
      "small_air_mask": false
    },
    "webapi_port": null,
    "webapi_url": "https://mriqc.nimh.nih.gov/api/v1"
  },
  "qi_1": 0.0,
  "qi_2": 0.01768403085537313,
  "rpve_csf": 19.882493959837557,
  "rpve_gm": 8.820506203747106,
  "rpve_wm": 11.631717832262954,
  "size_x": 192,
  "size_y": 512,
  "size_z": 512,
  "snr_csf": 2.693914623543398,
  "snr_gm": 17.947627541594382,
  "snr_total": 15.94079459347013,
  "snr_wm": 27.18084161527261,
  "snrd_csf": 42.21171017529772,
  "snrd_gm": 108.51891273716514,
  "snrd_total": 98.85692991651018,
  "snrd_wm": 145.84016683706767,
  "spacing_x": 0.8999969959259033,
  "spacing_y": 0.44921875,
  "spacing_z": 0.4492187201976776,
  "summary_bg_k": 5.725581755296384,
  "summary_bg_mad": 0.0,
  "summary_bg_mean": 2.4175109266355284,
  "summary_bg_median": 0.0,
  "summary_bg_n": 9192521.0,
  "summary_bg_p05": 0.0,
  "summary_bg_p95": 10.46104508638382,
  "summary_bg_stdv": 4.492342802422332,
  "summary_csf_k": 0.8406843923085665,
  "summary_csf_mad": 94.24564500004188,
  "summary_csf_mean": 294.1714412255985,
  "summary_csf_median": 289.45036847889423,
  "summary_csf_n": 304786.0,
  "summary_csf_p05": 103.34500186145306,
  "summary_csf_p95": 478.17099636793137,
  "summary_csf_stdv": 107.44583035664759,
  "summary_gm_k": 0.31994927254397876,
  "summary_gm_mad": 39.899616131404585,
  "summary_gm_mean": 744.3565360098764,
  "summary_gm_median": 744.1261950358748,
  "summary_gm_n": 709324.0,
  "summary_gm_p05": 676.7199448421597,
  "summary_gm_p95": 812.6713493317366,
  "summary_gm_stdv": 41.46094901842609,
  "summary_wm_k": 0.41114986909753704,
  "summary_wm_mad": 35.52191530194013,
  "summary_wm_mean": 1001.46743812408,
  "summary_wm_median": 1000.0421649515629,
  "summary_wm_n": 1922190.0,
  "summary_wm_p05": 943.5609578117728,
  "summary_wm_p95": 1063.9895212054253,
  "summary_wm_stdv": 36.792161147014724,
  "tpm_overlap_csf": 0.14465699331505652,
  "tpm_overlap_gm": 0.45062936952788896,
  "tpm_overlap_wm": 0.4928007296594623,
  "wm2max": 0.43337903299515584
}