{
  "aor": 0.0012541891891891892,
  "aqi": 0.0022694054121621624,
  "bids_meta": {
    "AcquisitionMatrixPE": 64,
    "AcquisitionNumber": 1,
    "AcquisitionTime": "14:45:36.055000",
    "BandwidthPerPixelPhaseEncode": 26.483,
    "BaseResolution": 64,
    "ConversionSoftware": "dcm2niix",
    "ConversionSoftwareVersion": "v1.0.20171215 Clang9.0.0",
    "DerivedVendorReportedEchoSpacing": 0.000590001,
    "DeviceSerialNumber": "35410",
    "DwellTime": 4.1e-06,
    "EchoTime": 0.026,
    "EffectiveEchoSpacing": 0.000590001,
    "FlipAngle": 90,
    "ImageOrientationPatientDICOM": [
      0.999694,
      0.00920526,
      -0.0229818,
      -0.0139593,
      0.976253,
      -0.216185
    ],
    "ImageType": [
      "ORIGINAL",
      "PRIMARY",
      "M",
      "ND",
      "MOSAIC"
    ],
    "InPlanePhaseEncodingDirectionDICOM": "COL",
    "InstitutionAddress": "Cooper_60_St._Lucia_QLD_AU_4072",
    "InstitutionName": "Centre_for_Advanced_Imaging",
    "InstitutionalDepartmentName": "Gehrmann_Labs_MRI",
    "MRAcquisitionType": "2D",
    "MagneticFieldStrength": 3,
    "Manufacturer": "Siemens",
    "ManufacturersModelName": "TrioTim",
    "Modality": "MR",
    "PartialFourier": 1,
    "PatientPosition": "HFS",
    "PercentPhaseFOV": 100,
    "PhaseEncodingDirection": "j-",
    "PhaseEncodingSteps": 64,
    "PhaseResolution": 1,
    "PixelBandwidth": 1905,
    "ProcedureStepDescription": "Brain_-_UQ_fMRI",
    "ProtocolName": "OLVSL_R5",
    "PulseSequenceDetails": "%SiemensSeq%_ep2d_pace",
    "ReceiveCoilName": "32Ch_Head",
    "ReconMatrixPE": 64,
    "RepetitionTime": 2,
    "SAR": 0.223734,
    "ScanOptions": "FS",
    "ScanningSequence": "EP",
    "SequenceName": "_epfid2d1_64",
    "SequenceVariant": "SK",
    "SeriesDescription": "OLVSL_R5",
    "SeriesNumber": 6,
    "ShimSetting": [
      6776,
      -11343,
      -2039,
      706,
      -15,
      61,
      186,
      49
    ],
    "SliceThickness": 3,
    "SliceTiming": [
      0,
      1.0225,
      0.06,
      1.085,
      0.12,
      1.145,
      0.18,
      1.205,
      0.24,
      1.265,
      0.3,
      1.325,
      0.36,
      1.385,
      0.4225,
      1.445,
      0.4825,
      1.505,
      0.5425,
      1.565,
      0.6025,
      1.625,
      0.6625,
      1.685,
      0.7225,
      1.745,
      0.7825,
      1.8075,
      0.8425,
      1.8675,
      0.9025,
      1.9275,
      0.9625
    ],
    "SoftwareVersions": "syngo_MR_B17",
    "SpacingBetweenSlices": 3.3,
    "StationName": "mrc_Trio",
    "TaskName": "learn",
    "TotalReadoutTime": 0.0371701,
    "TxRefAmp": 354.53,
    "dataset": "ds001241",
    "modality": "bold",
    "run_id": 5,
    "subject_id": "18",
    "task_id": "learn"
  },
  "dummy_trs": 0,
  "dvars_nstd": 18.856496966734692,
  "dvars_std": 1.1427802151700681,
  "dvars_vstd": 0.9920050203401359,
  "efc": 0.6430825240142549,
  "fber": 321.1708984375,
  "fd_mean": 0.11036248616471832,
  "fd_num": 7,
  "fd_perc": 4.72972972972973,
  "fwhm_avg": 2.505168294770332,
  "fwhm_x": 2.4592533333333333,
  "fwhm_y": 2.5768666666666666,
  "fwhm_z": 2.479384884310995,
  "gcor": 0.0640693,
  "gsr_x": -0.008774373680353165,
  "gsr_y": 0.11244665086269379,
  "provenance": {
    "md5sum": "f5cdf9dc244cc9fa209dd921c9a6eeea",
    "settings": {
      "fd_thres": 0.2,
      "testing": false
    },
    "software": "mriqc",
    "version": "22.0.6",
    "webapi_port": null,
    "webapi_url": "https://mriqc.nimh.nih.gov/api/v1"
  },
  "size_t": 148,
  "size_x": 64,
  "size_y": 64,
  "size_z": 33,
  "snr": 3.2097306652470543,
  "spacing_tr": 2.0,
  "spacing_x": 3.0,
  "spacing_y": 3.0,
  "spacing_z": 3.299999952316284,
  "summary_bg_k": 8.984762446065456,
  "summary_bg_mad": 15.17663749813939,
  "summary_bg_mean": 78.69850158691406,
  "summary_bg_median": 32.716217041015625,
  "summary_bg_n": 64912.0,
  "summary_bg_p05": 21.554054260253906,
  "summary_bg_p95": 320.7074462890624,
  "summary_bg_stdv": 106.42916870117188,
  "summary_fg_k": 1.2922508372717543,
  "summary_fg_mad": 176.89044345142386,
  "summary_fg_mean": 650.5073852539062,
  "summary_fg_median": 619.0270385742188,
  "summary_fg_n": 35517.0,
  "summary_fg_p05": 398.497314453125,
  "summary_fg_p95": 1013.1567993164062,
  "summary_fg_stdv": 192.85678100585938,
  "tsnr": 82.44459854997694
}