{
  "aor": 0.0008295945945945947,
  "aqi": 0.004650616216216217,
  "bids_meta": {
    "AcquisitionMatrixPE": 64,
    "AcquisitionNumber": 1,
    "AcquisitionTime": "15:18:15.630000",
    "BandwidthPerPixelPhaseEncode": 26.483,
    "BaseResolution": 64,
    "ConversionSoftware": "dcm2niix",
    "ConversionSoftwareVersion": "v1.0.20171215 Clang9.0.0",
    "DerivedVendorReportedEchoSpacing": 0.000590001,
    "DeviceSerialNumber": "35410",
    "DwellTime": 4.1e-06,
    "EchoTime": 0.026,
    "EffectiveEchoSpacing": 0.000590001,
    "FlipAngle": 90,
    "ImageOrientationPatientDICOM": [
      0.999694,
      0.00920526,
      -0.0229818,
      -0.0139593,
      0.976253,
      -0.216185
    ],
    "ImageType": [
      "ORIGINAL",
      "PRIMARY",
      "M",
      "ND",
      "MOSAIC"
    ],
    "InPlanePhaseEncodingDirectionDICOM": "COL",
    "InstitutionAddress": "Cooper_60_St._Lucia_QLD_AU_4072",
    "InstitutionName": "Centre_for_Advanced_Imaging",
    "InstitutionalDepartmentName": "Gehrmann_Labs_MRI",
    "MRAcquisitionType": "2D",
    "MagneticFieldStrength": 3,
    "Manufacturer": "Siemens",
    "ManufacturersModelName": "TrioTim",
    "Modality": "MR",
    "PartialFourier": 1,
    "PatientPosition": "HFS",
    "PercentPhaseFOV": 100,
    "PhaseEncodingDirection": "j-",
    "PhaseEncodingSteps": 64,
    "PhaseResolution": 1,
    "PixelBandwidth": 1905,
    "ProcedureStepDescription": "Brain_-_UQ_fMRI",
    "ProtocolName": "OLVSL_R10",
    "PulseSequenceDetails": "%SiemensSeq%_ep2d_pace",
    "ReceiveCoilName": "32Ch_Head",
    "ReconMatrixPE": 64,
    "RepetitionTime": 2,
    "SAR": 0.223734,
    "ScanOptions": "FS",
    "ScanningSequence": "EP",
    "SequenceName": "_epfid2d1_64",
    "SequenceVariant": "SK",
    "SeriesDescription": "OLVSL_R10",
    "SeriesNumber": 12,
    "ShimSetting": [
      6776,
      -11343,
      -2039,
      706,
      -15,
      61,
      186,
      49
    ],
    "SliceThickness": 3,
    "SliceTiming": [
      0,
      1.025,
      0.06,
      1.085,
      0.12,
      1.145,
      0.18,
      1.205,
      0.2425,
      1.265,
      0.3025,
      1.325,
      0.3625,
      1.385,
      0.4225,
      1.445,
      0.4825,
      1.505,
      0.5425,
      1.565,
      0.6025,
      1.6275,
      0.6625,
      1.6875,
      0.7225,
      1.7475,
      0.7825,
      1.8075,
      0.8425,
      1.8675,
      0.9025,
      1.9275,
      0.965
    ],
    "SoftwareVersions": "syngo_MR_B17",
    "SpacingBetweenSlices": 3.3,
    "StationName": "mrc_Trio",
    "TaskName": "learn",
    "TotalReadoutTime": 0.0371701,
    "TxRefAmp": 354.53,
    "dataset": "ds001241",
    "modality": "bold",
    "run_id": 10,
    "subject_id": "18",
    "task_id": "learn"
  },
  "dummy_trs": 0,
  "dvars_nstd": 19.27714376387756,
  "dvars_std": 1.0257232355782318,
  "dvars_vstd": 0.9300310360544216,
  "efc": 0.6441716050732633,
  "fber": 313.7370910644531,
  "fd_mean": 0.14068543505782422,
  "fd_num": 23,
  "fd_perc": 15.54054054054054,
  "fwhm_avg": 2.508157284693229,
  "fwhm_x": 2.4517233333333333,
  "fwhm_y": 2.5884,
  "fwhm_z": 2.4843485207463543,
  "gcor": 0.0509318,
  "gsr_x": -0.007766674272716045,
  "gsr_y": 0.11132748425006866,
  "provenance": {
    "md5sum": "2087ac9e47625aa8d7ace7fb4775f7f9",
    "settings": {
      "fd_thres": 0.2,
      "testing": false
    },
    "software": "mriqc",
    "version": "22.0.6",
    "webapi_port": null,
    "webapi_url": "https://mriqc.nimh.nih.gov/api/v1"
  },
  "size_t": 148,
  "size_x": 64,
  "size_y": 64,
  "size_z": 33,
  "snr": 3.2008177435414593,
  "spacing_tr": 2.0,
  "spacing_x": 3.0,
  "spacing_y": 3.0,
  "spacing_z": 3.299999952316284,
  "summary_bg_k": 8.9236431289591,
  "summary_bg_mad": 15.537269018074618,
  "summary_bg_mean": 79.20027160644531,
  "summary_bg_median": 33.08783721923828,
  "summary_bg_n": 64719.0,
  "summary_bg_p05": 21.628379821777344,
  "summary_bg_p95": 322.79663696289055,
  "summary_bg_stdv": 106.5832290649414,
  "summary_fg_k": 1.2340093931653726,
  "summary_fg_mad": 177.1509666317875,
  "summary_fg_mean": 649.8590698242188,
  "summary_fg_median": 617.6689453125,
  "summary_fg_n": 35681.0,
  "summary_fg_p05": 396.6148681640625,
  "summary_fg_p95": 1013.9730224609375,
  "summary_fg_stdv": 192.9695281982422,
  "tsnr": 68.40913468820509
}