{
  "aor": 0.002288095238095238,
  "aqi": 0.001619267931972789,
  "bids_meta": {
    "AcquisitionMatrixPE": 64,
    "AcquisitionNumber": 1,
    "AcquisitionTime": "14:56:23.260000",
    "BandwidthPerPixelPhaseEncode": 26.483,
    "BaseResolution": 64,
    "ConversionSoftware": "dcm2niix",
    "ConversionSoftwareVersion": "v1.0.20171215 Clang9.0.0",
    "DerivedVendorReportedEchoSpacing": 0.000590001,
    "DeviceSerialNumber": "35410",
    "DwellTime": 4.1e-06,
    "EchoTime": 0.026,
    "EffectiveEchoSpacing": 0.000590001,
    "FlipAngle": 90,
    "ImageOrientationPatientDICOM": [
      0.999694,
      0.00920526,
      -0.0229818,
      -0.0139593,
      0.976253,
      -0.216185
    ],
    "ImageType": [
      "ORIGINAL",
      "PRIMARY",
      "M",
      "ND",
      "MOSAIC"
    ],
    "InPlanePhaseEncodingDirectionDICOM": "COL",
    "InstitutionAddress": "Cooper_60_St._Lucia_QLD_AU_4072",
    "InstitutionName": "Centre_for_Advanced_Imaging",
    "InstitutionalDepartmentName": "Gehrmann_Labs_MRI",
    "MRAcquisitionType": "2D",
    "MagneticFieldStrength": 3,
    "Manufacturer": "Siemens",
    "ManufacturersModelName": "TrioTim",
    "Modality": "MR",
    "PartialFourier": 1,
    "PatientPosition": "HFS",
    "PercentPhaseFOV": 100,
    "PhaseEncodingDirection": "j-",
    "PhaseEncodingSteps": 64,
    "PhaseResolution": 1,
    "PixelBandwidth": 1905,
    "ProcedureStepDescription": "Brain_-_UQ_fMRI",
    "ProtocolName": "OLVSL_R6",
    "PulseSequenceDetails": "%SiemensSeq%_ep2d_pace",
    "ReceiveCoilName": "32Ch_Head",
    "ReconMatrixPE": 64,
    "RepetitionTime": 2,
    "SAR": 0.223734,
    "ScanOptions": "FS",
    "ScanningSequence": "EP",
    "SequenceName": "_epfid2d1_64",
    "SequenceVariant": "SK",
    "SeriesDescription": "OLVSL_R6",
    "SeriesNumber": 8,
    "ShimSetting": [
      6776,
      -11343,
      -2039,
      706,
      -15,
      61,
      186,
      49
    ],
    "SliceThickness": 3,
    "SliceTiming": [
      0,
      1.0225,
      0.06,
      1.0825,
      0.12,
      1.1425,
      0.18,
      1.2025,
      0.24,
      1.265,
      0.3,
      1.325,
      0.36,
      1.385,
      0.42,
      1.445,
      0.48,
      1.505,
      0.54,
      1.565,
      0.6025,
      1.625,
      0.6625,
      1.685,
      0.7225,
      1.745,
      0.7825,
      1.805,
      0.8425,
      1.865,
      0.9025,
      1.9275,
      0.9625
    ],
    "SoftwareVersions": "syngo_MR_B17",
    "SpacingBetweenSlices": 3.3,
    "StationName": "mrc_Trio",
    "TaskName": "learn",
    "TotalReadoutTime": 0.0371701,
    "TxRefAmp": 354.53,
    "dataset": "ds001241",
    "modality": "bold",
    "run_id": 6,
    "subject_id": "18",
    "task_id": "learn"
  },
  "dummy_trs": 1,
  "dvars_nstd": 17.589854155342465,
  "dvars_std": 1.1720538745205478,
  "dvars_vstd": 1.026139714863014,
  "efc": 0.6439631305868955,
  "fber": 316.1524963378906,
  "fd_mean": 0.08826658907074945,
  "fd_num": 3,
  "fd_perc": 2.0408163265306123,
  "fwhm_avg": 2.485335971451004,
  "fwhm_x": 2.425736666666667,
  "fwhm_y": 2.56895,
  "fwhm_z": 2.4613212476863464,
  "gcor": 0.0386578,
  "gsr_x": -0.008306586183607578,
  "gsr_y": 0.11113831400871277,
  "provenance": {
    "md5sum": "f8ee69799175c2a3c6580d505c570575",
    "settings": {
      "fd_thres": 0.2,
      "testing": false
    },
    "software": "mriqc",
    "version": "22.0.6",
    "webapi_port": null,
    "webapi_url": "https://mriqc.nimh.nih.gov/api/v1"
  },
  "size_t": 147,
  "size_x": 64,
  "size_y": 64,
  "size_z": 33,
  "snr": 3.2225676303591535,
  "spacing_tr": 2.0,
  "spacing_x": 3.0,
  "spacing_y": 3.0,
  "spacing_z": 3.299999952316284,
  "summary_bg_k": 9.235524913857308,
  "summary_bg_mad": 15.279881911510742,
  "summary_bg_mean": 78.83950805664062,
  "summary_bg_median": 32.8775520324707,
  "summary_bg_n": 64717.0,
  "summary_bg_p05": 21.61224365234375,
  "summary_bg_p95": 321.511553955078,
  "summary_bg_stdv": 106.80823516845703,
  "summary_fg_k": 1.2043280201948106,
  "summary_fg_mad": 176.1371523034777,
  "summary_fg_mean": 648.6136474609375,
  "summary_fg_median": 617.39453125,
  "summary_fg_n": 35583.0,
  "summary_fg_p05": 396.90135192871094,
  "summary_fg_p95": 1010.251708984375,
  "summary_fg_stdv": 191.58197021484375,
  "tsnr": 94.61848398065194
}