{
  "aor": 0.0010650675675675674,
  "aqi": 0.0017253203243243244,
  "bids_meta": {
    "AcquisitionMatrixPE": 64,
    "AcquisitionNumber": 1,
    "AcquisitionTime": "14:34:23.925000",
    "BandwidthPerPixelPhaseEncode": 26.483,
    "BaseResolution": 64,
    "ConversionSoftware": "dcm2niix",
    "ConversionSoftwareVersion": "v1.0.20171215 Clang9.0.0",
    "DerivedVendorReportedEchoSpacing": 0.000590001,
    "DeviceSerialNumber": "35410",
    "DwellTime": 4.1e-06,
    "EchoTime": 0.026,
    "EffectiveEchoSpacing": 0.000590001,
    "FlipAngle": 90,
    "ImageOrientationPatientDICOM": [
      0.999694,
      0.00920526,
      -0.0229818,
      -0.0139593,
      0.976253,
      -0.216185
    ],
    "ImageType": [
      "ORIGINAL",
      "PRIMARY",
      "M",
      "ND",
      "MOSAIC"
    ],
    "InPlanePhaseEncodingDirectionDICOM": "COL",
    "InstitutionAddress": "Cooper_60_St._Lucia_QLD_AU_4072",
    "InstitutionName": "Centre_for_Advanced_Imaging",
    "InstitutionalDepartmentName": "Gehrmann_Labs_MRI",
    "MRAcquisitionType": "2D",
    "MagneticFieldStrength": 3,
    "Manufacturer": "Siemens",
    "ManufacturersModelName": "TrioTim",
    "Modality": "MR",
    "PartialFourier": 1,
    "PatientPosition": "HFS",
    "PercentPhaseFOV": 100,
    "PhaseEncodingDirection": "j-",
    "PhaseEncodingSteps": 64,
    "PhaseResolution": 1,
    "PixelBandwidth": 1905,
    "ProcedureStepDescription": "Brain_-_UQ_fMRI",
    "ProtocolName": "OLVSL_R3",
    "PulseSequenceDetails": "%SiemensSeq%_ep2d_pace",
    "ReceiveCoilName": "32Ch_Head",
    "ReconMatrixPE": 64,
    "RepetitionTime": 2,
    "SAR": 0.223734,
    "ScanOptions": "FS",
    "ScanningSequence": "EP",
    "SequenceName": "_epfid2d1_64",
    "SequenceVariant": "SK",
    "SeriesDescription": "OLVSL_R3",
    "SeriesNumber": 4,
    "ShimSetting": [
      6776,
      -11343,
      -2039,
      706,
      -15,
      61,
      186,
      49
    ],
    "SliceThickness": 3,
    "SliceTiming": [
      0,
      1.025,
      0.06,
      1.085,
      0.12,
      1.145,
      0.18,
      1.205,
      0.24,
      1.265,
      0.3025,
      1.325,
      0.3625,
      1.385,
      0.4225,
      1.445,
      0.4825,
      1.505,
      0.5425,
      1.565,
      0.6025,
      1.625,
      0.6625,
      1.6875,
      0.7225,
      1.7475,
      0.7825,
      1.8075,
      0.8425,
      1.8675,
      0.9025,
      1.9275,
      0.9625
    ],
    "SoftwareVersions": "syngo_MR_B17",
    "SpacingBetweenSlices": 3.3,
    "StationName": "mrc_Trio",
    "TaskName": "learn",
    "TotalReadoutTime": 0.0371701,
    "TxRefAmp": 354.53,
    "dataset": "ds001241",
    "modality": "bold",
    "run_id": 3,
    "subject_id": "18",
    "task_id": "learn"
  },
  "dummy_trs": 0,
  "dvars_nstd": 17.884988285102043,
  "dvars_std": 1.1287850000680268,
  "dvars_vstd": 0.9897247858503398,
  "efc": 0.6407911033117056,
  "fber": 335.4595031738281,
  "fd_mean": 0.11690739208902397,
  "fd_num": 10,
  "fd_perc": 6.756756756756757,
  "fwhm_avg": 2.495318597908321,
  "fwhm_x": 2.4133299999999998,
  "fwhm_y": 2.570883333333333,
  "fwhm_z": 2.5017424603916294,
  "gcor": 0.0426998,
  "gsr_x": -0.007678431458771229,
  "gsr_y": 0.11024753004312515,
  "provenance": {
    "md5sum": "f00b83b197ddcb026bda69209f1cc9fb",
    "settings": {
      "fd_thres": 0.2,
      "testing": false
    },
    "software": "mriqc",
    "version": "22.0.6",
    "webapi_port": null,
    "webapi_url": "https://mriqc.nimh.nih.gov/api/v1"
  },
  "size_t": 148,
  "size_x": 64,
  "size_y": 64,
  "size_z": 33,
  "snr": 3.2319736109650927,
  "spacing_tr": 2.0,
  "spacing_x": 3.0,
  "spacing_y": 3.0,
  "spacing_z": 3.299999952316284,
  "summary_bg_k": 9.656535290279532,
  "summary_bg_mad": 14.15985393854941,
  "summary_bg_mean": 75.53833770751953,
  "summary_bg_median": 31.814189910888672,
  "summary_bg_n": 64924.0,
  "summary_bg_p05": 21.425676345825195,
  "summary_bg_p95": 306.5037307739257,
  "summary_bg_stdv": 102.34138488769531,
  "summary_fg_k": 1.263028081108355,
  "summary_fg_mad": 175.11734295582124,
  "summary_fg_mean": 646.6980590820312,
  "summary_fg_median": 615.4088134765625,
  "summary_fg_n": 35544.0,
  "summary_fg_p05": 397.49056243896484,
  "summary_fg_p95": 1004.4439514160156,
  "summary_fg_stdv": 190.41001892089844,
  "tsnr": 90.99500419292599
}