{
  "aor": 0.0017766891891891894,
  "aqi": 0.0016158719797297297,
  "bids_meta": {
    "AcquisitionMatrixPE": 64,
    "AcquisitionNumber": 1,
    "AcquisitionTime": "15:01:52.962500",
    "BandwidthPerPixelPhaseEncode": 26.483,
    "BaseResolution": 64,
    "ConversionSoftware": "dcm2niix",
    "ConversionSoftwareVersion": "v1.0.20171215 Clang9.0.0",
    "DerivedVendorReportedEchoSpacing": 0.000590001,
    "DeviceSerialNumber": "35410",
    "DwellTime": 4.1e-06,
    "EchoTime": 0.026,
    "EffectiveEchoSpacing": 0.000590001,
    "FlipAngle": 90,
    "ImageOrientationPatientDICOM": [
      0.999694,
      0.00920526,
      -0.0229818,
      -0.0139593,
      0.976253,
      -0.216185
    ],
    "ImageType": [
      "ORIGINAL",
      "PRIMARY",
      "M",
      "ND",
      "MOSAIC"
    ],
    "InPlanePhaseEncodingDirectionDICOM": "COL",
    "InstitutionAddress": "Cooper_60_St._Lucia_QLD_AU_4072",
    "InstitutionName": "Centre_for_Advanced_Imaging",
    "InstitutionalDepartmentName": "Gehrmann_Labs_MRI",
    "MRAcquisitionType": "2D",
    "MagneticFieldStrength": 3,
    "Manufacturer": "Siemens",
    "ManufacturersModelName": "TrioTim",
    "Modality": "MR",
    "PartialFourier": 1,
    "PatientPosition": "HFS",
    "PercentPhaseFOV": 100,
    "PhaseEncodingDirection": "j-",
    "PhaseEncodingSteps": 64,
    "PhaseResolution": 1,
    "PixelBandwidth": 1905,
    "ProcedureStepDescription": "Brain_-_UQ_fMRI",
    "ProtocolName": "OLVSL_R7",
    "PulseSequenceDetails": "%SiemensSeq%_ep2d_pace",
    "ReceiveCoilName": "32Ch_Head",
    "ReconMatrixPE": 64,
    "RepetitionTime": 2,
    "SAR": 0.223734,
    "ScanOptions": "FS",
    "ScanningSequence": "EP",
    "SequenceName": "_epfid2d1_64",
    "SequenceVariant": "SK",
    "SeriesDescription": "OLVSL_R7",
    "SeriesNumber": 9,
    "ShimSetting": [
      6776,
      -11343,
      -2039,
      706,
      -15,
      61,
      186,
      49
    ],
    "SliceThickness": 3,
    "SliceTiming": [
      0,
      1.0225,
      0.06,
      1.0825,
      0.12,
      1.1425,
      0.18,
      1.2025,
      0.24,
      1.265,
      0.3,
      1.325,
      0.36,
      1.385,
      0.42,
      1.445,
      0.48,
      1.505,
      0.5425,
      1.565,
      0.6025,
      1.625,
      0.6625,
      1.685,
      0.7225,
      1.745,
      0.7825,
      1.805,
      0.8425,
      1.865,
      0.9025,
      1.9275,
      0.9625
    ],
    "SoftwareVersions": "syngo_MR_B17",
    "SpacingBetweenSlices": 3.3,
    "StationName": "mrc_Trio",
    "TaskName": "learn",
    "TotalReadoutTime": 0.0371701,
    "TxRefAmp": 354.53,
    "dataset": "ds001241",
    "modality": "bold",
    "run_id": 7,
    "subject_id": "18",
    "task_id": "learn"
  },
  "dummy_trs": 0,
  "dvars_nstd": 17.37396285034013,
  "dvars_std": 1.1464529545578228,
  "dvars_vstd": 1.0074749694557827,
  "efc": 0.6438489726786149,
  "fber": 318.7214660644531,
  "fd_mean": 0.09120932262777087,
  "fd_num": 4,
  "fd_perc": 2.7027027027027026,
  "fwhm_avg": 2.4884493047772733,
  "fwhm_x": 2.4306766666666664,
  "fwhm_y": 2.5748166666666665,
  "fwhm_z": 2.459854580998487,
  "gcor": 0.0426361,
  "gsr_x": -0.008641526103019714,
  "gsr_y": 0.11024290323257446,
  "provenance": {
    "md5sum": "17533d2c907540246b34a38c4776bcbc",
    "settings": {
      "fd_thres": 0.2,
      "testing": false
    },
    "software": "mriqc",
    "version": "22.0.6",
    "webapi_port": null,
    "webapi_url": "https://mriqc.nimh.nih.gov/api/v1"
  },
  "size_t": 148,
  "size_x": 64,
  "size_y": 64,
  "size_z": 33,
  "snr": 3.209751110179828,
  "spacing_tr": 2.0,
  "spacing_x": 3.0,
  "spacing_y": 3.0,
  "spacing_z": 3.299999952316284,
  "summary_bg_k": 9.10147585204619,
  "summary_bg_mad": 15.046407014190036,
  "summary_bg_mean": 78.4798583984375,
  "summary_bg_median": 32.75,
  "summary_bg_n": 64645.0,
  "summary_bg_p05": 21.70945930480957,
  "summary_bg_p95": 321.39191284179657,
  "summary_bg_stdv": 106.04774475097656,
  "summary_fg_k": 1.2546146935179854,
  "summary_fg_mad": 176.93555314416832,
  "summary_fg_mean": 649.5180053710938,
  "summary_fg_median": 618.25341796875,
  "summary_fg_n": 35698.0,
  "summary_fg_p05": 396.9381927490234,
  "summary_fg_p95": 1012.9189453125,
  "summary_fg_stdv": 192.6145477294922,
  "tsnr": 92.00070860004053
}