{
  "aor": 0.0008911486486486487,
  "aqi": 0.001566979695945946,
  "bids_meta": {
    "AcquisitionMatrixPE": 64,
    "AcquisitionNumber": 1,
    "AcquisitionTime": "14:23:12.590000",
    "BandwidthPerPixelPhaseEncode": 26.483,
    "BaseResolution": 64,
    "ConversionSoftware": "dcm2niix",
    "ConversionSoftwareVersion": "v1.0.20171215 Clang9.0.0",
    "DerivedVendorReportedEchoSpacing": 0.000590001,
    "DeviceSerialNumber": "35410",
    "DwellTime": 4.1e-06,
    "EchoTime": 0.026,
    "EffectiveEchoSpacing": 0.000590001,
    "FlipAngle": 90,
    "ImageOrientationPatientDICOM": [
      0.999694,
      0.00920526,
      -0.0229818,
      -0.0139593,
      0.976253,
      -0.216185
    ],
    "ImageType": [
      "ORIGINAL",
      "PRIMARY",
      "M",
      "ND",
      "MOSAIC"
    ],
    "InPlanePhaseEncodingDirectionDICOM": "COL",
    "InstitutionAddress": "Cooper_60_St._Lucia_QLD_AU_4072",
    "InstitutionName": "Centre_for_Advanced_Imaging",
    "InstitutionalDepartmentName": "Gehrmann_Labs_MRI",
    "MRAcquisitionType": "2D",
    "MagneticFieldStrength": 3,
    "Manufacturer": "Siemens",
    "ManufacturersModelName": "TrioTim",
    "Modality": "MR",
    "PartialFourier": 1,
    "PatientPosition": "HFS",
    "PercentPhaseFOV": 100,
    "PhaseEncodingDirection": "j-",
    "PhaseEncodingSteps": 64,
    "PhaseResolution": 1,
    "PixelBandwidth": 1905,
    "ProcedureStepDescription": "Brain_-_UQ_fMRI",
    "ProtocolName": "OLVSL_R1",
    "PulseSequenceDetails": "%SiemensSeq%_ep2d_pace",
    "ReceiveCoilName": "32Ch_Head",
    "ReconMatrixPE": 64,
    "RepetitionTime": 2,
    "SAR": 0.223734,
    "ScanOptions": "FS",
    "ScanningSequence": "EP",
    "SequenceName": "_epfid2d1_64",
    "SequenceVariant": "SK",
    "SeriesDescription": "OLVSL_R1",
    "SeriesNumber": 2,
    "ShimSetting": [
      6776,
      -11343,
      -2039,
      706,
      -15,
      61,
      186,
      49
    ],
    "SliceThickness": 3,
    "SliceTiming": [
      0,
      1.0225,
      0.06,
      1.0825,
      0.12,
      1.1425,
      0.18,
      1.2025,
      0.24,
      1.2625,
      0.3,
      1.3225,
      0.36,
      1.385,
      0.42,
      1.445,
      0.48,
      1.505,
      0.54,
      1.565,
      0.6,
      1.625,
      0.6625,
      1.685,
      0.7225,
      1.745,
      0.7825,
      1.805,
      0.8425,
      1.865,
      0.9025,
      1.925,
      0.9625
    ],
    "SoftwareVersions": "syngo_MR_B17",
    "SpacingBetweenSlices": 3.3,
    "StationName": "mrc_Trio",
    "TaskName": "learn",
    "TotalReadoutTime": 0.0371701,
    "TxRefAmp": 354.53,
    "dataset": "ds001241",
    "modality": "bold",
    "run_id": 1,
    "subject_id": "18",
    "task_id": "learn"
  },
  "dummy_trs": 0,
  "dvars_nstd": 17.85376254231293,
  "dvars_std": 1.1444582897278912,
  "dvars_vstd": 0.9870809694557828,
  "efc": 0.6393331871004877,
  "fber": 339.69500732421875,
  "fd_mean": 0.0732241552614743,
  "fd_num": 1,
  "fd_perc": 0.6756756756756757,
  "fwhm_avg": 2.496713850432011,
  "fwhm_x": 2.418223333333333,
  "fwhm_y": 2.5705,
  "fwhm_z": 2.501418217962702,
  "gcor": 0.0378894,
  "gsr_x": -0.00509076239541173,
  "gsr_y": 0.10848533362150192,
  "provenance": {
    "md5sum": "6f0f4d29b84f7bd1444fee4f48c79b71",
    "settings": {
      "fd_thres": 0.2,
      "testing": false
    },
    "software": "mriqc",
    "version": "22.0.6",
    "webapi_port": null,
    "webapi_url": "https://mriqc.nimh.nih.gov/api/v1"
  },
  "size_t": 148,
  "size_x": 64,
  "size_y": 64,
  "size_z": 33,
  "snr": 3.2295219175338916,
  "spacing_tr": 2.0,
  "spacing_x": 3.0,
  "spacing_y": 3.0,
  "spacing_z": 3.299999952316284,
  "summary_bg_k": 9.967579690170705,
  "summary_bg_mad": 13.814246728891968,
  "summary_bg_mean": 74.38091278076172,
  "summary_bg_median": 31.506757736206055,
  "summary_bg_n": 65150.0,
  "summary_bg_p05": 21.391891479492188,
  "summary_bg_p95": 300.7550613403319,
  "summary_bg_stdv": 100.99534606933594,
  "summary_fg_k": 1.3083410202372576,
  "summary_fg_mad": 173.58472191552127,
  "summary_fg_mean": 642.50830078125,
  "summary_fg_median": 611.5608520507812,
  "summary_fg_n": 35451.0,
  "summary_fg_p05": 394.2567596435547,
  "summary_fg_p95": 998.9932861328125,
  "summary_fg_stdv": 189.3630828857422,
  "tsnr": 92.82867774367332
}