{
  "aor": 0.0012083783783783783,
  "aqi": 0.0013674508243243244,
  "bids_meta": {
    "AcquisitionMatrixPE": 64,
    "AcquisitionNumber": 1,
    "AcquisitionTime": "16:56:49.495000",
    "BandwidthPerPixelPhaseEncode": 26.483,
    "BaseResolution": 64,
    "ConversionSoftware": "dcm2niix",
    "ConversionSoftwareVersion": "v1.0.20171215 Clang9.0.0",
    "DerivedVendorReportedEchoSpacing": 0.000590001,
    "DeviceSerialNumber": "35410",
    "DwellTime": 4.1e-06,
    "EchoTime": 0.026,
    "EffectiveEchoSpacing": 0.000590001,
    "FlipAngle": 90,
    "ImageOrientationPatientDICOM": [
      0.999616,
      -0.00328404,
      -0.02753,
      4.40261e-10,
      0.99296,
      -0.11845
    ],
    "ImageType": [
      "ORIGINAL",
      "PRIMARY",
      "M",
      "ND",
      "MOSAIC"
    ],
    "InPlanePhaseEncodingDirectionDICOM": "COL",
    "InstitutionAddress": "Cooper_60_St._Lucia_QLD_AU_4072",
    "InstitutionName": "School_of_Psychology",
    "InstitutionalDepartmentName": "Gehrmann_Labs_MRI",
    "MRAcquisitionType": "2D",
    "MagneticFieldStrength": 3,
    "Manufacturer": "Siemens",
    "ManufacturersModelName": "TrioTim",
    "Modality": "MR",
    "PartialFourier": 1,
    "PatientPosition": "HFS",
    "PercentPhaseFOV": 100,
    "PhaseEncodingDirection": "j-",
    "PhaseEncodingSteps": 64,
    "PhaseResolution": 1,
    "PixelBandwidth": 1905,
    "ProcedureStepDescription": "Brain_-_UQ_fMRI",
    "ProtocolName": "OLVSL_R3",
    "PulseSequenceDetails": "%SiemensSeq%_ep2d_pace",
    "ReceiveCoilName": "32Ch_Head",
    "ReconMatrixPE": 64,
    "RepetitionTime": 2,
    "SAR": 0.242382,
    "ScanOptions": "FS",
    "ScanningSequence": "EP",
    "SequenceName": "_epfid2d1_64",
    "SequenceVariant": "SK",
    "SeriesDescription": "OLVSL_R3",
    "SeriesNumber": 4,
    "ShimSetting": [
      6750,
      -11459,
      -2101,
      1055,
      -130,
      -160,
      121,
      130
    ],
    "SliceThickness": 3,
    "SliceTiming": [
      0,
      1.025,
      0.06,
      1.085,
      0.12,
      1.145,
      0.1825,
      1.205,
      0.2425,
      1.265,
      0.3025,
      1.325,
      0.3625,
      1.385,
      0.4225,
      1.445,
      0.4825,
      1.5075,
      0.5425,
      1.5675,
      0.6025,
      1.6275,
      0.6625,
      1.6875,
      0.7225,
      1.7475,
      0.7825,
      1.8075,
      0.845,
      1.8675,
      0.905,
      1.9275,
      0.965
    ],
    "SoftwareVersions": "syngo_MR_B17",
    "SpacingBetweenSlices": 3.3,
    "StationName": "mrc_Trio",
    "TaskName": "learn",
    "TotalReadoutTime": 0.0371701,
    "TxRefAmp": 379.235,
    "dataset": "ds001241",
    "modality": "bold",
    "run_id": 3,
    "subject_id": "15",
    "task_id": "learn"
  },
  "dummy_trs": 0,
  "dvars_nstd": 19.479878276666675,
  "dvars_std": 1.2254991935374147,
  "dvars_vstd": 1.0044875335374155,
  "efc": 0.6145047132693257,
  "fber": 420.51800537109375,
  "fd_mean": 0.0717069507276558,
  "fd_num": 0,
  "fd_perc": 0.0,
  "fwhm_avg": 2.738642235347125,
  "fwhm_x": 2.5914333333333333,
  "fwhm_y": 2.8995266666666666,
  "fwhm_z": 2.7249667060413754,
  "gcor": 0.0832186,
  "gsr_x": 0.0016738022677600384,
  "gsr_y": 0.07382118701934814,
  "provenance": {
    "md5sum": "588db4ce667bff5d4a2e042ad02532f8",
    "settings": {
      "fd_thres": 0.2,
      "testing": false
    },
    "software": "mriqc",
    "version": "22.0.6",
    "webapi_port": null,
    "webapi_url": "https://mriqc.nimh.nih.gov/api/v1"
  },
  "size_t": 148,
  "size_x": 64,
  "size_y": 64,
  "size_z": 33,
  "snr": 3.1327486546762993,
  "spacing_tr": 2.0,
  "spacing_x": 3.0,
  "spacing_y": 3.0,
  "spacing_z": 3.299999952316284,
  "summary_bg_k": 28.314594580923526,
  "summary_bg_mad": 13.293333276612499,
  "summary_bg_mean": 57.8193359375,
  "summary_bg_median": 30.31081199645996,
  "summary_bg_n": 66046.0,
  "summary_bg_p05": 20.756757736206055,
  "summary_bg_p95": 189.11487197875977,
  "summary_bg_stdv": 72.96436309814453,
  "summary_fg_k": 1.405489282667662,
  "summary_fg_mad": 188.41065360971922,
  "summary_fg_mean": 697.879638671875,
  "summary_fg_median": 662.7432861328125,
  "summary_fg_n": 35469.0,
  "summary_fg_p05": 424.53380126953124,
  "summary_fg_p95": 1103.1243896484373,
  "summary_fg_stdv": 211.55030822753906,
  "tsnr": 103.1107974871993
}