{
  "aor": 0.0020581081081081083,
  "aqi": 0.0016864629256756753,
  "bids_meta": {
    "AcquisitionMatrixPE": 64,
    "AcquisitionNumber": 1,
    "AcquisitionTime": "16:51:20.447500",
    "BandwidthPerPixelPhaseEncode": 26.483,
    "BaseResolution": 64,
    "ConversionSoftware": "dcm2niix",
    "ConversionSoftwareVersion": "v1.0.20171215 Clang9.0.0",
    "DerivedVendorReportedEchoSpacing": 0.000590001,
    "DeviceSerialNumber": "35410",
    "DwellTime": 4.1e-06,
    "EchoTime": 0.026,
    "EffectiveEchoSpacing": 0.000590001,
    "FlipAngle": 90,
    "ImageOrientationPatientDICOM": [
      0.999616,
      -0.00328404,
      -0.02753,
      4.40261e-10,
      0.99296,
      -0.11845
    ],
    "ImageType": [
      "ORIGINAL",
      "PRIMARY",
      "M",
      "ND",
      "MOSAIC"
    ],
    "InPlanePhaseEncodingDirectionDICOM": "COL",
    "InstitutionAddress": "Cooper_60_St._Lucia_QLD_AU_4072",
    "InstitutionName": "School_of_Psychology",
    "InstitutionalDepartmentName": "Gehrmann_Labs_MRI",
    "MRAcquisitionType": "2D",
    "MagneticFieldStrength": 3,
    "Manufacturer": "Siemens",
    "ManufacturersModelName": "TrioTim",
    "Modality": "MR",
    "PartialFourier": 1,
    "PatientPosition": "HFS",
    "PercentPhaseFOV": 100,
    "PhaseEncodingDirection": "j-",
    "PhaseEncodingSteps": 64,
    "PhaseResolution": 1,
    "PixelBandwidth": 1905,
    "ProcedureStepDescription": "Brain_-_UQ_fMRI",
    "ProtocolName": "OLVSL_R2",
    "PulseSequenceDetails": "%SiemensSeq%_ep2d_pace",
    "ReceiveCoilName": "32Ch_Head",
    "ReconMatrixPE": 64,
    "RepetitionTime": 2,
    "SAR": 0.242382,
    "ScanOptions": "FS",
    "ScanningSequence": "EP",
    "SequenceName": "_epfid2d1_64",
    "SequenceVariant": "SK",
    "SeriesDescription": "OLVSL_R2",
    "SeriesNumber": 3,
    "ShimSetting": [
      6750,
      -11459,
      -2101,
      1055,
      -130,
      -160,
      121,
      130
    ],
    "SliceThickness": 3,
    "SliceTiming": [
      0,
      1.025,
      0.06,
      1.085,
      0.12,
      1.145,
      0.18,
      1.205,
      0.2425,
      1.265,
      0.3025,
      1.325,
      0.3625,
      1.385,
      0.4225,
      1.445,
      0.4825,
      1.505,
      0.5425,
      1.565,
      0.6025,
      1.6275,
      0.6625,
      1.6875,
      0.7225,
      1.7475,
      0.7825,
      1.8075,
      0.8425,
      1.8675,
      0.905,
      1.9275,
      0.965
    ],
    "SoftwareVersions": "syngo_MR_B17",
    "SpacingBetweenSlices": 3.3,
    "StationName": "mrc_Trio",
    "TaskName": "learn",
    "TotalReadoutTime": 0.0371701,
    "TxRefAmp": 379.235,
    "dataset": "ds001241",
    "modality": "bold",
    "run_id": 2,
    "subject_id": "15",
    "task_id": "learn"
  },
  "dummy_trs": 0,
  "dvars_nstd": 20.00123794721087,
  "dvars_std": 1.2266253438095238,
  "dvars_vstd": 1.0061324002040812,
  "efc": 0.6137822752608908,
  "fber": 423.3868713378906,
  "fd_mean": 0.07117792003824804,
  "fd_num": 2,
  "fd_perc": 1.3513513513513513,
  "fwhm_avg": 2.764716578956163,
  "fwhm_x": 2.6212,
  "fwhm_y": 2.911713333333333,
  "fwhm_z": 2.7612364035351553,
  "gcor": 0.035157,
  "gsr_x": 0.0011471824254840612,
  "gsr_y": 0.07348037511110306,
  "provenance": {
    "md5sum": "a6bb9a30895fdd2b9cd90179190bf50e",
    "settings": {
      "fd_thres": 0.2,
      "testing": false
    },
    "software": "mriqc",
    "version": "22.0.6",
    "webapi_port": null,
    "webapi_url": "https://mriqc.nimh.nih.gov/api/v1"
  },
  "size_t": 148,
  "size_x": 64,
  "size_y": 64,
  "size_z": 33,
  "snr": 3.100618084857556,
  "spacing_tr": 2.0,
  "spacing_x": 3.0,
  "spacing_y": 3.0,
  "spacing_z": 3.299999952316284,
  "summary_bg_k": 27.92305463535488,
  "summary_bg_mad": 13.072945619639167,
  "summary_bg_mean": 57.48853302001953,
  "summary_bg_median": 30.16216278076172,
  "summary_bg_n": 66044.0,
  "summary_bg_p05": 20.77027130126953,
  "summary_bg_p95": 187.60033721923827,
  "summary_bg_stdv": 72.63016510009766,
  "summary_fg_k": 1.355769989428083,
  "summary_fg_mad": 190.23893090602581,
  "summary_fg_mean": 696.3631591796875,
  "summary_fg_median": 661.1790771484375,
  "summary_fg_n": 35488.0,
  "summary_fg_p05": 421.02501525878904,
  "summary_fg_p95": 1105.3739990234376,
  "summary_fg_stdv": 213.23805236816406,
  "tsnr": 92.53279051696882
}