{
  "aor": 0.0010233333333333331,
  "aqi": 0.0012880871904761904,
  "bids_meta": {
    "AcquisitionMatrixPE": 64,
    "AcquisitionNumber": 1,
    "AcquisitionTime": "17:30:25.950000",
    "BandwidthPerPixelPhaseEncode": 26.483,
    "BaseResolution": 64,
    "ConversionSoftware": "dcm2niix",
    "ConversionSoftwareVersion": "v1.0.20171215 Clang9.0.0",
    "DerivedVendorReportedEchoSpacing": 0.000590001,
    "DeviceSerialNumber": "35410",
    "DwellTime": 4.1e-06,
    "EchoTime": 0.026,
    "EffectiveEchoSpacing": 0.000590001,
    "FlipAngle": 90,
    "ImageOrientationPatientDICOM": [
      0.999616,
      -0.00328404,
      -0.02753,
      4.40261e-10,
      0.99296,
      -0.11845
    ],
    "ImageType": [
      "ORIGINAL",
      "PRIMARY",
      "M",
      "ND",
      "MOSAIC"
    ],
    "InPlanePhaseEncodingDirectionDICOM": "COL",
    "InstitutionAddress": "Cooper_60_St._Lucia_QLD_AU_4072",
    "InstitutionName": "School_of_Psychology",
    "InstitutionalDepartmentName": "Gehrmann_Labs_MRI",
    "MRAcquisitionType": "2D",
    "MagneticFieldStrength": 3,
    "Manufacturer": "Siemens",
    "ManufacturersModelName": "TrioTim",
    "Modality": "MR",
    "PartialFourier": 1,
    "PatientPosition": "HFS",
    "PercentPhaseFOV": 100,
    "PhaseEncodingDirection": "j-",
    "PhaseEncodingSteps": 64,
    "PhaseResolution": 1,
    "PixelBandwidth": 1905,
    "ProcedureStepDescription": "Brain_-_UQ_fMRI",
    "ProtocolName": "OLVSL_R8",
    "PulseSequenceDetails": "%SiemensSeq%_ep2d_pace",
    "ReceiveCoilName": "32Ch_Head",
    "ReconMatrixPE": 64,
    "RepetitionTime": 2,
    "SAR": 0.242382,
    "ScanOptions": "FS",
    "ScanningSequence": "EP",
    "SequenceName": "_epfid2d1_64",
    "SequenceVariant": "SK",
    "SeriesDescription": "OLVSL_R8",
    "SeriesNumber": 10,
    "ShimSetting": [
      6750,
      -11459,
      -2101,
      1055,
      -130,
      -160,
      121,
      130
    ],
    "SliceThickness": 3,
    "SliceTiming": [
      0,
      1.0225,
      0.06,
      1.0825,
      0.12,
      1.145,
      0.18,
      1.205,
      0.24,
      1.265,
      0.3,
      1.325,
      0.36,
      1.385,
      0.4225,
      1.445,
      0.4825,
      1.505,
      0.5425,
      1.565,
      0.6025,
      1.625,
      0.6625,
      1.685,
      0.7225,
      1.745,
      0.7825,
      1.8075,
      0.8425,
      1.8675,
      0.9025,
      1.9275,
      0.9625
    ],
    "SoftwareVersions": "syngo_MR_B17",
    "SpacingBetweenSlices": 3.3,
    "StationName": "mrc_Trio",
    "TaskName": "learn",
    "TotalReadoutTime": 0.0371701,
    "TxRefAmp": 379.235,
    "dataset": "ds001241",
    "modality": "bold",
    "run_id": 8,
    "subject_id": "15",
    "task_id": "learn"
  },
  "dummy_trs": 1,
  "dvars_nstd": 19.51487741760274,
  "dvars_std": 1.2225176692465765,
  "dvars_vstd": 1.0071664281506851,
  "efc": 0.6164909259748469,
  "fber": 410.15826416015625,
  "fd_mean": 0.06959583053929627,
  "fd_num": 0,
  "fd_perc": 0.0,
  "fwhm_avg": 2.7490623363445277,
  "fwhm_x": 2.62745,
  "fwhm_y": 2.897406666666667,
  "fwhm_z": 2.722330342366917,
  "gcor": 0.029735,
  "gsr_x": 0.0018047596095129848,
  "gsr_y": 0.07507611066102982,
  "provenance": {
    "md5sum": "a09c62041b9acd52bec0fa4a13e56bd4",
    "settings": {
      "fd_thres": 0.2,
      "testing": false
    },
    "software": "mriqc",
    "version": "22.0.6",
    "webapi_port": null,
    "webapi_url": "https://mriqc.nimh.nih.gov/api/v1"
  },
  "size_t": 147,
  "size_x": 64,
  "size_y": 64,
  "size_z": 33,
  "snr": 3.108067657657374,
  "spacing_tr": 2.0,
  "spacing_x": 3.0,
  "spacing_y": 3.0,
  "spacing_z": 3.299999952316284,
  "summary_bg_k": 27.847310810266507,
  "summary_bg_mad": 13.797276865165825,
  "summary_bg_mean": 59.86830139160156,
  "summary_bg_median": 30.843536376953125,
  "summary_bg_n": 66035.0,
  "summary_bg_p05": 20.93877601623535,
  "summary_bg_p95": 198.4605392456052,
  "summary_bg_stdv": 76.20193481445312,
  "summary_fg_k": 1.3489319850717028,
  "summary_fg_mad": 189.42007913141293,
  "summary_fg_mean": 696.2659912109375,
  "summary_fg_median": 661.3162841796875,
  "summary_fg_n": 35552.0,
  "summary_fg_p05": 419.8751510620117,
  "summary_fg_p95": 1104.5836608886718,
  "summary_fg_stdv": 212.77110290527344,
  "tsnr": 108.98034938843921
}