{
  "aor": 0.0012679591836734694,
  "aqi": 0.0013931782312925172,
  "bids_meta": {
    "AcquisitionMatrixPE": 64,
    "AcquisitionNumber": 1,
    "AcquisitionTime": "16:00:48.602500",
    "BandwidthPerPixelPhaseEncode": 26.483,
    "BaseResolution": 64,
    "ConversionSoftware": "dcm2niix",
    "ConversionSoftwareVersion": "v1.0.20171215 Clang9.0.0",
    "DerivedVendorReportedEchoSpacing": 0.000590001,
    "DeviceSerialNumber": "35410",
    "DwellTime": 4.1e-06,
    "EchoTime": 0.026,
    "EffectiveEchoSpacing": 0.000590001,
    "FlipAngle": 90,
    "ImageOrientationPatientDICOM": [
      1,
      -1e-16,
      0,
      1e-16,
      0.991894,
      -0.127065
    ],
    "ImageType": [
      "ORIGINAL",
      "PRIMARY",
      "M",
      "ND",
      "MOSAIC"
    ],
    "InPlanePhaseEncodingDirectionDICOM": "COL",
    "InstitutionAddress": "Cooper_60_St._Lucia_QLD_AU_4072",
    "InstitutionName": "School_of_Psychology",
    "InstitutionalDepartmentName": "Gehrmann_Labs_MRI",
    "MRAcquisitionType": "2D",
    "MagneticFieldStrength": 3,
    "Manufacturer": "Siemens",
    "ManufacturersModelName": "TrioTim",
    "Modality": "MR",
    "PartialFourier": 1,
    "PatientPosition": "HFS",
    "PercentPhaseFOV": 100,
    "PhaseEncodingDirection": "j-",
    "PhaseEncodingSteps": 64,
    "PhaseResolution": 1,
    "PixelBandwidth": 1905,
    "ProcedureStepDescription": "Brain_-_UQ_fMRI",
    "ProtocolName": "OLVSL_R8",
    "PulseSequenceDetails": "%SiemensSeq%_ep2d_pace",
    "ReceiveCoilName": "32Ch_Head",
    "ReconMatrixPE": 64,
    "RepetitionTime": 2,
    "SAR": 0.198925,
    "ScanOptions": "FS",
    "ScanningSequence": "EP",
    "SequenceName": "_epfid2d1_64",
    "SequenceVariant": "SK",
    "SeriesDescription": "OLVSL_R8",
    "SeriesNumber": 10,
    "ShimSetting": [
      6830,
      -11407,
      -2117,
      529,
      70,
      -168,
      -173,
      -72
    ],
    "SliceThickness": 3,
    "SliceTiming": [
      0,
      1.025,
      0.06,
      1.085,
      0.12,
      1.145,
      0.18,
      1.205,
      0.24,
      1.265,
      0.3,
      1.325,
      0.3625,
      1.385,
      0.4225,
      1.445,
      0.4825,
      1.505,
      0.5425,
      1.565,
      0.6025,
      1.625,
      0.6625,
      1.6875,
      0.7225,
      1.7475,
      0.7825,
      1.8075,
      0.8425,
      1.8675,
      0.9025,
      1.9275,
      0.9625
    ],
    "SoftwareVersions": "syngo_MR_B17",
    "SpacingBetweenSlices": 3.3,
    "StationName": "mrc_Trio",
    "TaskName": "learn",
    "TotalReadoutTime": 0.0371701,
    "TxRefAmp": 379.679,
    "dataset": "ds001241",
    "modality": "bold",
    "run_id": 8,
    "subject_id": "21",
    "task_id": "learn"
  },
  "dummy_trs": 1,
  "dvars_nstd": 16.91781701109589,
  "dvars_std": 1.1712847380821918,
  "dvars_vstd": 1.0101634051369868,
  "efc": 0.6237037272659385,
  "fber": 318.1269836425781,
  "fd_mean": 0.09015887908578057,
  "fd_num": 5,
  "fd_perc": 3.401360544217687,
  "fwhm_avg": 2.698437689835759,
  "fwhm_x": 2.5534399999999997,
  "fwhm_y": 2.8287033333333333,
  "fwhm_z": 2.7131697361739437,
  "gcor": 0.0170228,
  "gsr_x": -0.007233268115669489,
  "gsr_y": 0.10825713723897934,
  "provenance": {
    "md5sum": "327ce07b33a3b6a1bd7929fcbcbb2220",
    "settings": {
      "fd_thres": 0.2,
      "testing": false
    },
    "software": "mriqc",
    "version": "22.0.6",
    "webapi_port": null,
    "webapi_url": "https://mriqc.nimh.nih.gov/api/v1"
  },
  "size_t": 147,
  "size_x": 64,
  "size_y": 64,
  "size_z": 33,
  "snr": 3.2808608931187186,
  "spacing_tr": 2.0,
  "spacing_x": 3.0,
  "spacing_y": 3.0,
  "spacing_z": 3.299999952316284,
  "summary_bg_k": 8.683878288933375,
  "summary_bg_mad": 19.213313079243136,
  "summary_bg_mean": 80.00175476074219,
  "summary_bg_median": 35.36054229736328,
  "summary_bg_n": 69913.0,
  "summary_bg_p05": 21.5986385345459,
  "summary_bg_p95": 292.46121215820284,
  "summary_bg_stdv": 97.38417053222656,
  "summary_fg_k": 1.2745901678570908,
  "summary_fg_mad": 181.72464607087005,
  "summary_fg_mean": 683.9906005859375,
  "summary_fg_median": 654.2618408203125,
  "summary_fg_n": 32264.0,
  "summary_fg_p05": 422.27992095947263,
  "summary_fg_p95": 1065.6993530273437,
  "summary_fg_stdv": 199.41464233398438,
  "tsnr": 103.14697469351813
}