{
  "aor": 0.001738027210884354,
  "aqi": 0.0043702114965986395,
  "bids_meta": {
    "AcquisitionMatrixPE": 64,
    "AcquisitionNumber": 1,
    "AcquisitionTime": "15:27:17.925000",
    "BandwidthPerPixelPhaseEncode": 26.483,
    "BaseResolution": 64,
    "ConversionSoftware": "dcm2niix",
    "ConversionSoftwareVersion": "v1.0.20171215 Clang9.0.0",
    "DerivedVendorReportedEchoSpacing": 0.000590001,
    "DeviceSerialNumber": "35410",
    "DwellTime": 4.1e-06,
    "EchoTime": 0.026,
    "EffectiveEchoSpacing": 0.000590001,
    "FlipAngle": 90,
    "ImageOrientationPatientDICOM": [
      1,
      -1e-16,
      0,
      1e-16,
      0.991894,
      -0.127065
    ],
    "ImageType": [
      "ORIGINAL",
      "PRIMARY",
      "M",
      "ND",
      "MOSAIC"
    ],
    "InPlanePhaseEncodingDirectionDICOM": "COL",
    "InstitutionAddress": "Cooper_60_St._Lucia_QLD_AU_4072",
    "InstitutionName": "School_of_Psychology",
    "InstitutionalDepartmentName": "Gehrmann_Labs_MRI",
    "MRAcquisitionType": "2D",
    "MagneticFieldStrength": 3,
    "Manufacturer": "Siemens",
    "ManufacturersModelName": "TrioTim",
    "Modality": "MR",
    "PartialFourier": 1,
    "PatientPosition": "HFS",
    "PercentPhaseFOV": 100,
    "PhaseEncodingDirection": "j-",
    "PhaseEncodingSteps": 64,
    "PhaseResolution": 1,
    "PixelBandwidth": 1905,
    "ProcedureStepDescription": "Brain_-_UQ_fMRI",
    "ProtocolName": "OLVSL_R3",
    "PulseSequenceDetails": "%SiemensSeq%_ep2d_pace",
    "ReceiveCoilName": "32Ch_Head",
    "ReconMatrixPE": 64,
    "RepetitionTime": 2,
    "SAR": 0.198925,
    "ScanOptions": "FS",
    "ScanningSequence": "EP",
    "SequenceName": "_epfid2d1_64",
    "SequenceVariant": "SK",
    "SeriesDescription": "OLVSL_R3",
    "SeriesNumber": 4,
    "ShimSetting": [
      6830,
      -11407,
      -2117,
      529,
      70,
      -168,
      -173,
      -72
    ],
    "SliceThickness": 3,
    "SliceTiming": [
      0,
      1.025,
      0.06,
      1.085,
      0.12,
      1.145,
      0.18,
      1.205,
      0.2425,
      1.265,
      0.3025,
      1.325,
      0.3625,
      1.385,
      0.4225,
      1.445,
      0.4825,
      1.505,
      0.5425,
      1.565,
      0.6025,
      1.6275,
      0.6625,
      1.6875,
      0.7225,
      1.7475,
      0.7825,
      1.8075,
      0.8425,
      1.8675,
      0.9025,
      1.9275,
      0.965
    ],
    "SoftwareVersions": "syngo_MR_B17",
    "SpacingBetweenSlices": 3.3,
    "StationName": "mrc_Trio",
    "TaskName": "learn",
    "TotalReadoutTime": 0.0371701,
    "TxRefAmp": 379.679,
    "dataset": "ds001241",
    "modality": "bold",
    "run_id": 3,
    "subject_id": "21",
    "task_id": "learn"
  },
  "dummy_trs": 1,
  "dvars_nstd": 17.548024889109595,
  "dvars_std": 1.0588802671917805,
  "dvars_vstd": 0.9229230195205487,
  "efc": 0.6210805685157909,
  "fber": 320.265625,
  "fd_mean": 0.0828399070550812,
  "fd_num": 2,
  "fd_perc": 1.3605442176870748,
  "fwhm_avg": 2.76761132636777,
  "fwhm_x": 2.6449700000000003,
  "fwhm_y": 2.909736666666667,
  "fwhm_z": 2.748127312436643,
  "gcor": 0.0198201,
  "gsr_x": -0.009230732917785645,
  "gsr_y": 0.10187438130378723,
  "provenance": {
    "md5sum": "8ba76264f54e84b3718ab6ab9e663061",
    "settings": {
      "fd_thres": 0.2,
      "testing": false
    },
    "software": "mriqc",
    "version": "22.0.6",
    "webapi_port": null,
    "webapi_url": "https://mriqc.nimh.nih.gov/api/v1"
  },
  "size_t": 147,
  "size_x": 64,
  "size_y": 64,
  "size_z": 33,
  "snr": 3.179401794009981,
  "spacing_tr": 2.0,
  "spacing_x": 3.0,
  "spacing_y": 3.0,
  "spacing_z": 3.299999952316284,
  "summary_bg_k": 9.850721759194123,
  "summary_bg_mad": 19.838630359012893,
  "summary_bg_mean": 79.22624206542969,
  "summary_bg_median": 35.64625930786133,
  "summary_bg_n": 69665.0,
  "summary_bg_p05": 21.231292724609375,
  "summary_bg_p95": 287.0530578613282,
  "summary_bg_stdv": 96.56642150878906,
  "summary_fg_k": 1.4107535282024228,
  "summary_fg_mad": 184.45792243866558,
  "summary_fg_mean": 691.5309448242188,
  "summary_fg_median": 657.8367309570312,
  "summary_fg_n": 32327.0,
  "summary_fg_p05": 423.2755096435547,
  "summary_fg_p95": 1093.7550659179683,
  "summary_fg_stdv": 206.90261840820312,
  "tsnr": 68.59929876727983
}