{
  "aor": 0.008823197278911564,
  "aqi": 0.002790674469387755,
  "bids_meta": {
    "AcquisitionMatrixPE": 64,
    "AcquisitionNumber": 1,
    "AcquisitionTime": "16:06:19.402500",
    "BandwidthPerPixelPhaseEncode": 26.483,
    "BaseResolution": 64,
    "ConversionSoftware": "dcm2niix",
    "ConversionSoftwareVersion": "v1.0.20171215 Clang9.0.0",
    "DerivedVendorReportedEchoSpacing": 0.000590001,
    "DeviceSerialNumber": "35410",
    "DwellTime": 4.1e-06,
    "EchoTime": 0.026,
    "EffectiveEchoSpacing": 0.000590001,
    "FlipAngle": 90,
    "ImageOrientationPatientDICOM": [
      1,
      -1e-16,
      0,
      1e-16,
      0.991894,
      -0.127065
    ],
    "ImageType": [
      "ORIGINAL",
      "PRIMARY",
      "M",
      "ND",
      "MOSAIC"
    ],
    "InPlanePhaseEncodingDirectionDICOM": "COL",
    "InstitutionAddress": "Cooper_60_St._Lucia_QLD_AU_4072",
    "InstitutionName": "School_of_Psychology",
    "InstitutionalDepartmentName": "Gehrmann_Labs_MRI",
    "MRAcquisitionType": "2D",
    "MagneticFieldStrength": 3,
    "Manufacturer": "Siemens",
    "ManufacturersModelName": "TrioTim",
    "Modality": "MR",
    "PartialFourier": 1,
    "PatientPosition": "HFS",
    "PercentPhaseFOV": 100,
    "PhaseEncodingDirection": "j-",
    "PhaseEncodingSteps": 64,
    "PhaseResolution": 1,
    "PixelBandwidth": 1905,
    "ProcedureStepDescription": "Brain_-_UQ_fMRI",
    "ProtocolName": "OLVSL_R9",
    "PulseSequenceDetails": "%SiemensSeq%_ep2d_pace",
    "ReceiveCoilName": "32Ch_Head",
    "ReconMatrixPE": 64,
    "RepetitionTime": 2,
    "SAR": 0.198925,
    "ScanOptions": "FS",
    "ScanningSequence": "EP",
    "SequenceName": "_epfid2d1_64",
    "SequenceVariant": "SK",
    "SeriesDescription": "OLVSL_R9",
    "SeriesNumber": 11,
    "ShimSetting": [
      6830,
      -11407,
      -2117,
      529,
      70,
      -168,
      -173,
      -72
    ],
    "SliceThickness": 3,
    "SliceTiming": [
      0,
      1.025,
      0.06,
      1.085,
      0.12,
      1.145,
      0.18,
      1.205,
      0.24,
      1.265,
      0.3,
      1.325,
      0.3625,
      1.385,
      0.4225,
      1.445,
      0.4825,
      1.505,
      0.5425,
      1.565,
      0.6025,
      1.625,
      0.6625,
      1.685,
      0.7225,
      1.7475,
      0.7825,
      1.8075,
      0.8425,
      1.8675,
      0.9025,
      1.9275,
      0.9625
    ],
    "SoftwareVersions": "syngo_MR_B17",
    "SpacingBetweenSlices": 3.3,
    "StationName": "mrc_Trio",
    "TaskName": "learn",
    "TotalReadoutTime": 0.0371701,
    "TxRefAmp": 379.679,
    "dataset": "ds001241",
    "modality": "bold",
    "run_id": 9,
    "subject_id": "21",
    "task_id": "learn"
  },
  "dummy_trs": 1,
  "dvars_nstd": 19.34412308890411,
  "dvars_std": 1.2347031997945206,
  "dvars_vstd": 1.0729788411643835,
  "efc": 0.6238101285068914,
  "fber": 320.03216552734375,
  "fd_mean": 0.13248852767017952,
  "fd_num": 17,
  "fd_perc": 11.564625850340136,
  "fwhm_avg": 2.6982025383349986,
  "fwhm_x": 2.551556666666667,
  "fwhm_y": 2.826893333333333,
  "fwhm_z": 2.716157615004996,
  "gcor": 0.0215401,
  "gsr_x": -0.006053112912923098,
  "gsr_y": 0.10740309953689575,
  "provenance": {
    "md5sum": "d0ecde76cc4cc978b8b478dd13fea42f",
    "settings": {
      "fd_thres": 0.2,
      "testing": false
    },
    "software": "mriqc",
    "version": "22.0.6",
    "webapi_port": null,
    "webapi_url": "https://mriqc.nimh.nih.gov/api/v1"
  },
  "size_t": 147,
  "size_x": 64,
  "size_y": 64,
  "size_z": 33,
  "snr": 3.2880839718924775,
  "spacing_tr": 2.0,
  "spacing_x": 3.0,
  "spacing_y": 3.0,
  "spacing_z": 3.299999952316284,
  "summary_bg_k": 8.741304217469876,
  "summary_bg_mad": 18.910742756112636,
  "summary_bg_mean": 79.6150894165039,
  "summary_bg_median": 35.163265228271484,
  "summary_bg_n": 69848.0,
  "summary_bg_p05": 21.442176818847656,
  "summary_bg_p95": 290.6778854370117,
  "summary_bg_stdv": 96.83039855957031,
  "summary_fg_k": 1.2607168584723336,
  "summary_fg_mad": 180.81693227363922,
  "summary_fg_mean": 682.8052978515625,
  "summary_fg_median": 652.7210693359375,
  "summary_fg_n": 32279.0,
  "summary_fg_p05": 421.0721069335938,
  "summary_fg_p95": 1062.812939453125,
  "summary_fg_stdv": 198.50799560546875,
  "tsnr": 76.28588462248445
}