{
  "bids_meta": {
    "AcquisitionMatrixPE": 256,
    "AcquisitionNumber": 1,
    "AcquisitionTime": "11:49:25.665000",
    "BaseResolution": 256,
    "ConversionSoftware": "dcm2niix",
    "ConversionSoftwareVersion": "v1.0.20171215 Clang9.0.0",
    "DeviceSerialNumber": "35410",
    "DwellTime": 9.8e-06,
    "EchoTime": 0.00232,
    "FlipAngle": 9,
    "ImageOrientationPatientDICOM": [
      0.0104694,
      0.999945,
      7.72796e-09,
      0.0209385,
      -0.000219219,
      -0.999781
    ],
    "ImageType": [
      "ORIGINAL",
      "PRIMARY",
      "M",
      "ND",
      "NORM"
    ],
    "InPlanePhaseEncodingDirectionDICOM": "ROW",
    "InstitutionAddress": "Cooper_60_St._Lucia_QLD_AU_4072",
    "InstitutionName": "Centre_for_Advanced_Imaging",
    "InstitutionalDepartmentName": "Gehrmann_Labs_MRI",
    "Interpolation2D": 1,
    "InversionTime": 0.9,
    "MRAcquisitionType": "3D",
    "MagneticFieldStrength": 3,
    "Manufacturer": "Siemens",
    "ManufacturersModelName": "TrioTim",
    "Modality": "MR",
    "ParallelReductionFactorInPlane": 2,
    "PartialFourier": 1,
    "PatientPosition": "HFS",
    "PercentPhaseFOV": 100,
    "PhaseEncodingSteps": 255,
    "PhaseResolution": 1,
    "PixelBandwidth": 199,
    "ProcedureStepDescription": "Brain_-_UQ_fMRI",
    "ProtocolName": "t1_mpr_sag_p2_iso_0.9",
    "PulseSequenceDetails": "%SiemensSeq%_tfl",
    "ReceiveCoilName": "32Ch_Head",
    "ReconMatrixPE": 512,
    "RepetitionTime": 1.9,
    "SAR": 0.148235,
    "ScanOptions": "IR",
    "ScanningSequence": "GR_IR",
    "SequenceName": "_tfl3d1_ns",
    "SequenceVariant": "SP_MP",
    "SeriesDescription": "t1_mpr_sag_p2_iso_0.9",
    "SeriesNumber": 7,
    "ShimSetting": [
      6825,
      -11255,
      -2613,
      -72,
      38,
      19,
      -121,
      14
    ],
    "SliceThickness": 0.9,
    "SoftwareVersions": "syngo_MR_B17",
    "StationName": "mrc_Trio",
    "TxRefAmp": 359.939,
    "dataset": "ds001241",
    "modality": "T1w",
    "subject_id": "16"
  },
  "cjv": 0.28140113731185795,
  "cnr": 4.779377832139645,
  "efc": 0.5564556778441015,
  "fber": -1.0,
  "fwhm_avg": 7.466989436016985,
  "fwhm_x": 4.525779438485737,
  "fwhm_y": 9.117696,
  "fwhm_z": 8.757492869565217,
  "icvs_csf": 0.1808455653736958,
  "icvs_gm": 0.47135679663021923,
  "icvs_wm": 0.347797637996085,
  "inu_med": 0.4074380248785019,
  "inu_range": 0.14464639276266095,
  "provenance": {
    "md5sum": "40fe527c7d7f4d006c70e117ee360272",
    "settings": {
      "testing": false
    },
    "software": "mriqc",
    "version": "22.0.6",
    "warnings": {
      "large_rot_frame": true,
      "small_air_mask": false
    },
    "webapi_port": null,
    "webapi_url": "https://mriqc.nimh.nih.gov/api/v1"
  },
  "qi_1": 6.09380489865306e-07,
  "qi_2": 0.01913167243391937,
  "rpve_csf": 21.413950831007107,
  "rpve_gm": 9.327555717036002,
  "rpve_wm": 13.764822307724133,
  "size_x": 192,
  "size_y": 512,
  "size_z": 512,
  "snr_csf": 2.4809805752406393,
  "snr_gm": 18.122534232548997,
  "snr_total": 15.519637662899148,
  "snr_wm": 25.95539818090781,
  "snrd_csf": 37.09934705726432,
  "snrd_gm": 97.4701580037518,
  "snrd_total": 89.2326151724825,
  "snrd_wm": 133.12834045643135,
  "spacing_x": 0.9000040888786316,
  "spacing_y": 0.44921875,
  "spacing_z": 0.44921875,
  "summary_bg_k": 99.25291145189134,
  "summary_bg_mad": 0.0,
  "summary_bg_mean": 2.008280755745905,
  "summary_bg_median": 0.0,
  "summary_bg_n": 10817605.0,
  "summary_bg_p05": 0.0,
  "summary_bg_p95": 9.227114960551262,
  "summary_bg_stdv": 4.9213137181250195,
  "summary_csf_k": 0.11564311250378756,
  "summary_csf_mad": 88.85319375013081,
  "summary_csf_mean": 278.4328813869448,
  "summary_csf_median": 278.68627908080816,
  "summary_csf_n": 356610.0,
  "summary_csf_p05": 70.1169379428029,
  "summary_csf_p95": 471.99890538305044,
  "summary_csf_stdv": 112.32892797224865,
  "summary_gm_k": 0.4102568393760184,
  "summary_gm_mad": 38.53465491145155,
  "summary_gm_mean": 731.0117582767842,
  "summary_gm_median": 732.1852757558227,
  "summary_gm_n": 923281.0,
  "summary_gm_p05": 662.7991984039545,
  "summary_gm_p95": 795.4047168716788,
  "summary_gm_stdv": 40.401903500227824,
  "summary_wm_k": 0.5740803742852107,
  "summary_wm_mad": 36.84156814029814,
  "summary_wm_mean": 1000.6015430690622,
  "summary_wm_median": 1000.0456823334098,
  "summary_wm_n": 1569704.0,
  "summary_wm_p05": 939.0188229903579,
  "summary_wm_p95": 1064.2243779748678,
  "summary_wm_stdv": 38.529378621632006,
  "tpm_overlap_csf": 0.1527679187126007,
  "tpm_overlap_gm": 0.47827019675494664,
  "tpm_overlap_wm": 0.5121936238750256,
  "wm2max": 0.45030647085441605
}