{
  "bids_meta": {
    "AcquisitionMatrixPE": 256,
    "AcquisitionNumber": 1,
    "AcquisitionTime": "14:39:32.332500",
    "BaseResolution": 256,
    "ConversionSoftware": "dcm2niix",
    "ConversionSoftwareVersion": "v1.0.20171215 Clang9.0.0",
    "DeviceSerialNumber": "35410",
    "DwellTime": 9.8e-06,
    "EchoTime": 0.00232,
    "FlipAngle": 9,
    "ImageOrientationPatientDICOM": [
      -0.00698356,
      0.999976,
      1.38152e-08,
      0.0209391,
      0.000146247,
      -0.999781
    ],
    "ImageType": [
      "ORIGINAL",
      "PRIMARY",
      "M",
      "ND",
      "NORM"
    ],
    "InPlanePhaseEncodingDirectionDICOM": "ROW",
    "InstitutionAddress": "Cooper_60_St._Lucia_QLD_AU_4072",
    "InstitutionName": "St_Lucia_Campus",
    "InstitutionalDepartmentName": "Gehrmann_Labs_MRI",
    "Interpolation2D": 1,
    "InversionTime": 0.9,
    "MRAcquisitionType": "3D",
    "MagneticFieldStrength": 3,
    "Manufacturer": "Siemens",
    "ManufacturersModelName": "TrioTim",
    "Modality": "MR",
    "ParallelReductionFactorInPlane": 2,
    "PartialFourier": 1,
    "PatientPosition": "HFS",
    "PercentPhaseFOV": 100,
    "PhaseEncodingSteps": 255,
    "PhaseResolution": 1,
    "PixelBandwidth": 199,
    "ProcedureStepDescription": "Brain_-_UQ_fMRI",
    "ProtocolName": "t1_mpr_sag_p2_iso_0.9",
    "PulseSequenceDetails": "%SiemensSeq%_tfl",
    "ReceiveCoilName": "32Ch_Head",
    "ReconMatrixPE": 512,
    "RepetitionTime": 1.9,
    "SAR": 0.130136,
    "ScanOptions": "IR",
    "ScanningSequence": "GR_IR",
    "SequenceName": "_tfl3d1_ns",
    "SequenceVariant": "SP_MP",
    "SeriesDescription": "t1_mpr_sag_p2_iso_0.9",
    "SeriesNumber": 7,
    "ShimSetting": [
      6825,
      -11255,
      -2613,
      -72,
      38,
      19,
      -121,
      14
    ],
    "SliceThickness": 0.9,
    "SoftwareVersions": "syngo_MR_B17",
    "StationName": "mrc_Trio",
    "TxRefAmp": 358.147,
    "dataset": "ds001241",
    "modality": "T1w",
    "subject_id": "24"
  },
  "cjv": 0.31745012040950743,
  "cnr": 4.284359223832633,
  "efc": 0.5848754182166775,
  "fber": -1.0,
  "fwhm_avg": 7.102934017155593,
  "fwhm_x": 4.264968191938151,
  "fwhm_y": 8.670964294311238,
  "fwhm_z": 8.37286956521739,
  "icvs_csf": 0.176833043254001,
  "icvs_gm": 0.468259893191069,
  "icvs_wm": 0.35490706355493,
  "inu_med": 0.4610818475484848,
  "inu_range": 0.18513346314430235,
  "provenance": {
    "md5sum": "4ea628274cb85ff0db35a46cf2752244",
    "settings": {
      "testing": false
    },
    "software": "mriqc",
    "version": "22.0.6",
    "warnings": {
      "large_rot_frame": true,
      "small_air_mask": false
    },
    "webapi_port": null,
    "webapi_url": "https://mriqc.nimh.nih.gov/api/v1"
  },
  "qi_1": 0.0,
  "qi_2": 0.009265435032681332,
  "rpve_csf": 23.147695373137786,
  "rpve_gm": 9.884446829978575,
  "rpve_wm": 14.09991220001436,
  "size_x": 192,
  "size_y": 512,
  "size_z": 512,
  "snr_csf": 2.618084675391053,
  "snr_gm": 17.96281782187841,
  "snr_total": 14.737533103494387,
  "snr_wm": 23.6316968132137,
  "snrd_csf": 23.76301130813562,
  "snrd_gm": 61.760869969937026,
  "snrd_total": 56.17646664822842,
  "snrd_wm": 83.00551866661262,
  "spacing_x": 0.8999996781349182,
  "spacing_y": 0.4492187798023224,
  "spacing_z": 0.44921875,
  "summary_bg_k": 1080.15120161318,
  "summary_bg_mad": 0.0,
  "summary_bg_mean": 2.55135603774252,
  "summary_bg_median": 0.0,
  "summary_bg_n": 10551467.0,
  "summary_bg_p05": 0.0,
  "summary_bg_p95": 13.744218952953815,
  "summary_bg_stdv": 7.893025831486064,
  "summary_csf_k": 3.2355476737312197,
  "summary_csf_mad": 82.79042354895812,
  "summary_csf_mean": 288.6166118229422,
  "summary_csf_median": 286.294674038887,
  "summary_csf_n": 315331.0,
  "summary_csf_p05": 86.39840782061219,
  "summary_csf_p95": 477.2874525077641,
  "summary_csf_stdv": 109.35254415970756,
  "summary_gm_k": 0.27353067506334927,
  "summary_gm_mad": 40.49810192178137,
  "summary_gm_mean": 743.235316678073,
  "summary_gm_median": 744.0895392894745,
  "summary_gm_n": 672789.0,
  "summary_gm_p05": 674.2879241667688,
  "summary_gm_p95": 809.3961897231638,
  "summary_gm_stdv": 41.42384528301562,
  "summary_wm_k": 0.3584767431687017,
  "summary_wm_mad": 40.754419022552135,
  "summary_wm_mean": 1001.2810919663306,
  "summary_wm_median": 1000.0432016775012,
  "summary_wm_n": 1391813.0,
  "summary_wm_p05": 933.9585765860975,
  "summary_wm_p95": 1072.7838321737945,
  "summary_wm_stdv": 42.31786021641402,
  "tpm_overlap_csf": 0.15167092187872325,
  "tpm_overlap_gm": 0.4660600067240973,
  "tpm_overlap_wm": 0.5047462869940105,
  "wm2max": 0.4738189339176377
}