{
  "aor": 0.002866689189189189,
  "aqi": 0.00140355972972973,
  "bids_meta": {
    "AcquisitionMatrixPE": 64,
    "AcquisitionNumber": 1,
    "AcquisitionTime": "15:28:18.335000",
    "BandwidthPerPixelPhaseEncode": 26.483,
    "BaseResolution": 64,
    "ConversionSoftware": "dcm2niix",
    "ConversionSoftwareVersion": "v1.0.20171215 Clang9.0.0",
    "DerivedVendorReportedEchoSpacing": 0.000590001,
    "DeviceSerialNumber": "35410",
    "DwellTime": 4.1e-06,
    "EchoTime": 0.026,
    "EffectiveEchoSpacing": 0.000590001,
    "FlipAngle": 90,
    "ImageOrientationPatientDICOM": [
      1,
      0,
      0,
      0,
      0.987688,
      -0.156434
    ],
    "ImageType": [
      "ORIGINAL",
      "PRIMARY",
      "M",
      "ND",
      "MOSAIC"
    ],
    "InPlanePhaseEncodingDirectionDICOM": "COL",
    "InstitutionAddress": "Cooper_60_St._Lucia_QLD_AU_4072",
    "InstitutionName": "Centre_for_Advanced_Imaging",
    "InstitutionalDepartmentName": "Gehrmann_Labs_MRI",
    "MRAcquisitionType": "2D",
    "MagneticFieldStrength": 3,
    "Manufacturer": "Siemens",
    "ManufacturersModelName": "TrioTim",
    "Modality": "MR",
    "PartialFourier": 1,
    "PatientPosition": "HFS",
    "PercentPhaseFOV": 100,
    "PhaseEncodingDirection": "j-",
    "PhaseEncodingSteps": 64,
    "PhaseResolution": 1,
    "PixelBandwidth": 1905,
    "ProcedureStepDescription": "Brain_-_UQ_fMRI",
    "ProtocolName": "OLVSL_R4",
    "PulseSequenceDetails": "%SiemensSeq%_ep2d_pace",
    "ReceiveCoilName": "32Ch_Head",
    "ReconMatrixPE": 64,
    "RepetitionTime": 2,
    "SAR": 0.158602,
    "ScanOptions": "FS",
    "ScanningSequence": "EP",
    "SequenceName": "_epfid2d1_64",
    "SequenceVariant": "SK",
    "SeriesDescription": "OLVSL_R4",
    "SeriesNumber": 5,
    "ShimSetting": [
      6850,
      -11314,
      -2111,
      1004,
      -45,
      251,
      129,
      31
    ],
    "SliceThickness": 3,
    "SliceTiming": [
      0,
      1.0225,
      0.06,
      1.0825,
      0.12,
      1.1425,
      0.18,
      1.2025,
      0.24,
      1.2625,
      0.3,
      1.325,
      0.36,
      1.385,
      0.42,
      1.445,
      0.48,
      1.505,
      0.54,
      1.565,
      0.6,
      1.625,
      0.6625,
      1.685,
      0.7225,
      1.745,
      0.7825,
      1.805,
      0.8425,
      1.865,
      0.9025,
      1.925,
      0.9625
    ],
    "SoftwareVersions": "syngo_MR_B17",
    "SpacingBetweenSlices": 3.3,
    "StationName": "mrc_Trio",
    "TaskName": "learn",
    "TotalReadoutTime": 0.0371701,
    "TxRefAmp": 341.49,
    "dataset": "ds001241",
    "modality": "bold",
    "run_id": 4,
    "subject_id": "14",
    "task_id": "learn"
  },
  "dummy_trs": 0,
  "dvars_nstd": 16.434974761292512,
  "dvars_std": 1.1475363644897956,
  "dvars_vstd": 1.0212522712244894,
  "efc": 0.5719331439645274,
  "fber": 514.12353515625,
  "fd_mean": 0.09728959613663367,
  "fd_num": 9,
  "fd_perc": 6.081081081081081,
  "fwhm_avg": 2.610751555342744,
  "fwhm_x": 2.5510066666666664,
  "fwhm_y": 2.7551297810419575,
  "fwhm_z": 2.526118218319607,
  "gcor": 0.0583336,
  "gsr_x": -0.01656150072813034,
  "gsr_y": 0.07881447672843933,
  "provenance": {
    "md5sum": "8084bc83b677783beece46174a33d984",
    "settings": {
      "fd_thres": 0.2,
      "testing": false
    },
    "software": "mriqc",
    "version": "22.0.6",
    "webapi_port": null,
    "webapi_url": "https://mriqc.nimh.nih.gov/api/v1"
  },
  "size_t": 148,
  "size_x": 64,
  "size_y": 64,
  "size_z": 33,
  "snr": 3.4174606568382604,
  "spacing_tr": 2.0,
  "spacing_x": 3.0,
  "spacing_y": 3.000000238418579,
  "spacing_z": 3.299999952316284,
  "summary_bg_k": 35.317928746585736,
  "summary_bg_mad": 7.132517710925588,
  "summary_bg_mean": 48.810428619384766,
  "summary_bg_median": 24.513513565063477,
  "summary_bg_n": 75711.0,
  "summary_bg_p05": 19.405405044555664,
  "summary_bg_p95": 157.15541076660156,
  "summary_bg_stdv": 69.86626434326172,
  "summary_fg_k": 2.3055672384797345,
  "summary_fg_mad": 139.074042394286,
  "summary_fg_mean": 603.155517578125,
  "summary_fg_median": 576.5135498046875,
  "summary_fg_n": 27937.0,
  "summary_fg_p05": 383.3851318359375,
  "summary_fg_p95": 921.2311279296874,
  "summary_fg_stdv": 168.69345092773438,
  "tsnr": 102.36454363749363
}