{
  "aor": 0.0015263513513513512,
  "aqi": 0.0019174556891891892,
  "bids_meta": {
    "AcquisitionMatrixPE": 64,
    "AcquisitionNumber": 1,
    "AcquisitionTime": "16:06:27.267500",
    "BandwidthPerPixelPhaseEncode": 26.483,
    "BaseResolution": 64,
    "ConversionSoftware": "dcm2niix",
    "ConversionSoftwareVersion": "v1.0.20171215 Clang9.0.0",
    "DerivedVendorReportedEchoSpacing": 0.000590001,
    "DeviceSerialNumber": "35410",
    "DwellTime": 4.1e-06,
    "EchoTime": 0.026,
    "EffectiveEchoSpacing": 0.000590001,
    "FlipAngle": 90,
    "ImageOrientationPatientDICOM": [
      1,
      0,
      0,
      0,
      0.987688,
      -0.156434
    ],
    "ImageType": [
      "ORIGINAL",
      "PRIMARY",
      "M",
      "ND",
      "MOSAIC"
    ],
    "InPlanePhaseEncodingDirectionDICOM": "COL",
    "InstitutionAddress": "Cooper_60_St._Lucia_QLD_AU_4072",
    "InstitutionName": "Centre_for_Advanced_Imaging",
    "InstitutionalDepartmentName": "Gehrmann_Labs_MRI",
    "MRAcquisitionType": "2D",
    "MagneticFieldStrength": 3,
    "Manufacturer": "Siemens",
    "ManufacturersModelName": "TrioTim",
    "Modality": "MR",
    "PartialFourier": 1,
    "PatientPosition": "HFS",
    "PercentPhaseFOV": 100,
    "PhaseEncodingDirection": "j-",
    "PhaseEncodingSteps": 64,
    "PhaseResolution": 1,
    "PixelBandwidth": 1905,
    "ProcedureStepDescription": "Brain_-_UQ_fMRI",
    "ProtocolName": "OLVSL_R10",
    "PulseSequenceDetails": "%SiemensSeq%_ep2d_pace",
    "ReceiveCoilName": "32Ch_Head",
    "ReconMatrixPE": 64,
    "RepetitionTime": 2,
    "SAR": 0.158602,
    "ScanOptions": "FS",
    "ScanningSequence": "EP",
    "SequenceName": "_epfid2d1_64",
    "SequenceVariant": "SK",
    "SeriesDescription": "OLVSL_R10",
    "SeriesNumber": 12,
    "ShimSetting": [
      6850,
      -11314,
      -2111,
      1004,
      -45,
      251,
      129,
      31
    ],
    "SliceThickness": 3,
    "SliceTiming": [
      0,
      1.025,
      0.06,
      1.085,
      0.12,
      1.145,
      0.1825,
      1.205,
      0.2425,
      1.265,
      0.3025,
      1.325,
      0.3625,
      1.385,
      0.4225,
      1.445,
      0.4825,
      1.5075,
      0.5425,
      1.5675,
      0.6025,
      1.6275,
      0.6625,
      1.6875,
      0.7225,
      1.7475,
      0.7825,
      1.8075,
      0.845,
      1.8675,
      0.905,
      1.9275,
      0.965
    ],
    "SoftwareVersions": "syngo_MR_B17",
    "SpacingBetweenSlices": 3.3,
    "StationName": "mrc_Trio",
    "TaskName": "learn",
    "TotalReadoutTime": 0.0371701,
    "TxRefAmp": 341.49,
    "dataset": "ds001241",
    "modality": "bold",
    "run_id": 10,
    "subject_id": "14",
    "task_id": "learn"
  },
  "dummy_trs": 0,
  "dvars_nstd": 16.19290996088436,
  "dvars_std": 1.1104669213605443,
  "dvars_vstd": 0.9946689072789112,
  "efc": 0.577175807962096,
  "fber": 492.09454345703125,
  "fd_mean": 0.09442643079904357,
  "fd_num": 5,
  "fd_perc": 3.3783783783783785,
  "fwhm_avg": 2.538445394663807,
  "fwhm_x": 2.46407,
  "fwhm_y": 2.705196451676968,
  "fwhm_z": 2.4460697323144527,
  "gcor": 0.0578611,
  "gsr_x": -0.01885085552930832,
  "gsr_y": 0.07850660383701324,
  "provenance": {
    "md5sum": "3711b6a168f30d0ed405db3b5b56757a",
    "settings": {
      "fd_thres": 0.2,
      "testing": false
    },
    "software": "mriqc",
    "version": "22.0.6",
    "webapi_port": null,
    "webapi_url": "https://mriqc.nimh.nih.gov/api/v1"
  },
  "size_t": 148,
  "size_x": 64,
  "size_y": 64,
  "size_z": 33,
  "snr": 3.5053003461237786,
  "spacing_tr": 2.0,
  "spacing_x": 3.0,
  "spacing_y": 3.000000238418579,
  "spacing_z": 3.299999952316284,
  "summary_bg_k": 31.60428517230011,
  "summary_bg_mad": 7.563276818020393,
  "summary_bg_mean": 49.89192199707031,
  "summary_bg_median": 24.817567825317383,
  "summary_bg_n": 75241.0,
  "summary_bg_p05": 19.33108139038086,
  "summary_bg_p95": 163.76351928710938,
  "summary_bg_stdv": 69.7802505493164,
  "summary_fg_k": 2.0525694038077607,
  "summary_fg_mad": 137.29101052701097,
  "summary_fg_mean": 597.8226928710938,
  "summary_fg_median": 573.6013793945312,
  "summary_fg_n": 28157.0,
  "summary_fg_p05": 379.4202819824219,
  "summary_fg_p95": 907.6297607421875,
  "summary_fg_stdv": 163.63539123535156,
  "tsnr": 95.75089431996457
}