{
  "aor": 0.00252578231292517,
  "aqi": 0.0018255273945578228,
  "bids_meta": {
    "AcquisitionMatrixPE": 64,
    "AcquisitionNumber": 1,
    "AcquisitionTime": "15:44:34.460000",
    "BandwidthPerPixelPhaseEncode": 26.483,
    "BaseResolution": 64,
    "ConversionSoftware": "dcm2niix",
    "ConversionSoftwareVersion": "v1.0.20171215 Clang9.0.0",
    "DerivedVendorReportedEchoSpacing": 0.000590001,
    "DeviceSerialNumber": "35410",
    "DwellTime": 4.1e-06,
    "EchoTime": 0.026,
    "EffectiveEchoSpacing": 0.000590001,
    "FlipAngle": 90,
    "ImageOrientationPatientDICOM": [
      1,
      0,
      0,
      0,
      0.987688,
      -0.156434
    ],
    "ImageType": [
      "ORIGINAL",
      "PRIMARY",
      "M",
      "ND",
      "MOSAIC"
    ],
    "InPlanePhaseEncodingDirectionDICOM": "COL",
    "InstitutionAddress": "Cooper_60_St._Lucia_QLD_AU_4072",
    "InstitutionName": "Centre_for_Advanced_Imaging",
    "InstitutionalDepartmentName": "Gehrmann_Labs_MRI",
    "MRAcquisitionType": "2D",
    "MagneticFieldStrength": 3,
    "Manufacturer": "Siemens",
    "ManufacturersModelName": "TrioTim",
    "Modality": "MR",
    "PartialFourier": 1,
    "PatientPosition": "HFS",
    "PercentPhaseFOV": 100,
    "PhaseEncodingDirection": "j-",
    "PhaseEncodingSteps": 64,
    "PhaseResolution": 1,
    "PixelBandwidth": 1905,
    "ProcedureStepDescription": "Brain_-_UQ_fMRI",
    "ProtocolName": "OLVSL_R6",
    "PulseSequenceDetails": "%SiemensSeq%_ep2d_pace",
    "ReceiveCoilName": "32Ch_Head",
    "ReconMatrixPE": 64,
    "RepetitionTime": 2,
    "SAR": 0.158602,
    "ScanOptions": "FS",
    "ScanningSequence": "EP",
    "SequenceName": "_epfid2d1_64",
    "SequenceVariant": "SK",
    "SeriesDescription": "OLVSL_R6",
    "SeriesNumber": 8,
    "ShimSetting": [
      6850,
      -11314,
      -2111,
      1004,
      -45,
      251,
      129,
      31
    ],
    "SliceThickness": 3,
    "SliceTiming": [
      0,
      1.0225,
      0.06,
      1.0825,
      0.12,
      1.1425,
      0.18,
      1.205,
      0.24,
      1.265,
      0.3,
      1.325,
      0.36,
      1.385,
      0.42,
      1.445,
      0.4825,
      1.505,
      0.5425,
      1.565,
      0.6025,
      1.625,
      0.6625,
      1.685,
      0.7225,
      1.745,
      0.7825,
      1.805,
      0.8425,
      1.8675,
      0.9025,
      1.9275,
      0.9625
    ],
    "SoftwareVersions": "syngo_MR_B17",
    "SpacingBetweenSlices": 3.3,
    "StationName": "mrc_Trio",
    "TaskName": "learn",
    "TotalReadoutTime": 0.0371701,
    "TxRefAmp": 341.49,
    "dataset": "ds001241",
    "modality": "bold",
    "run_id": 6,
    "subject_id": "14",
    "task_id": "learn"
  },
  "dummy_trs": 1,
  "dvars_nstd": 16.744949961369866,
  "dvars_std": 1.1332114092465753,
  "dvars_vstd": 1.0148125876712326,
  "efc": 0.5740697685669266,
  "fber": 500.0186767578125,
  "fd_mean": 0.11404393661128548,
  "fd_num": 17,
  "fd_perc": 11.564625850340136,
  "fwhm_avg": 2.6202919585600717,
  "fwhm_x": 2.5584599999999997,
  "fwhm_y": 2.784676445360466,
  "fwhm_z": 2.5177394303197493,
  "gcor": 0.0567053,
  "gsr_x": -0.01859354041516781,
  "gsr_y": 0.07858004420995712,
  "provenance": {
    "md5sum": "ac8714900aeab9c5e6673a0c18b608af",
    "settings": {
      "fd_thres": 0.2,
      "testing": false
    },
    "software": "mriqc",
    "version": "22.0.6",
    "webapi_port": null,
    "webapi_url": "https://mriqc.nimh.nih.gov/api/v1"
  },
  "size_t": 147,
  "size_x": 64,
  "size_y": 64,
  "size_z": 33,
  "snr": 3.3913431897869875,
  "spacing_tr": 2.0,
  "spacing_x": 3.0,
  "spacing_y": 3.000000238418579,
  "spacing_z": 3.299999952316284,
  "summary_bg_k": 32.74157480494356,
  "summary_bg_mad": 7.40292418969329,
  "summary_bg_mean": 49.772640228271484,
  "summary_bg_median": 24.68027114868164,
  "summary_bg_n": 75543.0,
  "summary_bg_p05": 19.278911590576172,
  "summary_bg_p95": 163.0809417724605,
  "summary_bg_stdv": 71.2712631225586,
  "summary_fg_k": 2.3478167148443614,
  "summary_fg_mad": 138.73931671031065,
  "summary_fg_mean": 600.2423095703125,
  "summary_fg_median": 573.4829711914062,
  "summary_fg_n": 28023.0,
  "summary_fg_p05": 378.9326568603516,
  "summary_fg_p95": 920.5088073730467,
  "summary_fg_stdv": 169.0989990234375,
  "tsnr": 98.32276035076939
}