{
  "aor": 0.0024529251700680273,
  "aqi": 0.001405801619047619,
  "bids_meta": {
    "AcquisitionMatrixPE": 64,
    "AcquisitionNumber": 1,
    "AcquisitionTime": "15:33:48.572500",
    "BandwidthPerPixelPhaseEncode": 26.483,
    "BaseResolution": 64,
    "ConversionSoftware": "dcm2niix",
    "ConversionSoftwareVersion": "v1.0.20171215 Clang9.0.0",
    "DerivedVendorReportedEchoSpacing": 0.000590001,
    "DeviceSerialNumber": "35410",
    "DwellTime": 4.1e-06,
    "EchoTime": 0.026,
    "EffectiveEchoSpacing": 0.000590001,
    "FlipAngle": 90,
    "ImageOrientationPatientDICOM": [
      1,
      0,
      0,
      0,
      0.987688,
      -0.156434
    ],
    "ImageType": [
      "ORIGINAL",
      "PRIMARY",
      "M",
      "ND",
      "MOSAIC"
    ],
    "InPlanePhaseEncodingDirectionDICOM": "COL",
    "InstitutionAddress": "Cooper_60_St._Lucia_QLD_AU_4072",
    "InstitutionName": "Centre_for_Advanced_Imaging",
    "InstitutionalDepartmentName": "Gehrmann_Labs_MRI",
    "MRAcquisitionType": "2D",
    "MagneticFieldStrength": 3,
    "Manufacturer": "Siemens",
    "ManufacturersModelName": "TrioTim",
    "Modality": "MR",
    "PartialFourier": 1,
    "PatientPosition": "HFS",
    "PercentPhaseFOV": 100,
    "PhaseEncodingDirection": "j-",
    "PhaseEncodingSteps": 64,
    "PhaseResolution": 1,
    "PixelBandwidth": 1905,
    "ProcedureStepDescription": "Brain_-_UQ_fMRI",
    "ProtocolName": "OLVSL_R5",
    "PulseSequenceDetails": "%SiemensSeq%_ep2d_pace",
    "ReceiveCoilName": "32Ch_Head",
    "ReconMatrixPE": 64,
    "RepetitionTime": 2,
    "SAR": 0.158602,
    "ScanOptions": "FS",
    "ScanningSequence": "EP",
    "SequenceName": "_epfid2d1_64",
    "SequenceVariant": "SK",
    "SeriesDescription": "OLVSL_R5",
    "SeriesNumber": 6,
    "ShimSetting": [
      6850,
      -11314,
      -2111,
      1004,
      -45,
      251,
      129,
      31
    ],
    "SliceThickness": 3,
    "SliceTiming": [
      0,
      1.025,
      0.06,
      1.085,
      0.12,
      1.145,
      0.18,
      1.205,
      0.24,
      1.265,
      0.3025,
      1.325,
      0.3625,
      1.385,
      0.4225,
      1.445,
      0.4825,
      1.505,
      0.5425,
      1.565,
      0.6025,
      1.625,
      0.6625,
      1.6875,
      0.7225,
      1.7475,
      0.7825,
      1.8075,
      0.8425,
      1.8675,
      0.9025,
      1.9275,
      0.9625
    ],
    "SoftwareVersions": "syngo_MR_B17",
    "SpacingBetweenSlices": 3.3,
    "StationName": "mrc_Trio",
    "TaskName": "learn",
    "TotalReadoutTime": 0.0371701,
    "TxRefAmp": 341.49,
    "dataset": "ds001241",
    "modality": "bold",
    "run_id": 5,
    "subject_id": "14",
    "task_id": "learn"
  },
  "dummy_trs": 1,
  "dvars_nstd": 15.745476356849325,
  "dvars_std": 1.1449122652739723,
  "dvars_vstd": 1.0265350002054794,
  "efc": 0.572707967581292,
  "fber": 511.8631286621094,
  "fd_mean": 0.08391971876650763,
  "fd_num": 4,
  "fd_perc": 2.7210884353741496,
  "fwhm_avg": 2.605484787518709,
  "fwhm_x": 2.54418,
  "fwhm_y": 2.758453114111176,
  "fwhm_z": 2.513821248444951,
  "gcor": 0.0571905,
  "gsr_x": -0.01683744043111801,
  "gsr_y": 0.07880101352930069,
  "provenance": {
    "md5sum": "52e3bca30434b68d389430acf4436fff",
    "settings": {
      "fd_thres": 0.2,
      "testing": false
    },
    "software": "mriqc",
    "version": "22.0.6",
    "webapi_port": null,
    "webapi_url": "https://mriqc.nimh.nih.gov/api/v1"
  },
  "size_t": 147,
  "size_x": 64,
  "size_y": 64,
  "size_z": 33,
  "snr": 3.4243791879567262,
  "spacing_tr": 2.0,
  "spacing_x": 3.0,
  "spacing_y": 3.000000238418579,
  "spacing_z": 3.299999952316284,
  "summary_bg_k": 34.83430298201833,
  "summary_bg_mad": 7.140695822223039,
  "summary_bg_mean": 49.179630279541016,
  "summary_bg_median": 24.5238094329834,
  "summary_bg_n": 75670.0,
  "summary_bg_p05": 19.41496467590332,
  "summary_bg_p95": 159.90475463867188,
  "summary_bg_stdv": 70.45784759521484,
  "summary_fg_k": 2.27826953969367,
  "summary_fg_mad": 138.62330743027377,
  "summary_fg_mean": 602.9603881835938,
  "summary_fg_median": 576.5748291015625,
  "summary_fg_n": 28008.0,
  "summary_fg_p05": 383.2095153808594,
  "summary_fg_p95": 921.7244720458983,
  "summary_fg_stdv": 168.3705291748047,
  "tsnr": 106.13088559079915
}