{
  "aor": 0.004968979591836734,
  "aqi": 0.0016288813945578233,
  "bids_meta": {
    "AcquisitionMatrixPE": 64,
    "AcquisitionNumber": 1,
    "AcquisitionTime": "16:01:0.832500",
    "BandwidthPerPixelPhaseEncode": 26.483,
    "BaseResolution": 64,
    "ConversionSoftware": "dcm2niix",
    "ConversionSoftwareVersion": "v1.0.20171215 Clang9.0.0",
    "DerivedVendorReportedEchoSpacing": 0.000590001,
    "DeviceSerialNumber": "35410",
    "DwellTime": 4.1e-06,
    "EchoTime": 0.026,
    "EffectiveEchoSpacing": 0.000590001,
    "FlipAngle": 90,
    "ImageOrientationPatientDICOM": [
      1,
      0,
      0,
      0,
      0.987688,
      -0.156434
    ],
    "ImageType": [
      "ORIGINAL",
      "PRIMARY",
      "M",
      "ND",
      "MOSAIC"
    ],
    "InPlanePhaseEncodingDirectionDICOM": "COL",
    "InstitutionAddress": "Cooper_60_St._Lucia_QLD_AU_4072",
    "InstitutionName": "Centre_for_Advanced_Imaging",
    "InstitutionalDepartmentName": "Gehrmann_Labs_MRI",
    "MRAcquisitionType": "2D",
    "MagneticFieldStrength": 3,
    "Manufacturer": "Siemens",
    "ManufacturersModelName": "TrioTim",
    "Modality": "MR",
    "PartialFourier": 1,
    "PatientPosition": "HFS",
    "PercentPhaseFOV": 100,
    "PhaseEncodingDirection": "j-",
    "PhaseEncodingSteps": 64,
    "PhaseResolution": 1,
    "PixelBandwidth": 1905,
    "ProcedureStepDescription": "Brain_-_UQ_fMRI",
    "ProtocolName": "OLVSL_R9",
    "PulseSequenceDetails": "%SiemensSeq%_ep2d_pace",
    "ReceiveCoilName": "32Ch_Head",
    "ReconMatrixPE": 64,
    "RepetitionTime": 2,
    "SAR": 0.158602,
    "ScanOptions": "FS",
    "ScanningSequence": "EP",
    "SequenceName": "_epfid2d1_64",
    "SequenceVariant": "SK",
    "SeriesDescription": "OLVSL_R9",
    "SeriesNumber": 11,
    "ShimSetting": [
      6850,
      -11314,
      -2111,
      1004,
      -45,
      251,
      129,
      31
    ],
    "SliceThickness": 3,
    "SliceTiming": [
      0,
      1.025,
      0.06,
      1.085,
      0.12,
      1.145,
      0.18,
      1.205,
      0.24,
      1.265,
      0.3025,
      1.325,
      0.3625,
      1.385,
      0.4225,
      1.445,
      0.4825,
      1.505,
      0.5425,
      1.565,
      0.6025,
      1.6275,
      0.6625,
      1.6875,
      0.7225,
      1.7475,
      0.7825,
      1.8075,
      0.8425,
      1.8675,
      0.9025,
      1.9275,
      0.965
    ],
    "SoftwareVersions": "syngo_MR_B17",
    "SpacingBetweenSlices": 3.3,
    "StationName": "mrc_Trio",
    "TaskName": "learn",
    "TotalReadoutTime": 0.0371701,
    "TxRefAmp": 341.49,
    "dataset": "ds001241",
    "modality": "bold",
    "run_id": 9,
    "subject_id": "14",
    "task_id": "learn"
  },
  "dummy_trs": 1,
  "dvars_nstd": 16.56909432479452,
  "dvars_std": 1.1742880587671238,
  "dvars_vstd": 1.0546373864383558,
  "efc": 0.5755035154524131,
  "fber": 495.29498291015625,
  "fd_mean": 0.10186654071431897,
  "fd_num": 13,
  "fd_perc": 8.843537414965986,
  "fwhm_avg": 2.5938106454271583,
  "fwhm_x": 2.516766666666667,
  "fwhm_y": 2.7789197791512983,
  "fwhm_z": 2.4857454904635095,
  "gcor": 0.0659396,
  "gsr_x": -0.01704472117125988,
  "gsr_y": 0.07936108112335205,
  "provenance": {
    "md5sum": "cb82610f1ddd35dcadad4a46867f3661",
    "settings": {
      "fd_thres": 0.2,
      "testing": false
    },
    "software": "mriqc",
    "version": "22.0.6",
    "webapi_port": null,
    "webapi_url": "https://mriqc.nimh.nih.gov/api/v1"
  },
  "size_t": 147,
  "size_x": 64,
  "size_y": 64,
  "size_z": 33,
  "snr": 3.449960385890242,
  "spacing_tr": 2.0,
  "spacing_x": 3.0,
  "spacing_y": 3.000000238418579,
  "spacing_z": 3.299999952316284,
  "summary_bg_k": 33.61002708498431,
  "summary_bg_mad": 7.4533530481882595,
  "summary_bg_mean": 49.498313903808594,
  "summary_bg_median": 24.775508880615234,
  "summary_bg_n": 75348.0,
  "summary_bg_p05": 19.41496467590332,
  "summary_bg_p95": 161.3329879760741,
  "summary_bg_stdv": 69.71570587158203,
  "summary_fg_k": 2.0256990985084062,
  "summary_fg_mad": 138.54765707293305,
  "summary_fg_mean": 598.3881225585938,
  "summary_fg_median": 573.0408325195312,
  "summary_fg_n": 28139.0,
  "summary_fg_p05": 377.44285583496094,
  "summary_fg_p95": 913.9870361328124,
  "summary_fg_stdv": 166.09774780273438,
  "tsnr": 96.67044968996197
}