{
  "aor": 0.006150612244897958,
  "aqi": 0.0016973968435374152,
  "bids_meta": {
    "AcquisitionMatrixPE": 64,
    "AcquisitionNumber": 1,
    "AcquisitionTime": "15:55:31.857500",
    "BandwidthPerPixelPhaseEncode": 26.483,
    "BaseResolution": 64,
    "ConversionSoftware": "dcm2niix",
    "ConversionSoftwareVersion": "v1.0.20171215 Clang9.0.0",
    "DerivedVendorReportedEchoSpacing": 0.000590001,
    "DeviceSerialNumber": "35410",
    "DwellTime": 4.1e-06,
    "EchoTime": 0.026,
    "EffectiveEchoSpacing": 0.000590001,
    "FlipAngle": 90,
    "ImageOrientationPatientDICOM": [
      1,
      0,
      0,
      0,
      0.987688,
      -0.156434
    ],
    "ImageType": [
      "ORIGINAL",
      "PRIMARY",
      "M",
      "ND",
      "MOSAIC"
    ],
    "InPlanePhaseEncodingDirectionDICOM": "COL",
    "InstitutionAddress": "Cooper_60_St._Lucia_QLD_AU_4072",
    "InstitutionName": "Centre_for_Advanced_Imaging",
    "InstitutionalDepartmentName": "Gehrmann_Labs_MRI",
    "MRAcquisitionType": "2D",
    "MagneticFieldStrength": 3,
    "Manufacturer": "Siemens",
    "ManufacturersModelName": "TrioTim",
    "Modality": "MR",
    "PartialFourier": 1,
    "PatientPosition": "HFS",
    "PercentPhaseFOV": 100,
    "PhaseEncodingDirection": "j-",
    "PhaseEncodingSteps": 64,
    "PhaseResolution": 1,
    "PixelBandwidth": 1905,
    "ProcedureStepDescription": "Brain_-_UQ_fMRI",
    "ProtocolName": "OLVSL_R8",
    "PulseSequenceDetails": "%SiemensSeq%_ep2d_pace",
    "ReceiveCoilName": "32Ch_Head",
    "ReconMatrixPE": 64,
    "RepetitionTime": 2,
    "SAR": 0.158602,
    "ScanOptions": "FS",
    "ScanningSequence": "EP",
    "SequenceName": "_epfid2d1_64",
    "SequenceVariant": "SK",
    "SeriesDescription": "OLVSL_R8",
    "SeriesNumber": 10,
    "ShimSetting": [
      6850,
      -11314,
      -2111,
      1004,
      -45,
      251,
      129,
      31
    ],
    "SliceThickness": 3,
    "SliceTiming": [
      0,
      1.025,
      0.06,
      1.085,
      0.12,
      1.145,
      0.1825,
      1.205,
      0.2425,
      1.265,
      0.3025,
      1.325,
      0.3625,
      1.385,
      0.4225,
      1.445,
      0.4825,
      1.505,
      0.5425,
      1.5675,
      0.6025,
      1.6275,
      0.6625,
      1.6875,
      0.7225,
      1.7475,
      0.7825,
      1.8075,
      0.8425,
      1.8675,
      0.905,
      1.9275,
      0.965
    ],
    "SoftwareVersions": "syngo_MR_B17",
    "SpacingBetweenSlices": 3.3,
    "StationName": "mrc_Trio",
    "TaskName": "learn",
    "TotalReadoutTime": 0.0371701,
    "TxRefAmp": 341.49,
    "dataset": "ds001241",
    "modality": "bold",
    "run_id": 8,
    "subject_id": "14",
    "task_id": "learn"
  },
  "dummy_trs": 1,
  "dvars_nstd": 16.72797219410959,
  "dvars_std": 1.1446586589041088,
  "dvars_vstd": 1.0310352735616433,
  "efc": 0.575446295978937,
  "fber": 498.3126525878906,
  "fd_mean": 0.10404959039212536,
  "fd_num": 10,
  "fd_perc": 6.802721088435374,
  "fwhm_avg": 2.5634238785653873,
  "fwhm_x": 2.4989133333333333,
  "fwhm_y": 2.7416097821164307,
  "fwhm_z": 2.4497485202463976,
  "gcor": 0.0615594,
  "gsr_x": -0.017467336729168892,
  "gsr_y": 0.07788893580436707,
  "provenance": {
    "md5sum": "22135c5eb0534606269986512bacfc5c",
    "settings": {
      "fd_thres": 0.2,
      "testing": false
    },
    "software": "mriqc",
    "version": "22.0.6",
    "webapi_port": null,
    "webapi_url": "https://mriqc.nimh.nih.gov/api/v1"
  },
  "size_t": 147,
  "size_x": 64,
  "size_y": 64,
  "size_z": 33,
  "snr": 3.4518509677922142,
  "spacing_tr": 2.0,
  "spacing_x": 3.0,
  "spacing_y": 3.000000238418579,
  "spacing_z": 3.299999952316284,
  "summary_bg_k": 34.009919314630885,
  "summary_bg_mad": 7.705497340663105,
  "summary_bg_mean": 49.77588653564453,
  "summary_bg_median": 24.87074851989746,
  "summary_bg_n": 75319.0,
  "summary_bg_p05": 19.217687606811523,
  "summary_bg_p95": 161.88026885986304,
  "summary_bg_stdv": 70.58550262451172,
  "summary_fg_k": 2.0614114485874433,
  "summary_fg_mad": 138.860302987541,
  "summary_fg_mean": 602.4967651367188,
  "summary_fg_median": 576.4081420898438,
  "summary_fg_n": 28161.0,
  "summary_fg_p05": 382.51019287109375,
  "summary_fg_p95": 919.70068359375,
  "summary_fg_stdv": 166.98226928710938,
  "tsnr": 96.25815796805546
}