{
  "aor": 0.008279183673469389,
  "aqi": 0.0033949798639455776,
  "bids_meta": {
    "AcquisitionMatrixPE": 64,
    "AcquisitionNumber": 1,
    "AcquisitionTime": "14:13:4.040000",
    "BandwidthPerPixelPhaseEncode": 26.483,
    "BaseResolution": 64,
    "ConversionSoftware": "dcm2niix",
    "ConversionSoftwareVersion": "v1.0.20171215 Clang9.0.0",
    "DerivedVendorReportedEchoSpacing": 0.000590001,
    "DeviceSerialNumber": "35410",
    "DwellTime": 4.1e-06,
    "EchoTime": 0.026,
    "EffectiveEchoSpacing": 0.000590001,
    "FlipAngle": 90,
    "ImageOrientationPatientDICOM": [
      0.999976,
      0.000642127,
      0.00692169,
      -5.42359e-09,
      0.995724,
      -0.0923728
    ],
    "ImageType": [
      "ORIGINAL",
      "PRIMARY",
      "M",
      "ND",
      "MOSAIC"
    ],
    "InPlanePhaseEncodingDirectionDICOM": "COL",
    "InstitutionAddress": "Cooper_60_St._Lucia_QLD_AU_4072",
    "InstitutionName": "Centre_for_Advanced_Imaging",
    "InstitutionalDepartmentName": "Gehrmann_Labs_MRI",
    "MRAcquisitionType": "2D",
    "MagneticFieldStrength": 3,
    "Manufacturer": "Siemens",
    "ManufacturersModelName": "TrioTim",
    "Modality": "MR",
    "PartialFourier": 1,
    "PatientPosition": "HFS",
    "PercentPhaseFOV": 100,
    "PhaseEncodingDirection": "j-",
    "PhaseEncodingSteps": 64,
    "PhaseResolution": 1,
    "PixelBandwidth": 1905,
    "ProcedureStepDescription": "Brain_-_UQ_fMRI",
    "ProtocolName": "OLVSL_R10",
    "PulseSequenceDetails": "%SiemensSeq%_ep2d_pace",
    "ReceiveCoilName": "32Ch_Head",
    "ReconMatrixPE": 64,
    "RepetitionTime": 2,
    "SAR": 0.170195,
    "ScanOptions": "FS",
    "ScanningSequence": "EP",
    "SequenceName": "_epfid2d1_64",
    "SequenceVariant": "SK",
    "SeriesDescription": "OLVSL_R10",
    "SeriesNumber": 12,
    "ShimSetting": [
      6844,
      -11265,
      -2199,
      409,
      57,
      315,
      299,
      55
    ],
    "SliceThickness": 3,
    "SliceTiming": [
      0,
      1.025,
      0.06,
      1.085,
      0.1225,
      1.145,
      0.1825,
      1.205,
      0.2425,
      1.265,
      0.3025,
      1.325,
      0.3625,
      1.385,
      0.4225,
      1.445,
      0.4825,
      1.5075,
      0.5425,
      1.5675,
      0.6025,
      1.6275,
      0.6625,
      1.6875,
      0.7225,
      1.7475,
      0.7825,
      1.8075,
      0.845,
      1.8675,
      0.905,
      1.9275,
      0.965
    ],
    "SoftwareVersions": "syngo_MR_B17",
    "SpacingBetweenSlices": 3.3,
    "StationName": "mrc_Trio",
    "TaskName": "learn",
    "TotalReadoutTime": 0.0371701,
    "TxRefAmp": 363.739,
    "dataset": "ds001241",
    "modality": "bold",
    "run_id": 10,
    "subject_id": "06",
    "task_id": "learn"
  },
  "dummy_trs": 1,
  "dvars_nstd": 20.4307140129452,
  "dvars_std": 1.2680802889041094,
  "dvars_vstd": 1.0595291976027392,
  "efc": 0.6556532713658809,
  "fber": 274.9345703125,
  "fd_mean": 0.1053797457990259,
  "fd_num": 8,
  "fd_perc": 5.442176870748299,
  "fwhm_avg": 2.8195857710132244,
  "fwhm_x": 2.7464066666666667,
  "fwhm_y": 2.92249,
  "fwhm_z": 2.7898606463730067,
  "gcor": 0.0386854,
  "gsr_x": -0.040366094559431076,
  "gsr_y": 0.16237476468086243,
  "provenance": {
    "md5sum": "34c74b3300163550870c4d1e32de5b1c",
    "settings": {
      "fd_thres": 0.2,
      "testing": false
    },
    "software": "mriqc",
    "version": "22.0.6",
    "webapi_port": null,
    "webapi_url": "https://mriqc.nimh.nih.gov/api/v1"
  },
  "size_t": 147,
  "size_x": 64,
  "size_y": 64,
  "size_z": 33,
  "snr": 2.5512801357646073,
  "spacing_tr": 2.0,
  "spacing_x": 3.0,
  "spacing_y": 3.0,
  "spacing_z": 3.299999952316284,
  "summary_bg_k": 8.894958819049501,
  "summary_bg_mad": 21.61371882565359,
  "summary_bg_mean": 105.46661376953125,
  "summary_bg_median": 38.693878173828125,
  "summary_bg_n": 61452.0,
  "summary_bg_p05": 22.707483291625977,
  "summary_bg_p95": 441.2986358642578,
  "summary_bg_stdv": 149.67665100097656,
  "summary_fg_k": 2.457317607453567,
  "summary_fg_mad": 226.70701817802367,
  "summary_fg_mean": 742.1141967773438,
  "summary_fg_median": 688.8298950195312,
  "summary_fg_n": 38527.0,
  "summary_fg_p05": 420.2727752685547,
  "summary_fg_p95": 1285.9495971679685,
  "summary_fg_stdv": 269.9903259277344,
  "tsnr": 83.52219168841839
}