{
  "aor": 0.0055408843537414956,
  "aqi": 0.004869252993197279,
  "bids_meta": {
    "AcquisitionMatrixPE": 64,
    "AcquisitionNumber": 1,
    "AcquisitionTime": "13:39:51.587500",
    "BandwidthPerPixelPhaseEncode": 26.483,
    "BaseResolution": 64,
    "ConversionSoftware": "dcm2niix",
    "ConversionSoftwareVersion": "v1.0.20171215 Clang9.0.0",
    "DerivedVendorReportedEchoSpacing": 0.000590001,
    "DeviceSerialNumber": "35410",
    "DwellTime": 4.1e-06,
    "EchoTime": 0.026,
    "EffectiveEchoSpacing": 0.000590001,
    "FlipAngle": 90,
    "ImageOrientationPatientDICOM": [
      0.999976,
      0.000642127,
      0.00692169,
      -5.42359e-09,
      0.995724,
      -0.0923728
    ],
    "ImageType": [
      "ORIGINAL",
      "PRIMARY",
      "M",
      "ND",
      "MOSAIC"
    ],
    "InPlanePhaseEncodingDirectionDICOM": "COL",
    "InstitutionAddress": "Cooper_60_St._Lucia_QLD_AU_4072",
    "InstitutionName": "Centre_for_Advanced_Imaging",
    "InstitutionalDepartmentName": "Gehrmann_Labs_MRI",
    "MRAcquisitionType": "2D",
    "MagneticFieldStrength": 3,
    "Manufacturer": "Siemens",
    "ManufacturersModelName": "TrioTim",
    "Modality": "MR",
    "PartialFourier": 1,
    "PatientPosition": "HFS",
    "PercentPhaseFOV": 100,
    "PhaseEncodingDirection": "j-",
    "PhaseEncodingSteps": 64,
    "PhaseResolution": 1,
    "PixelBandwidth": 1905,
    "ProcedureStepDescription": "Brain_-_UQ_fMRI",
    "ProtocolName": "OLVSL_R5",
    "PulseSequenceDetails": "%SiemensSeq%_ep2d_pace",
    "ReceiveCoilName": "32Ch_Head",
    "ReconMatrixPE": 64,
    "RepetitionTime": 2,
    "SAR": 0.170195,
    "ScanOptions": "FS",
    "ScanningSequence": "EP",
    "SequenceName": "_epfid2d1_64",
    "SequenceVariant": "SK",
    "SeriesDescription": "OLVSL_R5",
    "SeriesNumber": 6,
    "ShimSetting": [
      6844,
      -11265,
      -2199,
      409,
      57,
      315,
      299,
      55
    ],
    "SliceThickness": 3,
    "SliceTiming": [
      0,
      1.0225,
      0.06,
      1.0825,
      0.12,
      1.1425,
      0.18,
      1.2025,
      0.24,
      1.2625,
      0.3,
      1.325,
      0.36,
      1.385,
      0.42,
      1.445,
      0.48,
      1.505,
      0.54,
      1.565,
      0.6,
      1.625,
      0.6625,
      1.685,
      0.7225,
      1.745,
      0.7825,
      1.805,
      0.8425,
      1.865,
      0.9025,
      1.925,
      0.9625
    ],
    "SoftwareVersions": "syngo_MR_B17",
    "SpacingBetweenSlices": 3.3,
    "StationName": "mrc_Trio",
    "TaskName": "learn",
    "TotalReadoutTime": 0.0371701,
    "TxRefAmp": 363.739,
    "dataset": "ds001241",
    "modality": "bold",
    "run_id": 5,
    "subject_id": "06",
    "task_id": "learn"
  },
  "dummy_trs": 1,
  "dvars_nstd": 29.273695645342475,
  "dvars_std": 1.4116531476712326,
  "dvars_vstd": 1.0201628503424658,
  "efc": 0.6523820936474577,
  "fber": 287.31304931640625,
  "fd_mean": 0.14337129271956608,
  "fd_num": 29,
  "fd_perc": 19.727891156462587,
  "fwhm_avg": 2.8567071855387938,
  "fwhm_x": 2.7751566666666663,
  "fwhm_y": 2.9253466666666665,
  "fwhm_z": 2.8696182232830485,
  "gcor": 0.0651089,
  "gsr_x": -0.03394735977053642,
  "gsr_y": 0.1561027467250824,
  "provenance": {
    "md5sum": "d9be6bbf1feb47c06f2b4188aa61e8b6",
    "settings": {
      "fd_thres": 0.2,
      "testing": false
    },
    "software": "mriqc",
    "version": "22.0.6",
    "webapi_port": null,
    "webapi_url": "https://mriqc.nimh.nih.gov/api/v1"
  },
  "size_t": 147,
  "size_x": 64,
  "size_y": 64,
  "size_z": 33,
  "snr": 2.5462786213574886,
  "spacing_tr": 2.0,
  "spacing_x": 3.0,
  "spacing_y": 3.0,
  "spacing_z": 3.299999952316284,
  "summary_bg_k": 9.055040455697466,
  "summary_bg_mad": 20.15128758497811,
  "summary_bg_mean": 100.06109619140625,
  "summary_bg_median": 37.61224365234375,
  "summary_bg_n": 61590.0,
  "summary_bg_p05": 22.65986442565918,
  "summary_bg_p95": 423.70509033203115,
  "summary_bg_stdv": 141.6494598388672,
  "summary_fg_k": 2.431866388727572,
  "summary_fg_mad": 225.3555372128515,
  "summary_fg_mean": 739.1116333007812,
  "summary_fg_median": 686.4557495117188,
  "summary_fg_n": 38416.0,
  "summary_fg_p05": 418.0051040649414,
  "summary_fg_p95": 1279.7839660644531,
  "summary_fg_stdv": 269.5882568359375,
  "tsnr": 67.19236037135124
}