{
  "aor": 0.006492,
  "aqi": 0.002997251448275862,
  "bids_meta": {
    "AcquisitionMatrixPE": 64,
    "AcquisitionNumber": 1,
    "AcquisitionTime": "13:34:16.645000",
    "BandwidthPerPixelPhaseEncode": 26.483,
    "BaseResolution": 64,
    "ConversionSoftware": "dcm2niix",
    "ConversionSoftwareVersion": "v1.0.20171215 Clang9.0.0",
    "DerivedVendorReportedEchoSpacing": 0.000590001,
    "DeviceSerialNumber": "35410",
    "DwellTime": 4.1e-06,
    "EchoTime": 0.026,
    "EffectiveEchoSpacing": 0.000590001,
    "FlipAngle": 90,
    "ImageOrientationPatientDICOM": [
      0.999976,
      0.000642127,
      0.00692169,
      -5.42359e-09,
      0.995724,
      -0.0923728
    ],
    "ImageType": [
      "ORIGINAL",
      "PRIMARY",
      "M",
      "ND",
      "MOSAIC"
    ],
    "InPlanePhaseEncodingDirectionDICOM": "COL",
    "InstitutionAddress": "Cooper_60_St._Lucia_QLD_AU_4072",
    "InstitutionName": "Centre_for_Advanced_Imaging",
    "InstitutionalDepartmentName": "Gehrmann_Labs_MRI",
    "MRAcquisitionType": "2D",
    "MagneticFieldStrength": 3,
    "Manufacturer": "Siemens",
    "ManufacturersModelName": "TrioTim",
    "Modality": "MR",
    "PartialFourier": 1,
    "PatientPosition": "HFS",
    "PercentPhaseFOV": 100,
    "PhaseEncodingDirection": "j-",
    "PhaseEncodingSteps": 64,
    "PhaseResolution": 1,
    "PixelBandwidth": 1905,
    "ProcedureStepDescription": "Brain_-_UQ_fMRI",
    "ProtocolName": "OLVSL_R4",
    "PulseSequenceDetails": "%SiemensSeq%_ep2d_pace",
    "ReceiveCoilName": "32Ch_Head",
    "ReconMatrixPE": 64,
    "RepetitionTime": 2,
    "SAR": 0.170195,
    "ScanOptions": "FS",
    "ScanningSequence": "EP",
    "SequenceName": "_epfid2d1_64",
    "SequenceVariant": "SK",
    "SeriesDescription": "OLVSL_R4",
    "SeriesNumber": 5,
    "ShimSetting": [
      6844,
      -11265,
      -2199,
      409,
      57,
      315,
      299,
      55
    ],
    "SliceThickness": 3,
    "SliceTiming": [
      0,
      1.0225,
      0.06,
      1.0825,
      0.12,
      1.1425,
      0.18,
      1.2025,
      0.24,
      1.265,
      0.3,
      1.325,
      0.36,
      1.385,
      0.42,
      1.445,
      0.48,
      1.505,
      0.54,
      1.565,
      0.6025,
      1.625,
      0.6625,
      1.685,
      0.7225,
      1.745,
      0.7825,
      1.805,
      0.8425,
      1.865,
      0.9025,
      1.925,
      0.9625
    ],
    "SoftwareVersions": "syngo_MR_B17",
    "SpacingBetweenSlices": 3.3,
    "StationName": "mrc_Trio",
    "TaskName": "learn",
    "TotalReadoutTime": 0.0371701,
    "TxRefAmp": 363.739,
    "dataset": "ds001241",
    "modality": "bold",
    "run_id": 4,
    "subject_id": "06",
    "task_id": "learn"
  },
  "dummy_trs": 3,
  "dvars_nstd": 20.60521084756944,
  "dvars_std": 1.2639551134722216,
  "dvars_vstd": 1.0497675990277775,
  "efc": 0.6512759254372344,
  "fber": 290.6891174316406,
  "fd_mean": 0.11350183921056543,
  "fd_num": 5,
  "fd_perc": 3.4482758620689653,
  "fwhm_avg": 2.821536377003582,
  "fwhm_x": 2.7640666666666664,
  "fwhm_y": 2.925266666666667,
  "fwhm_z": 2.7752757976774127,
  "gcor": 0.0278428,
  "gsr_x": -0.03744544833898544,
  "gsr_y": 0.15787996351718903,
  "provenance": {
    "md5sum": "1d238032b5e197fa93b25a7baacd5731",
    "settings": {
      "fd_thres": 0.2,
      "testing": false
    },
    "software": "mriqc",
    "version": "22.0.6",
    "webapi_port": null,
    "webapi_url": "https://mriqc.nimh.nih.gov/api/v1"
  },
  "size_t": 145,
  "size_x": 64,
  "size_y": 64,
  "size_z": 33,
  "snr": 2.5406391436560107,
  "spacing_tr": 2.0,
  "spacing_x": 3.0,
  "spacing_y": 3.0,
  "spacing_z": 3.299999952316284,
  "summary_bg_k": 9.17002524489331,
  "summary_bg_mad": 20.59283207121831,
  "summary_bg_mean": 101.48249816894531,
  "summary_bg_median": 37.606895446777344,
  "summary_bg_n": 61982.0,
  "summary_bg_p05": 22.379310607910156,
  "summary_bg_p95": 427.85516357421875,
  "summary_bg_stdv": 144.0107879638672,
  "summary_fg_k": 2.482783833992425,
  "summary_fg_mad": 224.59889790315702,
  "summary_fg_mean": 740.7316284179688,
  "summary_fg_median": 686.9586181640625,
  "summary_fg_n": 38318.0,
  "summary_fg_p05": 419.2175994873047,
  "summary_fg_p95": 1283.3089843750004,
  "summary_fg_stdv": 270.38458251953125,
  "tsnr": 88.78675757255405
}