{
  "aor": 0.016002567567567568,
  "aqi": 0.0072944277027027025,
  "bids_meta": {
    "AcquisitionMatrixPE": 64,
    "AcquisitionNumber": 1,
    "AcquisitionTime": "14:07:35.267500",
    "BandwidthPerPixelPhaseEncode": 26.483,
    "BaseResolution": 64,
    "ConversionSoftware": "dcm2niix",
    "ConversionSoftwareVersion": "v1.0.20171215 Clang9.0.0",
    "DerivedVendorReportedEchoSpacing": 0.000590001,
    "DeviceSerialNumber": "35410",
    "DwellTime": 4.1e-06,
    "EchoTime": 0.026,
    "EffectiveEchoSpacing": 0.000590001,
    "FlipAngle": 90,
    "ImageOrientationPatientDICOM": [
      0.999976,
      0.000642127,
      0.00692169,
      -5.42359e-09,
      0.995724,
      -0.0923728
    ],
    "ImageType": [
      "ORIGINAL",
      "PRIMARY",
      "M",
      "ND",
      "MOSAIC"
    ],
    "InPlanePhaseEncodingDirectionDICOM": "COL",
    "InstitutionAddress": "Cooper_60_St._Lucia_QLD_AU_4072",
    "InstitutionName": "Centre_for_Advanced_Imaging",
    "InstitutionalDepartmentName": "Gehrmann_Labs_MRI",
    "MRAcquisitionType": "2D",
    "MagneticFieldStrength": 3,
    "Manufacturer": "Siemens",
    "ManufacturersModelName": "TrioTim",
    "Modality": "MR",
    "PartialFourier": 1,
    "PatientPosition": "HFS",
    "PercentPhaseFOV": 100,
    "PhaseEncodingDirection": "j-",
    "PhaseEncodingSteps": 64,
    "PhaseResolution": 1,
    "PixelBandwidth": 1905,
    "ProcedureStepDescription": "Brain_-_UQ_fMRI",
    "ProtocolName": "OLVSL_R9",
    "PulseSequenceDetails": "%SiemensSeq%_ep2d_pace",
    "ReceiveCoilName": "32Ch_Head",
    "ReconMatrixPE": 64,
    "RepetitionTime": 2,
    "SAR": 0.170195,
    "ScanOptions": "FS",
    "ScanningSequence": "EP",
    "SequenceName": "_epfid2d1_64",
    "SequenceVariant": "SK",
    "SeriesDescription": "OLVSL_R9",
    "SeriesNumber": 11,
    "ShimSetting": [
      6844,
      -11265,
      -2199,
      409,
      57,
      315,
      299,
      55
    ],
    "SliceThickness": 3,
    "SliceTiming": [
      0,
      1.0225,
      0.06,
      1.0825,
      0.12,
      1.1425,
      0.18,
      1.2025,
      0.24,
      1.2625,
      0.3,
      1.3225,
      0.36,
      1.385,
      0.42,
      1.445,
      0.48,
      1.505,
      0.54,
      1.565,
      0.6,
      1.625,
      0.66,
      1.685,
      0.7225,
      1.745,
      0.7825,
      1.805,
      0.8425,
      1.865,
      0.9025,
      1.925,
      0.9625
    ],
    "SoftwareVersions": "syngo_MR_B17",
    "SpacingBetweenSlices": 3.3,
    "StationName": "mrc_Trio",
    "TaskName": "learn",
    "TotalReadoutTime": 0.0371701,
    "TxRefAmp": 363.739,
    "dataset": "ds001241",
    "modality": "bold",
    "run_id": 9,
    "subject_id": "06",
    "task_id": "learn"
  },
  "dummy_trs": 0,
  "dvars_nstd": 24.886177075714272,
  "dvars_std": 1.3166026100680277,
  "dvars_vstd": 1.109153010612245,
  "efc": 0.6558449397397051,
  "fber": 269.3589782714844,
  "fd_mean": 0.17376426302596854,
  "fd_num": 30,
  "fd_perc": 20.27027027027027,
  "fwhm_avg": 2.870025266340409,
  "fwhm_x": 2.7738666666666667,
  "fwhm_y": 2.9679333333333333,
  "fwhm_z": 2.8682757990212266,
  "gcor": 0.0358984,
  "gsr_x": -0.04045206680893898,
  "gsr_y": 0.16293536126613617,
  "provenance": {
    "md5sum": "4df77125309d8db72791bc976e169ec7",
    "settings": {
      "fd_thres": 0.2,
      "testing": false
    },
    "software": "mriqc",
    "version": "22.0.6",
    "webapi_port": null,
    "webapi_url": "https://mriqc.nimh.nih.gov/api/v1"
  },
  "size_t": 148,
  "size_x": 64,
  "size_y": 64,
  "size_z": 33,
  "snr": 2.536920348850578,
  "spacing_tr": 2.0,
  "spacing_x": 3.0,
  "spacing_y": 3.0,
  "spacing_z": 3.299999952316284,
  "summary_bg_k": 8.940336299345523,
  "summary_bg_mad": 21.35748830536933,
  "summary_bg_mean": 105.25984954833984,
  "summary_bg_median": 38.93243408203125,
  "summary_bg_n": 61411.0,
  "summary_bg_p05": 23.283784866333008,
  "summary_bg_p95": 440.3648681640625,
  "summary_bg_stdv": 149.01332092285156,
  "summary_fg_k": 2.4720383786828304,
  "summary_fg_mad": 228.81165455485495,
  "summary_fg_mean": 743.2017211914062,
  "summary_fg_median": 689.3040771484375,
  "summary_fg_n": 38599.0,
  "summary_fg_p05": 419.2486511230469,
  "summary_fg_p95": 1291.168920898437,
  "summary_fg_stdv": 271.7054748535156,
  "tsnr": 56.346957696950994
}