{
  "aor": 0.0014043150684931506,
  "aqi": 0.0019332957123287672,
  "bids_meta": {
    "AcquisitionMatrixPE": 64,
    "AcquisitionNumber": 1,
    "AcquisitionTime": "15:08:26.100000",
    "BandwidthPerPixelPhaseEncode": 26.483,
    "BaseResolution": 64,
    "ConversionSoftware": "dcm2niix",
    "ConversionSoftwareVersion": "v1.0.20171215 Clang9.0.0",
    "DerivedVendorReportedEchoSpacing": 0.000590001,
    "DeviceSerialNumber": "35410",
    "DwellTime": 4.1e-06,
    "EchoTime": 0.026,
    "EffectiveEchoSpacing": 0.000590001,
    "FlipAngle": 90,
    "ImageOrientationPatientDICOM": [
      0.994155,
      -0.00394781,
      0.107894,
      -3.5876e-08,
      0.999331,
      0.0365656
    ],
    "ImageType": [
      "ORIGINAL",
      "PRIMARY",
      "M",
      "ND",
      "MOSAIC"
    ],
    "InPlanePhaseEncodingDirectionDICOM": "COL",
    "InstitutionAddress": "Cooper_60_St._Lucia_QLD_AU_4072",
    "InstitutionName": "St_Lucia_Campus",
    "InstitutionalDepartmentName": "Gehrmann_Labs_MRI",
    "MRAcquisitionType": "2D",
    "MagneticFieldStrength": 3,
    "Manufacturer": "Siemens",
    "ManufacturersModelName": "TrioTim",
    "Modality": "MR",
    "PartialFourier": 1,
    "PatientPosition": "HFS",
    "PercentPhaseFOV": 100,
    "PhaseEncodingDirection": "j-",
    "PhaseEncodingSteps": 64,
    "PhaseResolution": 1,
    "PixelBandwidth": 1905,
    "ProcedureStepDescription": "Brain_-_UQ_fMRI",
    "ProtocolName": "OLVSL_R8",
    "PulseSequenceDetails": "%SiemensSeq%_ep2d_pace",
    "ReceiveCoilName": "32Ch_Head",
    "ReconMatrixPE": 64,
    "RepetitionTime": 2,
    "SAR": 0.199313,
    "ScanOptions": "FS",
    "ScanningSequence": "EP",
    "SequenceName": "_epfid2d1_64",
    "SequenceVariant": "SK",
    "SeriesDescription": "OLVSL_R8",
    "SeriesNumber": 10,
    "ShimSetting": [
      6844,
      -11428,
      -2013,
      679,
      -47,
      -153,
      60,
      -97
    ],
    "SliceThickness": 3,
    "SliceTiming": [
      0,
      1.025,
      0.06,
      1.085,
      0.1225,
      1.145,
      0.1825,
      1.205,
      0.2425,
      1.265,
      0.3025,
      1.325,
      0.3625,
      1.385,
      0.4225,
      1.4475,
      0.4825,
      1.5075,
      0.5425,
      1.5675,
      0.6025,
      1.6275,
      0.6625,
      1.6875,
      0.7225,
      1.7475,
      0.785,
      1.8075,
      0.845,
      1.8675,
      0.905,
      1.9275,
      0.965
    ],
    "SoftwareVersions": "syngo_MR_B17",
    "SpacingBetweenSlices": 3.3,
    "StationName": "mrc_Trio",
    "TaskName": "learn",
    "TotalReadoutTime": 0.0371701,
    "TxRefAmp": 434.37,
    "dataset": "ds001241",
    "modality": "bold",
    "run_id": 8,
    "subject_id": "01",
    "task_id": "learn"
  },
  "dummy_trs": 2,
  "dvars_nstd": 21.673483263103446,
  "dvars_std": 1.2752994024137931,
  "dvars_vstd": 1.019737057931034,
  "efc": 0.6193014813110151,
  "fber": 353.9631652832031,
  "fd_mean": 0.11013253121865407,
  "fd_num": 6,
  "fd_perc": 4.109589041095891,
  "fwhm_avg": 2.8014496092865304,
  "fwhm_x": 2.6447499999999997,
  "fwhm_y": 2.9926866666666663,
  "fwhm_z": 2.7669121611929253,
  "gcor": 0.0207381,
  "gsr_x": -0.023970812559127808,
  "gsr_y": 0.10582652688026428,
  "provenance": {
    "md5sum": "6c35d15188db5f316a9311e182dadf83",
    "settings": {
      "fd_thres": 0.2,
      "testing": false
    },
    "software": "mriqc",
    "version": "22.0.6",
    "webapi_port": null,
    "webapi_url": "https://mriqc.nimh.nih.gov/api/v1"
  },
  "size_t": 146,
  "size_x": 64,
  "size_y": 64,
  "size_z": 33,
  "snr": 3.115192137115678,
  "spacing_tr": 2.0,
  "spacing_x": 3.0,
  "spacing_y": 3.0,
  "spacing_z": 3.299999952316284,
  "summary_bg_k": 13.129230532377761,
  "summary_bg_mad": 17.67952131346697,
  "summary_bg_mean": 68.1187515258789,
  "summary_bg_median": 33.78767013549805,
  "summary_bg_n": 67471.0,
  "summary_bg_p05": 20.88698673248291,
  "summary_bg_p95": 233.6027374267578,
  "summary_bg_stdv": 80.94519805908203,
  "summary_fg_k": 1.7592807730479496,
  "summary_fg_mad": 191.0272420160424,
  "summary_fg_mean": 708.9144897460938,
  "summary_fg_median": 671.133544921875,
  "summary_fg_n": 34900.0,
  "summary_fg_p05": 440.2123107910156,
  "summary_fg_p95": 1122.3520996093748,
  "summary_fg_stdv": 215.43580627441406,
  "tsnr": 92.10994326975197
}