{
  "aor": 0.0010981632653061224,
  "aqi": 0.0021835378911564626,
  "bids_meta": {
    "AcquisitionMatrixPE": 64,
    "AcquisitionNumber": 1,
    "AcquisitionTime": "15:19:22.310000",
    "BandwidthPerPixelPhaseEncode": 26.483,
    "BaseResolution": 64,
    "ConversionSoftware": "dcm2niix",
    "ConversionSoftwareVersion": "v1.0.20171215 Clang9.0.0",
    "DerivedVendorReportedEchoSpacing": 0.000590001,
    "DeviceSerialNumber": "35410",
    "DwellTime": 4.1e-06,
    "EchoTime": 0.026,
    "EffectiveEchoSpacing": 0.000590001,
    "FlipAngle": 90,
    "ImageOrientationPatientDICOM": [
      0.994155,
      -0.00394781,
      0.107894,
      -3.5876e-08,
      0.999331,
      0.0365656
    ],
    "ImageType": [
      "ORIGINAL",
      "PRIMARY",
      "M",
      "ND",
      "MOSAIC"
    ],
    "InPlanePhaseEncodingDirectionDICOM": "COL",
    "InstitutionAddress": "Cooper_60_St._Lucia_QLD_AU_4072",
    "InstitutionName": "St_Lucia_Campus",
    "InstitutionalDepartmentName": "Gehrmann_Labs_MRI",
    "MRAcquisitionType": "2D",
    "MagneticFieldStrength": 3,
    "Manufacturer": "Siemens",
    "ManufacturersModelName": "TrioTim",
    "Modality": "MR",
    "PartialFourier": 1,
    "PatientPosition": "HFS",
    "PercentPhaseFOV": 100,
    "PhaseEncodingDirection": "j-",
    "PhaseEncodingSteps": 64,
    "PhaseResolution": 1,
    "PixelBandwidth": 1905,
    "ProcedureStepDescription": "Brain_-_UQ_fMRI",
    "ProtocolName": "OLVSL_R10",
    "PulseSequenceDetails": "%SiemensSeq%_ep2d_pace",
    "ReceiveCoilName": "32Ch_Head",
    "ReconMatrixPE": 64,
    "RepetitionTime": 2,
    "SAR": 0.199313,
    "ScanOptions": "FS",
    "ScanningSequence": "EP",
    "SequenceName": "_epfid2d1_64",
    "SequenceVariant": "SK",
    "SeriesDescription": "OLVSL_R10",
    "SeriesNumber": 12,
    "ShimSetting": [
      6844,
      -11428,
      -2013,
      679,
      -47,
      -153,
      60,
      -97
    ],
    "SliceThickness": 3,
    "SliceTiming": [
      0,
      1.025,
      0.0625,
      1.085,
      0.1225,
      1.145,
      0.1825,
      1.205,
      0.2425,
      1.265,
      0.3025,
      1.325,
      0.3625,
      1.3875,
      0.4225,
      1.4475,
      0.4825,
      1.5075,
      0.5425,
      1.5675,
      0.6025,
      1.6275,
      0.6625,
      1.6875,
      0.725,
      1.7475,
      0.785,
      1.8075,
      0.845,
      1.8675,
      0.905,
      1.9275,
      0.965
    ],
    "SoftwareVersions": "syngo_MR_B17",
    "SpacingBetweenSlices": 3.3,
    "StationName": "mrc_Trio",
    "TaskName": "learn",
    "TotalReadoutTime": 0.0371701,
    "TxRefAmp": 434.37,
    "dataset": "ds001241",
    "modality": "bold",
    "run_id": 10,
    "subject_id": "01",
    "task_id": "learn"
  },
  "dummy_trs": 1,
  "dvars_nstd": 22.141809646095897,
  "dvars_std": 1.2406900424657537,
  "dvars_vstd": 0.9984823833561648,
  "efc": 0.6209661857765731,
  "fber": 350.381591796875,
  "fd_mean": 0.13284002479065785,
  "fd_num": 15,
  "fd_perc": 10.204081632653061,
  "fwhm_avg": 2.7830302152754434,
  "fwhm_x": 2.63205,
  "fwhm_y": 2.9650133333333333,
  "fwhm_z": 2.7520273124929964,
  "gcor": 0.0209551,
  "gsr_x": -0.024105073884129524,
  "gsr_y": 0.10618405789136887,
  "provenance": {
    "md5sum": "ced0ce6e045e93243b6ec307aa8f602b",
    "settings": {
      "fd_thres": 0.2,
      "testing": false
    },
    "software": "mriqc",
    "version": "22.0.6",
    "webapi_port": null,
    "webapi_url": "https://mriqc.nimh.nih.gov/api/v1"
  },
  "size_t": 147,
  "size_x": 64,
  "size_y": 64,
  "size_z": 33,
  "snr": 3.14511104021483,
  "spacing_tr": 2.0,
  "spacing_x": 3.0,
  "spacing_y": 3.0,
  "spacing_z": 3.299999952316284,
  "summary_bg_k": 11.827097952998015,
  "summary_bg_mad": 17.72062678574213,
  "summary_bg_mean": 68.72796630859375,
  "summary_bg_median": 33.88435363769531,
  "summary_bg_n": 67407.0,
  "summary_bg_p05": 21.12925148010254,
  "summary_bg_p95": 237.82585144042946,
  "summary_bg_stdv": 81.49032592773438,
  "summary_fg_k": 1.7056217298754808,
  "summary_fg_mad": 189.44528083538353,
  "summary_fg_mean": 705.3792724609375,
  "summary_fg_median": 668.642822265625,
  "summary_fg_n": 34940.0,
  "summary_fg_p05": 438.3309326171875,
  "summary_fg_p95": 1113.6876953125,
  "summary_fg_stdv": 212.594482421875,
  "tsnr": 91.04020392056555
}