{
  "aor": 0.001682721088435374,
  "aqi": 0.0029924281632653063,
  "bids_meta": {
    "AcquisitionMatrixPE": 64,
    "AcquisitionNumber": 1,
    "AcquisitionTime": "14:45:16.872500",
    "BandwidthPerPixelPhaseEncode": 26.483,
    "BaseResolution": 64,
    "ConversionSoftware": "dcm2niix",
    "ConversionSoftwareVersion": "v1.0.20171215 Clang9.0.0",
    "DerivedVendorReportedEchoSpacing": 0.000590001,
    "DeviceSerialNumber": "35410",
    "DwellTime": 4.1e-06,
    "EchoTime": 0.026,
    "EffectiveEchoSpacing": 0.000590001,
    "FlipAngle": 90,
    "ImageOrientationPatientDICOM": [
      0.994155,
      -0.00394781,
      0.107894,
      -3.5876e-08,
      0.999331,
      0.0365656
    ],
    "ImageType": [
      "ORIGINAL",
      "PRIMARY",
      "M",
      "ND",
      "MOSAIC"
    ],
    "InPlanePhaseEncodingDirectionDICOM": "COL",
    "InstitutionAddress": "Cooper_60_St._Lucia_QLD_AU_4072",
    "InstitutionName": "St_Lucia_Campus",
    "InstitutionalDepartmentName": "Gehrmann_Labs_MRI",
    "MRAcquisitionType": "2D",
    "MagneticFieldStrength": 3,
    "Manufacturer": "Siemens",
    "ManufacturersModelName": "TrioTim",
    "Modality": "MR",
    "PartialFourier": 1,
    "PatientPosition": "HFS",
    "PercentPhaseFOV": 100,
    "PhaseEncodingDirection": "j-",
    "PhaseEncodingSteps": 64,
    "PhaseResolution": 1,
    "PixelBandwidth": 1905,
    "ProcedureStepDescription": "Brain_-_UQ_fMRI",
    "ProtocolName": "OLVSL_R5",
    "PulseSequenceDetails": "%SiemensSeq%_ep2d_pace",
    "ReceiveCoilName": "32Ch_Head",
    "ReconMatrixPE": 64,
    "RepetitionTime": 2,
    "SAR": 0.199313,
    "ScanOptions": "FS",
    "ScanningSequence": "EP",
    "SequenceName": "_epfid2d1_64",
    "SequenceVariant": "SK",
    "SeriesDescription": "OLVSL_R5",
    "SeriesNumber": 6,
    "ShimSetting": [
      6844,
      -11428,
      -2013,
      679,
      -47,
      -153,
      60,
      -97
    ],
    "SliceThickness": 3,
    "SliceTiming": [
      0,
      1.025,
      0.06,
      1.085,
      0.1225,
      1.145,
      0.1825,
      1.205,
      0.2425,
      1.265,
      0.3025,
      1.325,
      0.3625,
      1.385,
      0.4225,
      1.4475,
      0.4825,
      1.5075,
      0.5425,
      1.5675,
      0.6025,
      1.6275,
      0.6625,
      1.6875,
      0.7225,
      1.7475,
      0.785,
      1.8075,
      0.845,
      1.8675,
      0.905,
      1.9275,
      0.965
    ],
    "SoftwareVersions": "syngo_MR_B17",
    "SpacingBetweenSlices": 3.3,
    "StationName": "mrc_Trio",
    "TaskName": "learn",
    "TotalReadoutTime": 0.0371701,
    "TxRefAmp": 434.37,
    "dataset": "ds001241",
    "modality": "bold",
    "run_id": 5,
    "subject_id": "01",
    "task_id": "learn"
  },
  "dummy_trs": 1,
  "dvars_nstd": 21.927813020547937,
  "dvars_std": 1.2032090478082191,
  "dvars_vstd": 0.9730475573287666,
  "efc": 0.6193694364617347,
  "fber": 356.6756896972656,
  "fd_mean": 0.13365217409610058,
  "fd_num": 16,
  "fd_perc": 10.884353741496598,
  "fwhm_avg": 2.752771932137209,
  "fwhm_x": 2.61295,
  "fwhm_y": 2.95769,
  "fwhm_z": 2.687675796411627,
  "gcor": 0.00799244,
  "gsr_x": -0.02471262589097023,
  "gsr_y": 0.10099530965089798,
  "provenance": {
    "md5sum": "a6c29ecaadc361059da066d222661861",
    "settings": {
      "fd_thres": 0.2,
      "testing": false
    },
    "software": "mriqc",
    "version": "22.0.6",
    "webapi_port": null,
    "webapi_url": "https://mriqc.nimh.nih.gov/api/v1"
  },
  "size_t": 147,
  "size_x": 64,
  "size_y": 64,
  "size_z": 33,
  "snr": 3.102650348823679,
  "spacing_tr": 2.0,
  "spacing_x": 3.0,
  "spacing_y": 3.0,
  "spacing_z": 3.299999952316284,
  "summary_bg_k": 12.336494104076346,
  "summary_bg_mad": 18.174483684357536,
  "summary_bg_mean": 67.82306671142578,
  "summary_bg_median": 33.86394500732422,
  "summary_bg_n": 67238.0,
  "summary_bg_p05": 20.27210807800293,
  "summary_bg_p95": 232.235373687744,
  "summary_bg_stdv": 80.46885681152344,
  "summary_fg_k": 1.8187908690744,
  "summary_fg_mad": 192.7886918136694,
  "summary_fg_mean": 709.5420532226562,
  "summary_fg_median": 671.741455078125,
  "summary_fg_n": 35137.0,
  "summary_fg_p05": 438.34828491210936,
  "summary_fg_p95": 1124.820361328125,
  "summary_fg_stdv": 216.5026092529297,
  "tsnr": 74.24154837790411
}