{
  "aor": 0.0015622972972972973,
  "aqi": 0.00214111129054054,
  "bids_meta": {
    "AcquisitionMatrixPE": 64,
    "AcquisitionNumber": 1,
    "AcquisitionTime": "14:39:45.910000",
    "BandwidthPerPixelPhaseEncode": 26.483,
    "BaseResolution": 64,
    "ConversionSoftware": "dcm2niix",
    "ConversionSoftwareVersion": "v1.0.20171215 Clang9.0.0",
    "DerivedVendorReportedEchoSpacing": 0.000590001,
    "DeviceSerialNumber": "35410",
    "DwellTime": 4.1e-06,
    "EchoTime": 0.026,
    "EffectiveEchoSpacing": 0.000590001,
    "FlipAngle": 90,
    "ImageOrientationPatientDICOM": [
      0.994155,
      -0.00394781,
      0.107894,
      -3.5876e-08,
      0.999331,
      0.0365656
    ],
    "ImageType": [
      "ORIGINAL",
      "PRIMARY",
      "M",
      "ND",
      "MOSAIC"
    ],
    "InPlanePhaseEncodingDirectionDICOM": "COL",
    "InstitutionAddress": "Cooper_60_St._Lucia_QLD_AU_4072",
    "InstitutionName": "St_Lucia_Campus",
    "InstitutionalDepartmentName": "Gehrmann_Labs_MRI",
    "MRAcquisitionType": "2D",
    "MagneticFieldStrength": 3,
    "Manufacturer": "Siemens",
    "ManufacturersModelName": "TrioTim",
    "Modality": "MR",
    "PartialFourier": 1,
    "PatientPosition": "HFS",
    "PercentPhaseFOV": 100,
    "PhaseEncodingDirection": "j-",
    "PhaseEncodingSteps": 64,
    "PhaseResolution": 1,
    "PixelBandwidth": 1905,
    "ProcedureStepDescription": "Brain_-_UQ_fMRI",
    "ProtocolName": "OLVSL_R4",
    "PulseSequenceDetails": "%SiemensSeq%_ep2d_pace",
    "ReceiveCoilName": "32Ch_Head",
    "ReconMatrixPE": 64,
    "RepetitionTime": 2,
    "SAR": 0.199313,
    "ScanOptions": "FS",
    "ScanningSequence": "EP",
    "SequenceName": "_epfid2d1_64",
    "SequenceVariant": "SK",
    "SeriesDescription": "OLVSL_R4",
    "SeriesNumber": 5,
    "ShimSetting": [
      6844,
      -11428,
      -2013,
      679,
      -47,
      -153,
      60,
      -97
    ],
    "SliceThickness": 3,
    "SliceTiming": [
      0,
      1.0225,
      0.06,
      1.0825,
      0.12,
      1.1425,
      0.18,
      1.2025,
      0.24,
      1.2625,
      0.3,
      1.325,
      0.36,
      1.385,
      0.42,
      1.445,
      0.48,
      1.505,
      0.54,
      1.565,
      0.6,
      1.625,
      0.6625,
      1.685,
      0.7225,
      1.745,
      0.7825,
      1.805,
      0.8425,
      1.865,
      0.9025,
      1.925,
      0.9625
    ],
    "SoftwareVersions": "syngo_MR_B17",
    "SpacingBetweenSlices": 3.3,
    "StationName": "mrc_Trio",
    "TaskName": "learn",
    "TotalReadoutTime": 0.0371701,
    "TxRefAmp": 434.37,
    "dataset": "ds001241",
    "modality": "bold",
    "run_id": 4,
    "subject_id": "01",
    "task_id": "learn"
  },
  "dummy_trs": 0,
  "dvars_nstd": 21.994482118367362,
  "dvars_std": 1.2394043725850334,
  "dvars_vstd": 0.9850521016326533,
  "efc": 0.6184436950784838,
  "fber": 354.5330505371094,
  "fd_mean": 0.11292158831346209,
  "fd_num": 5,
  "fd_perc": 3.3783783783783785,
  "fwhm_avg": 2.7959014273788196,
  "fwhm_x": 2.6324333333333336,
  "fwhm_y": 3.0069466666666664,
  "fwhm_z": 2.748324282136459,
  "gcor": 0.0274483,
  "gsr_x": -0.026286430656909943,
  "gsr_y": 0.1018187627196312,
  "provenance": {
    "md5sum": "9341a1e492ac71a1705cfb7ebb1b44d4",
    "settings": {
      "fd_thres": 0.2,
      "testing": false
    },
    "software": "mriqc",
    "version": "22.0.6",
    "webapi_port": null,
    "webapi_url": "https://mriqc.nimh.nih.gov/api/v1"
  },
  "size_t": 148,
  "size_x": 64,
  "size_y": 64,
  "size_z": 33,
  "snr": 3.069980599958544,
  "spacing_tr": 2.0,
  "spacing_x": 3.0,
  "spacing_y": 3.0,
  "spacing_z": 3.299999952316284,
  "summary_bg_k": 12.545892304804857,
  "summary_bg_mad": 18.38226200582764,
  "summary_bg_mean": 66.78040313720703,
  "summary_bg_median": 33.97297286987305,
  "summary_bg_n": 66999.0,
  "summary_bg_p05": 19.716217041015625,
  "summary_bg_p95": 227.55541229248044,
  "summary_bg_stdv": 78.58895874023438,
  "summary_fg_k": 1.7693196991025433,
  "summary_fg_mad": 194.59154117886027,
  "summary_fg_mean": 712.4169311523438,
  "summary_fg_median": 674.04052734375,
  "summary_fg_n": 35276.0,
  "summary_fg_p05": 437.2398681640625,
  "summary_fg_p95": 1135.3260498046875,
  "summary_fg_stdv": 219.55545043945312,
  "tsnr": 85.96915334975347
}