{
  "aor": 0.0012358503401360544,
  "aqi": 0.0015597436734693876,
  "bids_meta": {
    "AcquisitionMatrixPE": 64,
    "AcquisitionNumber": 1,
    "AcquisitionTime": "14:34:16.597500",
    "BandwidthPerPixelPhaseEncode": 26.483,
    "BaseResolution": 64,
    "ConversionSoftware": "dcm2niix",
    "ConversionSoftwareVersion": "v1.0.20171215 Clang9.0.0",
    "DerivedVendorReportedEchoSpacing": 0.000590001,
    "DeviceSerialNumber": "35410",
    "DwellTime": 4.1e-06,
    "EchoTime": 0.026,
    "EffectiveEchoSpacing": 0.000590001,
    "FlipAngle": 90,
    "ImageOrientationPatientDICOM": [
      0.994155,
      -0.00394781,
      0.107894,
      -3.5876e-08,
      0.999331,
      0.0365656
    ],
    "ImageType": [
      "ORIGINAL",
      "PRIMARY",
      "M",
      "ND",
      "MOSAIC"
    ],
    "InPlanePhaseEncodingDirectionDICOM": "COL",
    "InstitutionAddress": "Cooper_60_St._Lucia_QLD_AU_4072",
    "InstitutionName": "St_Lucia_Campus",
    "InstitutionalDepartmentName": "Gehrmann_Labs_MRI",
    "MRAcquisitionType": "2D",
    "MagneticFieldStrength": 3,
    "Manufacturer": "Siemens",
    "ManufacturersModelName": "TrioTim",
    "Modality": "MR",
    "PartialFourier": 1,
    "PatientPosition": "HFS",
    "PercentPhaseFOV": 100,
    "PhaseEncodingDirection": "j-",
    "PhaseEncodingSteps": 64,
    "PhaseResolution": 1,
    "PixelBandwidth": 1905,
    "ProcedureStepDescription": "Brain_-_UQ_fMRI",
    "ProtocolName": "OLVSL_R3",
    "PulseSequenceDetails": "%SiemensSeq%_ep2d_pace",
    "ReceiveCoilName": "32Ch_Head",
    "ReconMatrixPE": 64,
    "RepetitionTime": 2,
    "SAR": 0.199313,
    "ScanOptions": "FS",
    "ScanningSequence": "EP",
    "SequenceName": "_epfid2d1_64",
    "SequenceVariant": "SK",
    "SeriesDescription": "OLVSL_R3",
    "SeriesNumber": 4,
    "ShimSetting": [
      6844,
      -11428,
      -2013,
      679,
      -47,
      -153,
      60,
      -97
    ],
    "SliceThickness": 3,
    "SliceTiming": [
      0,
      1.0225,
      0.06,
      1.0825,
      0.12,
      1.145,
      0.18,
      1.205,
      0.24,
      1.265,
      0.3,
      1.325,
      0.36,
      1.385,
      0.42,
      1.445,
      0.4825,
      1.505,
      0.5425,
      1.565,
      0.6025,
      1.625,
      0.6625,
      1.685,
      0.7225,
      1.745,
      0.7825,
      1.805,
      0.8425,
      1.8675,
      0.9025,
      1.9275,
      0.9625
    ],
    "SoftwareVersions": "syngo_MR_B17",
    "SpacingBetweenSlices": 3.3,
    "StationName": "mrc_Trio",
    "TaskName": "learn",
    "TotalReadoutTime": 0.0371701,
    "TxRefAmp": 434.37,
    "dataset": "ds001241",
    "modality": "bold",
    "run_id": 3,
    "subject_id": "01",
    "task_id": "learn"
  },
  "dummy_trs": 1,
  "dvars_nstd": 22.377251389999994,
  "dvars_std": 1.2696991611643837,
  "dvars_vstd": 1.003393959383562,
  "efc": 0.6178988735103084,
  "fber": 352.81219482421875,
  "fd_mean": 0.12347765222689598,
  "fd_num": 11,
  "fd_perc": 7.482993197278912,
  "fwhm_avg": 2.837098902273082,
  "fwhm_x": 2.70339,
  "fwhm_y": 3.029106666666667,
  "fwhm_z": 2.7788000401525794,
  "gcor": 0.0315597,
  "gsr_x": -0.02616855315864086,
  "gsr_y": 0.10166977345943451,
  "provenance": {
    "md5sum": "501b82617cc6141f793e5c665d30b22c",
    "settings": {
      "fd_thres": 0.2,
      "testing": false
    },
    "software": "mriqc",
    "version": "22.0.6",
    "webapi_port": null,
    "webapi_url": "https://mriqc.nimh.nih.gov/api/v1"
  },
  "size_t": 147,
  "size_x": 64,
  "size_y": 64,
  "size_z": 33,
  "snr": 3.0264580939421464,
  "spacing_tr": 2.0,
  "spacing_x": 3.0,
  "spacing_y": 3.0,
  "spacing_z": 3.299999952316284,
  "summary_bg_k": 13.269034800925173,
  "summary_bg_mad": 17.71053988290741,
  "summary_bg_mean": 67.2530288696289,
  "summary_bg_median": 33.979591369628906,
  "summary_bg_n": 67045.0,
  "summary_bg_p05": 21.190475463867188,
  "summary_bg_p95": 228.67482604980458,
  "summary_bg_stdv": 79.31876373291016,
  "summary_fg_k": 1.8126745046082986,
  "summary_fg_mad": 196.78268681599982,
  "summary_fg_mean": 714.044189453125,
  "summary_fg_median": 674.39453125,
  "summary_fg_n": 35267.0,
  "summary_fg_p05": 435.5741333007813,
  "summary_fg_p95": 1141.6387939453123,
  "summary_fg_stdv": 222.82977294921875,
  "tsnr": 93.69287701696157
}