{
  "aor": 0.0009389115646258502,
  "aqi": 0.001978662653061225,
  "bids_meta": {
    "AcquisitionMatrixPE": 64,
    "AcquisitionNumber": 1,
    "AcquisitionTime": "14:40:29.320000",
    "BandwidthPerPixelPhaseEncode": 26.483,
    "BaseResolution": 64,
    "ConversionSoftware": "dcm2niix",
    "ConversionSoftwareVersion": "v1.0.20171215 Clang9.0.0",
    "DerivedVendorReportedEchoSpacing": 0.000590001,
    "DeviceSerialNumber": "35410",
    "DwellTime": 4.1e-06,
    "EchoTime": 0.026,
    "EffectiveEchoSpacing": 0.000590001,
    "FlipAngle": 90,
    "ImageOrientationPatientDICOM": [
      1,
      -1e-16,
      0,
      1e-16,
      0.975149,
      -0.221548
    ],
    "ImageType": [
      "ORIGINAL",
      "PRIMARY",
      "M",
      "ND",
      "MOSAIC"
    ],
    "InPlanePhaseEncodingDirectionDICOM": "COL",
    "InstitutionAddress": "Cooper_60_St._Lucia_QLD_AU_4072",
    "InstitutionName": "Centre_for_Advanced_Imaging",
    "InstitutionalDepartmentName": "Gehrmann_Labs_MRI",
    "MRAcquisitionType": "2D",
    "MagneticFieldStrength": 3,
    "Manufacturer": "Siemens",
    "ManufacturersModelName": "TrioTim",
    "Modality": "MR",
    "PartialFourier": 1,
    "PatientPosition": "HFS",
    "PercentPhaseFOV": 100,
    "PhaseEncodingDirection": "j-",
    "PhaseEncodingSteps": 64,
    "PhaseResolution": 1,
    "PixelBandwidth": 1905,
    "ProcedureStepDescription": "Brain_-_UQ_fMRI",
    "ProtocolName": "OLVSL_R5",
    "PulseSequenceDetails": "%SiemensSeq%_ep2d_pace",
    "ReceiveCoilName": "32Ch_Head",
    "ReconMatrixPE": 64,
    "RepetitionTime": 2,
    "SAR": 0.209889,
    "ScanOptions": "FS",
    "ScanningSequence": "EP",
    "SequenceName": "_epfid2d1_64",
    "SequenceVariant": "SK",
    "SeriesDescription": "OLVSL_R5",
    "SeriesNumber": 6,
    "ShimSetting": [
      6787,
      -11406,
      -2122,
      1010,
      -91,
      -181,
      46,
      -29
    ],
    "SliceThickness": 3,
    "SliceTiming": [
      0,
      1.025,
      0.0625,
      1.085,
      0.1225,
      1.145,
      0.1825,
      1.205,
      0.2425,
      1.265,
      0.3025,
      1.325,
      0.3625,
      1.3875,
      0.4225,
      1.4475,
      0.4825,
      1.5075,
      0.5425,
      1.5675,
      0.6025,
      1.6275,
      0.6625,
      1.6875,
      0.725,
      1.7475,
      0.785,
      1.8075,
      0.845,
      1.8675,
      0.905,
      1.9275,
      0.965
    ],
    "SoftwareVersions": "syngo_MR_B17",
    "SpacingBetweenSlices": 3.3,
    "StationName": "mrc_Trio",
    "TaskName": "learn",
    "TotalReadoutTime": 0.0371701,
    "TxRefAmp": 366.711,
    "dataset": "ds001241",
    "modality": "bold",
    "run_id": 5,
    "subject_id": "08",
    "task_id": "learn"
  },
  "dummy_trs": 1,
  "dvars_nstd": 19.481503081712326,
  "dvars_std": 1.1635137515068485,
  "dvars_vstd": 0.9839064973972605,
  "efc": 0.591349487479329,
  "fber": 464.9264221191406,
  "fd_mean": 0.12947580297832958,
  "fd_num": 23,
  "fd_perc": 15.646258503401361,
  "fwhm_avg": 2.655058093573787,
  "fwhm_x": 2.5428133333333336,
  "fwhm_y": 2.77197,
  "fwhm_z": 2.650390947388027,
  "gcor": 0.0201282,
  "gsr_x": -0.02786209061741829,
  "gsr_y": 0.08632218837738037,
  "provenance": {
    "md5sum": "1d9ae9581f128e01ae6a3477392a77fa",
    "settings": {
      "fd_thres": 0.2,
      "testing": false
    },
    "software": "mriqc",
    "version": "22.0.6",
    "webapi_port": null,
    "webapi_url": "https://mriqc.nimh.nih.gov/api/v1"
  },
  "size_t": 147,
  "size_x": 64,
  "size_y": 64,
  "size_z": 33,
  "snr": 3.4478288863532973,
  "spacing_tr": 2.0,
  "spacing_x": 3.0,
  "spacing_y": 3.0,
  "spacing_z": 3.299999952316284,
  "summary_bg_k": 34.557303040211885,
  "summary_bg_mad": 8.088757230792734,
  "summary_bg_mean": 48.645259857177734,
  "summary_bg_median": 25.06802749633789,
  "summary_bg_n": 72013.0,
  "summary_bg_p05": 19.217687606811523,
  "summary_bg_p95": 155.39999999999992,
  "summary_bg_stdv": 63.80318069458008,
  "summary_fg_k": 2.2234970464052557,
  "summary_fg_mad": 142.28947667655615,
  "summary_fg_mean": 584.864990234375,
  "summary_fg_median": 559.251708984375,
  "summary_fg_n": 31134.0,
  "summary_fg_p05": 368.16292877197264,
  "summary_fg_p95": 883.7506622314453,
  "summary_fg_stdv": 162.201416015625,
  "tsnr": 97.91170655237511
}