{
  "aor": 0.000742108843537415,
  "aqi": 0.0027645763945578234,
  "bids_meta": {
    "AcquisitionMatrixPE": 64,
    "AcquisitionNumber": 1,
    "AcquisitionTime": "15:02:29.107500",
    "BandwidthPerPixelPhaseEncode": 26.483,
    "BaseResolution": 64,
    "ConversionSoftware": "dcm2niix",
    "ConversionSoftwareVersion": "v1.0.20171215 Clang9.0.0",
    "DerivedVendorReportedEchoSpacing": 0.000590001,
    "DeviceSerialNumber": "35410",
    "DwellTime": 4.1e-06,
    "EchoTime": 0.026,
    "EffectiveEchoSpacing": 0.000590001,
    "FlipAngle": 90,
    "ImageOrientationPatientDICOM": [
      1,
      -1e-16,
      0,
      1e-16,
      0.975149,
      -0.221548
    ],
    "ImageType": [
      "ORIGINAL",
      "PRIMARY",
      "M",
      "ND",
      "MOSAIC"
    ],
    "InPlanePhaseEncodingDirectionDICOM": "COL",
    "InstitutionAddress": "Cooper_60_St._Lucia_QLD_AU_4072",
    "InstitutionName": "Centre_for_Advanced_Imaging",
    "InstitutionalDepartmentName": "Gehrmann_Labs_MRI",
    "MRAcquisitionType": "2D",
    "MagneticFieldStrength": 3,
    "Manufacturer": "Siemens",
    "ManufacturersModelName": "TrioTim",
    "Modality": "MR",
    "PartialFourier": 1,
    "PatientPosition": "HFS",
    "PercentPhaseFOV": 100,
    "PhaseEncodingDirection": "j-",
    "PhaseEncodingSteps": 64,
    "PhaseResolution": 1,
    "PixelBandwidth": 1905,
    "ProcedureStepDescription": "Brain_-_UQ_fMRI",
    "ProtocolName": "OLVSL_R8",
    "PulseSequenceDetails": "%SiemensSeq%_ep2d_pace",
    "ReceiveCoilName": "32Ch_Head",
    "ReconMatrixPE": 64,
    "RepetitionTime": 2,
    "SAR": 0.209889,
    "ScanOptions": "FS",
    "ScanningSequence": "EP",
    "SequenceName": "_epfid2d1_64",
    "SequenceVariant": "SK",
    "SeriesDescription": "OLVSL_R8",
    "SeriesNumber": 10,
    "ShimSetting": [
      6787,
      -11406,
      -2122,
      1010,
      -91,
      -181,
      46,
      -29
    ],
    "SliceThickness": 3,
    "SliceTiming": [
      0,
      1.0225,
      0.06,
      1.085,
      0.12,
      1.145,
      0.18,
      1.205,
      0.24,
      1.265,
      0.3,
      1.325,
      0.36,
      1.385,
      0.4225,
      1.445,
      0.4825,
      1.505,
      0.5425,
      1.565,
      0.6025,
      1.625,
      0.6625,
      1.685,
      0.7225,
      1.745,
      0.7825,
      1.8075,
      0.8425,
      1.8675,
      0.9025,
      1.9275,
      0.9625
    ],
    "SoftwareVersions": "syngo_MR_B17",
    "SpacingBetweenSlices": 3.3,
    "StationName": "mrc_Trio",
    "TaskName": "learn",
    "TotalReadoutTime": 0.0371701,
    "TxRefAmp": 366.711,
    "dataset": "ds001241",
    "modality": "bold",
    "run_id": 8,
    "subject_id": "08",
    "task_id": "learn"
  },
  "dummy_trs": 1,
  "dvars_nstd": 19.13568714849315,
  "dvars_std": 1.1320708497945204,
  "dvars_vstd": 0.9730910747260274,
  "efc": 0.5931011453097862,
  "fber": 451.6543884277344,
  "fd_mean": 0.14389656507290255,
  "fd_num": 33,
  "fd_perc": 22.448979591836736,
  "fwhm_avg": 2.672319810897458,
  "fwhm_x": 2.5575933333333336,
  "fwhm_y": 2.777426666666667,
  "fwhm_z": 2.681939432692375,
  "gcor": 0.0179543,
  "gsr_x": -0.030247164890170097,
  "gsr_y": 0.08989591151475906,
  "provenance": {
    "md5sum": "71a97d0e5441ee8fe6f1fbd4eb7f661c",
    "settings": {
      "fd_thres": 0.2,
      "testing": false
    },
    "software": "mriqc",
    "version": "22.0.6",
    "webapi_port": null,
    "webapi_url": "https://mriqc.nimh.nih.gov/api/v1"
  },
  "size_t": 147,
  "size_x": 64,
  "size_y": 64,
  "size_z": 33,
  "snr": 3.3865374699873283,
  "spacing_tr": 2.0,
  "spacing_x": 3.0,
  "spacing_y": 3.0,
  "spacing_z": 3.299999952316284,
  "summary_bg_k": 34.46140575828932,
  "summary_bg_mad": 8.32072771759814,
  "summary_bg_mean": 49.539669036865234,
  "summary_bg_median": 25.278911590576172,
  "summary_bg_n": 71918.0,
  "summary_bg_p05": 19.20408058166504,
  "summary_bg_p95": 160.60169525146472,
  "summary_bg_stdv": 65.25306701660156,
  "summary_fg_k": 2.2914125009562607,
  "summary_fg_mad": 143.71658537635457,
  "summary_fg_mean": 583.0491333007812,
  "summary_fg_median": 556.846923828125,
  "summary_fg_n": 31188.0,
  "summary_fg_p05": 362.828564453125,
  "summary_fg_p95": 884.0996398925776,
  "summary_fg_stdv": 164.42694091796875,
  "tsnr": 89.33197246247437
}