{
  "aor": 0.0009138775510204081,
  "aqi": 0.0017159437551020412,
  "bids_meta": {
    "AcquisitionMatrixPE": 64,
    "AcquisitionNumber": 1,
    "AcquisitionTime": "14:34:50.637500",
    "BandwidthPerPixelPhaseEncode": 26.483,
    "BaseResolution": 64,
    "ConversionSoftware": "dcm2niix",
    "ConversionSoftwareVersion": "v1.0.20171215 Clang9.0.0",
    "DerivedVendorReportedEchoSpacing": 0.000590001,
    "DeviceSerialNumber": "35410",
    "DwellTime": 4.1e-06,
    "EchoTime": 0.026,
    "EffectiveEchoSpacing": 0.000590001,
    "FlipAngle": 90,
    "ImageOrientationPatientDICOM": [
      1,
      -1e-16,
      0,
      1e-16,
      0.975149,
      -0.221548
    ],
    "ImageType": [
      "ORIGINAL",
      "PRIMARY",
      "M",
      "ND",
      "MOSAIC"
    ],
    "InPlanePhaseEncodingDirectionDICOM": "COL",
    "InstitutionAddress": "Cooper_60_St._Lucia_QLD_AU_4072",
    "InstitutionName": "Centre_for_Advanced_Imaging",
    "InstitutionalDepartmentName": "Gehrmann_Labs_MRI",
    "MRAcquisitionType": "2D",
    "MagneticFieldStrength": 3,
    "Manufacturer": "Siemens",
    "ManufacturersModelName": "TrioTim",
    "Modality": "MR",
    "PartialFourier": 1,
    "PatientPosition": "HFS",
    "PercentPhaseFOV": 100,
    "PhaseEncodingDirection": "j-",
    "PhaseEncodingSteps": 64,
    "PhaseResolution": 1,
    "PixelBandwidth": 1905,
    "ProcedureStepDescription": "Brain_-_UQ_fMRI",
    "ProtocolName": "OLVSL_R4",
    "PulseSequenceDetails": "%SiemensSeq%_ep2d_pace",
    "ReceiveCoilName": "32Ch_Head",
    "ReconMatrixPE": 64,
    "RepetitionTime": 2,
    "SAR": 0.209889,
    "ScanOptions": "FS",
    "ScanningSequence": "EP",
    "SequenceName": "_epfid2d1_64",
    "SequenceVariant": "SK",
    "SeriesDescription": "OLVSL_R4",
    "SeriesNumber": 5,
    "ShimSetting": [
      6787,
      -11406,
      -2122,
      1010,
      -91,
      -181,
      46,
      -29
    ],
    "SliceThickness": 3,
    "SliceTiming": [
      0,
      1.0225,
      0.06,
      1.0825,
      0.12,
      1.1425,
      0.18,
      1.205,
      0.24,
      1.265,
      0.3,
      1.325,
      0.36,
      1.385,
      0.42,
      1.445,
      0.4825,
      1.505,
      0.5425,
      1.565,
      0.6025,
      1.625,
      0.6625,
      1.685,
      0.7225,
      1.745,
      0.7825,
      1.805,
      0.8425,
      1.8675,
      0.9025,
      1.9275,
      0.9625
    ],
    "SoftwareVersions": "syngo_MR_B17",
    "SpacingBetweenSlices": 3.3,
    "StationName": "mrc_Trio",
    "TaskName": "learn",
    "TotalReadoutTime": 0.0371701,
    "TxRefAmp": 366.711,
    "dataset": "ds001241",
    "modality": "bold",
    "run_id": 4,
    "subject_id": "08",
    "task_id": "learn"
  },
  "dummy_trs": 1,
  "dvars_nstd": 20.55431151041095,
  "dvars_std": 1.1996858914383561,
  "dvars_vstd": 1.0023184931506859,
  "efc": 0.5907869604748619,
  "fber": 468.7357482910156,
  "fd_mean": 0.17871452217726103,
  "fd_num": 53,
  "fd_perc": 36.054421768707485,
  "fwhm_avg": 2.659847285539655,
  "fwhm_x": 2.5394,
  "fwhm_y": 2.78006,
  "fwhm_z": 2.6600818566189655,
  "gcor": 0.0222528,
  "gsr_x": -0.02457679621875286,
  "gsr_y": 0.08551385998725891,
  "provenance": {
    "md5sum": "8c1a45fc992ee8196f0323be88ebd298",
    "settings": {
      "fd_thres": 0.2,
      "testing": false
    },
    "software": "mriqc",
    "version": "22.0.6",
    "webapi_port": null,
    "webapi_url": "https://mriqc.nimh.nih.gov/api/v1"
  },
  "size_t": 147,
  "size_x": 64,
  "size_y": 64,
  "size_z": 33,
  "snr": 3.435194586565753,
  "spacing_tr": 2.0,
  "spacing_x": 3.0,
  "spacing_y": 3.0,
  "spacing_z": 3.299999952316284,
  "summary_bg_k": 36.91119735641603,
  "summary_bg_mad": 7.866867991143418,
  "summary_bg_mean": 47.330322265625,
  "summary_bg_median": 24.925168991088867,
  "summary_bg_n": 71759.0,
  "summary_bg_p05": 19.258502960205078,
  "summary_bg_p95": 150.39592132568347,
  "summary_bg_stdv": 59.974971771240234,
  "summary_fg_k": 2.203896516230535,
  "summary_fg_mad": 142.6979071644239,
  "summary_fg_mean": 585.732177734375,
  "summary_fg_median": 559.6666259765625,
  "summary_fg_n": 31176.0,
  "summary_fg_p05": 367.7533950805664,
  "summary_fg_p95": 887.2873840332031,
  "summary_fg_stdv": 162.91876220703125,
  "tsnr": 105.81163815781474
}