{
  "aor": 0.0010367346938775508,
  "aqi": 0.0018663928639455784,
  "bids_meta": {
    "AcquisitionMatrixPE": 64,
    "AcquisitionNumber": 1,
    "AcquisitionTime": "14:51:26.417500",
    "BandwidthPerPixelPhaseEncode": 26.483,
    "BaseResolution": 64,
    "ConversionSoftware": "dcm2niix",
    "ConversionSoftwareVersion": "v1.0.20171215 Clang9.0.0",
    "DerivedVendorReportedEchoSpacing": 0.000590001,
    "DeviceSerialNumber": "35410",
    "DwellTime": 4.1e-06,
    "EchoTime": 0.026,
    "EffectiveEchoSpacing": 0.000590001,
    "FlipAngle": 90,
    "ImageOrientationPatientDICOM": [
      1,
      -1e-16,
      0,
      1e-16,
      0.975149,
      -0.221548
    ],
    "ImageType": [
      "ORIGINAL",
      "PRIMARY",
      "M",
      "ND",
      "MOSAIC"
    ],
    "InPlanePhaseEncodingDirectionDICOM": "COL",
    "InstitutionAddress": "Cooper_60_St._Lucia_QLD_AU_4072",
    "InstitutionName": "Centre_for_Advanced_Imaging",
    "InstitutionalDepartmentName": "Gehrmann_Labs_MRI",
    "MRAcquisitionType": "2D",
    "MagneticFieldStrength": 3,
    "Manufacturer": "Siemens",
    "ManufacturersModelName": "TrioTim",
    "Modality": "MR",
    "PartialFourier": 1,
    "PatientPosition": "HFS",
    "PercentPhaseFOV": 100,
    "PhaseEncodingDirection": "j-",
    "PhaseEncodingSteps": 64,
    "PhaseResolution": 1,
    "PixelBandwidth": 1905,
    "ProcedureStepDescription": "Brain_-_UQ_fMRI",
    "ProtocolName": "OLVSL_R6",
    "PulseSequenceDetails": "%SiemensSeq%_ep2d_pace",
    "ReceiveCoilName": "32Ch_Head",
    "ReconMatrixPE": 64,
    "RepetitionTime": 2,
    "SAR": 0.209889,
    "ScanOptions": "FS",
    "ScanningSequence": "EP",
    "SequenceName": "_epfid2d1_64",
    "SequenceVariant": "SK",
    "SeriesDescription": "OLVSL_R6",
    "SeriesNumber": 8,
    "ShimSetting": [
      6787,
      -11406,
      -2122,
      1010,
      -91,
      -181,
      46,
      -29
    ],
    "SliceThickness": 3,
    "SliceTiming": [
      0,
      1.025,
      0.06,
      1.085,
      0.12,
      1.145,
      0.18,
      1.205,
      0.24,
      1.265,
      0.3,
      1.325,
      0.3625,
      1.385,
      0.4225,
      1.445,
      0.4825,
      1.505,
      0.5425,
      1.565,
      0.6025,
      1.625,
      0.6625,
      1.6875,
      0.7225,
      1.7475,
      0.7825,
      1.8075,
      0.8425,
      1.8675,
      0.9025,
      1.9275,
      0.9625
    ],
    "SoftwareVersions": "syngo_MR_B17",
    "SpacingBetweenSlices": 3.3,
    "StationName": "mrc_Trio",
    "TaskName": "learn",
    "TotalReadoutTime": 0.0371701,
    "TxRefAmp": 366.711,
    "dataset": "ds001241",
    "modality": "bold",
    "run_id": 6,
    "subject_id": "08",
    "task_id": "learn"
  },
  "dummy_trs": 1,
  "dvars_nstd": 19.352346576917814,
  "dvars_std": 1.1875719977397257,
  "dvars_vstd": 1.0037960395205476,
  "efc": 0.5919353406935138,
  "fber": 458.3671569824219,
  "fd_mean": 0.13694039611891684,
  "fd_num": 30,
  "fd_perc": 20.408163265306122,
  "fwhm_avg": 2.657531325940864,
  "fwhm_x": 2.54527,
  "fwhm_y": 2.76783,
  "fwhm_z": 2.6594939778225926,
  "gcor": 0.0166949,
  "gsr_x": -0.02852622978389263,
  "gsr_y": 0.08825742453336716,
  "provenance": {
    "md5sum": "4fbe8ec78d867ff91f4323bd2acaa567",
    "settings": {
      "fd_thres": 0.2,
      "testing": false
    },
    "software": "mriqc",
    "version": "22.0.6",
    "webapi_port": null,
    "webapi_url": "https://mriqc.nimh.nih.gov/api/v1"
  },
  "size_t": 147,
  "size_x": 64,
  "size_y": 64,
  "size_z": 33,
  "snr": 3.4071904624458176,
  "spacing_tr": 2.0,
  "spacing_x": 3.0,
  "spacing_y": 3.0,
  "spacing_z": 3.299999952316284,
  "summary_bg_k": 34.45363127837564,
  "summary_bg_mad": 8.108928208622858,
  "summary_bg_mean": 49.02177810668945,
  "summary_bg_median": 25.081632614135742,
  "summary_bg_n": 71977.0,
  "summary_bg_p05": 19.231292724609375,
  "summary_bg_p95": 157.31292724609375,
  "summary_bg_stdv": 64.58509826660156,
  "summary_fg_k": 2.3132605806849886,
  "summary_fg_mad": 143.47454495375035,
  "summary_fg_mean": 582.7371826171875,
  "summary_fg_median": 557.251708984375,
  "summary_fg_n": 31230.0,
  "summary_fg_p05": 363.64489593505857,
  "summary_fg_p95": 881.3006774902343,
  "summary_fg_stdv": 163.54905700683594,
  "tsnr": 103.98715098202229
}