{
  "aor": 0.0017451020408163268,
  "aqi": 0.0018191358027210885,
  "bids_meta": {
    "AcquisitionMatrixPE": 64,
    "AcquisitionNumber": 1,
    "AcquisitionTime": "14:23:48.800000",
    "BandwidthPerPixelPhaseEncode": 26.483,
    "BaseResolution": 64,
    "ConversionSoftware": "dcm2niix",
    "ConversionSoftwareVersion": "v1.0.20171215 Clang9.0.0",
    "DerivedVendorReportedEchoSpacing": 0.000590001,
    "DeviceSerialNumber": "35410",
    "DwellTime": 4.1e-06,
    "EchoTime": 0.026,
    "EffectiveEchoSpacing": 0.000590001,
    "FlipAngle": 90,
    "ImageOrientationPatientDICOM": [
      1,
      -1e-16,
      0,
      1e-16,
      0.975149,
      -0.221548
    ],
    "ImageType": [
      "ORIGINAL",
      "PRIMARY",
      "M",
      "ND",
      "MOSAIC"
    ],
    "InPlanePhaseEncodingDirectionDICOM": "COL",
    "InstitutionAddress": "Cooper_60_St._Lucia_QLD_AU_4072",
    "InstitutionName": "Centre_for_Advanced_Imaging",
    "InstitutionalDepartmentName": "Gehrmann_Labs_MRI",
    "MRAcquisitionType": "2D",
    "MagneticFieldStrength": 3,
    "Manufacturer": "Siemens",
    "ManufacturersModelName": "TrioTim",
    "Modality": "MR",
    "PartialFourier": 1,
    "PatientPosition": "HFS",
    "PercentPhaseFOV": 100,
    "PhaseEncodingDirection": "j-",
    "PhaseEncodingSteps": 64,
    "PhaseResolution": 1,
    "PixelBandwidth": 1905,
    "ProcedureStepDescription": "Brain_-_UQ_fMRI",
    "ProtocolName": "OLVSL_R2",
    "PulseSequenceDetails": "%SiemensSeq%_ep2d_pace",
    "ReceiveCoilName": "32Ch_Head",
    "ReconMatrixPE": 64,
    "RepetitionTime": 2,
    "SAR": 0.209889,
    "ScanOptions": "FS",
    "ScanningSequence": "EP",
    "SequenceName": "_epfid2d1_64",
    "SequenceVariant": "SK",
    "SeriesDescription": "OLVSL_R2",
    "SeriesNumber": 3,
    "ShimSetting": [
      6787,
      -11406,
      -2122,
      1010,
      -91,
      -181,
      46,
      -29
    ],
    "SliceThickness": 3,
    "SliceTiming": [
      0,
      1.0225,
      0.06,
      1.0825,
      0.12,
      1.145,
      0.18,
      1.205,
      0.24,
      1.265,
      0.3,
      1.325,
      0.36,
      1.385,
      0.42,
      1.445,
      0.4825,
      1.505,
      0.5425,
      1.565,
      0.6025,
      1.625,
      0.6625,
      1.685,
      0.7225,
      1.745,
      0.7825,
      1.8075,
      0.8425,
      1.8675,
      0.9025,
      1.9275,
      0.9625
    ],
    "SoftwareVersions": "syngo_MR_B17",
    "SpacingBetweenSlices": 3.3,
    "StationName": "mrc_Trio",
    "TaskName": "learn",
    "TotalReadoutTime": 0.0371701,
    "TxRefAmp": 366.711,
    "dataset": "ds001241",
    "modality": "bold",
    "run_id": 2,
    "subject_id": "08",
    "task_id": "learn"
  },
  "dummy_trs": 1,
  "dvars_nstd": 19.51024671486302,
  "dvars_std": 1.196592338287671,
  "dvars_vstd": 1.010395926780822,
  "efc": 0.5898059668888341,
  "fber": 471.79083251953125,
  "fd_mean": 0.15171637577915115,
  "fd_num": 39,
  "fd_perc": 26.53061224489796,
  "fwhm_avg": 2.682786376536699,
  "fwhm_x": 2.55445,
  "fwhm_y": 2.8155666666666668,
  "fwhm_z": 2.6783424629434305,
  "gcor": 0.0103805,
  "gsr_x": -0.02396242693066597,
  "gsr_y": 0.08347804099321365,
  "provenance": {
    "md5sum": "4743592205500822bb23412621accaad",
    "settings": {
      "fd_thres": 0.2,
      "testing": false
    },
    "software": "mriqc",
    "version": "22.0.6",
    "webapi_port": null,
    "webapi_url": "https://mriqc.nimh.nih.gov/api/v1"
  },
  "size_t": 147,
  "size_x": 64,
  "size_y": 64,
  "size_z": 33,
  "snr": 3.428649182666215,
  "spacing_tr": 2.0,
  "spacing_x": 3.0,
  "spacing_y": 3.0,
  "spacing_z": 3.299999952316284,
  "summary_bg_k": 35.67901396258014,
  "summary_bg_mad": 7.826523207643854,
  "summary_bg_mean": 47.00994110107422,
  "summary_bg_median": 24.93877410888672,
  "summary_bg_n": 71789.0,
  "summary_bg_p05": 19.306121826171875,
  "summary_bg_p95": 148.39863586425776,
  "summary_bg_stdv": 59.128211975097656,
  "summary_fg_k": 2.1838353371637,
  "summary_fg_mad": 143.202235339124,
  "summary_fg_mean": 587.9909057617188,
  "summary_fg_median": 561.6122436523438,
  "summary_fg_n": 31136.0,
  "summary_fg_p05": 368.37584686279297,
  "summary_fg_p95": 888.9710540771484,
  "summary_fg_stdv": 163.79722595214844,
  "tsnr": 101.86346820415929
}