{
  "aor": 0.005816938775510205,
  "aqi": 0.0025518003469387754,
  "bids_meta": {
    "AcquisitionMatrixPE": 64,
    "AcquisitionNumber": 1,
    "AcquisitionTime": "15:22:56.617500",
    "BandwidthPerPixelPhaseEncode": 26.483,
    "BaseResolution": 64,
    "ConversionSoftware": "dcm2niix",
    "ConversionSoftwareVersion": "v1.0.20171215 Clang9.0.0",
    "DerivedVendorReportedEchoSpacing": 0.000590001,
    "DeviceSerialNumber": "35410",
    "DwellTime": 4.1e-06,
    "EchoTime": 0.026,
    "EffectiveEchoSpacing": 0.000590001,
    "FlipAngle": 90,
    "ImageOrientationPatientDICOM": [
      1,
      2e-16,
      0,
      -2e-16,
      0.997684,
      -0.0680153
    ],
    "ImageType": [
      "ORIGINAL",
      "PRIMARY",
      "M",
      "ND",
      "MOSAIC"
    ],
    "InPlanePhaseEncodingDirectionDICOM": "COL",
    "InstitutionAddress": "Cooper_60_St._Lucia_QLD_AU_4072",
    "InstitutionName": "School_of_Psychology",
    "InstitutionalDepartmentName": "Gehrmann_Labs_MRI",
    "MRAcquisitionType": "2D",
    "MagneticFieldStrength": 3,
    "Manufacturer": "Siemens",
    "ManufacturersModelName": "TrioTim",
    "Modality": "MR",
    "PartialFourier": 1,
    "PatientPosition": "HFS",
    "PercentPhaseFOV": 100,
    "PhaseEncodingDirection": "j-",
    "PhaseEncodingSteps": 64,
    "PhaseResolution": 1,
    "PixelBandwidth": 1905,
    "ProcedureStepDescription": "Brain_-_UQ_fMRI",
    "ProtocolName": "OLVSL_R4",
    "PulseSequenceDetails": "%SiemensSeq%_ep2d_pace",
    "ReceiveCoilName": "32Ch_Head",
    "ReconMatrixPE": 64,
    "RepetitionTime": 2,
    "SAR": 0.173578,
    "ScanOptions": "FS",
    "ScanningSequence": "EP",
    "SequenceName": "_epfid2d1_64",
    "SequenceVariant": "SK",
    "SeriesDescription": "OLVSL_R4",
    "SeriesNumber": 5,
    "ShimSetting": [
      6797,
      -11424,
      -2079,
      844,
      -52,
      -203,
      98,
      -96
    ],
    "SliceThickness": 3,
    "SliceTiming": [
      0,
      1.0225,
      0.06,
      1.0825,
      0.12,
      1.1425,
      0.18,
      1.2025,
      0.24,
      1.265,
      0.3,
      1.325,
      0.36,
      1.385,
      0.42,
      1.445,
      0.48,
      1.505,
      0.54,
      1.565,
      0.6025,
      1.625,
      0.6625,
      1.685,
      0.7225,
      1.745,
      0.7825,
      1.805,
      0.8425,
      1.865,
      0.9025,
      1.9275,
      0.9625
    ],
    "SoftwareVersions": "syngo_MR_B17",
    "SpacingBetweenSlices": 3.3,
    "StationName": "mrc_Trio",
    "TaskName": "learn",
    "TotalReadoutTime": 0.0371701,
    "TxRefAmp": 355.299,
    "dataset": "ds001241",
    "modality": "bold",
    "run_id": 4,
    "subject_id": "10",
    "task_id": "learn"
  },
  "dummy_trs": 1,
  "dvars_nstd": 17.2748241489726,
  "dvars_std": 1.1487417904109591,
  "dvars_vstd": 0.9660080367123292,
  "efc": 0.6342661722724794,
  "fber": 299.8160705566406,
  "fd_mean": 0.05390613839874989,
  "fd_num": 2,
  "fd_perc": 1.3605442176870748,
  "fwhm_avg": 2.845104559050812,
  "fwhm_x": 2.6674233333333333,
  "fwhm_y": 3.04506,
  "fwhm_z": 2.822830343819103,
  "gcor": 0.0180416,
  "gsr_x": -0.021055763587355614,
  "gsr_y": 0.11467225849628448,
  "provenance": {
    "md5sum": "0c3e504f82f1dc4ed9ed176a02b36a31",
    "settings": {
      "fd_thres": 0.2,
      "testing": false
    },
    "software": "mriqc",
    "version": "22.0.6",
    "webapi_port": null,
    "webapi_url": "https://mriqc.nimh.nih.gov/api/v1"
  },
  "size_t": 147,
  "size_x": 64,
  "size_y": 64,
  "size_z": 33,
  "snr": 2.8763481161223705,
  "spacing_tr": 2.0,
  "spacing_x": 3.0,
  "spacing_y": 3.0,
  "spacing_z": 3.299999952316284,
  "summary_bg_k": 17.66310877926056,
  "summary_bg_mad": 19.909230195337987,
  "summary_bg_mean": 71.44696807861328,
  "summary_bg_median": 35.768707275390625,
  "summary_bg_n": 63436.0,
  "summary_bg_p05": 21.517005920410156,
  "summary_bg_p95": 247.63434600830078,
  "summary_bg_stdv": 87.6803970336914,
  "summary_fg_k": 1.4321246930234501,
  "summary_fg_mad": 202.04739969268115,
  "summary_fg_mean": 698.8603515625,
  "summary_fg_median": 656.3162841796875,
  "summary_fg_n": 37702.0,
  "summary_fg_p05": 414.1768493652344,
  "summary_fg_p95": 1145.6703979492186,
  "summary_fg_stdv": 228.1739044189453,
  "tsnr": 88.6284942459315
}