{
  "aor": 0.0036244217687074836,
  "aqi": 0.0030922027210884355,
  "bids_meta": {
    "AcquisitionMatrixPE": 64,
    "AcquisitionNumber": 1,
    "AcquisitionTime": "16:01:19.280000",
    "BandwidthPerPixelPhaseEncode": 26.483,
    "BaseResolution": 64,
    "ConversionSoftware": "dcm2niix",
    "ConversionSoftwareVersion": "v1.0.20171215 Clang9.0.0",
    "DerivedVendorReportedEchoSpacing": 0.000590001,
    "DeviceSerialNumber": "35410",
    "DwellTime": 4.1e-06,
    "EchoTime": 0.026,
    "EffectiveEchoSpacing": 0.000590001,
    "FlipAngle": 90,
    "ImageOrientationPatientDICOM": [
      1,
      2e-16,
      0,
      -2e-16,
      0.997684,
      -0.0680153
    ],
    "ImageType": [
      "ORIGINAL",
      "PRIMARY",
      "M",
      "ND",
      "MOSAIC"
    ],
    "InPlanePhaseEncodingDirectionDICOM": "COL",
    "InstitutionAddress": "Cooper_60_St._Lucia_QLD_AU_4072",
    "InstitutionName": "School_of_Psychology",
    "InstitutionalDepartmentName": "Gehrmann_Labs_MRI",
    "MRAcquisitionType": "2D",
    "MagneticFieldStrength": 3,
    "Manufacturer": "Siemens",
    "ManufacturersModelName": "TrioTim",
    "Modality": "MR",
    "PartialFourier": 1,
    "PatientPosition": "HFS",
    "PercentPhaseFOV": 100,
    "PhaseEncodingDirection": "j-",
    "PhaseEncodingSteps": 64,
    "PhaseResolution": 1,
    "PixelBandwidth": 1905,
    "ProcedureStepDescription": "Brain_-_UQ_fMRI",
    "ProtocolName": "OLVSL_R10",
    "PulseSequenceDetails": "%SiemensSeq%_ep2d_pace",
    "ReceiveCoilName": "32Ch_Head",
    "ReconMatrixPE": 64,
    "RepetitionTime": 2,
    "SAR": 0.173578,
    "ScanOptions": "FS",
    "ScanningSequence": "EP",
    "SequenceName": "_epfid2d1_64",
    "SequenceVariant": "SK",
    "SeriesDescription": "OLVSL_R10",
    "SeriesNumber": 12,
    "ShimSetting": [
      6797,
      -11424,
      -2079,
      844,
      -52,
      -203,
      98,
      -96
    ],
    "SliceThickness": 3,
    "SliceTiming": [
      0,
      1.025,
      0.06,
      1.085,
      0.12,
      1.145,
      0.1825,
      1.205,
      0.2425,
      1.265,
      0.3025,
      1.325,
      0.3625,
      1.385,
      0.4225,
      1.445,
      0.4825,
      1.505,
      0.5425,
      1.5675,
      0.6025,
      1.6275,
      0.6625,
      1.6875,
      0.7225,
      1.7475,
      0.7825,
      1.8075,
      0.845,
      1.8675,
      0.905,
      1.9275,
      0.965
    ],
    "SoftwareVersions": "syngo_MR_B17",
    "SpacingBetweenSlices": 3.3,
    "StationName": "mrc_Trio",
    "TaskName": "learn",
    "TotalReadoutTime": 0.0371701,
    "TxRefAmp": 355.299,
    "dataset": "ds001241",
    "modality": "bold",
    "run_id": 10,
    "subject_id": "10",
    "task_id": "learn"
  },
  "dummy_trs": 1,
  "dvars_nstd": 21.566735196095898,
  "dvars_std": 1.2554339895205482,
  "dvars_vstd": 1.0035592149999997,
  "efc": 0.6359957404633727,
  "fber": 286.6792907714844,
  "fd_mean": 0.11414660780530374,
  "fd_num": 22,
  "fd_perc": 14.965986394557824,
  "fwhm_avg": 2.8491496096728164,
  "fwhm_x": 2.67553,
  "fwhm_y": 3.0248066666666666,
  "fwhm_z": 2.8471121623517837,
  "gcor": 0.0375628,
  "gsr_x": -0.02080961875617504,
  "gsr_y": 0.1108807921409607,
  "provenance": {
    "md5sum": "4fca822eb47e8070e55b522dce685a04",
    "settings": {
      "fd_thres": 0.2,
      "testing": false
    },
    "software": "mriqc",
    "version": "22.0.6",
    "webapi_port": null,
    "webapi_url": "https://mriqc.nimh.nih.gov/api/v1"
  },
  "size_t": 147,
  "size_x": 64,
  "size_y": 64,
  "size_z": 33,
  "snr": 2.8270375580575773,
  "spacing_tr": 2.0,
  "spacing_x": 3.0,
  "spacing_y": 3.0,
  "spacing_z": 3.299999952316284,
  "summary_bg_k": 16.911275945119804,
  "summary_bg_mad": 20.58497633360271,
  "summary_bg_mean": 72.38806915283203,
  "summary_bg_median": 36.46258544921875,
  "summary_bg_n": 62888.0,
  "summary_bg_p05": 21.489795684814453,
  "summary_bg_p95": 251.93843154907213,
  "summary_bg_stdv": 88.04005432128906,
  "summary_fg_k": 1.49269371856166,
  "summary_fg_mad": 204.78569830309914,
  "summary_fg_mean": 698.9596557617188,
  "summary_fg_median": 655.4285278320312,
  "summary_fg_n": 37806.0,
  "summary_fg_p05": 409.4574737548828,
  "summary_fg_p95": 1152.9727783203125,
  "summary_fg_stdv": 231.83981323242188,
  "tsnr": 78.51223822217435
}