{
  "bids_meta": {
    "AcquisitionMatrixPE": 256,
    "AcquisitionNumber": 1,
    "AcquisitionTime": "13:45:15.772500",
    "BaseResolution": 256,
    "ConversionSoftware": "dcm2niix",
    "ConversionSoftwareVersion": "v1.0.20171215 Clang9.0.0",
    "DeviceSerialNumber": "35410",
    "DwellTime": 9.8e-06,
    "EchoTime": 0.00232,
    "FlipAngle": 9,
    "ImageOrientationPatientDICOM": [
      0.0104756,
      0.999945,
      2.92334e-09,
      0.0401258,
      -0.000420364,
      -0.999195
    ],
    "ImageType": [
      "ORIGINAL",
      "PRIMARY",
      "M",
      "ND",
      "NORM"
    ],
    "InPlanePhaseEncodingDirectionDICOM": "ROW",
    "InstitutionAddress": "Cooper_60_St._Lucia_QLD_AU_4072",
    "InstitutionName": "Centre_for_Advanced_Imaging",
    "InstitutionalDepartmentName": "Gehrmann_Labs_MRI",
    "Interpolation2D": 1,
    "InversionTime": 0.9,
    "MRAcquisitionType": "3D",
    "MagneticFieldStrength": 3,
    "Manufacturer": "Siemens",
    "ManufacturersModelName": "TrioTim",
    "Modality": "MR",
    "ParallelReductionFactorInPlane": 2,
    "PartialFourier": 1,
    "PatientPosition": "HFS",
    "PercentPhaseFOV": 100,
    "PhaseEncodingSteps": 255,
    "PhaseResolution": 1,
    "PixelBandwidth": 199,
    "ProcedureStepDescription": "Brain_-_UQ_fMRI",
    "ProtocolName": "t1_mpr_sag_p2_iso_0.9",
    "PulseSequenceDetails": "%SiemensSeq%_tfl",
    "ReceiveCoilName": "32Ch_Head",
    "ReconMatrixPE": 512,
    "RepetitionTime": 1.9,
    "SAR": 0.115922,
    "ScanOptions": "IR",
    "ScanningSequence": "GR_IR",
    "SequenceName": "_tfl3d1_ns",
    "SequenceVariant": "SP_MP",
    "SeriesDescription": "t1_mpr_sag_p2_iso_0.9",
    "SeriesNumber": 7,
    "ShimSetting": [
      6825,
      -11255,
      -2613,
      -72,
      38,
      19,
      -121,
      14
    ],
    "SliceThickness": 0.9,
    "SoftwareVersions": "syngo_MR_B17",
    "StationName": "mrc_Trio",
    "TxRefAmp": 363.739,
    "dataset": "ds001241",
    "modality": "T1w",
    "subject_id": "06"
  },
  "cjv": 0.3410780774594283,
  "cnr": 3.8448548616866183,
  "efc": 0.6175026399908913,
  "fber": 11713.789863227148,
  "fwhm_avg": 7.316687024298109,
  "fwhm_x": 4.399302116372591,
  "fwhm_y": 9.049288347826087,
  "fwhm_z": 8.501470608695652,
  "icvs_csf": 0.17690380649425888,
  "icvs_gm": 0.46135064064585773,
  "icvs_wm": 0.36174555285988336,
  "inu_med": 0.5565537214279175,
  "inu_range": 0.23037208318710323,
  "provenance": {
    "md5sum": "64a8fd203e5417d44700596126d63cc0",
    "settings": {
      "testing": false
    },
    "software": "mriqc",
    "version": "22.0.6",
    "warnings": {
      "large_rot_frame": true,
      "small_air_mask": false
    },
    "webapi_port": null,
    "webapi_url": "https://mriqc.nimh.nih.gov/api/v1"
  },
  "qi_1": 0.0,
  "qi_2": 0.008781227739109403,
  "rpve_csf": 20.09831187567311,
  "rpve_gm": 8.500564732713585,
  "rpve_wm": 11.620263397438174,
  "size_x": 192,
  "size_y": 512,
  "size_z": 512,
  "snr_csf": 2.7582460775295337,
  "snr_gm": 17.615553632628266,
  "snr_total": 13.248308902554923,
  "snr_wm": 19.371126997506966,
  "snrd_csf": 15.027480504021284,
  "snrd_gm": 38.52459847002809,
  "snrd_total": 35.212924125825786,
  "snrd_wm": 52.08669340342799,
  "spacing_x": 0.8999972939491272,
  "spacing_y": 0.44921875,
  "spacing_z": 0.44921875,
  "summary_bg_k": 42.70114034416022,
  "summary_bg_mad": 0.0,
  "summary_bg_mean": 6.272399332957977,
  "summary_bg_median": 0.0,
  "summary_bg_n": 11158739.0,
  "summary_bg_p05": 0.0,
  "summary_bg_p95": 29.67068748921156,
  "summary_bg_stdv": 12.57780724029751,
  "summary_csf_k": 2.2217780014329556,
  "summary_csf_mad": 83.3527806985595,
  "summary_csf_mean": 287.944546750189,
  "summary_csf_median": 288.50900833308697,
  "summary_csf_n": 392051.0,
  "summary_csf_p05": 92.78494423627853,
  "summary_csf_p95": 465.64813631027937,
  "summary_csf_stdv": 104.59858630269362,
  "summary_gm_k": 0.2884612204531045,
  "summary_gm_mad": 41.02034112257195,
  "summary_gm_mean": 738.5081411627943,
  "summary_gm_median": 739.6245630159974,
  "summary_gm_n": 663848.0,
  "summary_gm_p05": 668.126124560833,
  "summary_gm_p95": 805.114337913692,
  "summary_gm_stdv": 41.98698612413152,
  "summary_wm_k": 0.8575514408993432,
  "summary_wm_mad": 47.78800682966294,
  "summary_wm_mean": 1002.1230757339381,
  "summary_wm_median": 999.9999838396907,
  "summary_wm_n": 1563545.0,
  "summary_wm_p05": 921.7010424435139,
  "summary_wm_p95": 1089.8970432654023,
  "summary_wm_stdv": 51.62320520546977,
  "tpm_overlap_csf": 0.13013428883145894,
  "tpm_overlap_gm": 0.45501761827562637,
  "tpm_overlap_wm": 0.4876863435912668,
  "wm2max": 0.42403713213509775
}