{
  "bids_meta": {
    "AcquisitionMatrixPE": 256,
    "AcquisitionNumber": 1,
    "AcquisitionTime": "14:09:25.752500",
    "BaseResolution": 256,
    "ConversionSoftware": "dcm2niix",
    "ConversionSoftwareVersion": "v1.0.20171215 Clang9.0.0",
    "DeviceSerialNumber": "35410",
    "DwellTime": 9.8e-06,
    "EchoTime": 0.00232,
    "FlipAngle": 9,
    "ImageOrientationPatientDICOM": [
      -0.0017499,
      0.999998,
      1.70428e-08,
      0.00348886,
      6.12222e-06,
      -0.999994
    ],
    "ImageType": [
      "ORIGINAL",
      "PRIMARY",
      "M",
      "ND",
      "NORM"
    ],
    "InPlanePhaseEncodingDirectionDICOM": "ROW",
    "InstitutionAddress": "Cooper_60_St._Lucia_QLD_AU_4072",
    "InstitutionName": "St_Lucia_Campus",
    "InstitutionalDepartmentName": "Gehrmann_Labs_MRI",
    "Interpolation2D": 1,
    "InversionTime": 0.9,
    "MRAcquisitionType": "3D",
    "MagneticFieldStrength": 3,
    "Manufacturer": "Siemens",
    "ManufacturersModelName": "TrioTim",
    "Modality": "MR",
    "ParallelReductionFactorInPlane": 2,
    "PartialFourier": 1,
    "PatientPosition": "HFS",
    "PercentPhaseFOV": 100,
    "PhaseEncodingSteps": 255,
    "PhaseResolution": 1,
    "PixelBandwidth": 199,
    "ProcedureStepDescription": "Brain_-_UQ_fMRI",
    "ProtocolName": "t1_mpr_sag_p2_iso_0.9",
    "PulseSequenceDetails": "%SiemensSeq%_tfl",
    "ReceiveCoilName": "32Ch_Head",
    "ReconMatrixPE": 512,
    "RepetitionTime": 1.9,
    "SAR": 0.128708,
    "ScanOptions": "IR",
    "ScanningSequence": "GR_IR",
    "SequenceName": "_tfl3d1_ns",
    "SequenceVariant": "SP_MP",
    "SeriesDescription": "t1_mpr_sag_p2_iso_0.9",
    "SeriesNumber": 7,
    "ShimSetting": [
      6825,
      -11255,
      -2613,
      -72,
      38,
      19,
      -121,
      14
    ],
    "SliceThickness": 0.9,
    "SoftwareVersions": "syngo_MR_B17",
    "StationName": "mrc_Trio",
    "TxRefAmp": 350.359,
    "dataset": "ds001241",
    "modality": "T1w",
    "subject_id": "05"
  },
  "cjv": 0.31648975546877356,
  "cnr": 4.325022197771725,
  "efc": 0.6012816742900994,
  "fber": -1.0,
  "fwhm_avg": 6.912904170869652,
  "fwhm_x": 4.360299990869823,
  "fwhm_y": 8.217110260869566,
  "fwhm_z": 8.161302260869565,
  "icvs_csf": 0.21305152913120423,
  "icvs_gm": 0.4256513115377679,
  "icvs_wm": 0.36129715933102785,
  "inu_med": 0.49905969202518463,
  "inu_range": 0.1869238197803494,
  "provenance": {
    "md5sum": "1ef929add293ca803177a0de6cde0255",
    "settings": {
      "testing": false
    },
    "software": "mriqc",
    "version": "22.0.6",
    "warnings": {
      "large_rot_frame": true,
      "small_air_mask": false
    },
    "webapi_port": null,
    "webapi_url": "https://mriqc.nimh.nih.gov/api/v1"
  },
  "qi_1": 0.0,
  "qi_2": 0.017852463574195638,
  "rpve_csf": 18.6515561466006,
  "rpve_gm": 9.802688004694788,
  "rpve_wm": 13.022362532328211,
  "size_x": 192,
  "size_y": 512,
  "size_z": 512,
  "snr_csf": 2.7874179686743115,
  "snr_gm": 16.576720444508492,
  "snr_total": 14.443556375678853,
  "snr_wm": 23.96653071385375,
  "snrd_csf": 29.223244810080764,
  "snrd_gm": 79.73331636603089,
  "snrd_total": 72.46339335889151,
  "snrd_wm": 108.43361890056285,
  "spacing_x": 0.8999931216239929,
  "spacing_y": 0.44921875,
  "spacing_z": 0.44921875,
  "summary_bg_k": 44.55053000358442,
  "summary_bg_mad": 0.0,
  "summary_bg_mean": 2.717064700519975,
  "summary_bg_median": 0.0,
  "summary_bg_n": 11321997.0,
  "summary_bg_p05": 0.0,
  "summary_bg_p95": 11.064353048801422,
  "summary_bg_stdv": 6.042105678893563,
  "summary_csf_k": 5.442081743626336,
  "summary_csf_mad": 81.38924748331557,
  "summary_csf_mean": 275.0867612261469,
  "summary_csf_median": 269.5162922143936,
  "summary_csf_n": 508824.0,
  "summary_csf_p05": 109.60329216718674,
  "summary_csf_p95": 443.046957552433,
  "summary_csf_stdv": 96.69020950600037,
  "summary_gm_k": 0.2720633603221341,
  "summary_gm_mad": 42.97296184950254,
  "summary_gm_mean": 735.0873183343873,
  "summary_gm_median": 735.353925704956,
  "summary_gm_n": 552610.0,
  "summary_gm_p05": 662.1589747667313,
  "summary_gm_p95": 807.3195040822029,
  "summary_gm_stdv": 44.360599722972516,
  "summary_wm_k": 0.30469327507497024,
  "summary_wm_mad": 40.7997778081737,
  "summary_wm_mean": 1000.8212336379612,
  "summary_wm_median": 1000.0472947955132,
  "summary_wm_n": 1600245.0,
  "summary_wm_p05": 933.8503107428551,
  "summary_wm_p95": 1070.2633814513683,
  "summary_wm_stdv": 41.72681454268466,
  "tpm_overlap_csf": 0.15656408672613342,
  "tpm_overlap_gm": 0.4468075139141135,
  "tpm_overlap_wm": 0.4951611678911525,
  "wm2max": 0.40281110730202263
}