{
  "aor": 0.000979251700680272,
  "aqi": 0.0014218073673469389,
  "bids_meta": {
    "AcquisitionMatrixPE": 64,
    "AcquisitionNumber": 1,
    "AcquisitionTime": "13:24:30.375000",
    "BandwidthPerPixelPhaseEncode": 26.483,
    "BaseResolution": 64,
    "ConversionSoftware": "dcm2niix",
    "ConversionSoftwareVersion": "v1.0.20171215 Clang9.0.0",
    "DerivedVendorReportedEchoSpacing": 0.000590001,
    "DeviceSerialNumber": "35410",
    "DwellTime": 4.1e-06,
    "EchoTime": 0.026,
    "EffectiveEchoSpacing": 0.000590001,
    "FlipAngle": 90,
    "ImageOrientationPatientDICOM": [
      1,
      2e-16,
      0,
      -2e-16,
      0.973579,
      -0.228351
    ],
    "ImageType": [
      "ORIGINAL",
      "PRIMARY",
      "M",
      "ND",
      "MOSAIC"
    ],
    "InPlanePhaseEncodingDirectionDICOM": "COL",
    "InstitutionAddress": "Cooper_60_St._Lucia_QLD_AU_4072",
    "InstitutionName": "Centre_for_Advanced_Imaging",
    "InstitutionalDepartmentName": "Gehrmann_Labs_MRI",
    "MRAcquisitionType": "2D",
    "MagneticFieldStrength": 3,
    "Manufacturer": "Siemens",
    "ManufacturersModelName": "TrioTim",
    "Modality": "MR",
    "PartialFourier": 1,
    "PatientPosition": "HFS",
    "PercentPhaseFOV": 100,
    "PhaseEncodingDirection": "j-",
    "PhaseEncodingSteps": 64,
    "PhaseResolution": 1,
    "PixelBandwidth": 1905,
    "ProcedureStepDescription": "Brain_-_UQ_fMRI",
    "ProtocolName": "OLVSL_R3",
    "PulseSequenceDetails": "%SiemensSeq%_ep2d_pace",
    "ReceiveCoilName": "32Ch_Head",
    "ReconMatrixPE": 64,
    "RepetitionTime": 2,
    "SAR": 0.200084,
    "ScanOptions": "FS",
    "ScanningSequence": "EP",
    "SequenceName": "_epfid2d1_64",
    "SequenceVariant": "SK",
    "SeriesDescription": "OLVSL_R3",
    "SeriesNumber": 4,
    "ShimSetting": [
      6796,
      -11278,
      -2124,
      796,
      -20,
      168,
      -149,
      -174
    ],
    "SliceThickness": 3,
    "SliceTiming": [
      0,
      1.025,
      0.06,
      1.085,
      0.12,
      1.145,
      0.1825,
      1.205,
      0.2425,
      1.265,
      0.3025,
      1.325,
      0.3625,
      1.385,
      0.4225,
      1.445,
      0.4825,
      1.505,
      0.5425,
      1.5675,
      0.6025,
      1.6275,
      0.6625,
      1.6875,
      0.7225,
      1.7475,
      0.7825,
      1.8075,
      0.8425,
      1.8675,
      0.905,
      1.9275,
      0.965
    ],
    "SoftwareVersions": "syngo_MR_B17",
    "SpacingBetweenSlices": 3.3,
    "StationName": "mrc_Trio",
    "TaskName": "learn",
    "TotalReadoutTime": 0.0371701,
    "TxRefAmp": 335.312,
    "dataset": "ds001241",
    "modality": "bold",
    "run_id": 3,
    "subject_id": "12",
    "task_id": "learn"
  },
  "dummy_trs": 1,
  "dvars_nstd": 23.896046638219175,
  "dvars_std": 1.288046181506849,
  "dvars_vstd": 0.9951912906164384,
  "efc": 0.5817045775268371,
  "fber": 540.2811889648438,
  "fd_mean": 0.13010385135082483,
  "fd_num": 14,
  "fd_perc": 9.523809523809524,
  "fwhm_avg": 3.4799051580876217,
  "fwhm_x": 3.4957333333333334,
  "fwhm_y": 3.420466938500956,
  "fwhm_z": 3.523515202428575,
  "gcor": 0.0484012,
  "gsr_x": -0.020384831354022026,
  "gsr_y": 0.09532453119754791,
  "provenance": {
    "md5sum": "04da94b117d7952497e0d4ea338769c0",
    "settings": {
      "fd_thres": 0.2,
      "testing": false
    },
    "software": "mriqc",
    "version": "22.0.6",
    "webapi_port": null,
    "webapi_url": "https://mriqc.nimh.nih.gov/api/v1"
  },
  "size_t": 147,
  "size_x": 64,
  "size_y": 64,
  "size_z": 33,
  "snr": 1.9317461160620184,
  "spacing_tr": 2.0,
  "spacing_x": 3.0,
  "spacing_y": 2.999999761581421,
  "spacing_z": 3.299999952316284,
  "summary_bg_k": 23.947947584454333,
  "summary_bg_mad": 9.288957276158646,
  "summary_bg_mean": 54.432373046875,
  "summary_bg_median": 27.87755012512207,
  "summary_bg_n": 65639.0,
  "summary_bg_p05": 21.0,
  "summary_bg_p95": 190.5523712158203,
  "summary_bg_stdv": 70.69913482666016,
  "summary_fg_k": 3.8695878410556412,
  "summary_fg_mad": 234.19061213984088,
  "summary_fg_mean": 761.2669677734375,
  "summary_fg_median": 661.408203125,
  "summary_fg_n": 37482.0,
  "summary_fg_p05": 421.40814208984375,
  "summary_fg_p95": 1487.1019653320309,
  "summary_fg_stdv": 342.38421630859375,
  "tsnr": 95.57747015124187
}