{
  "aor": 0.0031853061224489795,
  "aqi": 0.003972450612244898,
  "bids_meta": {
    "AcquisitionMatrixPE": 64,
    "AcquisitionNumber": 1,
    "AcquisitionTime": "13:36:15.135000",
    "BandwidthPerPixelPhaseEncode": 26.483,
    "BaseResolution": 64,
    "ConversionSoftware": "dcm2niix",
    "ConversionSoftwareVersion": "v1.0.20171215 Clang9.0.0",
    "DerivedVendorReportedEchoSpacing": 0.000590001,
    "DeviceSerialNumber": "35410",
    "DwellTime": 4.1e-06,
    "EchoTime": 0.026,
    "EffectiveEchoSpacing": 0.000590001,
    "FlipAngle": 90,
    "ImageOrientationPatientDICOM": [
      0.999963,
      0.00164872,
      0.00840308,
      -3.84932e-08,
      0.981291,
      -0.192529
    ],
    "ImageType": [
      "ORIGINAL",
      "PRIMARY",
      "M",
      "ND",
      "MOSAIC"
    ],
    "InPlanePhaseEncodingDirectionDICOM": "COL",
    "InstitutionAddress": "Cooper_60_St._Lucia_QLD_AU_4072",
    "InstitutionName": "St_Lucia_Campus",
    "InstitutionalDepartmentName": "Gehrmann_Labs_MRI",
    "MRAcquisitionType": "2D",
    "MagneticFieldStrength": 3,
    "Manufacturer": "Siemens",
    "ManufacturersModelName": "TrioTim",
    "Modality": "MR",
    "PartialFourier": 1,
    "PatientPosition": "HFS",
    "PercentPhaseFOV": 100,
    "PhaseEncodingDirection": "j-",
    "PhaseEncodingSteps": 64,
    "PhaseResolution": 1,
    "PixelBandwidth": 1905,
    "ProcedureStepDescription": "Brain_-_UQ_fMRI",
    "ProtocolName": "OLVSL_R8",
    "PulseSequenceDetails": "%SiemensSeq%_ep2d_pace",
    "ReceiveCoilName": "32Ch_Head",
    "ReconMatrixPE": 64,
    "RepetitionTime": 2,
    "SAR": 0.170498,
    "ScanOptions": "FS",
    "ScanningSequence": "EP",
    "SequenceName": "_epfid2d1_64",
    "SequenceVariant": "SK",
    "SeriesDescription": "OLVSL_R8",
    "SeriesNumber": 10,
    "ShimSetting": [
      6843,
      -11241,
      -2139,
      780,
      56,
      594,
      -65,
      15
    ],
    "SliceThickness": 3,
    "SliceTiming": [
      0,
      1.025,
      0.06,
      1.085,
      0.12,
      1.145,
      0.18,
      1.205,
      0.24,
      1.265,
      0.3,
      1.325,
      0.3625,
      1.385,
      0.4225,
      1.445,
      0.4825,
      1.505,
      0.5425,
      1.565,
      0.6025,
      1.625,
      0.6625,
      1.6875,
      0.7225,
      1.7475,
      0.7825,
      1.8075,
      0.8425,
      1.8675,
      0.9025,
      1.9275,
      0.9625
    ],
    "SoftwareVersions": "syngo_MR_B17",
    "SpacingBetweenSlices": 3.3,
    "StationName": "mrc_Trio",
    "TaskName": "learn",
    "TotalReadoutTime": 0.0371701,
    "TxRefAmp": 323.511,
    "dataset": "ds001241",
    "modality": "bold",
    "run_id": 8,
    "subject_id": "23",
    "task_id": "learn"
  },
  "dummy_trs": 1,
  "dvars_nstd": 25.73795505376711,
  "dvars_std": 1.2956126350684931,
  "dvars_vstd": 1.0156420376027393,
  "efc": 0.5759609902015496,
  "fber": 627.7222290039062,
  "fd_mean": 0.15726564663429712,
  "fd_num": 26,
  "fd_perc": 17.687074829931973,
  "fwhm_avg": 2.522110012359555,
  "fwhm_x": 2.3964266666666667,
  "fwhm_y": 2.6038366666666666,
  "fwhm_z": 2.5660667037453315,
  "gcor": 0.0115096,
  "gsr_x": -0.014375243335962296,
  "gsr_y": 0.08062393963336945,
  "provenance": {
    "md5sum": "4c4b5d3afba5b2b2d2cb2b388f7589c9",
    "settings": {
      "fd_thres": 0.2,
      "testing": false
    },
    "software": "mriqc",
    "version": "22.0.6",
    "webapi_port": null,
    "webapi_url": "https://mriqc.nimh.nih.gov/api/v1"
  },
  "size_t": 147,
  "size_x": 64,
  "size_y": 64,
  "size_z": 33,
  "snr": 3.334127141557233,
  "spacing_tr": 2.0,
  "spacing_x": 3.0,
  "spacing_y": 3.0,
  "spacing_z": 3.299999952316284,
  "summary_bg_k": 29.370309839250133,
  "summary_bg_mad": 6.243066099987628,
  "summary_bg_mean": 48.1607551574707,
  "summary_bg_median": 23.965986251831055,
  "summary_bg_n": 73841.0,
  "summary_bg_p05": 19.32653045654297,
  "summary_bg_p95": 176.1156463623047,
  "summary_bg_stdv": 66.8652114868164,
  "summary_fg_k": 2.202495558731745,
  "summary_fg_mad": 161.79527883177371,
  "summary_fg_mean": 638.3535766601562,
  "summary_fg_median": 606.6326293945312,
  "summary_fg_n": 30704.0,
  "summary_fg_p05": 413.56766815185546,
  "summary_fg_p95": 980.3785736083984,
  "summary_fg_stdv": 181.94349670410156,
  "tsnr": 76.66948338225484
}