{
  "aor": 0.0036176027397260275,
  "aqi": 0.003250207397260274,
  "bids_meta": {
    "AcquisitionMatrixPE": 64,
    "AcquisitionNumber": 1,
    "AcquisitionTime": "13:13:44.257500",
    "BandwidthPerPixelPhaseEncode": 26.483,
    "BaseResolution": 64,
    "ConversionSoftware": "dcm2niix",
    "ConversionSoftwareVersion": "v1.0.20171215 Clang9.0.0",
    "DerivedVendorReportedEchoSpacing": 0.000590001,
    "DeviceSerialNumber": "35410",
    "DwellTime": 4.1e-06,
    "EchoTime": 0.026,
    "EffectiveEchoSpacing": 0.000590001,
    "FlipAngle": 90,
    "ImageOrientationPatientDICOM": [
      0.999963,
      0.00164872,
      0.00840308,
      -3.84932e-08,
      0.981291,
      -0.192529
    ],
    "ImageType": [
      "ORIGINAL",
      "PRIMARY",
      "M",
      "ND",
      "MOSAIC"
    ],
    "InPlanePhaseEncodingDirectionDICOM": "COL",
    "InstitutionAddress": "Cooper_60_St._Lucia_QLD_AU_4072",
    "InstitutionName": "St_Lucia_Campus",
    "InstitutionalDepartmentName": "Gehrmann_Labs_MRI",
    "MRAcquisitionType": "2D",
    "MagneticFieldStrength": 3,
    "Manufacturer": "Siemens",
    "ManufacturersModelName": "TrioTim",
    "Modality": "MR",
    "PartialFourier": 1,
    "PatientPosition": "HFS",
    "PercentPhaseFOV": 100,
    "PhaseEncodingDirection": "j-",
    "PhaseEncodingSteps": 64,
    "PhaseResolution": 1,
    "PixelBandwidth": 1905,
    "ProcedureStepDescription": "Brain_-_UQ_fMRI",
    "ProtocolName": "OLVSL_R5",
    "PulseSequenceDetails": "%SiemensSeq%_ep2d_pace",
    "ReceiveCoilName": "32Ch_Head",
    "ReconMatrixPE": 64,
    "RepetitionTime": 2,
    "SAR": 0.170498,
    "ScanOptions": "FS",
    "ScanningSequence": "EP",
    "SequenceName": "_epfid2d1_64",
    "SequenceVariant": "SK",
    "SeriesDescription": "OLVSL_R5",
    "SeriesNumber": 6,
    "ShimSetting": [
      6843,
      -11241,
      -2139,
      780,
      56,
      594,
      -65,
      15
    ],
    "SliceThickness": 3,
    "SliceTiming": [
      0,
      1.025,
      0.06,
      1.085,
      0.12,
      1.145,
      0.18,
      1.205,
      0.2425,
      1.265,
      0.3025,
      1.325,
      0.3625,
      1.385,
      0.4225,
      1.445,
      0.4825,
      1.505,
      0.5425,
      1.565,
      0.6025,
      1.6275,
      0.6625,
      1.6875,
      0.7225,
      1.7475,
      0.7825,
      1.8075,
      0.8425,
      1.8675,
      0.9025,
      1.9275,
      0.965
    ],
    "SoftwareVersions": "syngo_MR_B17",
    "SpacingBetweenSlices": 3.3,
    "StationName": "mrc_Trio",
    "TaskName": "learn",
    "TotalReadoutTime": 0.0371701,
    "TxRefAmp": 323.511,
    "dataset": "ds001241",
    "modality": "bold",
    "run_id": 5,
    "subject_id": "23",
    "task_id": "learn"
  },
  "dummy_trs": 2,
  "dvars_nstd": 21.82568058813794,
  "dvars_std": 1.283342909724138,
  "dvars_vstd": 1.0353406573103452,
  "efc": 0.5794166417038119,
  "fber": 608.2101440429688,
  "fd_mean": 0.12800013980089003,
  "fd_num": 21,
  "fd_perc": 14.383561643835616,
  "fwhm_avg": 2.5815598104874105,
  "fwhm_x": 2.49043,
  "fwhm_y": 2.6574433333333336,
  "fwhm_z": 2.596806098128898,
  "gcor": 0.0143336,
  "gsr_x": -0.019132521003484726,
  "gsr_y": 0.08777912706136703,
  "provenance": {
    "md5sum": "dff4b8cc26d38b98b7965ffbb91fca73",
    "settings": {
      "fd_thres": 0.2,
      "testing": false
    },
    "software": "mriqc",
    "version": "22.0.6",
    "webapi_port": null,
    "webapi_url": "https://mriqc.nimh.nih.gov/api/v1"
  },
  "size_t": 146,
  "size_x": 64,
  "size_y": 64,
  "size_z": 33,
  "snr": 3.1790520204768278,
  "spacing_tr": 2.0,
  "spacing_x": 3.0,
  "spacing_y": 3.0,
  "spacing_z": 3.299999952316284,
  "summary_bg_k": 28.72869293881036,
  "summary_bg_mad": 6.600626586427341,
  "summary_bg_mean": 50.88164138793945,
  "summary_bg_median": 24.22602653503418,
  "summary_bg_n": 72959.0,
  "summary_bg_p05": 19.164382934570312,
  "summary_bg_p95": 187.39109649658198,
  "summary_bg_stdv": 75.50846862792969,
  "summary_fg_k": 2.5857390181604742,
  "summary_fg_mad": 165.72649580132287,
  "summary_fg_mean": 641.8423461914062,
  "summary_fg_median": 606.75,
  "summary_fg_n": 31238.0,
  "summary_fg_p05": 410.8373321533203,
  "summary_fg_p95": 1003.6948577880859,
  "summary_fg_stdv": 190.85572814941406,
  "tsnr": 83.39241499453783
}