{
  "aor": 0.000952312925170068,
  "aqi": 0.003309749795918367,
  "bids_meta": {
    "AcquisitionMatrixPE": 64,
    "AcquisitionNumber": 1,
    "AcquisitionTime": "13:02:44.922500",
    "BandwidthPerPixelPhaseEncode": 26.483,
    "BaseResolution": 64,
    "ConversionSoftware": "dcm2niix",
    "ConversionSoftwareVersion": "v1.0.20171215 Clang9.0.0",
    "DerivedVendorReportedEchoSpacing": 0.000590001,
    "DeviceSerialNumber": "35410",
    "DwellTime": 4.1e-06,
    "EchoTime": 0.026,
    "EffectiveEchoSpacing": 0.000590001,
    "FlipAngle": 90,
    "ImageOrientationPatientDICOM": [
      0.999963,
      0.00164872,
      0.00840308,
      -3.84932e-08,
      0.981291,
      -0.192529
    ],
    "ImageType": [
      "ORIGINAL",
      "PRIMARY",
      "M",
      "ND",
      "MOSAIC"
    ],
    "InPlanePhaseEncodingDirectionDICOM": "COL",
    "InstitutionAddress": "Cooper_60_St._Lucia_QLD_AU_4072",
    "InstitutionName": "St_Lucia_Campus",
    "InstitutionalDepartmentName": "Gehrmann_Labs_MRI",
    "MRAcquisitionType": "2D",
    "MagneticFieldStrength": 3,
    "Manufacturer": "Siemens",
    "ManufacturersModelName": "TrioTim",
    "Modality": "MR",
    "PartialFourier": 1,
    "PatientPosition": "HFS",
    "PercentPhaseFOV": 100,
    "PhaseEncodingDirection": "j-",
    "PhaseEncodingSteps": 64,
    "PhaseResolution": 1,
    "PixelBandwidth": 1905,
    "ProcedureStepDescription": "Brain_-_UQ_fMRI",
    "ProtocolName": "OLVSL_R3",
    "PulseSequenceDetails": "%SiemensSeq%_ep2d_pace",
    "ReceiveCoilName": "32Ch_Head",
    "ReconMatrixPE": 64,
    "RepetitionTime": 2,
    "SAR": 0.170498,
    "ScanOptions": "FS",
    "ScanningSequence": "EP",
    "SequenceName": "_epfid2d1_64",
    "SequenceVariant": "SK",
    "SeriesDescription": "OLVSL_R3",
    "SeriesNumber": 4,
    "ShimSetting": [
      6843,
      -11241,
      -2139,
      780,
      56,
      594,
      -65,
      15
    ],
    "SliceThickness": 3,
    "SliceTiming": [
      0,
      1.0225,
      0.06,
      1.0825,
      0.12,
      1.1425,
      0.18,
      1.2025,
      0.24,
      1.2625,
      0.3,
      1.325,
      0.36,
      1.385,
      0.42,
      1.445,
      0.48,
      1.505,
      0.54,
      1.565,
      0.6,
      1.625,
      0.6625,
      1.685,
      0.7225,
      1.745,
      0.7825,
      1.805,
      0.8425,
      1.865,
      0.9025,
      1.925,
      0.9625
    ],
    "SoftwareVersions": "syngo_MR_B17",
    "SpacingBetweenSlices": 3.3,
    "StationName": "mrc_Trio",
    "TaskName": "learn",
    "TotalReadoutTime": 0.0371701,
    "TxRefAmp": 323.511,
    "dataset": "ds001241",
    "modality": "bold",
    "run_id": 3,
    "subject_id": "23",
    "task_id": "learn"
  },
  "dummy_trs": 1,
  "dvars_nstd": 20.063802921369856,
  "dvars_std": 1.1645627469863018,
  "dvars_vstd": 0.9610115272602746,
  "efc": 0.5787242186254715,
  "fber": 616.2296142578125,
  "fd_mean": 0.08613659552703075,
  "fd_num": 1,
  "fd_perc": 0.6802721088435374,
  "fwhm_avg": 2.5807616287449067,
  "fwhm_x": 2.47938,
  "fwhm_y": 2.6503866666666664,
  "fwhm_z": 2.612518219568053,
  "gcor": 0.0278912,
  "gsr_x": -0.01915513537824154,
  "gsr_y": 0.0894787535071373,
  "provenance": {
    "md5sum": "a1551c49a87640fe23e1cf30d075004f",
    "settings": {
      "fd_thres": 0.2,
      "testing": false
    },
    "software": "mriqc",
    "version": "22.0.6",
    "webapi_port": null,
    "webapi_url": "https://mriqc.nimh.nih.gov/api/v1"
  },
  "size_t": 147,
  "size_x": 64,
  "size_y": 64,
  "size_z": 33,
  "snr": 3.1879976537087296,
  "spacing_tr": 2.0,
  "spacing_x": 3.0,
  "spacing_y": 3.0,
  "spacing_z": 3.299999952316284,
  "summary_bg_k": 31.20245909018766,
  "summary_bg_mad": 6.202724144327378,
  "summary_bg_mean": 49.78523254394531,
  "summary_bg_median": 24.06122398376465,
  "summary_bg_n": 72876.0,
  "summary_bg_p05": 19.4761905670166,
  "summary_bg_p95": 181.6547622680664,
  "summary_bg_stdv": 73.69383239746094,
  "summary_fg_k": 2.504604107378772,
  "summary_fg_mad": 165.4967168899862,
  "summary_fg_mean": 640.48583984375,
  "summary_fg_median": 605.6632080078125,
  "summary_fg_n": 31176.0,
  "summary_fg_p05": 411.4013442993164,
  "summary_fg_p95": 1001.3145904541016,
  "summary_fg_stdv": 189.97927856445312,
  "tsnr": 85.32646335382015
}