{
  "aor": 0.0013749315068493151,
  "aqi": 0.0029984755479452057,
  "bids_meta": {
    "AcquisitionMatrixPE": 64,
    "AcquisitionNumber": 1,
    "AcquisitionTime": "13:24:56.702500",
    "BandwidthPerPixelPhaseEncode": 26.483,
    "BaseResolution": 64,
    "ConversionSoftware": "dcm2niix",
    "ConversionSoftwareVersion": "v1.0.20171215 Clang9.0.0",
    "DerivedVendorReportedEchoSpacing": 0.000590001,
    "DeviceSerialNumber": "35410",
    "DwellTime": 4.1e-06,
    "EchoTime": 0.026,
    "EffectiveEchoSpacing": 0.000590001,
    "FlipAngle": 90,
    "ImageOrientationPatientDICOM": [
      0.999963,
      0.00164872,
      0.00840308,
      -3.84932e-08,
      0.981291,
      -0.192529
    ],
    "ImageType": [
      "ORIGINAL",
      "PRIMARY",
      "M",
      "ND",
      "MOSAIC"
    ],
    "InPlanePhaseEncodingDirectionDICOM": "COL",
    "InstitutionAddress": "Cooper_60_St._Lucia_QLD_AU_4072",
    "InstitutionName": "St_Lucia_Campus",
    "InstitutionalDepartmentName": "Gehrmann_Labs_MRI",
    "MRAcquisitionType": "2D",
    "MagneticFieldStrength": 3,
    "Manufacturer": "Siemens",
    "ManufacturersModelName": "TrioTim",
    "Modality": "MR",
    "PartialFourier": 1,
    "PatientPosition": "HFS",
    "PercentPhaseFOV": 100,
    "PhaseEncodingDirection": "j-",
    "PhaseEncodingSteps": 64,
    "PhaseResolution": 1,
    "PixelBandwidth": 1905,
    "ProcedureStepDescription": "Brain_-_UQ_fMRI",
    "ProtocolName": "OLVSL_R6",
    "PulseSequenceDetails": "%SiemensSeq%_ep2d_pace",
    "ReceiveCoilName": "32Ch_Head",
    "ReconMatrixPE": 64,
    "RepetitionTime": 2,
    "SAR": 0.170498,
    "ScanOptions": "FS",
    "ScanningSequence": "EP",
    "SequenceName": "_epfid2d1_64",
    "SequenceVariant": "SK",
    "SeriesDescription": "OLVSL_R6",
    "SeriesNumber": 8,
    "ShimSetting": [
      6843,
      -11241,
      -2139,
      780,
      56,
      594,
      -65,
      15
    ],
    "SliceThickness": 3,
    "SliceTiming": [
      0,
      1.0225,
      0.06,
      1.085,
      0.12,
      1.145,
      0.18,
      1.205,
      0.24,
      1.265,
      0.3,
      1.325,
      0.36,
      1.385,
      0.4225,
      1.445,
      0.4825,
      1.505,
      0.5425,
      1.565,
      0.6025,
      1.625,
      0.6625,
      1.685,
      0.7225,
      1.745,
      0.7825,
      1.8075,
      0.8425,
      1.8675,
      0.9025,
      1.9275,
      0.9625
    ],
    "SoftwareVersions": "syngo_MR_B17",
    "SpacingBetweenSlices": 3.3,
    "StationName": "mrc_Trio",
    "TaskName": "learn",
    "TotalReadoutTime": 0.0371701,
    "TxRefAmp": 323.511,
    "dataset": "ds001241",
    "modality": "bold",
    "run_id": 6,
    "subject_id": "23",
    "task_id": "learn"
  },
  "dummy_trs": 2,
  "dvars_nstd": 21.185359060344815,
  "dvars_std": 1.2391833979999995,
  "dvars_vstd": 1.0006277013793101,
  "efc": 0.5755597793944066,
  "fber": 611.7423095703125,
  "fd_mean": 0.08754504213709136,
  "fd_num": 4,
  "fd_perc": 2.73972602739726,
  "fwhm_avg": 2.525555971982108,
  "fwhm_x": 2.4088133333333333,
  "fwhm_y": 2.5962666666666667,
  "fwhm_z": 2.5715879159463237,
  "gcor": 0.018375,
  "gsr_x": -0.01256286259740591,
  "gsr_y": 0.07765667885541916,
  "provenance": {
    "md5sum": "eb5c185e076600869ec7012742588a7e",
    "settings": {
      "fd_thres": 0.2,
      "testing": false
    },
    "software": "mriqc",
    "version": "22.0.6",
    "webapi_port": null,
    "webapi_url": "https://mriqc.nimh.nih.gov/api/v1"
  },
  "size_t": 146,
  "size_x": 64,
  "size_y": 64,
  "size_z": 33,
  "snr": 3.295635582792021,
  "spacing_tr": 2.0,
  "spacing_x": 3.0,
  "spacing_y": 3.0,
  "spacing_z": 3.299999952316284,
  "summary_bg_k": 29.353531673581735,
  "summary_bg_mad": 6.884960173818815,
  "summary_bg_mean": 48.480987548828125,
  "summary_bg_median": 24.2534236907959,
  "summary_bg_n": 73791.0,
  "summary_bg_p05": 18.636985778808594,
  "summary_bg_p95": 179.03424072265625,
  "summary_bg_stdv": 67.9520263671875,
  "summary_fg_k": 2.1205104852971397,
  "summary_fg_mad": 162.14694892892138,
  "summary_fg_mean": 639.0198974609375,
  "summary_fg_median": 606.136962890625,
  "summary_fg_n": 30744.0,
  "summary_fg_p05": 412.7349349975586,
  "summary_fg_p95": 987.4612976074218,
  "summary_fg_stdv": 183.91812133789062,
  "tsnr": 88.15927634947002
}