{
  "aor": 0.0012722602739726027,
  "aqi": 0.003697433082191781,
  "bids_meta": {
    "AcquisitionMatrixPE": 64,
    "AcquisitionNumber": 1,
    "AcquisitionTime": "13:47:13.137500",
    "BandwidthPerPixelPhaseEncode": 26.483,
    "BaseResolution": 64,
    "ConversionSoftware": "dcm2niix",
    "ConversionSoftwareVersion": "v1.0.20171215 Clang9.0.0",
    "DerivedVendorReportedEchoSpacing": 0.000590001,
    "DeviceSerialNumber": "35410",
    "DwellTime": 4.1e-06,
    "EchoTime": 0.026,
    "EffectiveEchoSpacing": 0.000590001,
    "FlipAngle": 90,
    "ImageOrientationPatientDICOM": [
      0.999963,
      0.00164872,
      0.00840308,
      -3.84932e-08,
      0.981291,
      -0.192529
    ],
    "ImageType": [
      "ORIGINAL",
      "PRIMARY",
      "M",
      "ND",
      "MOSAIC"
    ],
    "InPlanePhaseEncodingDirectionDICOM": "COL",
    "InstitutionAddress": "Cooper_60_St._Lucia_QLD_AU_4072",
    "InstitutionName": "St_Lucia_Campus",
    "InstitutionalDepartmentName": "Gehrmann_Labs_MRI",
    "MRAcquisitionType": "2D",
    "MagneticFieldStrength": 3,
    "Manufacturer": "Siemens",
    "ManufacturersModelName": "TrioTim",
    "Modality": "MR",
    "PartialFourier": 1,
    "PatientPosition": "HFS",
    "PercentPhaseFOV": 100,
    "PhaseEncodingDirection": "j-",
    "PhaseEncodingSteps": 64,
    "PhaseResolution": 1,
    "PixelBandwidth": 1905,
    "ProcedureStepDescription": "Brain_-_UQ_fMRI",
    "ProtocolName": "OLVSL_R10",
    "PulseSequenceDetails": "%SiemensSeq%_ep2d_pace",
    "ReceiveCoilName": "32Ch_Head",
    "ReconMatrixPE": 64,
    "RepetitionTime": 2,
    "SAR": 0.170498,
    "ScanOptions": "FS",
    "ScanningSequence": "EP",
    "SequenceName": "_epfid2d1_64",
    "SequenceVariant": "SK",
    "SeriesDescription": "OLVSL_R10",
    "SeriesNumber": 12,
    "ShimSetting": [
      6843,
      -11241,
      -2139,
      780,
      56,
      594,
      -65,
      15
    ],
    "SliceThickness": 3,
    "SliceTiming": [
      0,
      1.025,
      0.06,
      1.085,
      0.12,
      1.145,
      0.18,
      1.205,
      0.24,
      1.265,
      0.3,
      1.325,
      0.3625,
      1.385,
      0.4225,
      1.445,
      0.4825,
      1.505,
      0.5425,
      1.565,
      0.6025,
      1.625,
      0.6625,
      1.6875,
      0.7225,
      1.7475,
      0.7825,
      1.8075,
      0.8425,
      1.8675,
      0.9025,
      1.9275,
      0.9625
    ],
    "SoftwareVersions": "syngo_MR_B17",
    "SpacingBetweenSlices": 3.3,
    "StationName": "mrc_Trio",
    "TaskName": "learn",
    "TotalReadoutTime": 0.0371701,
    "TxRefAmp": 323.511,
    "dataset": "ds001241",
    "modality": "bold",
    "run_id": 10,
    "subject_id": "23",
    "task_id": "learn"
  },
  "dummy_trs": 2,
  "dvars_nstd": 24.76287063034484,
  "dvars_std": 1.2597695022758622,
  "dvars_vstd": 0.985301312068966,
  "efc": 0.5759294014548959,
  "fber": 622.4539184570312,
  "fd_mean": 0.13932274919060703,
  "fd_num": 23,
  "fd_perc": 15.753424657534246,
  "fwhm_avg": 2.5218362750281016,
  "fwhm_x": 2.3881200000000002,
  "fwhm_y": 2.602543333333333,
  "fwhm_z": 2.57484549175097,
  "gcor": 0.0124975,
  "gsr_x": -0.01408193539828062,
  "gsr_y": 0.08100385963916779,
  "provenance": {
    "md5sum": "24799643459426f538c94f115d0c538f",
    "settings": {
      "fd_thres": 0.2,
      "testing": false
    },
    "software": "mriqc",
    "version": "22.0.6",
    "webapi_port": null,
    "webapi_url": "https://mriqc.nimh.nih.gov/api/v1"
  },
  "size_t": 146,
  "size_x": 64,
  "size_y": 64,
  "size_z": 33,
  "snr": 3.341273384453108,
  "spacing_tr": 2.0,
  "spacing_x": 3.0,
  "spacing_y": 3.0,
  "spacing_z": 3.299999952316284,
  "summary_bg_k": 29.006801131092864,
  "summary_bg_mad": 6.336602540992399,
  "summary_bg_mean": 48.14921188354492,
  "summary_bg_median": 24.03424644470215,
  "summary_bg_n": 73911.0,
  "summary_bg_p05": 19.089040756225586,
  "summary_bg_p95": 176.79451751708984,
  "summary_bg_stdv": 66.54228210449219,
  "summary_fg_k": 2.146280383576017,
  "summary_fg_mad": 161.76607290733386,
  "summary_fg_mean": 637.0715942382812,
  "summary_fg_median": 605.5,
  "summary_fg_n": 30639.0,
  "summary_fg_p05": 412.5616455078125,
  "summary_fg_p95": 976.9411071777342,
  "summary_fg_stdv": 181.2153778076172,
  "tsnr": 79.69159091182519
}