{
  "aor": 0.0016834013605442177,
  "aqi": 0.0020402959863945577,
  "bids_meta": {
    "AcquisitionMatrixPE": 64,
    "AcquisitionNumber": 1,
    "AcquisitionTime": "15:50:20.947500",
    "BandwidthPerPixelPhaseEncode": 26.483,
    "BaseResolution": 64,
    "ConversionSoftware": "dcm2niix",
    "ConversionSoftwareVersion": "v1.0.20171215 Clang9.0.0",
    "DerivedVendorReportedEchoSpacing": 0.000590001,
    "DeviceSerialNumber": "35410",
    "DwellTime": 4.1e-06,
    "EchoTime": 0.026,
    "EffectiveEchoSpacing": 0.000590001,
    "FlipAngle": 90,
    "ImageOrientationPatientDICOM": [
      1,
      2e-16,
      0,
      -2e-16,
      0.997684,
      -0.0680153
    ],
    "ImageType": [
      "ORIGINAL",
      "PRIMARY",
      "M",
      "ND",
      "MOSAIC"
    ],
    "InPlanePhaseEncodingDirectionDICOM": "COL",
    "InstitutionAddress": "Cooper_60_St._Lucia_QLD_AU_4072",
    "InstitutionName": "School_of_Psychology",
    "InstitutionalDepartmentName": "Gehrmann_Labs_MRI",
    "MRAcquisitionType": "2D",
    "MagneticFieldStrength": 3,
    "Manufacturer": "Siemens",
    "ManufacturersModelName": "TrioTim",
    "Modality": "MR",
    "PartialFourier": 1,
    "PatientPosition": "HFS",
    "PercentPhaseFOV": 100,
    "PhaseEncodingDirection": "j-",
    "PhaseEncodingSteps": 64,
    "PhaseResolution": 1,
    "PixelBandwidth": 1905,
    "ProcedureStepDescription": "Brain_-_UQ_fMRI",
    "ProtocolName": "OLVSL_R8",
    "PulseSequenceDetails": "%SiemensSeq%_ep2d_pace",
    "ReceiveCoilName": "32Ch_Head",
    "ReconMatrixPE": 64,
    "RepetitionTime": 2,
    "SAR": 0.173578,
    "ScanOptions": "FS",
    "ScanningSequence": "EP",
    "SequenceName": "_epfid2d1_64",
    "SequenceVariant": "SK",
    "SeriesDescription": "OLVSL_R8",
    "SeriesNumber": 10,
    "ShimSetting": [
      6797,
      -11424,
      -2079,
      844,
      -52,
      -203,
      98,
      -96
    ],
    "SliceThickness": 3,
    "SliceTiming": [
      0,
      1.025,
      0.06,
      1.085,
      0.12,
      1.145,
      0.18,
      1.205,
      0.24,
      1.265,
      0.3025,
      1.325,
      0.3625,
      1.385,
      0.4225,
      1.445,
      0.4825,
      1.505,
      0.5425,
      1.565,
      0.6025,
      1.625,
      0.6625,
      1.6875,
      0.7225,
      1.7475,
      0.7825,
      1.8075,
      0.8425,
      1.8675,
      0.9025,
      1.9275,
      0.965
    ],
    "SoftwareVersions": "syngo_MR_B17",
    "SpacingBetweenSlices": 3.3,
    "StationName": "mrc_Trio",
    "TaskName": "learn",
    "TotalReadoutTime": 0.0371701,
    "TxRefAmp": 355.299,
    "dataset": "ds001241",
    "modality": "bold",
    "run_id": 8,
    "subject_id": "10",
    "task_id": "learn"
  },
  "dummy_trs": 1,
  "dvars_nstd": 18.536678399246593,
  "dvars_std": 1.2302359210273976,
  "dvars_vstd": 1.012776624726027,
  "efc": 0.6354066834083351,
  "fber": 290.10028076171875,
  "fd_mean": 0.08409232644329312,
  "fd_num": 6,
  "fd_perc": 4.081632653061225,
  "fwhm_avg": 2.846301427869143,
  "fwhm_x": 2.6527333333333334,
  "fwhm_y": 3.036046666666667,
  "fwhm_z": 2.850124283607429,
  "gcor": 0.0321134,
  "gsr_x": -0.021751832216978073,
  "gsr_y": 0.1130780354142189,
  "provenance": {
    "md5sum": "5cf64cc2a97bca9ba0a05df13ba59fcf",
    "settings": {
      "fd_thres": 0.2,
      "testing": false
    },
    "software": "mriqc",
    "version": "22.0.6",
    "webapi_port": null,
    "webapi_url": "https://mriqc.nimh.nih.gov/api/v1"
  },
  "size_t": 147,
  "size_x": 64,
  "size_y": 64,
  "size_z": 33,
  "snr": 2.8502269979085475,
  "spacing_tr": 2.0,
  "spacing_x": 3.0,
  "spacing_y": 3.0,
  "spacing_z": 3.299999952316284,
  "summary_bg_k": 17.341944537135582,
  "summary_bg_mad": 20.47403171377805,
  "summary_bg_mean": 72.74788665771484,
  "summary_bg_median": 36.34693908691406,
  "summary_bg_n": 63254.0,
  "summary_bg_p05": 21.5986385345459,
  "summary_bg_p95": 252.8095245361328,
  "summary_bg_stdv": 89.93570709228516,
  "summary_fg_k": 1.492836249720682,
  "summary_fg_mad": 203.52000267137078,
  "summary_fg_mean": 698.3399658203125,
  "summary_fg_median": 655.5646362304688,
  "summary_fg_n": 37735.0,
  "summary_fg_p05": 411.047607421875,
  "summary_fg_p95": 1147.1170043945303,
  "summary_fg_stdv": 230.00131225585938,
  "tsnr": 93.93527918308973
}