{
  "aor": 0.003313972602739726,
  "aqi": 0.0027546934246575343,
  "bids_meta": {
    "AcquisitionMatrixPE": 64,
    "AcquisitionNumber": 1,
    "AcquisitionTime": "15:39:18.500000",
    "BandwidthPerPixelPhaseEncode": 26.483,
    "BaseResolution": 64,
    "ConversionSoftware": "dcm2niix",
    "ConversionSoftwareVersion": "v1.0.20171215 Clang9.0.0",
    "DerivedVendorReportedEchoSpacing": 0.000590001,
    "DeviceSerialNumber": "35410",
    "DwellTime": 4.1e-06,
    "EchoTime": 0.026,
    "EffectiveEchoSpacing": 0.000590001,
    "FlipAngle": 90,
    "ImageOrientationPatientDICOM": [
      1,
      2e-16,
      0,
      -2e-16,
      0.997684,
      -0.0680153
    ],
    "ImageType": [
      "ORIGINAL",
      "PRIMARY",
      "M",
      "ND",
      "MOSAIC"
    ],
    "InPlanePhaseEncodingDirectionDICOM": "COL",
    "InstitutionAddress": "Cooper_60_St._Lucia_QLD_AU_4072",
    "InstitutionName": "School_of_Psychology",
    "InstitutionalDepartmentName": "Gehrmann_Labs_MRI",
    "MRAcquisitionType": "2D",
    "MagneticFieldStrength": 3,
    "Manufacturer": "Siemens",
    "ManufacturersModelName": "TrioTim",
    "Modality": "MR",
    "PartialFourier": 1,
    "PatientPosition": "HFS",
    "PercentPhaseFOV": 100,
    "PhaseEncodingDirection": "j-",
    "PhaseEncodingSteps": 64,
    "PhaseResolution": 1,
    "PixelBandwidth": 1905,
    "ProcedureStepDescription": "Brain_-_UQ_fMRI",
    "ProtocolName": "OLVSL_R6",
    "PulseSequenceDetails": "%SiemensSeq%_ep2d_pace",
    "ReceiveCoilName": "32Ch_Head",
    "ReconMatrixPE": 64,
    "RepetitionTime": 2,
    "SAR": 0.173578,
    "ScanOptions": "FS",
    "ScanningSequence": "EP",
    "SequenceName": "_epfid2d1_64",
    "SequenceVariant": "SK",
    "SeriesDescription": "OLVSL_R6",
    "SeriesNumber": 8,
    "ShimSetting": [
      6797,
      -11424,
      -2079,
      844,
      -52,
      -203,
      98,
      -96
    ],
    "SliceThickness": 3,
    "SliceTiming": [
      0,
      1.025,
      0.06,
      1.085,
      0.12,
      1.145,
      0.1825,
      1.205,
      0.2425,
      1.265,
      0.3025,
      1.325,
      0.3625,
      1.385,
      0.4225,
      1.445,
      0.4825,
      1.505,
      0.5425,
      1.5675,
      0.6025,
      1.6275,
      0.6625,
      1.6875,
      0.7225,
      1.7475,
      0.7825,
      1.8075,
      0.845,
      1.8675,
      0.905,
      1.9275,
      0.965
    ],
    "SoftwareVersions": "syngo_MR_B17",
    "SpacingBetweenSlices": 3.3,
    "StationName": "mrc_Trio",
    "TaskName": "learn",
    "TotalReadoutTime": 0.0371701,
    "TxRefAmp": 355.299,
    "dataset": "ds001241",
    "modality": "bold",
    "run_id": 6,
    "subject_id": "10",
    "task_id": "learn"
  },
  "dummy_trs": 2,
  "dvars_nstd": 19.160726415379326,
  "dvars_std": 1.2256121895862069,
  "dvars_vstd": 1.017660490137931,
  "efc": 0.6344337275283064,
  "fber": 293.83612060546875,
  "fd_mean": 0.09688063225208349,
  "fd_num": 10,
  "fd_perc": 6.8493150684931505,
  "fwhm_avg": 2.8336624378128277,
  "fwhm_x": 2.6616933333333335,
  "fwhm_y": 3.0218333333333334,
  "fwhm_z": 2.817460646771816,
  "gcor": 0.0191763,
  "gsr_x": -0.02152591198682785,
  "gsr_y": 0.11182641983032227,
  "provenance": {
    "md5sum": "86775bc46ba7509847e9462188083450",
    "settings": {
      "fd_thres": 0.2,
      "testing": false
    },
    "software": "mriqc",
    "version": "22.0.6",
    "webapi_port": null,
    "webapi_url": "https://mriqc.nimh.nih.gov/api/v1"
  },
  "size_t": 146,
  "size_x": 64,
  "size_y": 64,
  "size_z": 33,
  "snr": 2.862981115255876,
  "spacing_tr": 2.0,
  "spacing_x": 3.0,
  "spacing_y": 3.0,
  "spacing_z": 3.299999952316284,
  "summary_bg_k": 17.277261194705776,
  "summary_bg_mad": 20.3603921630867,
  "summary_bg_mean": 71.7457046508789,
  "summary_bg_median": 36.109588623046875,
  "summary_bg_n": 63428.0,
  "summary_bg_p05": 21.280820846557617,
  "summary_bg_p95": 248.524311828613,
  "summary_bg_stdv": 87.90840148925781,
  "summary_fg_k": 1.460869267693032,
  "summary_fg_mad": 202.73065091648647,
  "summary_fg_mean": 696.2946166992188,
  "summary_fg_median": 654.3493041992188,
  "summary_fg_n": 37733.0,
  "summary_fg_p05": 410.22601928710935,
  "summary_fg_p95": 1143.5972900390627,
  "summary_fg_stdv": 228.5522003173828,
  "tsnr": 82.13056940585375
}