{
  "aor": 0.005983809523809523,
  "aqi": 0.003079444244897959,
  "bids_meta": {
    "AcquisitionMatrixPE": 64,
    "AcquisitionNumber": 1,
    "AcquisitionTime": "15:11:51.907500",
    "BandwidthPerPixelPhaseEncode": 26.483,
    "BaseResolution": 64,
    "ConversionSoftware": "dcm2niix",
    "ConversionSoftwareVersion": "v1.0.20171215 Clang9.0.0",
    "DerivedVendorReportedEchoSpacing": 0.000590001,
    "DeviceSerialNumber": "35410",
    "DwellTime": 4.1e-06,
    "EchoTime": 0.026,
    "EffectiveEchoSpacing": 0.000590001,
    "FlipAngle": 90,
    "ImageOrientationPatientDICOM": [
      1,
      2e-16,
      0,
      -2e-16,
      0.997684,
      -0.0680153
    ],
    "ImageType": [
      "ORIGINAL",
      "PRIMARY",
      "M",
      "ND",
      "MOSAIC"
    ],
    "InPlanePhaseEncodingDirectionDICOM": "COL",
    "InstitutionAddress": "Cooper_60_St._Lucia_QLD_AU_4072",
    "InstitutionName": "School_of_Psychology",
    "InstitutionalDepartmentName": "Gehrmann_Labs_MRI",
    "MRAcquisitionType": "2D",
    "MagneticFieldStrength": 3,
    "Manufacturer": "Siemens",
    "ManufacturersModelName": "TrioTim",
    "Modality": "MR",
    "PartialFourier": 1,
    "PatientPosition": "HFS",
    "PercentPhaseFOV": 100,
    "PhaseEncodingDirection": "j-",
    "PhaseEncodingSteps": 64,
    "PhaseResolution": 1,
    "PixelBandwidth": 1905,
    "ProcedureStepDescription": "Brain_-_UQ_fMRI",
    "ProtocolName": "OLVSL_R2",
    "PulseSequenceDetails": "%SiemensSeq%_ep2d_pace",
    "ReceiveCoilName": "32Ch_Head",
    "ReconMatrixPE": 64,
    "RepetitionTime": 2,
    "SAR": 0.173578,
    "ScanOptions": "FS",
    "ScanningSequence": "EP",
    "SequenceName": "_epfid2d1_64",
    "SequenceVariant": "SK",
    "SeriesDescription": "OLVSL_R2",
    "SeriesNumber": 3,
    "ShimSetting": [
      6797,
      -11424,
      -2079,
      844,
      -52,
      -203,
      98,
      -96
    ],
    "SliceThickness": 3,
    "SliceTiming": [
      0,
      1.025,
      0.06,
      1.085,
      0.12,
      1.145,
      0.18,
      1.205,
      0.24,
      1.265,
      0.3025,
      1.325,
      0.3625,
      1.385,
      0.4225,
      1.445,
      0.4825,
      1.505,
      0.5425,
      1.565,
      0.6025,
      1.625,
      0.6625,
      1.6875,
      0.7225,
      1.7475,
      0.7825,
      1.8075,
      0.8425,
      1.8675,
      0.9025,
      1.9275,
      0.965
    ],
    "SoftwareVersions": "syngo_MR_B17",
    "SpacingBetweenSlices": 3.3,
    "StationName": "mrc_Trio",
    "TaskName": "learn",
    "TotalReadoutTime": 0.0371701,
    "TxRefAmp": 355.299,
    "dataset": "ds001241",
    "modality": "bold",
    "run_id": 2,
    "subject_id": "10",
    "task_id": "learn"
  },
  "dummy_trs": 1,
  "dvars_nstd": 19.075167720890416,
  "dvars_std": 1.1680153609589037,
  "dvars_vstd": 0.9905362954794521,
  "efc": 0.6323736016522342,
  "fber": 306.8209228515625,
  "fd_mean": 0.09627914038418546,
  "fd_num": 12,
  "fd_perc": 8.16326530612245,
  "fwhm_avg": 2.8248416295889247,
  "fwhm_x": 2.6545900000000002,
  "fwhm_y": 3.0321833333333337,
  "fwhm_z": 2.78775155543344,
  "gcor": 0.0237693,
  "gsr_x": -0.019348887726664543,
  "gsr_y": 0.1131642684340477,
  "provenance": {
    "md5sum": "9fd405b54add95768a9d42ed0737e895",
    "settings": {
      "fd_thres": 0.2,
      "testing": false
    },
    "software": "mriqc",
    "version": "22.0.6",
    "webapi_port": null,
    "webapi_url": "https://mriqc.nimh.nih.gov/api/v1"
  },
  "size_t": 147,
  "size_x": 64,
  "size_y": 64,
  "size_z": 33,
  "snr": 2.881652044884785,
  "spacing_tr": 2.0,
  "spacing_x": 3.0,
  "spacing_y": 3.0,
  "spacing_z": 3.299999952316284,
  "summary_bg_k": 17.27620785306549,
  "summary_bg_mad": 19.959659053832954,
  "summary_bg_mean": 71.5821304321289,
  "summary_bg_median": 35.67346954345703,
  "summary_bg_n": 63801.0,
  "summary_bg_p05": 21.231292724609375,
  "summary_bg_p95": 247.50340270996094,
  "summary_bg_stdv": 88.1006851196289,
  "summary_fg_k": 1.4889250526363842,
  "summary_fg_mad": 202.9097323245933,
  "summary_fg_mean": 701.3064575195312,
  "summary_fg_median": 658.9829711914062,
  "summary_fg_n": 37522.0,
  "summary_fg_p05": 415.61360321044924,
  "summary_fg_p95": 1148.07749633789,
  "summary_fg_stdv": 228.67930603027344,
  "tsnr": 75.01769017777406
}