{
  "aor": 0.0023539041095890414,
  "aqi": 0.0021211572739726027,
  "bids_meta": {
    "AcquisitionMatrixPE": 64,
    "AcquisitionNumber": 1,
    "AcquisitionTime": "15:28:31.272500",
    "BandwidthPerPixelPhaseEncode": 26.483,
    "BaseResolution": 64,
    "ConversionSoftware": "dcm2niix",
    "ConversionSoftwareVersion": "v1.0.20171215 Clang9.0.0",
    "DerivedVendorReportedEchoSpacing": 0.000590001,
    "DeviceSerialNumber": "35410",
    "DwellTime": 4.1e-06,
    "EchoTime": 0.026,
    "EffectiveEchoSpacing": 0.000590001,
    "FlipAngle": 90,
    "ImageOrientationPatientDICOM": [
      1,
      2e-16,
      0,
      -2e-16,
      0.997684,
      -0.0680153
    ],
    "ImageType": [
      "ORIGINAL",
      "PRIMARY",
      "M",
      "ND",
      "MOSAIC"
    ],
    "InPlanePhaseEncodingDirectionDICOM": "COL",
    "InstitutionAddress": "Cooper_60_St._Lucia_QLD_AU_4072",
    "InstitutionName": "School_of_Psychology",
    "InstitutionalDepartmentName": "Gehrmann_Labs_MRI",
    "MRAcquisitionType": "2D",
    "MagneticFieldStrength": 3,
    "Manufacturer": "Siemens",
    "ManufacturersModelName": "TrioTim",
    "Modality": "MR",
    "PartialFourier": 1,
    "PatientPosition": "HFS",
    "PercentPhaseFOV": 100,
    "PhaseEncodingDirection": "j-",
    "PhaseEncodingSteps": 64,
    "PhaseResolution": 1,
    "PixelBandwidth": 1905,
    "ProcedureStepDescription": "Brain_-_UQ_fMRI",
    "ProtocolName": "OLVSL_R5",
    "PulseSequenceDetails": "%SiemensSeq%_ep2d_pace",
    "ReceiveCoilName": "32Ch_Head",
    "ReconMatrixPE": 64,
    "RepetitionTime": 2,
    "SAR": 0.173578,
    "ScanOptions": "FS",
    "ScanningSequence": "EP",
    "SequenceName": "_epfid2d1_64",
    "SequenceVariant": "SK",
    "SeriesDescription": "OLVSL_R5",
    "SeriesNumber": 6,
    "ShimSetting": [
      6797,
      -11424,
      -2079,
      844,
      -52,
      -203,
      98,
      -96
    ],
    "SliceThickness": 3,
    "SliceTiming": [
      0,
      1.025,
      0.06,
      1.085,
      0.12,
      1.145,
      0.1825,
      1.205,
      0.2425,
      1.265,
      0.3025,
      1.325,
      0.3625,
      1.385,
      0.4225,
      1.445,
      0.4825,
      1.505,
      0.5425,
      1.5675,
      0.6025,
      1.6275,
      0.6625,
      1.6875,
      0.7225,
      1.7475,
      0.7825,
      1.8075,
      0.845,
      1.8675,
      0.905,
      1.9275,
      0.965
    ],
    "SoftwareVersions": "syngo_MR_B17",
    "SpacingBetweenSlices": 3.3,
    "StationName": "mrc_Trio",
    "TaskName": "learn",
    "TotalReadoutTime": 0.0371701,
    "TxRefAmp": 355.299,
    "dataset": "ds001241",
    "modality": "bold",
    "run_id": 5,
    "subject_id": "10",
    "task_id": "learn"
  },
  "dummy_trs": 2,
  "dvars_nstd": 19.00972757034483,
  "dvars_std": 1.2647112324137935,
  "dvars_vstd": 1.0252125797241378,
  "efc": 0.6341721367330636,
  "fber": 299.8431701660156,
  "fd_mean": 0.07688169486468331,
  "fd_num": 5,
  "fd_perc": 3.4246575342465753,
  "fwhm_avg": 2.828245872194298,
  "fwhm_x": 2.6390333333333333,
  "fwhm_y": 3.0203466666666667,
  "fwhm_z": 2.8253576165828935,
  "gcor": 0.0266058,
  "gsr_x": -0.020017320290207863,
  "gsr_y": 0.11366916447877884,
  "provenance": {
    "md5sum": "5908f8d8cba76b2c93177caa7c1ef6fb",
    "settings": {
      "fd_thres": 0.2,
      "testing": false
    },
    "software": "mriqc",
    "version": "22.0.6",
    "webapi_port": null,
    "webapi_url": "https://mriqc.nimh.nih.gov/api/v1"
  },
  "size_t": 146,
  "size_x": 64,
  "size_y": 64,
  "size_z": 33,
  "snr": 2.863579668438769,
  "spacing_tr": 2.0,
  "spacing_x": 3.0,
  "spacing_y": 3.0,
  "spacing_z": 3.299999952316284,
  "summary_bg_k": 17.300648416200072,
  "summary_bg_mad": 19.91865821161243,
  "summary_bg_mean": 72.35484313964844,
  "summary_bg_median": 35.8184928894043,
  "summary_bg_n": 63560.0,
  "summary_bg_p05": 21.561643600463867,
  "summary_bg_p95": 253.74007263183591,
  "summary_bg_stdv": 89.81059265136719,
  "summary_fg_k": 1.4578434001072305,
  "summary_fg_mad": 202.53772440709596,
  "summary_fg_mean": 697.445556640625,
  "summary_fg_median": 655.3356323242188,
  "summary_fg_n": 37729.0,
  "summary_fg_p05": 411.62054443359375,
  "summary_fg_p95": 1146.6848876953125,
  "summary_fg_stdv": 228.84886169433594,
  "tsnr": 95.1056157918647
}