{
  "bids_meta": {
    "AcquisitionMatrixPE": 256,
    "AcquisitionNumber": 1,
    "AcquisitionTime": "17:14:16.170000",
    "BaseResolution": 256,
    "ConversionSoftware": "dcm2niix",
    "ConversionSoftwareVersion": "v1.0.20171215 Clang9.0.0",
    "DeviceSerialNumber": "35410",
    "DwellTime": 9.8e-06,
    "EchoTime": 0.00232,
    "FlipAngle": 9,
    "ImageOrientationPatientDICOM": [
      0.00174079,
      0.999999,
      -2.94549e-08,
      -0.00349208,
      6.04951e-06,
      -0.999994
    ],
    "ImageType": [
      "ORIGINAL",
      "PRIMARY",
      "M",
      "ND",
      "NORM"
    ],
    "InPlanePhaseEncodingDirectionDICOM": "ROW",
    "InstitutionAddress": "Cooper_60_St._Lucia_QLD_AU_4072",
    "InstitutionName": "School_of_Psychology",
    "InstitutionalDepartmentName": "Gehrmann_Labs_MRI",
    "Interpolation2D": 1,
    "InversionTime": 0.9,
    "MRAcquisitionType": "3D",
    "MagneticFieldStrength": 3,
    "Manufacturer": "Siemens",
    "ManufacturersModelName": "TrioTim",
    "Modality": "MR",
    "ParallelReductionFactorInPlane": 2,
    "PartialFourier": 1,
    "PatientPosition": "HFS",
    "PercentPhaseFOV": 100,
    "PhaseEncodingSteps": 255,
    "PhaseResolution": 1,
    "PixelBandwidth": 199,
    "ProcedureStepDescription": "Brain_-_UQ_fMRI",
    "ProtocolName": "t1_mpr_sag_p2_iso_0.9",
    "PulseSequenceDetails": "%SiemensSeq%_tfl",
    "ReceiveCoilName": "32Ch_Head",
    "ReconMatrixPE": 512,
    "RepetitionTime": 1.9,
    "SAR": 0.165091,
    "ScanOptions": "IR",
    "ScanningSequence": "GR_IR",
    "SequenceName": "_tfl3d1_ns",
    "SequenceVariant": "SP_MP",
    "SeriesDescription": "t1_mpr_sag_p2_iso_0.9",
    "SeriesNumber": 7,
    "ShimSetting": [
      6825,
      -11255,
      -2613,
      -72,
      38,
      19,
      -121,
      14
    ],
    "SliceThickness": 0.9,
    "SoftwareVersions": "syngo_MR_B17",
    "StationName": "mrc_Trio",
    "TxRefAmp": 379.235,
    "dataset": "ds001241",
    "modality": "T1w",
    "subject_id": "15"
  },
  "cjv": 0.29433167585717274,
  "cnr": 4.582061109135857,
  "efc": 0.5571780841490213,
  "fber": 13202.528350952567,
  "fwhm_avg": 7.323420291813029,
  "fwhm_x": 4.4861292927107295,
  "fwhm_y": 8.911092278380533,
  "fwhm_z": 8.573039304347827,
  "icvs_csf": 0.21634635152595622,
  "icvs_gm": 0.43053889947455737,
  "icvs_wm": 0.35311474899948647,
  "inu_med": 0.4379865825176239,
  "inu_range": 0.1801242768764496,
  "provenance": {
    "md5sum": "a6d573b269c33c950f06aa8bdfef53c3",
    "settings": {
      "testing": false
    },
    "software": "mriqc",
    "version": "22.0.6",
    "warnings": {
      "large_rot_frame": true,
      "small_air_mask": false
    },
    "webapi_port": null,
    "webapi_url": "https://mriqc.nimh.nih.gov/api/v1"
  },
  "qi_1": 0.0,
  "qi_2": 0.01518345220588719,
  "rpve_csf": 19.349422255101068,
  "rpve_gm": 10.229361228958744,
  "rpve_wm": 14.082694020500705,
  "size_x": 192,
  "size_y": 512,
  "size_z": 512,
  "snr_csf": 2.8989199842398765,
  "snr_gm": 18.689946754875002,
  "snr_total": 15.915142810102695,
  "snr_wm": 26.15656169119321,
  "snrd_csf": 29.380667298440173,
  "snrd_gm": 71.71610140146683,
  "snrd_total": 65.78624801563538,
  "snrd_wm": 96.26197534699914,
  "spacing_x": 0.900000810623169,
  "spacing_y": 0.4492187798023224,
  "spacing_z": 0.44921875,
  "summary_bg_k": 107.29423027848456,
  "summary_bg_mad": 0.0,
  "summary_bg_mean": 3.2242375403395176,
  "summary_bg_median": 0.0,
  "summary_bg_n": 11148028.0,
  "summary_bg_p05": 0.0,
  "summary_bg_p95": 13.02689541876316,
  "summary_bg_stdv": 6.805764963136648,
  "summary_csf_k": 0.35373296745264904,
  "summary_csf_mad": 90.54675700116246,
  "summary_csf_mean": 311.3360534301971,
  "summary_csf_median": 305.21570178866386,
  "summary_csf_n": 475995.0,
  "summary_csf_p05": 128.73346461355686,
  "summary_csf_p95": 498.24160082638264,
  "summary_csf_stdv": 105.2858936568507,
  "summary_gm_k": 0.3993701954590487,
  "summary_gm_mad": 38.11335513674235,
  "summary_gm_mean": 745.0292356159056,
  "summary_gm_median": 745.0096349567175,
  "summary_gm_n": 563485.0,
  "summary_gm_p05": 679.8256259411573,
  "summary_gm_p95": 810.391771659255,
  "summary_gm_stdv": 39.86148187869639,
  "summary_wm_k": 0.4055013711976305,
  "summary_wm_mad": 36.938376943702124,
  "summary_wm_mean": 1001.127718600237,
  "summary_wm_median": 999.9999680966139,
  "summary_wm_n": 1492277.0,
  "summary_wm_p05": 940.4130662381649,
  "summary_wm_p95": 1065.877424016595,
  "summary_wm_stdv": 38.23131055389539,
  "tpm_overlap_csf": 0.1460328992422017,
  "tpm_overlap_gm": 0.4511187213240594,
  "tpm_overlap_wm": 0.5104443364390814,
  "wm2max": 0.37674355274992377
}