{
  "bids_meta": {
    "AcquisitionMatrixPE": 256,
    "AcquisitionNumber": 1,
    "AcquisitionTime": "15:44:21.535000",
    "BaseResolution": 256,
    "ConversionSoftware": "dcm2niix",
    "ConversionSoftwareVersion": "v1.0.20171215 Clang9.0.0",
    "DeviceSerialNumber": "35410",
    "DwellTime": 9.8e-06,
    "EchoTime": 0.00232,
    "FlipAngle": 9,
    "ImageOrientationPatientDICOM": [
      0.010468,
      0.999945,
      -5.2023e-08,
      0.012214,
      -0.000127915,
      -0.999925
    ],
    "ImageType": [
      "ORIGINAL",
      "PRIMARY",
      "M",
      "ND",
      "NORM"
    ],
    "InPlanePhaseEncodingDirectionDICOM": "ROW",
    "InstitutionAddress": "Cooper_60_St._Lucia_QLD_AU_4072",
    "InstitutionName": "School_of_Psychology",
    "InstitutionalDepartmentName": "Gehrmann_Labs_MRI",
    "Interpolation2D": 1,
    "InversionTime": 0.9,
    "MRAcquisitionType": "3D",
    "MagneticFieldStrength": 3,
    "Manufacturer": "Siemens",
    "ManufacturersModelName": "TrioTim",
    "Modality": "MR",
    "ParallelReductionFactorInPlane": 2,
    "PartialFourier": 1,
    "PatientPosition": "HFS",
    "PercentPhaseFOV": 100,
    "PhaseEncodingSteps": 255,
    "PhaseResolution": 1,
    "PixelBandwidth": 199,
    "ProcedureStepDescription": "Brain_-_UQ_fMRI",
    "ProtocolName": "t1_mpr_sag_p2_iso_0.9",
    "PulseSequenceDetails": "%SiemensSeq%_tfl",
    "ReceiveCoilName": "32Ch_Head",
    "ReconMatrixPE": 512,
    "RepetitionTime": 1.9,
    "SAR": 0.135491,
    "ScanOptions": "IR",
    "ScanningSequence": "GR_IR",
    "SequenceName": "_tfl3d1_ns",
    "SequenceVariant": "SP_MP",
    "SeriesDescription": "t1_mpr_sag_p2_iso_0.9",
    "SeriesNumber": 7,
    "ShimSetting": [
      6825,
      -11255,
      -2613,
      -72,
      38,
      19,
      -121,
      14
    ],
    "SliceThickness": 0.9,
    "SoftwareVersions": "syngo_MR_B17",
    "StationName": "mrc_Trio",
    "TxRefAmp": 379.679,
    "dataset": "ds001241",
    "modality": "T1w",
    "subject_id": "21"
  },
  "cjv": 0.3385824804003095,
  "cnr": 4.065813687355654,
  "efc": 0.586101633896739,
  "fber": -1.0,
  "fwhm_avg": 6.702627227528681,
  "fwhm_x": 4.10369663910778,
  "fwhm_y": 8.060260173913044,
  "fwhm_z": 7.943924869565218,
  "icvs_csf": 0.21304922750705424,
  "icvs_gm": 0.4409282975962304,
  "icvs_wm": 0.34602247489671534,
  "inu_med": 0.5242672562599182,
  "inu_range": 0.21884709000587466,
  "provenance": {
    "md5sum": "aad2c5f879a1338b03cffa63615bea4d",
    "settings": {
      "testing": false
    },
    "software": "mriqc",
    "version": "22.0.6",
    "warnings": {
      "large_rot_frame": true,
      "small_air_mask": false
    },
    "webapi_port": null,
    "webapi_url": "https://mriqc.nimh.nih.gov/api/v1"
  },
  "qi_1": 3.9518771687847646e-05,
  "qi_2": 0.007863195919623877,
  "rpve_csf": 19.845920777434053,
  "rpve_gm": 10.200537416339296,
  "rpve_wm": 14.431497444183815,
  "size_x": 192,
  "size_y": 512,
  "size_z": 512,
  "snr_csf": 2.641415198329982,
  "snr_gm": 16.19955745802538,
  "snr_total": 13.785965782200059,
  "snr_wm": 22.516924690244814,
  "snrd_csf": 27.477837656701322,
  "snrd_gm": 69.269949067358,
  "snrd_total": 63.47309352658818,
  "snrd_wm": 93.67149385570522,
  "spacing_x": 0.8999958634376526,
  "spacing_y": 0.44921875,
  "spacing_z": 0.44921875,
  "summary_bg_k": 67.92363931389535,
  "summary_bg_mad": 0.0,
  "summary_bg_mean": 2.557614695657407,
  "summary_bg_median": 0.0,
  "summary_bg_n": 10403733.0,
  "summary_bg_p05": 0.0,
  "summary_bg_p95": 12.631266061216593,
  "summary_bg_stdv": 6.993978328844613,
  "summary_csf_k": 11.791625897516457,
  "summary_csf_mad": 92.24035966520455,
  "summary_csf_mean": 293.92241856309226,
  "summary_csf_median": 293.3425788804889,
  "summary_csf_n": 403822.0,
  "summary_csf_p05": 98.47434090077877,
  "summary_csf_p95": 473.5486413538456,
  "summary_csf_stdv": 111.05494352343943,
  "summary_gm_k": 0.1671163724278486,
  "summary_gm_mad": 44.945143403746165,
  "summary_gm_mean": 738.5732088871167,
  "summary_gm_median": 739.4987099133432,
  "summary_gm_n": 459762.0,
  "summary_gm_p05": 662.373685374856,
  "summary_gm_p95": 811.6207624040544,
  "summary_gm_stdv": 45.64926588951426,
  "summary_wm_k": 0.301622962260244,
  "summary_wm_mad": 43.256028537265514,
  "summary_wm_mean": 1001.0559196023792,
  "summary_wm_median": 999.9999970346689,
  "summary_wm_n": 1321178.0,
  "summary_wm_p05": 930.0574571192265,
  "summary_wm_p95": 1075.6885246485472,
  "summary_wm_stdv": 44.411021147026155,
  "tpm_overlap_csf": 0.14571794982419456,
  "tpm_overlap_gm": 0.44693856887978745,
  "tpm_overlap_wm": 0.4896273378932049,
  "wm2max": 0.3969249523210318
}