{
  "bids_meta": {
    "AcquisitionMatrixPE": 256,
    "AcquisitionNumber": 1,
    "AcquisitionTime": "15:04:45.707500",
    "BaseResolution": 256,
    "ConversionSoftware": "dcm2niix",
    "ConversionSoftwareVersion": "v1.0.20171215 Clang9.0.0",
    "DeviceSerialNumber": "35410",
    "DwellTime": 9.8e-06,
    "EchoTime": 0.00232,
    "FlipAngle": 9,
    "ImageOrientationPatientDICOM": [
      -0.0244366,
      0.999701,
      -1.86929e-08,
      -0.00523579,
      -0.000128002,
      -0.999986
    ],
    "ImageType": [
      "ORIGINAL",
      "PRIMARY",
      "M",
      "ND",
      "NORM"
    ],
    "InPlanePhaseEncodingDirectionDICOM": "ROW",
    "InstitutionAddress": "Cooper_60_St._Lucia_QLD_AU_4072",
    "InstitutionName": "Centre_for_Advanced_Imaging",
    "InstitutionalDepartmentName": "Gehrmann_Labs_MRI",
    "Interpolation2D": 1,
    "InversionTime": 0.9,
    "MRAcquisitionType": "3D",
    "MagneticFieldStrength": 3,
    "Manufacturer": "Siemens",
    "ManufacturersModelName": "TrioTim",
    "Modality": "MR",
    "ParallelReductionFactorInPlane": 2,
    "PartialFourier": 1,
    "PatientPosition": "HFS",
    "PercentPhaseFOV": 100,
    "PhaseEncodingSteps": 255,
    "PhaseResolution": 1,
    "PixelBandwidth": 199,
    "ProcedureStepDescription": "Brain_-_UQ_fMRI",
    "ProtocolName": "t1_mpr_sag_p2_iso_0.9",
    "PulseSequenceDetails": "%SiemensSeq%_tfl",
    "ReceiveCoilName": "32Ch_Head",
    "ReconMatrixPE": 512,
    "RepetitionTime": 1.9,
    "SAR": 0.117748,
    "ScanOptions": "IR",
    "ScanningSequence": "GR_IR",
    "SequenceName": "_tfl3d1_ns",
    "SequenceVariant": "SP_MP",
    "SeriesDescription": "t1_mpr_sag_p2_iso_0.9",
    "SeriesNumber": 7,
    "ShimSetting": [
      6825,
      -11255,
      -2613,
      -72,
      38,
      19,
      -121,
      14
    ],
    "SliceThickness": 0.9,
    "SoftwareVersions": "syngo_MR_B17",
    "StationName": "mrc_Trio",
    "TxRefAmp": 327.906,
    "dataset": "ds001241",
    "modality": "T1w",
    "subject_id": "13"
  },
  "cjv": 0.27805082339590803,
  "cnr": 4.7308850432285805,
  "efc": 0.5359793305053143,
  "fber": 16681.204582101585,
  "fwhm_avg": 7.292739283767116,
  "fwhm_x": 4.427654499920461,
  "fwhm_y": 8.877300869565218,
  "fwhm_z": 8.573262481815668,
  "icvs_csf": 0.2215701287748964,
  "icvs_gm": 0.4560191906938957,
  "icvs_wm": 0.3224106805312079,
  "inu_med": 0.4695749282836914,
  "inu_range": 0.14478332400321958,
  "provenance": {
    "md5sum": "d5987f5fd04fbc59a315973afdfccd85",
    "settings": {
      "testing": false
    },
    "software": "mriqc",
    "version": "22.0.6",
    "warnings": {
      "large_rot_frame": true,
      "small_air_mask": false
    },
    "webapi_port": null,
    "webapi_url": "https://mriqc.nimh.nih.gov/api/v1"
  },
  "qi_1": 0.0,
  "qi_2": 0.024536106161791856,
  "rpve_csf": 18.787160679817333,
  "rpve_gm": 9.774118393720086,
  "rpve_wm": 15.206461602101312,
  "size_x": 192,
  "size_y": 512,
  "size_z": 512,
  "snr_csf": 3.0984256127674,
  "snr_gm": 17.1941297775245,
  "snr_total": 15.16183183949527,
  "snr_wm": 25.19294012819391,
  "snrd_csf": 33.31943485102354,
  "snrd_gm": 85.42612084140663,
  "snrd_total": 78.86828945435018,
  "snrd_wm": 117.85931267062035,
  "spacing_x": 0.9000002145767212,
  "spacing_y": 0.44921875,
  "spacing_z": 0.4492187201976776,
  "summary_bg_k": 10.540395881497593,
  "summary_bg_mad": 0.0,
  "summary_bg_mean": 3.1445975095833125,
  "summary_bg_median": 0.0,
  "summary_bg_n": 10913565.0,
  "summary_bg_p05": 0.0,
  "summary_bg_p95": 14.478539638221264,
  "summary_bg_stdv": 5.558630972173688,
  "summary_csf_k": 3.5873159104882406,
  "summary_csf_mad": 75.75390644275119,
  "summary_csf_mean": 297.53151930788204,
  "summary_csf_median": 282.7051626779139,
  "summary_csf_n": 496042.0,
  "summary_csf_p05": 174.39634519070387,
  "summary_csf_p95": 471.9069822728634,
  "summary_csf_stdv": 91.24146035713775,
  "summary_gm_k": 0.5302207925709341,
  "summary_gm_mad": 39.677320284914465,
  "summary_gm_mean": 723.0828339881074,
  "summary_gm_median": 724.8143762759864,
  "summary_gm_n": 680914.0,
  "summary_gm_p05": 650.1798396892846,
  "summary_gm_p95": 788.7534755170345,
  "summary_gm_stdv": 42.15472684095247,
  "summary_wm_k": 0.8273927892062374,
  "summary_wm_mad": 36.838279915487774,
  "summary_wm_mean": 1000.713015591849,
  "summary_wm_median": 1000.0000393353403,
  "summary_wm_n": 1330933.0,
  "summary_wm_p05": 937.7890238575637,
  "summary_wm_p95": 1066.4612067714334,
  "summary_wm_stdv": 39.693646655390744,
  "tpm_overlap_csf": 0.15493461616728155,
  "tpm_overlap_gm": 0.46134878226510495,
  "tpm_overlap_wm": 0.49564344911058383,
  "wm2max": 0.40252160014546456
}