{
  "bids_meta": {
    "AcquisitionMatrixPE": 256,
    "AcquisitionNumber": 1,
    "AcquisitionTime": "15:33:55.302500",
    "BaseResolution": 256,
    "ConversionSoftware": "dcm2niix",
    "ConversionSoftwareVersion": "v1.0.20171215 Clang9.0.0",
    "DeviceSerialNumber": "35410",
    "DwellTime": 9.8e-06,
    "EchoTime": 0.00232,
    "FlipAngle": 9,
    "ImageOrientationPatientDICOM": [
      0.0104672,
      0.999945,
      2.20533e-08,
      -0.00349191,
      3.65746e-05,
      -0.999994
    ],
    "ImageType": [
      "ORIGINAL",
      "PRIMARY",
      "M",
      "ND",
      "NORM"
    ],
    "InPlanePhaseEncodingDirectionDICOM": "ROW",
    "InstitutionAddress": "Cooper_60_St._Lucia_QLD_AU_4072",
    "InstitutionName": "School_of_Psychology",
    "InstitutionalDepartmentName": "Gehrmann_Labs_MRI",
    "Interpolation2D": 1,
    "InversionTime": 0.9,
    "MRAcquisitionType": "3D",
    "MagneticFieldStrength": 3,
    "Manufacturer": "Siemens",
    "ManufacturersModelName": "TrioTim",
    "Modality": "MR",
    "ParallelReductionFactorInPlane": 2,
    "PartialFourier": 1,
    "PatientPosition": "HFS",
    "PercentPhaseFOV": 100,
    "PhaseEncodingSteps": 255,
    "PhaseResolution": 1,
    "PixelBandwidth": 199,
    "ProcedureStepDescription": "Brain_-_UQ_fMRI",
    "ProtocolName": "t1_mpr_sag_p2_iso_0.9",
    "PulseSequenceDetails": "%SiemensSeq%_tfl",
    "ReceiveCoilName": "32Ch_Head",
    "ReconMatrixPE": 512,
    "RepetitionTime": 1.9,
    "SAR": 0.118227,
    "ScanOptions": "IR",
    "ScanningSequence": "GR_IR",
    "SequenceName": "_tfl3d1_ns",
    "SequenceVariant": "SP_MP",
    "SeriesDescription": "t1_mpr_sag_p2_iso_0.9",
    "SeriesNumber": 7,
    "ShimSetting": [
      6825,
      -11255,
      -2613,
      -72,
      38,
      19,
      -121,
      14
    ],
    "SliceThickness": 0.9,
    "SoftwareVersions": "syngo_MR_B17",
    "StationName": "mrc_Trio",
    "TxRefAmp": 355.299,
    "dataset": "ds001241",
    "modality": "T1w",
    "subject_id": "10"
  },
  "cjv": 0.2910169708990186,
  "cnr": 4.590778130726902,
  "efc": 0.5784444840263533,
  "fber": 17734.15377869898,
  "fwhm_avg": 7.684858988130652,
  "fwhm_x": 4.806318181783262,
  "fwhm_y": 9.450295652173914,
  "fwhm_z": 8.797963130434782,
  "icvs_csf": 0.18480230258587538,
  "icvs_gm": 0.44709342213934483,
  "icvs_wm": 0.3681042752747798,
  "inu_med": 0.4518509805202484,
  "inu_range": 0.1790670067071915,
  "provenance": {
    "md5sum": "e332246eaf13981bc3d3d9531aefb0e3",
    "settings": {
      "testing": false
    },
    "software": "mriqc",
    "version": "22.0.6",
    "warnings": {
      "large_rot_frame": true,
      "small_air_mask": false
    },
    "webapi_port": null,
    "webapi_url": "https://mriqc.nimh.nih.gov/api/v1"
  },
  "qi_1": 3.404014543463025e-06,
  "qi_2": 0.007182801005829995,
  "rpve_csf": 20.423041864344967,
  "rpve_gm": 9.35640761708698,
  "rpve_wm": 12.76665138187483,
  "size_x": 192,
  "size_y": 512,
  "size_z": 512,
  "snr_csf": 2.406269025516762,
  "snr_gm": 17.26489325342683,
  "snr_total": 15.182208134508357,
  "snr_wm": 25.875462124581475,
  "snrd_csf": 18.482899870465207,
  "snrd_gm": 47.38839004709865,
  "snrd_total": 43.52264308214999,
  "snrd_wm": 64.69663932888612,
  "spacing_x": 0.9000028371810913,
  "spacing_y": 0.44921875,
  "spacing_z": 0.44921875,
  "summary_bg_k": 199.23833013352646,
  "summary_bg_mad": 0.0,
  "summary_bg_mean": 3.399255515702349,
  "summary_bg_median": 0.0,
  "summary_bg_n": 9922013.0,
  "summary_bg_p05": 0.0,
  "summary_bg_p95": 17.103019766509533,
  "summary_bg_stdv": 10.126282019696013,
  "summary_csf_k": -0.46227120734168103,
  "summary_csf_mad": 120.16677911770988,
  "summary_csf_mean": 282.56448442785694,
  "summary_csf_median": 285.6856322288513,
  "summary_csf_n": 375317.0,
  "summary_csf_p05": 78.94473053514957,
  "summary_csf_p95": 477.3297334834933,
  "summary_csf_stdv": 118.7253996151973,
  "summary_gm_k": 0.37943687531622716,
  "summary_gm_mad": 40.74962559189667,
  "summary_gm_mean": 732.5361299501942,
  "summary_gm_median": 732.4706764519215,
  "summary_gm_n": 763695.0,
  "summary_gm_p05": 663.5068870708346,
  "summary_gm_p95": 802.0864871144295,
  "summary_gm_stdv": 42.425411274947066,
  "summary_wm_k": 0.41349751191435713,
  "summary_wm_mad": 37.10595469043145,
  "summary_wm_mean": 1000.8634928728954,
  "summary_wm_median": 1000.0000237673521,
  "summary_wm_n": 1752008.0,
  "summary_wm_p05": 939.0109562128782,
  "summary_wm_p95": 1065.703706741333,
  "summary_wm_stdv": 38.64664265959093,
  "tpm_overlap_csf": 0.14639340384225344,
  "tpm_overlap_gm": 0.46530045009058624,
  "tpm_overlap_wm": 0.5156981325416213,
  "wm2max": 0.40912728541234894
}