{
  "aor": 0.005030816326530612,
  "aqi": 0.002530068462585034,
  "bids_meta": {
    "AcquisitionMatrixPE": 64,
    "AcquisitionNumber": 1,
    "AcquisitionTime": "15:55:19.665000",
    "BandwidthPerPixelPhaseEncode": 26.483,
    "BaseResolution": 64,
    "ConversionSoftware": "dcm2niix",
    "ConversionSoftwareVersion": "v1.0.20171215 Clang9.0.0",
    "DerivedVendorReportedEchoSpacing": 0.000590001,
    "DeviceSerialNumber": "35410",
    "DwellTime": 4.1e-06,
    "EchoTime": 0.026,
    "EffectiveEchoSpacing": 0.000590001,
    "FlipAngle": 90,
    "ImageOrientationPatientDICOM": [
      1,
      -1e-16,
      0,
      1e-16,
      0.991894,
      -0.127065
    ],
    "ImageType": [
      "ORIGINAL",
      "PRIMARY",
      "M",
      "ND",
      "MOSAIC"
    ],
    "InPlanePhaseEncodingDirectionDICOM": "COL",
    "InstitutionAddress": "Cooper_60_St._Lucia_QLD_AU_4072",
    "InstitutionName": "School_of_Psychology",
    "InstitutionalDepartmentName": "Gehrmann_Labs_MRI",
    "MRAcquisitionType": "2D",
    "MagneticFieldStrength": 3,
    "Manufacturer": "Siemens",
    "ManufacturersModelName": "TrioTim",
    "Modality": "MR",
    "PartialFourier": 1,
    "PatientPosition": "HFS",
    "PercentPhaseFOV": 100,
    "PhaseEncodingDirection": "j-",
    "PhaseEncodingSteps": 64,
    "PhaseResolution": 1,
    "PixelBandwidth": 1905,
    "ProcedureStepDescription": "Brain_-_UQ_fMRI",
    "ProtocolName": "OLVSL_R7",
    "PulseSequenceDetails": "%SiemensSeq%_ep2d_pace",
    "ReceiveCoilName": "32Ch_Head",
    "ReconMatrixPE": 64,
    "RepetitionTime": 2,
    "SAR": 0.198925,
    "ScanOptions": "FS",
    "ScanningSequence": "EP",
    "SequenceName": "_epfid2d1_64",
    "SequenceVariant": "SK",
    "SeriesDescription": "OLVSL_R7",
    "SeriesNumber": 9,
    "ShimSetting": [
      6830,
      -11407,
      -2117,
      529,
      70,
      -168,
      -173,
      -72
    ],
    "SliceThickness": 3,
    "SliceTiming": [
      0,
      1.025,
      0.06,
      1.085,
      0.12,
      1.145,
      0.1825,
      1.205,
      0.2425,
      1.265,
      0.3025,
      1.325,
      0.3625,
      1.385,
      0.4225,
      1.445,
      0.4825,
      1.5075,
      0.5425,
      1.5675,
      0.6025,
      1.6275,
      0.6625,
      1.6875,
      0.7225,
      1.7475,
      0.7825,
      1.8075,
      0.845,
      1.8675,
      0.905,
      1.9275,
      0.965
    ],
    "SoftwareVersions": "syngo_MR_B17",
    "SpacingBetweenSlices": 3.3,
    "StationName": "mrc_Trio",
    "TaskName": "learn",
    "TotalReadoutTime": 0.0371701,
    "TxRefAmp": 379.679,
    "dataset": "ds001241",
    "modality": "bold",
    "run_id": 7,
    "subject_id": "21",
    "task_id": "learn"
  },
  "dummy_trs": 1,
  "dvars_nstd": 18.34160951075343,
  "dvars_std": 1.176565578972603,
  "dvars_vstd": 1.0125405162328764,
  "efc": 0.6236456084687144,
  "fber": 317.0381774902344,
  "fd_mean": 0.10642458830086321,
  "fd_num": 9,
  "fd_perc": 6.122448979591836,
  "fwhm_avg": 2.7098398111023214,
  "fwhm_x": 2.5615799999999997,
  "fwhm_y": 2.8434666666666666,
  "fwhm_z": 2.7244727666402984,
  "gcor": 0.0199936,
  "gsr_x": -0.007511241361498833,
  "gsr_y": 0.10645122826099396,
  "provenance": {
    "md5sum": "9849614dc4f83d9204cde0a3d95cca43",
    "settings": {
      "fd_thres": 0.2,
      "testing": false
    },
    "software": "mriqc",
    "version": "22.0.6",
    "webapi_port": null,
    "webapi_url": "https://mriqc.nimh.nih.gov/api/v1"
  },
  "size_t": 147,
  "size_x": 64,
  "size_y": 64,
  "size_z": 33,
  "snr": 3.2660319024444737,
  "spacing_tr": 2.0,
  "spacing_x": 3.0,
  "spacing_y": 3.0,
  "spacing_z": 3.299999952316284,
  "summary_bg_k": 9.042817981068632,
  "summary_bg_mad": 19.34442867689792,
  "summary_bg_mean": 80.18698120117188,
  "summary_bg_median": 35.42176818847656,
  "summary_bg_n": 69903.0,
  "summary_bg_p05": 21.538094902038576,
  "summary_bg_p95": 292.5360534667968,
  "summary_bg_stdv": 97.82347869873047,
  "summary_fg_k": 1.370585849627,
  "summary_fg_mad": 181.36159674832095,
  "summary_fg_mean": 684.9572143554688,
  "summary_fg_median": 654.5782470703125,
  "summary_fg_n": 32226.0,
  "summary_fg_p05": 422.65985107421875,
  "summary_fg_p95": 1069.1308898925781,
  "summary_fg_stdv": 200.41693115234375,
  "tsnr": 79.62586269993335
}