{
  "aor": 0.0009446938775510204,
  "aqi": 0.0019033019047619045,
  "bids_meta": {
    "AcquisitionMatrixPE": 64,
    "AcquisitionNumber": 1,
    "AcquisitionTime": "15:38:16.047500",
    "BandwidthPerPixelPhaseEncode": 26.483,
    "BaseResolution": 64,
    "ConversionSoftware": "dcm2niix",
    "ConversionSoftwareVersion": "v1.0.20171215 Clang9.0.0",
    "DerivedVendorReportedEchoSpacing": 0.000590001,
    "DeviceSerialNumber": "35410",
    "DwellTime": 4.1e-06,
    "EchoTime": 0.026,
    "EffectiveEchoSpacing": 0.000590001,
    "FlipAngle": 90,
    "ImageOrientationPatientDICOM": [
      1,
      -1e-16,
      0,
      1e-16,
      0.991894,
      -0.127065
    ],
    "ImageType": [
      "ORIGINAL",
      "PRIMARY",
      "M",
      "ND",
      "MOSAIC"
    ],
    "InPlanePhaseEncodingDirectionDICOM": "COL",
    "InstitutionAddress": "Cooper_60_St._Lucia_QLD_AU_4072",
    "InstitutionName": "School_of_Psychology",
    "InstitutionalDepartmentName": "Gehrmann_Labs_MRI",
    "MRAcquisitionType": "2D",
    "MagneticFieldStrength": 3,
    "Manufacturer": "Siemens",
    "ManufacturersModelName": "TrioTim",
    "Modality": "MR",
    "PartialFourier": 1,
    "PatientPosition": "HFS",
    "PercentPhaseFOV": 100,
    "PhaseEncodingDirection": "j-",
    "PhaseEncodingSteps": 64,
    "PhaseResolution": 1,
    "PixelBandwidth": 1905,
    "ProcedureStepDescription": "Brain_-_UQ_fMRI",
    "ProtocolName": "OLVSL_R5",
    "PulseSequenceDetails": "%SiemensSeq%_ep2d_pace",
    "ReceiveCoilName": "32Ch_Head",
    "ReconMatrixPE": 64,
    "RepetitionTime": 2,
    "SAR": 0.198925,
    "ScanOptions": "FS",
    "ScanningSequence": "EP",
    "SequenceName": "_epfid2d1_64",
    "SequenceVariant": "SK",
    "SeriesDescription": "OLVSL_R5",
    "SeriesNumber": 6,
    "ShimSetting": [
      6830,
      -11407,
      -2117,
      529,
      70,
      -168,
      -173,
      -72
    ],
    "SliceThickness": 3,
    "SliceTiming": [
      0,
      1.025,
      0.06,
      1.085,
      0.12,
      1.145,
      0.18,
      1.205,
      0.2425,
      1.265,
      0.3025,
      1.325,
      0.3625,
      1.385,
      0.4225,
      1.445,
      0.4825,
      1.505,
      0.5425,
      1.565,
      0.6025,
      1.6275,
      0.6625,
      1.6875,
      0.7225,
      1.7475,
      0.7825,
      1.8075,
      0.8425,
      1.8675,
      0.905,
      1.9275,
      0.965
    ],
    "SoftwareVersions": "syngo_MR_B17",
    "SpacingBetweenSlices": 3.3,
    "StationName": "mrc_Trio",
    "TaskName": "learn",
    "TotalReadoutTime": 0.0371701,
    "TxRefAmp": 379.679,
    "dataset": "ds001241",
    "modality": "bold",
    "run_id": 5,
    "subject_id": "21",
    "task_id": "learn"
  },
  "dummy_trs": 1,
  "dvars_nstd": 17.80746368506849,
  "dvars_std": 1.154287613972603,
  "dvars_vstd": 0.9819633813698635,
  "efc": 0.622382452056705,
  "fber": 319.4830627441406,
  "fd_mean": 0.0889976457833733,
  "fd_num": 3,
  "fd_perc": 2.0408163265306123,
  "fwhm_avg": 2.7221054676600964,
  "fwhm_x": 2.57319,
  "fwhm_y": 2.8702900000000002,
  "fwhm_z": 2.72283640298029,
  "gcor": 0.0168971,
  "gsr_x": -0.007896911352872849,
  "gsr_y": 0.10508418083190918,
  "provenance": {
    "md5sum": "f44c154c21c62bfbda160fbec8aaf92c",
    "settings": {
      "fd_thres": 0.2,
      "testing": false
    },
    "software": "mriqc",
    "version": "22.0.6",
    "webapi_port": null,
    "webapi_url": "https://mriqc.nimh.nih.gov/api/v1"
  },
  "size_t": 147,
  "size_x": 64,
  "size_y": 64,
  "size_z": 33,
  "snr": 3.239851110780817,
  "spacing_tr": 2.0,
  "spacing_x": 3.0,
  "spacing_y": 3.0,
  "spacing_z": 3.299999952316284,
  "summary_bg_k": 9.668050612129658,
  "summary_bg_mad": 19.314170796233075,
  "summary_bg_mean": 79.4361801147461,
  "summary_bg_median": 35.36054229736328,
  "summary_bg_n": 69769.0,
  "summary_bg_p05": 21.435373306274414,
  "summary_bg_p95": 290.06802368164034,
  "summary_bg_stdv": 97.0487060546875,
  "summary_fg_k": 1.389856094661674,
  "summary_fg_mad": 182.62231538285585,
  "summary_fg_mean": 687.7315673828125,
  "summary_fg_median": 656.438720703125,
  "summary_fg_n": 32300.0,
  "summary_fg_p05": 423.9231292724609,
  "summary_fg_p95": 1078.7928039550782,
  "summary_fg_stdv": 202.6107177734375,
  "tsnr": 91.65528045780957
}