{
  "bids_meta": {
    "AcquisitionMatrixPE": 256,
    "AcquisitionNumber": 1,
    "AcquisitionTime": "15:09:35.467500",
    "BaseResolution": 256,
    "ConversionSoftware": "dcm2niix",
    "ConversionSoftwareVersion": "v1.0.20171215 Clang9.0.0",
    "DeviceSerialNumber": "35410",
    "DwellTime": 9.8e-06,
    "EchoTime": 0.00232,
    "FlipAngle": 9,
    "ImageOrientationPatientDICOM": [
      -0.0331575,
      0.99945,
      -2.16187e-08,
      0.0209281,
      0.000694282,
      -0.999781
    ],
    "ImageType": [
      "ORIGINAL",
      "PRIMARY",
      "M",
      "ND",
      "NORM"
    ],
    "InPlanePhaseEncodingDirectionDICOM": "ROW",
    "InstitutionAddress": "Cooper_60_St._Lucia_QLD_AU_4072",
    "InstitutionName": "St_Lucia_Campus",
    "InstitutionalDepartmentName": "Gehrmann_Labs_MRI",
    "Interpolation2D": 1,
    "InversionTime": 0.9,
    "MRAcquisitionType": "3D",
    "MagneticFieldStrength": 3,
    "Manufacturer": "Siemens",
    "ManufacturersModelName": "TrioTim",
    "Modality": "MR",
    "ParallelReductionFactorInPlane": 2,
    "PartialFourier": 1,
    "PatientPosition": "HFS",
    "PercentPhaseFOV": 100,
    "PhaseEncodingSteps": 255,
    "PhaseResolution": 1,
    "PixelBandwidth": 199,
    "ProcedureStepDescription": "Brain_-_UQ_fMRI",
    "ProtocolName": "t1_mpr_sag_p2_iso_0.9",
    "PulseSequenceDetails": "%SiemensSeq%_tfl",
    "ReceiveCoilName": "32Ch_Head",
    "ReconMatrixPE": 512,
    "RepetitionTime": 1.9,
    "SAR": 0.107663,
    "ScanOptions": "IR",
    "ScanningSequence": "GR_IR",
    "SequenceName": "_tfl3d1_ns",
    "SequenceVariant": "SP_MP",
    "SeriesDescription": "t1_mpr_sag_p2_iso_0.9",
    "SeriesNumber": 7,
    "ShimSetting": [
      6825,
      -11255,
      -2613,
      -72,
      38,
      19,
      -121,
      14
    ],
    "SliceThickness": 0.9,
    "SoftwareVersions": "syngo_MR_B17",
    "StationName": "mrc_Trio",
    "TxRefAmp": 313.496,
    "dataset": "ds001241",
    "modality": "T1w",
    "subject_id": "03"
  },
  "cjv": 0.32211892076741594,
  "cnr": 4.269959588712969,
  "efc": 0.5663647674803971,
  "fber": -1.0,
  "fwhm_avg": 7.163850721433093,
  "fwhm_x": 4.380468233244184,
  "fwhm_y": 8.903545844098574,
  "fwhm_z": 8.207538086956522,
  "icvs_csf": 0.16501663936242444,
  "icvs_gm": 0.47172815896237114,
  "icvs_wm": 0.36325520167520436,
  "inu_med": 0.49022074043750763,
  "inu_range": 0.19908975064754486,
  "provenance": {
    "md5sum": "7142b6dcebb3bd5e7f91d0a3aba5a763",
    "settings": {
      "testing": false
    },
    "software": "mriqc",
    "version": "22.0.6",
    "warnings": {
      "large_rot_frame": true,
      "small_air_mask": false
    },
    "webapi_port": null,
    "webapi_url": "https://mriqc.nimh.nih.gov/api/v1"
  },
  "qi_1": 0.0,
  "qi_2": 0.010889171042990451,
  "rpve_csf": 25.390367907456785,
  "rpve_gm": 10.288185040324565,
  "rpve_wm": 14.456569058801167,
  "size_x": 192,
  "size_y": 512,
  "size_z": 512,
  "snr_csf": 2.700782091013918,
  "snr_gm": 18.347239671013654,
  "snr_total": 14.692153040146438,
  "snr_wm": 23.028437358411747,
  "snrd_csf": 22.075586104075946,
  "snrd_gm": 54.411249254725035,
  "snrd_total": 49.88930886100146,
  "snrd_wm": 73.18109122420337,
  "spacing_x": 0.8999996781349182,
  "spacing_y": 0.4492187798023224,
  "spacing_z": 0.44921875,
  "summary_bg_k": 129.03118159322935,
  "summary_bg_mad": 0.0,
  "summary_bg_mean": 3.050818811029416,
  "summary_bg_median": 0.0,
  "summary_bg_n": 9543432.0,
  "summary_bg_p05": 0.0,
  "summary_bg_p95": 17.062826931476593,
  "summary_bg_stdv": 8.952263454840281,
  "summary_csf_k": -0.0752904063275941,
  "summary_csf_mad": 105.64948385963686,
  "summary_csf_mean": 302.99741302598227,
  "summary_csf_median": 301.65697208046913,
  "summary_csf_n": 240867.0,
  "summary_csf_p05": 109.18236654996872,
  "summary_csf_p95": 492.75077080726624,
  "summary_csf_stdv": 111.69221941065908,
  "summary_gm_k": 0.17348003423845615,
  "summary_gm_mad": 40.0663786540353,
  "summary_gm_mean": 743.2234661595446,
  "summary_gm_median": 743.5151492655277,
  "summary_gm_n": 637982.0,
  "summary_gm_p05": 676.4967047572136,
  "summary_gm_p95": 808.8075852692127,
  "summary_gm_stdv": 40.52460096934343,
  "summary_wm_k": 0.21146190642562246,
  "summary_wm_mad": 42.55224886249734,
  "summary_wm_mean": 1001.1816182178748,
  "summary_wm_median": 1000.0000130534172,
  "summary_wm_n": 1359171.0,
  "summary_wm_p05": 931.6993907988071,
  "summary_wm_p95": 1074.366322338581,
  "summary_wm_stdv": 43.42455502378108,
  "tpm_overlap_csf": 0.11272925848984522,
  "tpm_overlap_gm": 0.4517837974509835,
  "tpm_overlap_wm": 0.4892907532800966,
  "wm2max": 0.37846211272863006
}