{
  "aor": 0.002014315068493151,
  "aqi": 0.0021595327534246573,
  "bids_meta": {
    "AcquisitionMatrixPE": 64,
    "AcquisitionNumber": 1,
    "AcquisitionTime": "17:35:42.827500",
    "BandwidthPerPixelPhaseEncode": 26.483,
    "BaseResolution": 64,
    "ConversionSoftware": "dcm2niix",
    "ConversionSoftwareVersion": "v1.0.20171215 Clang9.0.0",
    "DerivedVendorReportedEchoSpacing": 0.000590001,
    "DeviceSerialNumber": "35410",
    "DwellTime": 4.1e-06,
    "EchoTime": 0.026,
    "EffectiveEchoSpacing": 0.000590001,
    "FlipAngle": 90,
    "ImageOrientationPatientDICOM": [
      0.998527,
      -0.0127768,
      -0.0527305,
      1.37689e-08,
      0.971877,
      -0.235489
    ],
    "ImageType": [
      "ORIGINAL",
      "PRIMARY",
      "M",
      "ND",
      "MOSAIC"
    ],
    "InPlanePhaseEncodingDirectionDICOM": "COL",
    "InstitutionAddress": "Cooper_60_St._Lucia_QLD_AU_4072",
    "InstitutionName": "School_of_Psychology",
    "InstitutionalDepartmentName": "Gehrmann_Labs_MRI",
    "MRAcquisitionType": "2D",
    "MagneticFieldStrength": 3,
    "Manufacturer": "Siemens",
    "ManufacturersModelName": "TrioTim",
    "Modality": "MR",
    "PartialFourier": 1,
    "PatientPosition": "HFS",
    "PercentPhaseFOV": 100,
    "PhaseEncodingDirection": "j-",
    "PhaseEncodingSteps": 64,
    "PhaseResolution": 1,
    "PixelBandwidth": 1905,
    "ProcedureStepDescription": "Brain_-_UQ_fMRI",
    "ProtocolName": "OLVSL_R10",
    "PulseSequenceDetails": "%SiemensSeq%_ep2d_pace",
    "ReceiveCoilName": "32Ch_Head",
    "ReconMatrixPE": 64,
    "RepetitionTime": 2,
    "SAR": 0.16368,
    "ScanOptions": "FS",
    "ScanningSequence": "EP",
    "SequenceName": "_epfid2d1_64",
    "SequenceVariant": "SK",
    "SeriesDescription": "OLVSL_R10",
    "SeriesNumber": 12,
    "ShimSetting": [
      6721,
      -11263,
      -2118,
      537,
      -192,
      -41,
      -341,
      95
    ],
    "SliceThickness": 3,
    "SliceTiming": [
      0,
      1.0225,
      0.06,
      1.0825,
      0.12,
      1.1425,
      0.18,
      1.205,
      0.24,
      1.265,
      0.3,
      1.325,
      0.36,
      1.385,
      0.42,
      1.445,
      0.4825,
      1.505,
      0.5425,
      1.565,
      0.6025,
      1.625,
      0.6625,
      1.685,
      0.7225,
      1.745,
      0.7825,
      1.805,
      0.8425,
      1.8675,
      0.9025,
      1.9275,
      0.9625
    ],
    "SoftwareVersions": "syngo_MR_B17",
    "SpacingBetweenSlices": 3.3,
    "StationName": "mrc_Trio",
    "TaskName": "learn",
    "TotalReadoutTime": 0.0371701,
    "TxRefAmp": 343.071,
    "dataset": "ds001241",
    "modality": "bold",
    "run_id": 10,
    "subject_id": "11",
    "task_id": "learn"
  },
  "dummy_trs": 2,
  "dvars_nstd": 16.72517033331034,
  "dvars_std": 1.15459423937931,
  "dvars_vstd": 1.01673028,
  "efc": 0.6382814841847617,
  "fber": 356.974853515625,
  "fd_mean": 0.0776356517684741,
  "fd_num": 4,
  "fd_perc": 2.73972602739726,
  "fwhm_avg": 2.577019204270515,
  "fwhm_x": 2.4839433333333334,
  "fwhm_y": 2.6827566666666667,
  "fwhm_z": 2.5643576128115453,
  "gcor": 0.0304583,
  "gsr_x": -0.005366572178900242,
  "gsr_y": 0.10373284667730331,
  "provenance": {
    "md5sum": "7e9fbc4d1eb78215a7c0279cd03ead29",
    "settings": {
      "fd_thres": 0.2,
      "testing": false
    },
    "software": "mriqc",
    "version": "22.0.6",
    "webapi_port": null,
    "webapi_url": "https://mriqc.nimh.nih.gov/api/v1"
  },
  "size_t": 146,
  "size_x": 64,
  "size_y": 64,
  "size_z": 33,
  "snr": 3.2646015334328276,
  "spacing_tr": 2.0,
  "spacing_x": 3.0,
  "spacing_y": 3.0,
  "spacing_z": 3.299999952316284,
  "summary_bg_k": 9.760650040505688,
  "summary_bg_mad": 16.56249650585761,
  "summary_bg_mean": 79.4764404296875,
  "summary_bg_median": 33.390411376953125,
  "summary_bg_n": 64985.0,
  "summary_bg_p05": 21.376712799072266,
  "summary_bg_p95": 321.7602844238281,
  "summary_bg_stdv": 105.18448638916016,
  "summary_fg_k": 1.3205548184356015,
  "summary_fg_mad": 182.51241423573825,
  "summary_fg_mean": 691.9464111328125,
  "summary_fg_median": 660.647216796875,
  "summary_fg_n": 36306.0,
  "summary_fg_p05": 422.8578796386719,
  "summary_fg_p95": 1069.0616455078125,
  "summary_fg_stdv": 202.3640899658203,
  "tsnr": 89.82262817909941
}