{
  "aor": 0.001126190476190476,
  "aqi": 0.0017347064489795921,
  "bids_meta": {
    "AcquisitionMatrixPE": 64,
    "AcquisitionNumber": 1,
    "AcquisitionTime": "16:46:31.690000",
    "BandwidthPerPixelPhaseEncode": 26.483,
    "BaseResolution": 64,
    "ConversionSoftware": "dcm2niix",
    "ConversionSoftwareVersion": "v1.0.20171215 Clang9.0.0",
    "DerivedVendorReportedEchoSpacing": 0.000590001,
    "DeviceSerialNumber": "35410",
    "DwellTime": 4.1e-06,
    "EchoTime": 0.026,
    "EffectiveEchoSpacing": 0.000590001,
    "FlipAngle": 90,
    "ImageOrientationPatientDICOM": [
      0.998527,
      -0.0127768,
      -0.0527305,
      1.37689e-08,
      0.971877,
      -0.235489
    ],
    "ImageType": [
      "ORIGINAL",
      "PRIMARY",
      "M",
      "ND",
      "MOSAIC"
    ],
    "InPlanePhaseEncodingDirectionDICOM": "COL",
    "InstitutionAddress": "Cooper_60_St._Lucia_QLD_AU_4072",
    "InstitutionName": "School_of_Psychology",
    "InstitutionalDepartmentName": "Gehrmann_Labs_MRI",
    "MRAcquisitionType": "2D",
    "MagneticFieldStrength": 3,
    "Manufacturer": "Siemens",
    "ManufacturersModelName": "TrioTim",
    "Modality": "MR",
    "PartialFourier": 1,
    "PatientPosition": "HFS",
    "PercentPhaseFOV": 100,
    "PhaseEncodingDirection": "j-",
    "PhaseEncodingSteps": 64,
    "PhaseResolution": 1,
    "PixelBandwidth": 1905,
    "ProcedureStepDescription": "Brain_-_UQ_fMRI",
    "ProtocolName": "OLVSL_R2",
    "PulseSequenceDetails": "%SiemensSeq%_ep2d_pace",
    "ReceiveCoilName": "32Ch_Head",
    "ReconMatrixPE": 64,
    "RepetitionTime": 2,
    "SAR": 0.16368,
    "ScanOptions": "FS",
    "ScanningSequence": "EP",
    "SequenceName": "_epfid2d1_64",
    "SequenceVariant": "SK",
    "SeriesDescription": "OLVSL_R2",
    "SeriesNumber": 3,
    "ShimSetting": [
      6721,
      -11263,
      -2118,
      537,
      -192,
      -41,
      -341,
      95
    ],
    "SliceThickness": 3,
    "SliceTiming": [
      0,
      1.025,
      0.06,
      1.085,
      0.12,
      1.145,
      0.1825,
      1.205,
      0.2425,
      1.265,
      0.3025,
      1.325,
      0.3625,
      1.385,
      0.4225,
      1.445,
      0.4825,
      1.5075,
      0.5425,
      1.5675,
      0.6025,
      1.6275,
      0.6625,
      1.6875,
      0.7225,
      1.7475,
      0.7825,
      1.8075,
      0.845,
      1.8675,
      0.905,
      1.9275,
      0.965
    ],
    "SoftwareVersions": "syngo_MR_B17",
    "SpacingBetweenSlices": 3.3,
    "StationName": "mrc_Trio",
    "TaskName": "learn",
    "TotalReadoutTime": 0.0371701,
    "TxRefAmp": 343.071,
    "dataset": "ds001241",
    "modality": "bold",
    "run_id": 2,
    "subject_id": "11",
    "task_id": "learn"
  },
  "dummy_trs": 1,
  "dvars_nstd": 18.378893597191784,
  "dvars_std": 1.151440855273973,
  "dvars_vstd": 1.0029865073972606,
  "efc": 0.63409766148517,
  "fber": 370.89208984375,
  "fd_mean": 0.11620349585545293,
  "fd_num": 11,
  "fd_perc": 7.482993197278912,
  "fwhm_avg": 2.5492346586790338,
  "fwhm_x": 2.444296666666667,
  "fwhm_y": 2.66748,
  "fwhm_z": 2.5359273093704355,
  "gcor": 0.0255728,
  "gsr_x": -0.0044141425751149654,
  "gsr_y": 0.10092426836490631,
  "provenance": {
    "md5sum": "c8b56e9550f3b0f04e2ca0bcf3ec2fd7",
    "settings": {
      "fd_thres": 0.2,
      "testing": false
    },
    "software": "mriqc",
    "version": "22.0.6",
    "webapi_port": null,
    "webapi_url": "https://mriqc.nimh.nih.gov/api/v1"
  },
  "size_t": 147,
  "size_x": 64,
  "size_y": 64,
  "size_z": 33,
  "snr": 3.2359639915239597,
  "spacing_tr": 2.0,
  "spacing_x": 3.0,
  "spacing_y": 3.0,
  "spacing_z": 3.299999952316284,
  "summary_bg_k": 11.041808324302508,
  "summary_bg_mad": 15.29500802400385,
  "summary_bg_mean": 75.61632537841797,
  "summary_bg_median": 32.479591369628906,
  "summary_bg_n": 65226.0,
  "summary_bg_p05": 21.367345809936523,
  "summary_bg_p95": 303.797607421875,
  "summary_bg_stdv": 100.21800994873047,
  "summary_fg_k": 1.3500133685601785,
  "summary_fg_mad": 181.70451185495102,
  "summary_fg_mean": 684.9130249023438,
  "summary_fg_median": 653.9727783203125,
  "summary_fg_n": 36032.0,
  "summary_fg_p05": 416.19420318603517,
  "summary_fg_p95": 1058.531976318359,
  "summary_fg_stdv": 202.09239196777344,
  "tsnr": 93.5260996716097
}