{
  "bids_meta": {
    "AcquisitionMatrixPE": 256,
    "AcquisitionNumber": 1,
    "AcquisitionTime": "14:50:51.955000",
    "BaseResolution": 256,
    "ConversionSoftware": "dcm2niix",
    "ConversionSoftwareVersion": "v1.0.20171215 Clang9.0.0",
    "DeviceSerialNumber": "35410",
    "DwellTime": 9.8e-06,
    "EchoTime": 0.00232,
    "FlipAngle": 9,
    "ImageOrientationPatientDICOM": [
      -0.0314148,
      0.999506,
      7.24639e-09,
      0.0104644,
      0.000328906,
      -0.999945
    ],
    "ImageType": [
      "ORIGINAL",
      "PRIMARY",
      "M",
      "ND",
      "NORM"
    ],
    "InPlanePhaseEncodingDirectionDICOM": "ROW",
    "InstitutionAddress": "Cooper_60_St._Lucia_QLD_AU_4072",
    "InstitutionName": "Centre_for_Advanced_Imaging",
    "InstitutionalDepartmentName": "Gehrmann_Labs_MRI",
    "Interpolation2D": 1,
    "InversionTime": 0.9,
    "MRAcquisitionType": "3D",
    "MagneticFieldStrength": 3,
    "Manufacturer": "Siemens",
    "ManufacturersModelName": "TrioTim",
    "Modality": "MR",
    "ParallelReductionFactorInPlane": 2,
    "PartialFourier": 1,
    "PatientPosition": "HFS",
    "PercentPhaseFOV": 100,
    "PhaseEncodingSteps": 255,
    "PhaseResolution": 1,
    "PixelBandwidth": 199,
    "ProcedureStepDescription": "Brain_-_UQ_fMRI",
    "ProtocolName": "t1_mpr_sag_p2_iso_0.9",
    "PulseSequenceDetails": "%SiemensSeq%_tfl",
    "ReceiveCoilName": "32Ch_Head",
    "ReconMatrixPE": 512,
    "RepetitionTime": 1.9,
    "SAR": 0.152389,
    "ScanOptions": "IR",
    "ScanningSequence": "GR_IR",
    "SequenceName": "_tfl3d1_ns",
    "SequenceVariant": "SP_MP",
    "SeriesDescription": "t1_mpr_sag_p2_iso_0.9",
    "SeriesNumber": 7,
    "ShimSetting": [
      6825,
      -11255,
      -2613,
      -72,
      38,
      19,
      -121,
      14
    ],
    "SliceThickness": 0.9,
    "SoftwareVersions": "syngo_MR_B17",
    "StationName": "mrc_Trio",
    "TxRefAmp": 354.53,
    "dataset": "ds001241",
    "modality": "T1w",
    "subject_id": "18"
  },
  "cjv": 0.28586345413111247,
  "cnr": 4.688229557879045,
  "efc": 0.5844052414478075,
  "fber": 21855.544069560045,
  "fwhm_avg": 7.2920719261778215,
  "fwhm_x": 4.421088960465728,
  "fwhm_y": 9.056322782608696,
  "fwhm_z": 8.39880403545904,
  "icvs_csf": 0.1656553229305169,
  "icvs_gm": 0.4586977423774693,
  "icvs_wm": 0.3756469346920138,
  "inu_med": 0.4285104274749756,
  "inu_range": 0.15321704745292664,
  "provenance": {
    "md5sum": "ebc20cbb9a7508e3e2d8bb8cd67ee6eb",
    "settings": {
      "testing": false
    },
    "software": "mriqc",
    "version": "22.0.6",
    "warnings": {
      "large_rot_frame": true,
      "small_air_mask": false
    },
    "webapi_port": null,
    "webapi_url": "https://mriqc.nimh.nih.gov/api/v1"
  },
  "qi_1": 0.0,
  "qi_2": 0.009747082401459113,
  "rpve_csf": 23.725536910057023,
  "rpve_gm": 9.890756997549515,
  "rpve_wm": 13.472475854509197,
  "size_x": 192,
  "size_y": 512,
  "size_z": 512,
  "snr_csf": 2.780160146720933,
  "snr_gm": 16.547325543485975,
  "snr_total": 15.004510132031859,
  "snr_wm": 25.68604470588867,
  "snrd_csf": 33.21712623133446,
  "snrd_gm": 84.02792285991059,
  "snrd_total": 77.76175173049727,
  "snrd_wm": 116.04020610024675,
  "spacing_x": 0.9000067710876465,
  "spacing_y": 0.44921875,
  "spacing_z": 0.4492187201976776,
  "summary_bg_k": 58.69276612538074,
  "summary_bg_mad": 0.0,
  "summary_bg_mean": 2.5608014189515913,
  "summary_bg_median": 0.0,
  "summary_bg_n": 10248353.0,
  "summary_bg_p05": 0.0,
  "summary_bg_p95": 11.489850170910358,
  "summary_bg_stdv": 5.646010766962165,
  "summary_csf_k": 0.3351225242807101,
  "summary_csf_mad": 92.24070626330678,
  "summary_csf_mean": 287.49468544999024,
  "summary_csf_median": 286.26748925819993,
  "summary_csf_n": 264879.0,
  "summary_csf_p05": 101.40856650844216,
  "summary_csf_p95": 458.7429068237543,
  "summary_csf_stdv": 102.96779098184437,
  "summary_gm_k": 0.30617026106605216,
  "summary_gm_mad": 42.2086405541397,
  "summary_gm_mean": 724.404229637438,
  "summary_gm_median": 724.1584457717836,
  "summary_gm_n": 737275.0,
  "summary_gm_p05": 653.7299197241664,
  "summary_gm_p95": 797.1104833569348,
  "summary_gm_stdv": 43.762839666376316,
  "summary_wm_k": 0.7360066636509566,
  "summary_wm_mad": 36.65653237960413,
  "summary_wm_mean": 1001.4391183317275,
  "summary_wm_median": 1000.0425148755312,
  "summary_wm_n": 1626419.0,
  "summary_wm_p05": 940.1676289848983,
  "summary_wm_p95": 1067.1943058744073,
  "summary_wm_stdv": 38.93328921946837,
  "tpm_overlap_csf": 0.14409196408847402,
  "tpm_overlap_gm": 0.4537094192090641,
  "tpm_overlap_wm": 0.5162179602718087,
  "wm2max": 0.4732845950899241
}