{
  "bids_meta": {
    "AcquisitionMatrixPE": 256,
    "AcquisitionNumber": 1,
    "AcquisitionTime": "16:37:54.852500",
    "BaseResolution": 256,
    "ConversionSoftware": "dcm2niix",
    "ConversionSoftwareVersion": "v1.0.20171215 Clang9.0.0",
    "DeviceSerialNumber": "35410",
    "DwellTime": 9.8e-06,
    "EchoTime": 0.00232,
    "FlipAngle": 9,
    "ImageOrientationPatientDICOM": [
      0.0104673,
      0.999945,
      5.59687e-09,
      0.0052338,
      -5.47813e-05,
      -0.999986
    ],
    "ImageType": [
      "ORIGINAL",
      "PRIMARY",
      "M",
      "ND",
      "NORM"
    ],
    "InPlanePhaseEncodingDirectionDICOM": "ROW",
    "InstitutionAddress": "Cooper_60_St._Lucia_QLD_AU_4072",
    "InstitutionName": "St_Lucia_Campus",
    "InstitutionalDepartmentName": "Gehrmann_Labs_MRI",
    "Interpolation2D": 1,
    "InversionTime": 0.9,
    "MRAcquisitionType": "3D",
    "MagneticFieldStrength": 3,
    "Manufacturer": "Siemens",
    "ManufacturersModelName": "TrioTim",
    "Modality": "MR",
    "ParallelReductionFactorInPlane": 2,
    "PartialFourier": 1,
    "PatientPosition": "HFS",
    "PercentPhaseFOV": 100,
    "PhaseEncodingSteps": 255,
    "PhaseResolution": 1,
    "PixelBandwidth": 199,
    "ProcedureStepDescription": "Brain_-_UQ_fMRI",
    "ProtocolName": "t1_mpr_sag_p2_iso_0.9",
    "PulseSequenceDetails": "%SiemensSeq%_tfl",
    "ReceiveCoilName": "32Ch_Head",
    "ReconMatrixPE": 512,
    "RepetitionTime": 1.9,
    "SAR": 0.112556,
    "ScanOptions": "IR",
    "ScanningSequence": "GR_IR",
    "SequenceName": "_tfl3d1_ns",
    "SequenceVariant": "SP_MP",
    "SeriesDescription": "t1_mpr_sag_p2_iso_0.9",
    "SeriesNumber": 7,
    "ShimSetting": [
      6825,
      -11255,
      -2613,
      -72,
      38,
      19,
      -121,
      14
    ],
    "SliceThickness": 0.9,
    "SoftwareVersions": "syngo_MR_B17",
    "StationName": "mrc_Trio",
    "TxRefAmp": 315.158,
    "dataset": "ds001241",
    "modality": "T1w",
    "subject_id": "04"
  },
  "cjv": 0.29702818418691,
  "cnr": 4.547015158093817,
  "efc": 0.5344396938964792,
  "fber": -1.0,
  "fwhm_avg": 7.431723872979139,
  "fwhm_x": 4.475033300942043,
  "fwhm_y": 9.094745043478262,
  "fwhm_z": 8.725393274517112,
  "icvs_csf": 0.21057941701875388,
  "icvs_gm": 0.449492191043287,
  "icvs_wm": 0.33992839193795915,
  "inu_med": 0.48343704640865326,
  "inu_range": 0.18214265406131747,
  "provenance": {
    "md5sum": "b006628997fab5f55560fc1a235f2a40",
    "settings": {
      "testing": false
    },
    "software": "mriqc",
    "version": "22.0.6",
    "warnings": {
      "large_rot_frame": true,
      "small_air_mask": false
    },
    "webapi_port": null,
    "webapi_url": "https://mriqc.nimh.nih.gov/api/v1"
  },
  "qi_1": 0.0,
  "qi_2": 0.02318619602849519,
  "rpve_csf": 21.214248475153124,
  "rpve_gm": 10.656314120279182,
  "rpve_wm": 15.642427813272215,
  "size_x": 192,
  "size_y": 512,
  "size_z": 512,
  "snr_csf": 3.083025841292336,
  "snr_gm": 17.222563455436823,
  "snr_total": 15.165624966130897,
  "snr_wm": 25.191285601663527,
  "snrd_csf": 31.503876822824633,
  "snrd_gm": 84.11477670513165,
  "snrd_total": 76.74315847513759,
  "snrd_wm": 114.61082189745649,
  "spacing_x": 0.9000022411346436,
  "spacing_y": 0.44921875,
  "spacing_z": 0.4492187201976776,
  "summary_bg_k": 33.77630299243776,
  "summary_bg_mad": 0.0,
  "summary_bg_mean": 2.597687179617882,
  "summary_bg_median": 0.0,
  "summary_bg_n": 9949172.0,
  "summary_bg_p05": 0.0,
  "summary_bg_p95": 12.028978496789932,
  "summary_bg_stdv": 5.716442983569125,
  "summary_csf_k": 0.986289413558957,
  "summary_csf_mad": 72.48517458603337,
  "summary_csf_mean": 284.4891994062737,
  "summary_csf_median": 274.88949723914266,
  "summary_csf_n": 400746.0,
  "summary_csf_p05": 146.9449077732861,
  "summary_csf_p95": 448.43257242720574,
  "summary_csf_stdv": 89.16213110671589,
  "summary_gm_k": 0.3009645594317041,
  "summary_gm_mad": 41.14023422450543,
  "summary_gm_mean": 734.0994636615194,
  "summary_gm_median": 733.9499455541372,
  "summary_gm_n": 547539.0,
  "summary_gm_p05": 664.828883510083,
  "summary_gm_p95": 804.3923726603389,
  "summary_gm_stdv": 42.61556516988516,
  "summary_wm_k": 0.4009607196669127,
  "summary_wm_mad": 37.897654187105985,
  "summary_wm_mean": 1000.9956672094495,
  "summary_wm_median": 1000.0455304831266,
  "summary_wm_n": 1282191.0,
  "summary_wm_p05": 937.3034721873701,
  "summary_wm_p95": 1067.9363560900092,
  "summary_wm_stdv": 39.69805893676798,
  "tpm_overlap_csf": 0.14987577272125205,
  "tpm_overlap_gm": 0.46832559714753996,
  "tpm_overlap_wm": 0.5193973859762363,
  "wm2max": 0.4312407898614795
}