{
  "bids_meta": {
    "AcquisitionMatrixPE": 256,
    "AcquisitionNumber": 1,
    "AcquisitionTime": "16:13:49.025000",
    "BaseResolution": 256,
    "ConversionSoftware": "dcm2niix",
    "ConversionSoftwareVersion": "v1.0.20171215 Clang9.0.0",
    "DeviceSerialNumber": "35410",
    "DwellTime": 9.8e-06,
    "EchoTime": 0.00232,
    "FlipAngle": 9,
    "ImageOrientationPatientDICOM": [
      -0.0904967,
      0.995897,
      -2.98028e-08,
      0.06606,
      0.00600281,
      -0.997798
    ],
    "ImageType": [
      "ORIGINAL",
      "PRIMARY",
      "M",
      "ND",
      "NORM"
    ],
    "InPlanePhaseEncodingDirectionDICOM": "ROW",
    "InstitutionAddress": "Cooper_60_St._Lucia_QLD_AU_4072",
    "InstitutionName": "St_Lucia_Campus",
    "InstitutionalDepartmentName": "Gehrmann_Labs_MRI",
    "Interpolation2D": 1,
    "InversionTime": 0.9,
    "MRAcquisitionType": "3D",
    "MagneticFieldStrength": 3,
    "Manufacturer": "Siemens",
    "ManufacturersModelName": "TrioTim",
    "Modality": "MR",
    "ParallelReductionFactorInPlane": 2,
    "PartialFourier": 1,
    "PatientPosition": "HFS",
    "PercentPhaseFOV": 100,
    "PhaseEncodingSteps": 255,
    "PhaseResolution": 1,
    "PixelBandwidth": 199,
    "ProcedureStepDescription": "Brain_-_UQ_fMRI",
    "ProtocolName": "t1_mpr_sag_p2_iso_0.9",
    "PulseSequenceDetails": "%SiemensSeq%_tfl",
    "ReceiveCoilName": "32Ch_Head",
    "ReconMatrixPE": 512,
    "RepetitionTime": 1.9,
    "SAR": 0.103097,
    "ScanOptions": "IR",
    "ScanningSequence": "GR_IR",
    "SequenceName": "_tfl3d1_ns",
    "SequenceVariant": "SP_MP",
    "SeriesDescription": "t1_mpr_sag_p2_iso_0.9",
    "SeriesNumber": 7,
    "ShimSetting": [
      6825,
      -11255,
      -2613,
      -72,
      38,
      19,
      -121,
      14
    ],
    "SliceThickness": 0.9,
    "SoftwareVersions": "syngo_MR_B17",
    "StationName": "mrc_Trio",
    "TxRefAmp": 315.25,
    "dataset": "ds001241",
    "modality": "T1w",
    "subject_id": "22"
  },
  "cjv": 0.29165538368392474,
  "cnr": 4.6569771259186625,
  "efc": 0.4932427408795379,
  "fber": 20432.037417408792,
  "fwhm_avg": 7.424145227543787,
  "fwhm_x": 4.377235478540429,
  "fwhm_y": 9.204134345895893,
  "fwhm_z": 8.69106585819504,
  "icvs_csf": 0.17612103700439546,
  "icvs_gm": 0.4689124037955539,
  "icvs_wm": 0.35496655920005066,
  "inu_med": 0.41719818115234375,
  "inu_range": 0.13905040621757503,
  "provenance": {
    "md5sum": "7c0ff727923a7ec5bbf1769a91398798",
    "settings": {
      "testing": false
    },
    "software": "mriqc",
    "version": "22.0.6",
    "warnings": {
      "large_rot_frame": true,
      "small_air_mask": false
    },
    "webapi_port": null,
    "webapi_url": "https://mriqc.nimh.nih.gov/api/v1"
  },
  "qi_1": 1.534683543858788e-05,
  "qi_2": 0.021245336751809552,
  "rpve_csf": 25.72727254005943,
  "rpve_gm": 10.995241319156374,
  "rpve_wm": 15.926317787237029,
  "size_x": 192,
  "size_y": 512,
  "size_z": 512,
  "snr_csf": 2.458931142032552,
  "snr_gm": 18.28136519749588,
  "snr_total": 15.694741303372234,
  "snr_wm": 26.343927570588278,
  "snrd_csf": 31.74475346504061,
  "snrd_gm": 79.72293920422754,
  "snrd_total": 73.06607534368554,
  "snrd_wm": 107.73053336178849,
  "spacing_x": 0.8999995589256287,
  "spacing_y": 0.4492187798023224,
  "spacing_z": 0.4492187798023224,
  "summary_bg_k": 47.32116575804756,
  "summary_bg_mad": 0.0,
  "summary_bg_mean": 3.779388092102788,
  "summary_bg_median": 0.0,
  "summary_bg_n": 14120571.0,
  "summary_bg_p05": 0.0,
  "summary_bg_p95": 15.27814032509923,
  "summary_bg_stdv": 6.0815155016570435,
  "summary_csf_k": -0.30477435638300765,
  "summary_csf_mad": 113.7732950362799,
  "summary_csf_mean": 293.00682489420103,
  "summary_csf_median": 294.68094017356634,
  "summary_csf_n": 253697.0,
  "summary_csf_p05": 76.65186641737819,
  "summary_csf_p95": 487.9864136315882,
  "summary_csf_stdv": 119.84083423987546,
  "summary_gm_k": 0.2437910842119786,
  "summary_gm_mad": 39.55929090030606,
  "summary_gm_mean": 739.3603834148915,
  "summary_gm_median": 740.0539652630687,
  "summary_gm_n": 640468.0,
  "summary_gm_p05": 671.6723172552884,
  "summary_gm_p95": 804.2569766007364,
  "summary_gm_stdv": 40.481297732596495,
  "summary_wm_k": 0.45661089138744737,
  "summary_wm_mad": 36.26806115166722,
  "summary_wm_mean": 1000.6848800832298,
  "summary_wm_median": 1000.0435155816376,
  "summary_wm_n": 1283583.0,
  "summary_wm_p05": 939.5838662609458,
  "summary_wm_p95": 1063.9418346621096,
  "summary_wm_stdv": 37.96104902544992,
  "tpm_overlap_csf": 0.12751487883309548,
  "tpm_overlap_gm": 0.4552604084111655,
  "tpm_overlap_wm": 0.49625396307616526,
  "wm2max": 0.4400666564511186
}