{
  "aor": 0.0013608163265306122,
  "aqi": 0.0013612293537414964,
  "bids_meta": {
    "AcquisitionMatrixPE": 64,
    "AcquisitionNumber": 1,
    "AcquisitionTime": "16:57:32.167500",
    "BandwidthPerPixelPhaseEncode": 26.483,
    "BaseResolution": 64,
    "ConversionSoftware": "dcm2niix",
    "ConversionSoftwareVersion": "v1.0.20171215 Clang9.0.0",
    "DerivedVendorReportedEchoSpacing": 0.000590001,
    "DeviceSerialNumber": "35410",
    "DwellTime": 4.1e-06,
    "EchoTime": 0.026,
    "EffectiveEchoSpacing": 0.000590001,
    "FlipAngle": 90,
    "ImageOrientationPatientDICOM": [
      0.998527,
      -0.0127768,
      -0.0527305,
      1.37689e-08,
      0.971877,
      -0.235489
    ],
    "ImageType": [
      "ORIGINAL",
      "PRIMARY",
      "M",
      "ND",
      "MOSAIC"
    ],
    "InPlanePhaseEncodingDirectionDICOM": "COL",
    "InstitutionAddress": "Cooper_60_St._Lucia_QLD_AU_4072",
    "InstitutionName": "School_of_Psychology",
    "InstitutionalDepartmentName": "Gehrmann_Labs_MRI",
    "MRAcquisitionType": "2D",
    "MagneticFieldStrength": 3,
    "Manufacturer": "Siemens",
    "ManufacturersModelName": "TrioTim",
    "Modality": "MR",
    "PartialFourier": 1,
    "PatientPosition": "HFS",
    "PercentPhaseFOV": 100,
    "PhaseEncodingDirection": "j-",
    "PhaseEncodingSteps": 64,
    "PhaseResolution": 1,
    "PixelBandwidth": 1905,
    "ProcedureStepDescription": "Brain_-_UQ_fMRI",
    "ProtocolName": "OLVSL_R4",
    "PulseSequenceDetails": "%SiemensSeq%_ep2d_pace",
    "ReceiveCoilName": "32Ch_Head",
    "ReconMatrixPE": 64,
    "RepetitionTime": 2,
    "SAR": 0.16368,
    "ScanOptions": "FS",
    "ScanningSequence": "EP",
    "SequenceName": "_epfid2d1_64",
    "SequenceVariant": "SK",
    "SeriesDescription": "OLVSL_R4",
    "SeriesNumber": 5,
    "ShimSetting": [
      6721,
      -11263,
      -2118,
      537,
      -192,
      -41,
      -341,
      95
    ],
    "SliceThickness": 3,
    "SliceTiming": [
      0,
      1.0225,
      0.06,
      1.0825,
      0.12,
      1.145,
      0.18,
      1.205,
      0.24,
      1.265,
      0.3,
      1.325,
      0.36,
      1.385,
      0.42,
      1.445,
      0.4825,
      1.505,
      0.5425,
      1.565,
      0.6025,
      1.625,
      0.6625,
      1.685,
      0.7225,
      1.745,
      0.7825,
      1.8075,
      0.8425,
      1.8675,
      0.9025,
      1.9275,
      0.9625
    ],
    "SoftwareVersions": "syngo_MR_B17",
    "SpacingBetweenSlices": 3.3,
    "StationName": "mrc_Trio",
    "TaskName": "learn",
    "TotalReadoutTime": 0.0371701,
    "TxRefAmp": 343.071,
    "dataset": "ds001241",
    "modality": "bold",
    "run_id": 4,
    "subject_id": "11",
    "task_id": "learn"
  },
  "dummy_trs": 1,
  "dvars_nstd": 15.784058753424647,
  "dvars_std": 1.1417125137671225,
  "dvars_vstd": 1.0128970523972602,
  "efc": 0.6363951526230193,
  "fber": 368.4913635253906,
  "fd_mean": 0.08502896639013922,
  "fd_num": 5,
  "fd_perc": 3.401360544217687,
  "fwhm_avg": 2.5722270830562923,
  "fwhm_x": 2.4737533333333332,
  "fwhm_y": 2.6790066666666665,
  "fwhm_z": 2.5639212491688768,
  "gcor": 0.0596881,
  "gsr_x": -0.006225621327757835,
  "gsr_y": 0.1016918271780014,
  "provenance": {
    "md5sum": "875bbcc8ee4eb6b8afe574f4117f90b0",
    "settings": {
      "fd_thres": 0.2,
      "testing": false
    },
    "software": "mriqc",
    "version": "22.0.6",
    "webapi_port": null,
    "webapi_url": "https://mriqc.nimh.nih.gov/api/v1"
  },
  "size_t": 147,
  "size_x": 64,
  "size_y": 64,
  "size_z": 33,
  "snr": 3.2312663082929878,
  "spacing_tr": 2.0,
  "spacing_x": 3.0,
  "spacing_y": 3.0,
  "spacing_z": 3.299999952316284,
  "summary_bg_k": 10.615021903716833,
  "summary_bg_mad": 15.48159168981199,
  "summary_bg_mean": 76.85880279541016,
  "summary_bg_median": 32.73469161987305,
  "summary_bg_n": 64784.0,
  "summary_bg_p05": 21.380952835083008,
  "summary_bg_p95": 308.4387710571288,
  "summary_bg_stdv": 101.95394897460938,
  "summary_fg_k": 1.4391043987764336,
  "summary_fg_mad": 183.308145596116,
  "summary_fg_mean": 690.1138305664062,
  "summary_fg_median": 658.3605346679688,
  "summary_fg_n": 36349.0,
  "summary_fg_p05": 419.5360534667969,
  "summary_fg_p95": 1068.1319335937499,
  "summary_fg_stdv": 203.74411010742188,
  "tsnr": 100.97321337508038
}