{
  "aor": 0.0013783673469387754,
  "aqi": 0.0017497408027210884,
  "bids_meta": {
    "AcquisitionMatrixPE": 64,
    "AcquisitionNumber": 1,
    "AcquisitionTime": "17:19:14.717500",
    "BandwidthPerPixelPhaseEncode": 26.483,
    "BaseResolution": 64,
    "ConversionSoftware": "dcm2niix",
    "ConversionSoftwareVersion": "v1.0.20171215 Clang9.0.0",
    "DerivedVendorReportedEchoSpacing": 0.000590001,
    "DeviceSerialNumber": "35410",
    "DwellTime": 4.1e-06,
    "EchoTime": 0.026,
    "EffectiveEchoSpacing": 0.000590001,
    "FlipAngle": 90,
    "ImageOrientationPatientDICOM": [
      0.998527,
      -0.0127768,
      -0.0527305,
      1.37689e-08,
      0.971877,
      -0.235489
    ],
    "ImageType": [
      "ORIGINAL",
      "PRIMARY",
      "M",
      "ND",
      "MOSAIC"
    ],
    "InPlanePhaseEncodingDirectionDICOM": "COL",
    "InstitutionAddress": "Cooper_60_St._Lucia_QLD_AU_4072",
    "InstitutionName": "School_of_Psychology",
    "InstitutionalDepartmentName": "Gehrmann_Labs_MRI",
    "MRAcquisitionType": "2D",
    "MagneticFieldStrength": 3,
    "Manufacturer": "Siemens",
    "ManufacturersModelName": "TrioTim",
    "Modality": "MR",
    "PartialFourier": 1,
    "PatientPosition": "HFS",
    "PercentPhaseFOV": 100,
    "PhaseEncodingDirection": "j-",
    "PhaseEncodingSteps": 64,
    "PhaseResolution": 1,
    "PixelBandwidth": 1905,
    "ProcedureStepDescription": "Brain_-_UQ_fMRI",
    "ProtocolName": "OLVSL_R7",
    "PulseSequenceDetails": "%SiemensSeq%_ep2d_pace",
    "ReceiveCoilName": "32Ch_Head",
    "ReconMatrixPE": 64,
    "RepetitionTime": 2,
    "SAR": 0.16368,
    "ScanOptions": "FS",
    "ScanningSequence": "EP",
    "SequenceName": "_epfid2d1_64",
    "SequenceVariant": "SK",
    "SeriesDescription": "OLVSL_R7",
    "SeriesNumber": 9,
    "ShimSetting": [
      6721,
      -11263,
      -2118,
      537,
      -192,
      -41,
      -341,
      95
    ],
    "SliceThickness": 3,
    "SliceTiming": [
      0,
      1.025,
      0.06,
      1.085,
      0.12,
      1.145,
      0.18,
      1.205,
      0.24,
      1.265,
      0.3025,
      1.325,
      0.3625,
      1.385,
      0.4225,
      1.445,
      0.4825,
      1.505,
      0.5425,
      1.565,
      0.6025,
      1.625,
      0.6625,
      1.6875,
      0.7225,
      1.7475,
      0.7825,
      1.8075,
      0.8425,
      1.8675,
      0.9025,
      1.9275,
      0.9625
    ],
    "SoftwareVersions": "syngo_MR_B17",
    "SpacingBetweenSlices": 3.3,
    "StationName": "mrc_Trio",
    "TaskName": "learn",
    "TotalReadoutTime": 0.0371701,
    "TxRefAmp": 343.071,
    "dataset": "ds001241",
    "modality": "bold",
    "run_id": 7,
    "subject_id": "11",
    "task_id": "learn"
  },
  "dummy_trs": 1,
  "dvars_nstd": 16.16776547315069,
  "dvars_std": 1.1427478689041095,
  "dvars_vstd": 1.0071948010958904,
  "efc": 0.6372323106170774,
  "fber": 364.106689453125,
  "fd_mean": 0.07850642632688823,
  "fd_num": 3,
  "fd_perc": 2.0408163265306123,
  "fwhm_avg": 2.5870695074194217,
  "fwhm_x": 2.4834166666666664,
  "fwhm_y": 2.68881,
  "fwhm_z": 2.5889818555915984,
  "gcor": 0.0337068,
  "gsr_x": -0.005538633558899164,
  "gsr_y": 0.10407399386167526,
  "provenance": {
    "md5sum": "30de57b36c067938a1d98c1fac1229b3",
    "settings": {
      "fd_thres": 0.2,
      "testing": false
    },
    "software": "mriqc",
    "version": "22.0.6",
    "webapi_port": null,
    "webapi_url": "https://mriqc.nimh.nih.gov/api/v1"
  },
  "size_t": 147,
  "size_x": 64,
  "size_y": 64,
  "size_z": 33,
  "snr": 3.2553848945628268,
  "spacing_tr": 2.0,
  "spacing_x": 3.0,
  "spacing_y": 3.0,
  "spacing_z": 3.299999952316284,
  "summary_bg_k": 9.944104297645918,
  "summary_bg_mad": 16.046398863930683,
  "summary_bg_mean": 78.88522338867188,
  "summary_bg_median": 33.156463623046875,
  "summary_bg_n": 65081.0,
  "summary_bg_p05": 21.632652282714844,
  "summary_bg_p95": 318.0816345214844,
  "summary_bg_stdv": 104.66049194335938,
  "summary_fg_k": 1.3164541205708407,
  "summary_fg_mad": 183.0862620121453,
  "summary_fg_mean": 692.8760375976562,
  "summary_fg_median": 661.2653198242188,
  "summary_fg_n": 36319.0,
  "summary_fg_p05": 421.80475158691405,
  "summary_fg_p95": 1073.413525390625,
  "summary_fg_stdv": 203.12689208984375,
  "tsnr": 97.11755382362753
}