{
  "aor": 0.0012739455782312926,
  "aqi": 0.0014575785918367347,
  "bids_meta": {
    "AcquisitionMatrixPE": 64,
    "AcquisitionNumber": 1,
    "AcquisitionTime": "17:03:5.935000",
    "BandwidthPerPixelPhaseEncode": 26.483,
    "BaseResolution": 64,
    "ConversionSoftware": "dcm2niix",
    "ConversionSoftwareVersion": "v1.0.20171215 Clang9.0.0",
    "DerivedVendorReportedEchoSpacing": 0.000590001,
    "DeviceSerialNumber": "35410",
    "DwellTime": 4.1e-06,
    "EchoTime": 0.026,
    "EffectiveEchoSpacing": 0.000590001,
    "FlipAngle": 90,
    "ImageOrientationPatientDICOM": [
      0.998527,
      -0.0127768,
      -0.0527305,
      1.37689e-08,
      0.971877,
      -0.235489
    ],
    "ImageType": [
      "ORIGINAL",
      "PRIMARY",
      "M",
      "ND",
      "MOSAIC"
    ],
    "InPlanePhaseEncodingDirectionDICOM": "COL",
    "InstitutionAddress": "Cooper_60_St._Lucia_QLD_AU_4072",
    "InstitutionName": "School_of_Psychology",
    "InstitutionalDepartmentName": "Gehrmann_Labs_MRI",
    "MRAcquisitionType": "2D",
    "MagneticFieldStrength": 3,
    "Manufacturer": "Siemens",
    "ManufacturersModelName": "TrioTim",
    "Modality": "MR",
    "PartialFourier": 1,
    "PatientPosition": "HFS",
    "PercentPhaseFOV": 100,
    "PhaseEncodingDirection": "j-",
    "PhaseEncodingSteps": 64,
    "PhaseResolution": 1,
    "PixelBandwidth": 1905,
    "ProcedureStepDescription": "Brain_-_UQ_fMRI",
    "ProtocolName": "OLVSL_R5",
    "PulseSequenceDetails": "%SiemensSeq%_ep2d_pace",
    "ReceiveCoilName": "32Ch_Head",
    "ReconMatrixPE": 64,
    "RepetitionTime": 2,
    "SAR": 0.16368,
    "ScanOptions": "FS",
    "ScanningSequence": "EP",
    "SequenceName": "_epfid2d1_64",
    "SequenceVariant": "SK",
    "SeriesDescription": "OLVSL_R5",
    "SeriesNumber": 6,
    "ShimSetting": [
      6721,
      -11263,
      -2118,
      537,
      -192,
      -41,
      -341,
      95
    ],
    "SliceThickness": 3,
    "SliceTiming": [
      0,
      1.025,
      0.06,
      1.085,
      0.1225,
      1.145,
      0.1825,
      1.205,
      0.2425,
      1.265,
      0.3025,
      1.325,
      0.3625,
      1.385,
      0.4225,
      1.445,
      0.4825,
      1.5075,
      0.5425,
      1.5675,
      0.6025,
      1.6275,
      0.6625,
      1.6875,
      0.7225,
      1.7475,
      0.7825,
      1.8075,
      0.845,
      1.8675,
      0.905,
      1.9275,
      0.965
    ],
    "SoftwareVersions": "syngo_MR_B17",
    "SpacingBetweenSlices": 3.3,
    "StationName": "mrc_Trio",
    "TaskName": "learn",
    "TotalReadoutTime": 0.0371701,
    "TxRefAmp": 343.071,
    "dataset": "ds001241",
    "modality": "bold",
    "run_id": 5,
    "subject_id": "11",
    "task_id": "learn"
  },
  "dummy_trs": 1,
  "dvars_nstd": 15.54954818184931,
  "dvars_std": 1.1293327692465753,
  "dvars_vstd": 1.0086642989726025,
  "efc": 0.6369236177405253,
  "fber": 368.21917724609375,
  "fd_mean": 0.07178148280091434,
  "fd_num": 0,
  "fd_perc": 0.0,
  "fwhm_avg": 2.5758088002585873,
  "fwhm_x": 2.4776233333333333,
  "fwhm_y": 2.6795333333333335,
  "fwhm_z": 2.5702697341090945,
  "gcor": 0.0448281,
  "gsr_x": -0.006609954405575991,
  "gsr_y": 0.10227103531360626,
  "provenance": {
    "md5sum": "6b7efaec035cddd18ab6c809e8c78841",
    "settings": {
      "fd_thres": 0.2,
      "testing": false
    },
    "software": "mriqc",
    "version": "22.0.6",
    "webapi_port": null,
    "webapi_url": "https://mriqc.nimh.nih.gov/api/v1"
  },
  "size_t": 147,
  "size_x": 64,
  "size_y": 64,
  "size_z": 33,
  "snr": 3.252333600761135,
  "spacing_tr": 2.0,
  "spacing_x": 3.0,
  "spacing_y": 3.0,
  "spacing_z": 3.299999952316284,
  "summary_bg_k": 10.54798246156883,
  "summary_bg_mad": 15.642967995970931,
  "summary_bg_mean": 77.17671203613281,
  "summary_bg_median": 32.78911590576172,
  "summary_bg_n": 64718.0,
  "summary_bg_p05": 21.489795684814453,
  "summary_bg_p95": 310.0952453613281,
  "summary_bg_stdv": 102.21299743652344,
  "summary_fg_k": 1.3949558277354228,
  "summary_fg_mad": 183.13666542008644,
  "summary_fg_mean": 691.8800659179688,
  "summary_fg_median": 660.2822875976562,
  "summary_fg_n": 36324.0,
  "summary_fg_p05": 422.9792388916016,
  "summary_fg_p95": 1070.6054260253902,
  "summary_fg_stdv": 203.0152130126953,
  "tsnr": 101.63673810660839
}