{
  "aor": 0.0012220945945945947,
  "aqi": 0.0014431582027027024,
  "bids_meta": {
    "AcquisitionMatrixPE": 64,
    "AcquisitionNumber": 1,
    "AcquisitionTime": "15:53:11.940000",
    "BandwidthPerPixelPhaseEncode": 26.483,
    "BaseResolution": 64,
    "ConversionSoftware": "dcm2niix",
    "ConversionSoftwareVersion": "v1.0.20171215 Clang9.0.0",
    "DerivedVendorReportedEchoSpacing": 0.000590001,
    "DeviceSerialNumber": "35410",
    "DwellTime": 4.1e-06,
    "EchoTime": 0.026,
    "EffectiveEchoSpacing": 0.000590001,
    "FlipAngle": 90,
    "ImageOrientationPatientDICOM": [
      1,
      -1e-16,
      0,
      1e-16,
      0.983571,
      -0.180519
    ],
    "ImageType": [
      "ORIGINAL",
      "PRIMARY",
      "M",
      "ND",
      "MOSAIC"
    ],
    "InPlanePhaseEncodingDirectionDICOM": "COL",
    "InstitutionAddress": "Cooper_60_St._Lucia_QLD_AU_4072",
    "InstitutionName": "Centre_for_Advanced_Imaging",
    "InstitutionalDepartmentName": "Gehrmann_Labs_MRI",
    "MRAcquisitionType": "2D",
    "MagneticFieldStrength": 3,
    "Manufacturer": "Siemens",
    "ManufacturersModelName": "TrioTim",
    "Modality": "MR",
    "PartialFourier": 1,
    "PatientPosition": "HFS",
    "PercentPhaseFOV": 100,
    "PhaseEncodingDirection": "j-",
    "PhaseEncodingSteps": 64,
    "PhaseResolution": 1,
    "PixelBandwidth": 1905,
    "ProcedureStepDescription": "Brain_-_UQ_fMRI",
    "ProtocolName": "OLVSL_R2",
    "PulseSequenceDetails": "%SiemensSeq%_ep2d_pace",
    "ReceiveCoilName": "32Ch_Head",
    "ReconMatrixPE": 64,
    "RepetitionTime": 2,
    "SAR": 0.174782,
    "ScanOptions": "FS",
    "ScanningSequence": "EP",
    "SequenceName": "_epfid2d1_64",
    "SequenceVariant": "SK",
    "SeriesDescription": "OLVSL_R2",
    "SeriesNumber": 3,
    "ShimSetting": [
      6841,
      -11362,
      -2061,
      823,
      95,
      70,
      114,
      -1
    ],
    "SliceThickness": 3,
    "SliceTiming": [
      0,
      1.0225,
      0.06,
      1.0825,
      0.12,
      1.1425,
      0.18,
      1.2025,
      0.24,
      1.2625,
      0.3,
      1.325,
      0.36,
      1.385,
      0.42,
      1.445,
      0.48,
      1.505,
      0.54,
      1.565,
      0.6,
      1.625,
      0.6625,
      1.685,
      0.7225,
      1.745,
      0.7825,
      1.805,
      0.8425,
      1.865,
      0.9025,
      1.925,
      0.9625
    ],
    "SoftwareVersions": "syngo_MR_B17",
    "SpacingBetweenSlices": 3.3,
    "StationName": "mrc_Trio",
    "TaskName": "learn",
    "TotalReadoutTime": 0.0371701,
    "TxRefAmp": 336.45,
    "dataset": "ds001241",
    "modality": "bold",
    "run_id": 2,
    "subject_id": "07",
    "task_id": "learn"
  },
  "dummy_trs": 0,
  "dvars_nstd": 18.457331514421764,
  "dvars_std": 1.1849170484353748,
  "dvars_vstd": 0.9969038229251707,
  "efc": 0.5986147867942189,
  "fber": 529.5572509765625,
  "fd_mean": 0.12914775368349118,
  "fd_num": 9,
  "fd_perc": 6.081081081081081,
  "fwhm_avg": 2.6912880937470214,
  "fwhm_x": 2.621453333333333,
  "fwhm_y": 2.7660533333333333,
  "fwhm_z": 2.6863576145743977,
  "gcor": 0.0400291,
  "gsr_x": -0.018879562616348267,
  "gsr_y": 0.12931744754314423,
  "provenance": {
    "md5sum": "175f8f9d6e276333dd7ebeb8e7f38c46",
    "settings": {
      "fd_thres": 0.2,
      "testing": false
    },
    "software": "mriqc",
    "version": "22.0.6",
    "webapi_port": null,
    "webapi_url": "https://mriqc.nimh.nih.gov/api/v1"
  },
  "size_t": 148,
  "size_x": 64,
  "size_y": 64,
  "size_z": 33,
  "snr": 3.0954933454792792,
  "spacing_tr": 2.0,
  "spacing_x": 3.0,
  "spacing_y": 3.0,
  "spacing_z": 3.299999952316284,
  "summary_bg_k": 12.866949518109434,
  "summary_bg_mad": 9.556773454114293,
  "summary_bg_mean": 70.54108428955078,
  "summary_bg_median": 27.925676345825195,
  "summary_bg_n": 71952.0,
  "summary_bg_p05": 20.844594955444336,
  "summary_bg_p95": 301.4486587524412,
  "summary_bg_stdv": 101.7906265258789,
  "summary_fg_k": 1.4575743933766931,
  "summary_fg_mad": 192.42772378085573,
  "summary_fg_mean": 697.0409545898438,
  "summary_fg_median": 661.7973022460938,
  "summary_fg_n": 30884.0,
  "summary_fg_p05": 417.33548736572266,
  "summary_fg_p95": 1106.27607421875,
  "summary_fg_stdv": 213.79034423828125,
  "tsnr": 101.4850361123681
}