{
  "aor": 0.0010656081081081082,
  "aqi": 0.0013938219932432432,
  "bids_meta": {
    "AcquisitionMatrixPE": 64,
    "AcquisitionNumber": 1,
    "AcquisitionTime": "15:58:48.862500",
    "BandwidthPerPixelPhaseEncode": 26.483,
    "BaseResolution": 64,
    "ConversionSoftware": "dcm2niix",
    "ConversionSoftwareVersion": "v1.0.20171215 Clang9.0.0",
    "DerivedVendorReportedEchoSpacing": 0.000590001,
    "DeviceSerialNumber": "35410",
    "DwellTime": 4.1e-06,
    "EchoTime": 0.026,
    "EffectiveEchoSpacing": 0.000590001,
    "FlipAngle": 90,
    "ImageOrientationPatientDICOM": [
      1,
      -1e-16,
      0,
      1e-16,
      0.983571,
      -0.180519
    ],
    "ImageType": [
      "ORIGINAL",
      "PRIMARY",
      "M",
      "ND",
      "MOSAIC"
    ],
    "InPlanePhaseEncodingDirectionDICOM": "COL",
    "InstitutionAddress": "Cooper_60_St._Lucia_QLD_AU_4072",
    "InstitutionName": "Centre_for_Advanced_Imaging",
    "InstitutionalDepartmentName": "Gehrmann_Labs_MRI",
    "MRAcquisitionType": "2D",
    "MagneticFieldStrength": 3,
    "Manufacturer": "Siemens",
    "ManufacturersModelName": "TrioTim",
    "Modality": "MR",
    "PartialFourier": 1,
    "PatientPosition": "HFS",
    "PercentPhaseFOV": 100,
    "PhaseEncodingDirection": "j-",
    "PhaseEncodingSteps": 64,
    "PhaseResolution": 1,
    "PixelBandwidth": 1905,
    "ProcedureStepDescription": "Brain_-_UQ_fMRI",
    "ProtocolName": "OLVSL_R3",
    "PulseSequenceDetails": "%SiemensSeq%_ep2d_pace",
    "ReceiveCoilName": "32Ch_Head",
    "ReconMatrixPE": 64,
    "RepetitionTime": 2,
    "SAR": 0.174782,
    "ScanOptions": "FS",
    "ScanningSequence": "EP",
    "SequenceName": "_epfid2d1_64",
    "SequenceVariant": "SK",
    "SeriesDescription": "OLVSL_R3",
    "SeriesNumber": 4,
    "ShimSetting": [
      6841,
      -11362,
      -2061,
      823,
      95,
      70,
      114,
      -1
    ],
    "SliceThickness": 3,
    "SliceTiming": [
      0,
      1.025,
      0.06,
      1.085,
      0.12,
      1.145,
      0.1825,
      1.205,
      0.2425,
      1.265,
      0.3025,
      1.325,
      0.3625,
      1.385,
      0.4225,
      1.445,
      0.4825,
      1.5075,
      0.5425,
      1.5675,
      0.6025,
      1.6275,
      0.6625,
      1.6875,
      0.7225,
      1.7475,
      0.7825,
      1.8075,
      0.845,
      1.8675,
      0.905,
      1.9275,
      0.965
    ],
    "SoftwareVersions": "syngo_MR_B17",
    "SpacingBetweenSlices": 3.3,
    "StationName": "mrc_Trio",
    "TaskName": "learn",
    "TotalReadoutTime": 0.0371701,
    "TxRefAmp": 336.45,
    "dataset": "ds001241",
    "modality": "bold",
    "run_id": 3,
    "subject_id": "07",
    "task_id": "learn"
  },
  "dummy_trs": 0,
  "dvars_nstd": 18.38833561081632,
  "dvars_std": 1.1841914363265305,
  "dvars_vstd": 0.9985730550340138,
  "efc": 0.5994672332919956,
  "fber": 528.7386474609375,
  "fd_mean": 0.1261029726589618,
  "fd_num": 13,
  "fd_perc": 8.783783783783784,
  "fwhm_avg": 2.6916416290830276,
  "fwhm_x": 2.63257,
  "fwhm_y": 2.7596366666666667,
  "fwhm_z": 2.682718220582416,
  "gcor": 0.0600637,
  "gsr_x": -0.018475351855158806,
  "gsr_y": 0.1304788589477539,
  "provenance": {
    "md5sum": "4da2f65fc1054c08db92d7bd72149e7d",
    "settings": {
      "fd_thres": 0.2,
      "testing": false
    },
    "software": "mriqc",
    "version": "22.0.6",
    "webapi_port": null,
    "webapi_url": "https://mriqc.nimh.nih.gov/api/v1"
  },
  "size_t": 148,
  "size_x": 64,
  "size_y": 64,
  "size_z": 33,
  "snr": 3.109940689569767,
  "spacing_tr": 2.0,
  "spacing_x": 3.0,
  "spacing_y": 3.0,
  "spacing_z": 3.299999952316284,
  "summary_bg_k": 12.781997213587312,
  "summary_bg_mad": 9.616879178743382,
  "summary_bg_mean": 71.43284606933594,
  "summary_bg_median": 28.006757736206055,
  "summary_bg_n": 71943.0,
  "summary_bg_p05": 20.95945930480957,
  "summary_bg_p95": 305.74122924804675,
  "summary_bg_stdv": 103.45423889160156,
  "summary_fg_k": 1.412503427799674,
  "summary_fg_mad": 192.23239926372656,
  "summary_fg_mean": 697.766357421875,
  "summary_fg_median": 663.1114501953125,
  "summary_fg_n": 30852.0,
  "summary_fg_p05": 419.3378601074219,
  "summary_fg_p95": 1104.2547058105463,
  "summary_fg_stdv": 213.2197265625,
  "tsnr": 102.1164601650089
}