{
  "aor": 0.0014325850340136054,
  "aqi": 0.001973937462585034,
  "bids_meta": {
    "AcquisitionMatrixPE": 64,
    "AcquisitionNumber": 1,
    "AcquisitionTime": "16:31:43.697500",
    "BandwidthPerPixelPhaseEncode": 26.483,
    "BaseResolution": 64,
    "ConversionSoftware": "dcm2niix",
    "ConversionSoftwareVersion": "v1.0.20171215 Clang9.0.0",
    "DerivedVendorReportedEchoSpacing": 0.000590001,
    "DeviceSerialNumber": "35410",
    "DwellTime": 4.1e-06,
    "EchoTime": 0.026,
    "EffectiveEchoSpacing": 0.000590001,
    "FlipAngle": 90,
    "ImageOrientationPatientDICOM": [
      1,
      -1e-16,
      0,
      1e-16,
      0.983571,
      -0.180519
    ],
    "ImageType": [
      "ORIGINAL",
      "PRIMARY",
      "M",
      "ND",
      "MOSAIC"
    ],
    "InPlanePhaseEncodingDirectionDICOM": "COL",
    "InstitutionAddress": "Cooper_60_St._Lucia_QLD_AU_4072",
    "InstitutionName": "Centre_for_Advanced_Imaging",
    "InstitutionalDepartmentName": "Gehrmann_Labs_MRI",
    "MRAcquisitionType": "2D",
    "MagneticFieldStrength": 3,
    "Manufacturer": "Siemens",
    "ManufacturersModelName": "TrioTim",
    "Modality": "MR",
    "PartialFourier": 1,
    "PatientPosition": "HFS",
    "PercentPhaseFOV": 100,
    "PhaseEncodingDirection": "j-",
    "PhaseEncodingSteps": 64,
    "PhaseResolution": 1,
    "PixelBandwidth": 1905,
    "ProcedureStepDescription": "Brain_-_UQ_fMRI",
    "ProtocolName": "OLVSL_R8",
    "PulseSequenceDetails": "%SiemensSeq%_ep2d_pace",
    "ReceiveCoilName": "32Ch_Head",
    "ReconMatrixPE": 64,
    "RepetitionTime": 2,
    "SAR": 0.174782,
    "ScanOptions": "FS",
    "ScanningSequence": "EP",
    "SequenceName": "_epfid2d1_64",
    "SequenceVariant": "SK",
    "SeriesDescription": "OLVSL_R8",
    "SeriesNumber": 10,
    "ShimSetting": [
      6841,
      -11362,
      -2061,
      823,
      95,
      70,
      114,
      -1
    ],
    "SliceThickness": 3,
    "SliceTiming": [
      0,
      1.025,
      0.0625,
      1.085,
      0.1225,
      1.145,
      0.1825,
      1.205,
      0.2425,
      1.265,
      0.3025,
      1.325,
      0.3625,
      1.385,
      0.4225,
      1.4475,
      0.4825,
      1.5075,
      0.5425,
      1.5675,
      0.6025,
      1.6275,
      0.6625,
      1.6875,
      0.7225,
      1.7475,
      0.785,
      1.8075,
      0.845,
      1.8675,
      0.905,
      1.9275,
      0.965
    ],
    "SoftwareVersions": "syngo_MR_B17",
    "SpacingBetweenSlices": 3.3,
    "StationName": "mrc_Trio",
    "TaskName": "learn",
    "TotalReadoutTime": 0.0371701,
    "TxRefAmp": 336.45,
    "dataset": "ds001241",
    "modality": "bold",
    "run_id": 8,
    "subject_id": "07",
    "task_id": "learn"
  },
  "dummy_trs": 1,
  "dvars_nstd": 17.52297010171233,
  "dvars_std": 1.1697234635616442,
  "dvars_vstd": 1.0021552439726022,
  "efc": 0.6035888340297623,
  "fber": 497.3251037597656,
  "fd_mean": 0.13380048751532436,
  "fd_num": 12,
  "fd_perc": 8.16326530612245,
  "fwhm_avg": 2.6712208209228634,
  "fwhm_x": 2.5818766666666666,
  "fwhm_y": 2.7655433333333335,
  "fwhm_z": 2.6662424627685906,
  "gcor": 0.0240507,
  "gsr_x": -0.021743549033999443,
  "gsr_y": 0.1332012265920639,
  "provenance": {
    "md5sum": "ceeaa3a346488aa6876fc7d4cdef6e95",
    "settings": {
      "fd_thres": 0.2,
      "testing": false
    },
    "software": "mriqc",
    "version": "22.0.6",
    "webapi_port": null,
    "webapi_url": "https://mriqc.nimh.nih.gov/api/v1"
  },
  "size_t": 147,
  "size_x": 64,
  "size_y": 64,
  "size_z": 33,
  "snr": 3.0992720486636616,
  "spacing_tr": 2.0,
  "spacing_x": 3.0,
  "spacing_y": 3.0,
  "spacing_z": 3.299999952316284,
  "summary_bg_k": 11.503808137462396,
  "summary_bg_mad": 10.529502105024122,
  "summary_bg_mean": 74.6869888305664,
  "summary_bg_median": 28.768707275390625,
  "summary_bg_n": 71638.0,
  "summary_bg_p05": 20.937755489349367,
  "summary_bg_p95": 320.5714111328125,
  "summary_bg_stdv": 107.8528823852539,
  "summary_fg_k": 1.429233660739544,
  "summary_fg_mad": 192.65757056033598,
  "summary_fg_mean": 698.7532958984375,
  "summary_fg_median": 663.7686767578125,
  "summary_fg_n": 31054.0,
  "summary_fg_p05": 418.48944702148435,
  "summary_fg_p95": 1105.65029296875,
  "summary_fg_stdv": 214.165771484375,
  "tsnr": 97.12748579867184
}