{
  "bids_meta": {
    "AcquisitionMatrixPE": 256,
    "AcquisitionNumber": 1,
    "AcquisitionTime": "14:50:39.500000",
    "BaseResolution": 256,
    "ConversionSoftware": "dcm2niix",
    "ConversionSoftwareVersion": "v1.0.20171215 Clang9.0.0",
    "DeviceSerialNumber": "35410",
    "DwellTime": 9.8e-06,
    "EchoTime": 0.00232,
    "FlipAngle": 9,
    "ImageOrientationPatientDICOM": [
      0.0105025,
      0.999945,
      3.08981e-09,
      0.0819279,
      -0.000860495,
      -0.996638
    ],
    "ImageType": [
      "ORIGINAL",
      "PRIMARY",
      "M",
      "ND",
      "NORM"
    ],
    "InPlanePhaseEncodingDirectionDICOM": "ROW",
    "InstitutionAddress": "Cooper_60_St._Lucia_QLD_AU_4072",
    "InstitutionName": "St_Lucia_Campus",
    "InstitutionalDepartmentName": "Gehrmann_Labs_MRI",
    "Interpolation2D": 1,
    "InversionTime": 0.9,
    "MRAcquisitionType": "3D",
    "MagneticFieldStrength": 3,
    "Manufacturer": "Siemens",
    "ManufacturersModelName": "TrioTim",
    "Modality": "MR",
    "ParallelReductionFactorInPlane": 2,
    "PartialFourier": 1,
    "PatientPosition": "HFS",
    "PercentPhaseFOV": 100,
    "PhaseEncodingSteps": 255,
    "PhaseResolution": 1,
    "PixelBandwidth": 199,
    "ProcedureStepDescription": "Brain_-_UQ_fMRI",
    "ProtocolName": "t1_mpr_sag_p2_iso_0.9",
    "PulseSequenceDetails": "%SiemensSeq%_tfl",
    "ReceiveCoilName": "32Ch_Head",
    "ReconMatrixPE": 512,
    "RepetitionTime": 1.9,
    "SAR": 0.135755,
    "ScanOptions": "IR",
    "ScanningSequence": "GR_IR",
    "SequenceName": "_tfl3d1_ns",
    "SequenceVariant": "SP_MP",
    "SeriesDescription": "t1_mpr_sag_p2_iso_0.9",
    "SeriesNumber": 7,
    "ShimSetting": [
      6825,
      -11255,
      -2613,
      -72,
      38,
      19,
      -121,
      14
    ],
    "SliceThickness": 0.9,
    "SoftwareVersions": "syngo_MR_B17",
    "StationName": "mrc_Trio",
    "TxRefAmp": 434.37,
    "dataset": "ds001241",
    "modality": "T1w",
    "subject_id": "01"
  },
  "cjv": 0.29480713569806555,
  "cnr": 4.576124306242801,
  "efc": 0.6155052524108384,
  "fber": 11958.637530864198,
  "fwhm_avg": 7.308311425429248,
  "fwhm_x": 4.409993653226797,
  "fwhm_y": 8.958507927408771,
  "fwhm_z": 8.556432695652175,
  "icvs_csf": 0.18675470355623416,
  "icvs_gm": 0.4446317423796468,
  "icvs_wm": 0.36861355406411905,
  "inu_med": 0.45365360379219055,
  "inu_range": 0.19673138856887817,
  "provenance": {
    "md5sum": "a410e63787577c2c3c9a9dbecc664baf",
    "settings": {
      "testing": false
    },
    "software": "mriqc",
    "version": "22.0.6",
    "warnings": {
      "large_rot_frame": true,
      "small_air_mask": false
    },
    "webapi_port": null,
    "webapi_url": "https://mriqc.nimh.nih.gov/api/v1"
  },
  "qi_1": 0.0,
  "qi_2": 0.008692502171780468,
  "rpve_csf": 20.922586226490022,
  "rpve_gm": 9.828311611578023,
  "rpve_wm": 13.37981079674924,
  "size_x": 192,
  "size_y": 512,
  "size_z": 512,
  "snr_csf": 2.8104120163963566,
  "snr_gm": 17.794265399520874,
  "snr_total": 15.39362987568964,
  "snr_wm": 25.576212211151688,
  "snrd_csf": 27.121489079851912,
  "snrd_gm": 64.12356769509601,
  "snrd_total": 59.4141846139589,
  "snrd_wm": 86.99749706692879,
  "spacing_x": 0.8999944925308228,
  "spacing_y": 0.4492187798023224,
  "spacing_z": 0.44921875,
  "summary_bg_k": 1121.6597628477848,
  "summary_bg_mad": 0.0,
  "summary_bg_mean": 3.32878982668259,
  "summary_bg_median": 0.0,
  "summary_bg_n": 9617913.0,
  "summary_bg_p05": 0.0,
  "summary_bg_p95": 14.668133407831192,
  "summary_bg_stdv": 7.530520059352905,
  "summary_csf_k": 1.5962923837022496,
  "summary_csf_mad": 100.19156857144569,
  "summary_csf_mean": 316.51637945964274,
  "summary_csf_median": 311.7502211071551,
  "summary_csf_n": 314741.0,
  "summary_csf_p05": 127.45560207590461,
  "summary_csf_p95": 506.94116781279445,
  "summary_csf_stdv": 110.92669830585075,
  "summary_gm_k": 0.3560948461774629,
  "summary_gm_mad": 39.99895954596475,
  "summary_gm_mean": 737.1078256697498,
  "summary_gm_median": 737.0737037435174,
  "summary_gm_n": 689274.0,
  "summary_gm_p05": 669.6526762582362,
  "summary_gm_p95": 804.8090483732522,
  "summary_gm_stdv": 41.421949854092894,
  "summary_wm_k": 0.5129583494906438,
  "summary_wm_mad": 37.51358730233199,
  "summary_wm_mean": 1001.5288299494875,
  "summary_wm_median": 999.9999950788915,
  "summary_wm_n": 1670150.0,
  "summary_wm_p05": 940.1225790604949,
  "summary_wm_p95": 1067.9448844715953,
  "summary_wm_stdv": 39.09881914682123,
  "tpm_overlap_csf": 0.1402222556699202,
  "tpm_overlap_gm": 0.45901989507293783,
  "tpm_overlap_wm": 0.5218466952233743,
  "wm2max": 0.3832734133569425
}