{
  "bids_meta": {
    "AcquisitionMatrixPE": 256,
    "AcquisitionNumber": 1,
    "AcquisitionTime": "14:07:45.090000",
    "BaseResolution": 256,
    "ConversionSoftware": "dcm2niix",
    "ConversionSoftwareVersion": "v1.0.20171215 Clang9.0.0",
    "DeviceSerialNumber": "35410",
    "DwellTime": 9.8e-06,
    "EchoTime": 0.00232,
    "FlipAngle": 9,
    "ImageOrientationPatientDICOM": [
      -4.52995e-06,
      1,
      7.90943e-09,
      -0.00349205,
      -7.90943e-09,
      -0.999994
    ],
    "ImageType": [
      "ORIGINAL",
      "PRIMARY",
      "M",
      "ND",
      "NORM"
    ],
    "InPlanePhaseEncodingDirectionDICOM": "ROW",
    "InstitutionAddress": "Cooper_60_St._Lucia_QLD_AU_4072",
    "InstitutionName": "School_of_Psychology",
    "InstitutionalDepartmentName": "Gehrmann_Labs_MRI",
    "Interpolation2D": 1,
    "InversionTime": 0.9,
    "MRAcquisitionType": "3D",
    "MagneticFieldStrength": 3,
    "Manufacturer": "Siemens",
    "ManufacturersModelName": "TrioTim",
    "Modality": "MR",
    "ParallelReductionFactorInPlane": 2,
    "PartialFourier": 1,
    "PatientPosition": "HFS",
    "PercentPhaseFOV": 100,
    "PhaseEncodingSteps": 255,
    "PhaseResolution": 1,
    "PixelBandwidth": 199,
    "ProcedureStepDescription": "Brain_-_UQ_fMRI",
    "ProtocolName": "t1_mpr_sag_p2_iso_0.9",
    "PulseSequenceDetails": "%SiemensSeq%_tfl",
    "ReceiveCoilName": "32Ch_Head",
    "ReconMatrixPE": 512,
    "RepetitionTime": 1.9,
    "SAR": 0.113223,
    "ScanOptions": "IR",
    "ScanningSequence": "GR_IR",
    "SequenceName": "_tfl3d1_ns",
    "SequenceVariant": "SP_MP",
    "SeriesDescription": "t1_mpr_sag_p2_iso_0.9",
    "SeriesNumber": 7,
    "ShimSetting": [
      6825,
      -11255,
      -2613,
      -72,
      38,
      19,
      -121,
      14
    ],
    "SliceThickness": 0.9,
    "SoftwareVersions": "syngo_MR_B17",
    "StationName": "mrc_Trio",
    "TxRefAmp": 328.445,
    "dataset": "ds001241",
    "modality": "T1w",
    "subject_id": "20"
  },
  "cjv": 0.28697082628849485,
  "cnr": 4.619950692134237,
  "efc": 0.5264524383268924,
  "fber": 17222.58545684114,
  "fwhm_avg": 7.15219741503743,
  "fwhm_x": 4.226100419025336,
  "fwhm_y": 8.697188173913043,
  "fwhm_z": 8.533303652173913,
  "icvs_csf": 0.1823384959800718,
  "icvs_gm": 0.46223859280132057,
  "icvs_wm": 0.35542291121860764,
  "inu_med": 0.42557138204574585,
  "inu_range": 0.13229563385248178,
  "provenance": {
    "md5sum": "6645b839376b254d782ddde2640aac20",
    "settings": {
      "testing": false
    },
    "software": "mriqc",
    "version": "22.0.6",
    "warnings": {
      "large_rot_frame": true,
      "small_air_mask": false
    },
    "webapi_port": null,
    "webapi_url": "https://mriqc.nimh.nih.gov/api/v1"
  },
  "qi_1": 0.0,
  "qi_2": 0.020512819255171677,
  "rpve_csf": 22.54214633507676,
  "rpve_gm": 9.95357667898603,
  "rpve_wm": 14.217293944733866,
  "size_x": 192,
  "size_y": 512,
  "size_z": 512,
  "snr_csf": 2.847425147186376,
  "snr_gm": 18.364377428899065,
  "snr_total": 15.3666861051506,
  "snr_wm": 24.888255739366365,
  "snrd_csf": 34.461145146242615,
  "snrd_gm": 87.73041751007898,
  "snrd_total": 80.43656723369399,
  "snrd_wm": 119.11813904476041,
  "spacing_x": 0.9000070095062256,
  "spacing_y": 0.44921875,
  "spacing_z": 0.44921875,
  "summary_bg_k": 5.783908352987023,
  "summary_bg_mad": 0.0,
  "summary_bg_mean": 3.425623576752052,
  "summary_bg_median": 0.0,
  "summary_bg_n": 10028739.0,
  "summary_bg_p05": 0.0,
  "summary_bg_p95": 14.57226112484932,
  "summary_bg_stdv": 5.4998877470289225,
  "summary_csf_k": 0.6011315985700696,
  "summary_csf_mad": 78.47650100101619,
  "summary_csf_mean": 297.16718389896124,
  "summary_csf_median": 289.30224291980267,
  "summary_csf_n": 298765.0,
  "summary_csf_p05": 113.66363677382469,
  "summary_csf_p95": 480.4988807961345,
  "summary_csf_stdv": 101.601181348602,
  "summary_gm_k": 0.548704503861003,
  "summary_gm_mad": 37.744972951096045,
  "summary_gm_mean": 735.4879656406034,
  "summary_gm_median": 736.4992210865021,
  "summary_gm_n": 616627.0,
  "summary_gm_p05": 668.052453391254,
  "summary_gm_p95": 799.4599610641599,
  "summary_gm_stdv": 40.10474227823946,
  "summary_wm_k": 0.7519509527034582,
  "summary_wm_mad": 37.87206040210984,
  "summary_wm_mean": 1000.9436268722602,
  "summary_wm_median": 999.9999898970127,
  "summary_wm_n": 1399151.0,
  "summary_wm_p05": 937.2106882855296,
  "summary_wm_p95": 1067.889582902193,
  "summary_wm_stdv": 40.17957879449376,
  "tpm_overlap_csf": 0.13636239836144692,
  "tpm_overlap_gm": 0.45422091201800235,
  "tpm_overlap_wm": 0.5004188279732363,
  "wm2max": 0.42477288500556676
}