{
  "bids_meta": {
    "AcquisitionMatrixPE": 256,
    "AcquisitionNumber": 1,
    "AcquisitionTime": "16:15:20.855000",
    "BaseResolution": 256,
    "ConversionSoftware": "dcm2niix",
    "ConversionSoftwareVersion": "v1.0.20171215 Clang9.0.0",
    "DeviceSerialNumber": "35410",
    "DwellTime": 9.8e-06,
    "EchoTime": 0.00232,
    "FlipAngle": 9,
    "ImageOrientationPatientDICOM": [
      0.0104688,
      0.999945,
      -2.97272e-08,
      0.0174489,
      -0.000182709,
      -0.999848
    ],
    "ImageType": [
      "ORIGINAL",
      "PRIMARY",
      "M",
      "ND",
      "NORM"
    ],
    "InPlanePhaseEncodingDirectionDICOM": "ROW",
    "InstitutionAddress": "Cooper_60_St._Lucia_QLD_AU_4072",
    "InstitutionName": "Centre_for_Advanced_Imaging",
    "InstitutionalDepartmentName": "Gehrmann_Labs_MRI",
    "Interpolation2D": 1,
    "InversionTime": 0.9,
    "MRAcquisitionType": "3D",
    "MagneticFieldStrength": 3,
    "Manufacturer": "Siemens",
    "ManufacturersModelName": "TrioTim",
    "Modality": "MR",
    "ParallelReductionFactorInPlane": 2,
    "PartialFourier": 1,
    "PatientPosition": "HFS",
    "PercentPhaseFOV": 100,
    "PhaseEncodingSteps": 255,
    "PhaseResolution": 1,
    "PixelBandwidth": 199,
    "ProcedureStepDescription": "Brain_-_UQ_fMRI",
    "ProtocolName": "t1_mpr_sag_p2_iso_0.9",
    "PulseSequenceDetails": "%SiemensSeq%_tfl",
    "ReceiveCoilName": "32Ch_Head",
    "ReconMatrixPE": 512,
    "RepetitionTime": 1.9,
    "SAR": 0.119047,
    "ScanOptions": "IR",
    "ScanningSequence": "GR_IR",
    "SequenceName": "_tfl3d1_ns",
    "SequenceVariant": "SP_MP",
    "SeriesDescription": "t1_mpr_sag_p2_iso_0.9",
    "SeriesNumber": 7,
    "ShimSetting": [
      6825,
      -11255,
      -2613,
      -72,
      38,
      19,
      -121,
      14
    ],
    "SliceThickness": 0.9,
    "SoftwareVersions": "syngo_MR_B17",
    "StationName": "mrc_Trio",
    "TxRefAmp": 336.45,
    "dataset": "ds001241",
    "modality": "T1w",
    "subject_id": "07"
  },
  "cjv": 0.32462382395694245,
  "cnr": 4.211724589373483,
  "efc": 0.5554642974681481,
  "fber": 24701.361111111113,
  "fwhm_avg": 6.821792279382162,
  "fwhm_x": 4.083201706785686,
  "fwhm_y": 8.503897043478261,
  "fwhm_z": 7.878278087882538,
  "icvs_csf": 0.1969104643026142,
  "icvs_gm": 0.45532326549624896,
  "icvs_wm": 0.3477662702011368,
  "inu_med": 0.4907054901123047,
  "inu_range": 0.18225357681512827,
  "provenance": {
    "md5sum": "42a340f9aa2b6942747264725fbc2ca3",
    "settings": {
      "testing": false
    },
    "software": "mriqc",
    "version": "22.0.6",
    "warnings": {
      "large_rot_frame": true,
      "small_air_mask": false
    },
    "webapi_port": null,
    "webapi_url": "https://mriqc.nimh.nih.gov/api/v1"
  },
  "qi_1": 9.44001155854889e-06,
  "qi_2": 0.012045287485246494,
  "rpve_csf": 22.655392807655197,
  "rpve_gm": 10.756787954721636,
  "rpve_wm": 15.348088362876913,
  "size_x": 192,
  "size_y": 512,
  "size_z": 512,
  "snr_csf": 2.5705807851455713,
  "snr_gm": 18.36960818963319,
  "snr_total": 15.052111648597453,
  "snr_wm": 24.216145971013596,
  "snrd_csf": 38.7312249959948,
  "snrd_gm": 101.4570636975489,
  "snrd_total": 91.58629560983688,
  "snrd_wm": 134.57059813596695,
  "spacing_x": 0.8999971747398376,
  "spacing_y": 0.44921875,
  "spacing_z": 0.4492187201976776,
  "summary_bg_k": 21.6249668116913,
  "summary_bg_mad": 0.0,
  "summary_bg_mean": 2.149198553792627,
  "summary_bg_median": 0.0,
  "summary_bg_n": 9449070.0,
  "summary_bg_p05": 0.0,
  "summary_bg_p95": 9.840927176177502,
  "summary_bg_stdv": 4.868347092656696,
  "summary_csf_k": 9.41559460362504,
  "summary_csf_mad": 87.1413518097128,
  "summary_csf_mean": 293.1010406393093,
  "summary_csf_median": 287.81341809779406,
  "summary_csf_n": 329263.0,
  "summary_csf_p05": 88.1189871802926,
  "summary_csf_p95": 478.2510864660144,
  "summary_csf_stdv": 111.96418439894816,
  "summary_gm_k": 0.29549512874995143,
  "summary_gm_mad": 39.97309716041872,
  "summary_gm_mean": 752.9453885750427,
  "summary_gm_median": 753.9318546205759,
  "summary_gm_n": 554129.0,
  "summary_gm_p05": 684.3263925388455,
  "summary_gm_p95": 818.2348993197083,
  "summary_gm_stdv": 41.04231111256039,
  "summary_wm_k": 0.3249796576719408,
  "summary_wm_mad": 39.90647533181802,
  "summary_wm_mean": 1001.4241897619851,
  "summary_wm_median": 999.9999697655439,
  "summary_wm_n": 1267763.0,
  "summary_wm_p05": 936.0114752501249,
  "summary_wm_p95": 1071.8072831332684,
  "summary_wm_stdv": 41.29474510795325,
  "tpm_overlap_csf": 0.15427984556745156,
  "tpm_overlap_gm": 0.4640346974534446,
  "tpm_overlap_wm": 0.5016747404015832,
  "wm2max": 0.4464998695852812
}