{
  "aor": 0.004435810810810811,
  "aqi": 0.004384004932432433,
  "bids_meta": {
    "AcquisitionMatrixPE": 64,
    "AcquisitionNumber": 1,
    "AcquisitionTime": "16:08:30.110000",
    "BandwidthPerPixelPhaseEncode": 26.483,
    "BaseResolution": 64,
    "ConversionSoftware": "dcm2niix",
    "ConversionSoftwareVersion": "v1.0.20171215 Clang9.0.0",
    "DerivedVendorReportedEchoSpacing": 0.000590001,
    "DeviceSerialNumber": "35410",
    "DwellTime": 4.1e-06,
    "EchoTime": 0.026,
    "EffectiveEchoSpacing": 0.000590001,
    "FlipAngle": 90,
    "ImageOrientationPatientDICOM": [
      0.999516,
      0.0299825,
      0.00829097,
      -0.027919,
      0.982155,
      -0.185988
    ],
    "ImageType": [
      "ORIGINAL",
      "PRIMARY",
      "M",
      "ND",
      "MOSAIC"
    ],
    "InPlanePhaseEncodingDirectionDICOM": "COL",
    "InstitutionAddress": "Cooper_60_St._Lucia_QLD_AU_4072",
    "InstitutionName": "St_Lucia_Campus",
    "InstitutionalDepartmentName": "Gehrmann_Labs_MRI",
    "MRAcquisitionType": "2D",
    "MagneticFieldStrength": 3,
    "Manufacturer": "Siemens",
    "ManufacturersModelName": "TrioTim",
    "Modality": "MR",
    "PartialFourier": 1,
    "PatientPosition": "HFS",
    "PercentPhaseFOV": 100,
    "PhaseEncodingDirection": "j-",
    "PhaseEncodingSteps": 64,
    "PhaseResolution": 1,
    "PixelBandwidth": 1905,
    "ProcedureStepDescription": "Brain_-_UQ_fMRI",
    "ProtocolName": "OLVSL_R5",
    "PulseSequenceDetails": "%SiemensSeq%_ep2d_pace",
    "ReceiveCoilName": "32Ch_Head",
    "ReconMatrixPE": 64,
    "RepetitionTime": 2,
    "SAR": 0.151365,
    "ScanOptions": "FS",
    "ScanningSequence": "EP",
    "SequenceName": "_epfid2d1_64",
    "SequenceVariant": "SK",
    "SeriesDescription": "OLVSL_R5",
    "SeriesNumber": 6,
    "ShimSetting": [
      6880,
      -11276,
      -2112,
      771,
      96,
      223,
      210,
      -99
    ],
    "SliceThickness": 3,
    "SliceTiming": [
      0,
      1.025,
      0.06,
      1.085,
      0.12,
      1.145,
      0.18,
      1.205,
      0.2425,
      1.265,
      0.3025,
      1.325,
      0.3625,
      1.385,
      0.4225,
      1.445,
      0.4825,
      1.505,
      0.5425,
      1.565,
      0.6025,
      1.6275,
      0.6625,
      1.6875,
      0.7225,
      1.7475,
      0.7825,
      1.8075,
      0.8425,
      1.8675,
      0.905,
      1.9275,
      0.965
    ],
    "SoftwareVersions": "syngo_MR_B17",
    "SpacingBetweenSlices": 3.3,
    "StationName": "mrc_Trio",
    "TaskName": "learn",
    "TotalReadoutTime": 0.0371701,
    "TxRefAmp": 315.25,
    "dataset": "ds001241",
    "modality": "bold",
    "run_id": 5,
    "subject_id": "22",
    "task_id": "learn"
  },
  "dummy_trs": 0,
  "dvars_nstd": 17.71845007265306,
  "dvars_std": 1.1295925326530616,
  "dvars_vstd": 0.9918776329251702,
  "efc": 0.5760871203572274,
  "fber": 605.2174072265625,
  "fd_mean": 0.127213649152756,
  "fd_num": 15,
  "fd_perc": 10.135135135135135,
  "fwhm_avg": 2.646690113554115,
  "fwhm_x": 2.5769033333333335,
  "fwhm_y": 2.7588033333333333,
  "fwhm_z": 2.604363673995678,
  "gcor": 0.0289121,
  "gsr_x": -0.01972261443734169,
  "gsr_y": 0.08720791339874268,
  "provenance": {
    "md5sum": "ffa8209036938ac8926784d7b2feb4b5",
    "settings": {
      "fd_thres": 0.2,
      "testing": false
    },
    "software": "mriqc",
    "version": "22.0.6",
    "webapi_port": null,
    "webapi_url": "https://mriqc.nimh.nih.gov/api/v1"
  },
  "size_t": 148,
  "size_x": 64,
  "size_y": 64,
  "size_z": 33,
  "snr": 3.380423987633576,
  "spacing_tr": 2.0,
  "spacing_x": 3.0,
  "spacing_y": 3.0,
  "spacing_z": 3.299999952316284,
  "summary_bg_k": 22.56297972739881,
  "summary_bg_mad": 7.152552952468618,
  "summary_bg_mean": 47.90095901489258,
  "summary_bg_median": 24.006757736206055,
  "summary_bg_n": 73775.0,
  "summary_bg_p05": 18.236486434936523,
  "summary_bg_p95": 172.57972869873058,
  "summary_bg_stdv": 63.474273681640625,
  "summary_fg_k": 1.871237416248409,
  "summary_fg_mad": 151.78640173941898,
  "summary_fg_mean": 636.1660766601562,
  "summary_fg_median": 602.4865112304688,
  "summary_fg_n": 30242.0,
  "summary_fg_p05": 415.8195938110352,
  "summary_fg_p95": 989.6875366210933,
  "summary_fg_stdv": 178.2251434326172,
  "tsnr": 74.18200427177362
}