{
  "aor": 0.009147297297297297,
  "aqi": 0.007579386554054054,
  "bids_meta": {
    "AcquisitionMatrixPE": 64,
    "AcquisitionNumber": 1,
    "AcquisitionTime": "16:36:0.507500",
    "BandwidthPerPixelPhaseEncode": 26.483,
    "BaseResolution": 64,
    "ConversionSoftware": "dcm2niix",
    "ConversionSoftwareVersion": "v1.0.20171215 Clang9.0.0",
    "DerivedVendorReportedEchoSpacing": 0.000590001,
    "DeviceSerialNumber": "35410",
    "DwellTime": 4.1e-06,
    "EchoTime": 0.026,
    "EffectiveEchoSpacing": 0.000590001,
    "FlipAngle": 90,
    "ImageOrientationPatientDICOM": [
      0.999516,
      0.0299825,
      0.00829097,
      -0.027919,
      0.982155,
      -0.185988
    ],
    "ImageType": [
      "ORIGINAL",
      "PRIMARY",
      "M",
      "ND",
      "MOSAIC"
    ],
    "InPlanePhaseEncodingDirectionDICOM": "COL",
    "InstitutionAddress": "Cooper_60_St._Lucia_QLD_AU_4072",
    "InstitutionName": "St_Lucia_Campus",
    "InstitutionalDepartmentName": "Gehrmann_Labs_MRI",
    "MRAcquisitionType": "2D",
    "MagneticFieldStrength": 3,
    "Manufacturer": "Siemens",
    "ManufacturersModelName": "TrioTim",
    "Modality": "MR",
    "PartialFourier": 1,
    "PatientPosition": "HFS",
    "PercentPhaseFOV": 100,
    "PhaseEncodingDirection": "j-",
    "PhaseEncodingSteps": 64,
    "PhaseResolution": 1,
    "PixelBandwidth": 1905,
    "ProcedureStepDescription": "Brain_-_UQ_fMRI",
    "ProtocolName": "OLVSL_R9",
    "PulseSequenceDetails": "%SiemensSeq%_ep2d_pace",
    "ReceiveCoilName": "32Ch_Head",
    "ReconMatrixPE": 64,
    "RepetitionTime": 2,
    "SAR": 0.151365,
    "ScanOptions": "FS",
    "ScanningSequence": "EP",
    "SequenceName": "_epfid2d1_64",
    "SequenceVariant": "SK",
    "SeriesDescription": "OLVSL_R9",
    "SeriesNumber": 11,
    "ShimSetting": [
      6880,
      -11276,
      -2112,
      771,
      96,
      223,
      210,
      -99
    ],
    "SliceThickness": 3,
    "SliceTiming": [
      0,
      1.0225,
      0.06,
      1.0825,
      0.12,
      1.1425,
      0.18,
      1.205,
      0.24,
      1.265,
      0.3,
      1.325,
      0.36,
      1.385,
      0.42,
      1.445,
      0.48,
      1.505,
      0.5425,
      1.565,
      0.6025,
      1.625,
      0.6625,
      1.685,
      0.7225,
      1.745,
      0.7825,
      1.805,
      0.8425,
      1.8675,
      0.9025,
      1.9275,
      0.9625
    ],
    "SoftwareVersions": "syngo_MR_B17",
    "SpacingBetweenSlices": 3.3,
    "StationName": "mrc_Trio",
    "TaskName": "learn",
    "TotalReadoutTime": 0.0371701,
    "TxRefAmp": 315.25,
    "dataset": "ds001241",
    "modality": "bold",
    "run_id": 9,
    "subject_id": "22",
    "task_id": "learn"
  },
  "dummy_trs": 0,
  "dvars_nstd": 21.41709175904762,
  "dvars_std": 1.0925558514285711,
  "dvars_vstd": 0.9705211054421764,
  "efc": 0.5789679915689542,
  "fber": 587.3138427734375,
  "fd_mean": 0.16663532785398572,
  "fd_num": 28,
  "fd_perc": 18.91891891891892,
  "fwhm_avg": 2.691883851146946,
  "fwhm_x": 2.61908,
  "fwhm_y": 2.80672,
  "fwhm_z": 2.649851553440839,
  "gcor": 0.0219771,
  "gsr_x": -0.02167724072933197,
  "gsr_y": 0.08962838351726532,
  "provenance": {
    "md5sum": "6681c35fac213f4052124aad6392a3de",
    "settings": {
      "fd_thres": 0.2,
      "testing": false
    },
    "software": "mriqc",
    "version": "22.0.6",
    "webapi_port": null,
    "webapi_url": "https://mriqc.nimh.nih.gov/api/v1"
  },
  "size_t": 148,
  "size_x": 64,
  "size_y": 64,
  "size_z": 33,
  "snr": 3.352031255386379,
  "spacing_tr": 2.0,
  "spacing_x": 3.0,
  "spacing_y": 3.0,
  "spacing_z": 3.299999952316284,
  "summary_bg_k": 22.889448592751503,
  "summary_bg_mad": 7.232693918640738,
  "summary_bg_mean": 49.382022857666016,
  "summary_bg_median": 24.277027130126953,
  "summary_bg_n": 73568.0,
  "summary_bg_p05": 18.62162208557129,
  "summary_bg_p95": 179.45034713745113,
  "summary_bg_stdv": 66.53394317626953,
  "summary_fg_k": 1.9690811013994747,
  "summary_fg_mad": 151.55598939207584,
  "summary_fg_mean": 634.2254028320312,
  "summary_fg_median": 600.2635498046875,
  "summary_fg_n": 30419.0,
  "summary_fg_p05": 412.9398712158203,
  "summary_fg_p95": 987.1818054199215,
  "summary_fg_stdv": 179.07162475585938,
  "tsnr": 56.989220293588005
}