{
  "bids_meta": {
    "AcquisitionMatrixPE": 256,
    "AcquisitionNumber": 1,
    "AcquisitionTime": "16:16:44.940000",
    "BaseResolution": 256,
    "ConversionSoftware": "dcm2niix",
    "ConversionSoftwareVersion": "v1.0.20171215 Clang9.0.0",
    "DeviceSerialNumber": "35410",
    "DwellTime": 9.8e-06,
    "EchoTime": 0.00232,
    "FlipAngle": 9,
    "ImageOrientationPatientDICOM": [
      0.0104691,
      0.999945,
      -4.068e-08,
      0.0191937,
      -0.000200994,
      -0.999816
    ],
    "ImageType": [
      "ORIGINAL",
      "PRIMARY",
      "M",
      "ND",
      "NORM"
    ],
    "InPlanePhaseEncodingDirectionDICOM": "ROW",
    "InstitutionAddress": "Cooper_60_St._Lucia_QLD_AU_4072",
    "InstitutionName": "St_Lucia_Campus",
    "InstitutionalDepartmentName": "Gehrmann_Labs_MRI",
    "Interpolation2D": 1,
    "InversionTime": 0.9,
    "MRAcquisitionType": "3D",
    "MagneticFieldStrength": 3,
    "Manufacturer": "Siemens",
    "ManufacturersModelName": "TrioTim",
    "Modality": "MR",
    "ParallelReductionFactorInPlane": 2,
    "PartialFourier": 1,
    "PatientPosition": "HFS",
    "PercentPhaseFOV": 100,
    "PhaseEncodingSteps": 255,
    "PhaseResolution": 1,
    "PixelBandwidth": 199,
    "ProcedureStepDescription": "Brain_-_UQ_fMRI",
    "ProtocolName": "t1_mpr_sag_p2_iso_0.9",
    "PulseSequenceDetails": "%SiemensSeq%_tfl",
    "ReceiveCoilName": "32Ch_Head",
    "ReconMatrixPE": 512,
    "RepetitionTime": 1.9,
    "SAR": 0.113864,
    "ScanOptions": "IR",
    "ScanningSequence": "GR_IR",
    "SequenceName": "_tfl3d1_ns",
    "SequenceVariant": "SP_MP",
    "SeriesDescription": "t1_mpr_sag_p2_iso_0.9",
    "SeriesNumber": 7,
    "ShimSetting": [
      6825,
      -11255,
      -2613,
      -72,
      38,
      19,
      -121,
      14
    ],
    "SliceThickness": 0.9,
    "SoftwareVersions": "syngo_MR_B17",
    "StationName": "mrc_Trio",
    "TxRefAmp": 331.306,
    "dataset": "ds001241",
    "modality": "T1w",
    "subject_id": "02"
  },
  "cjv": 0.3093311267271962,
  "cnr": 4.433544313909372,
  "efc": 0.5585138531396449,
  "fber": -1.0,
  "fwhm_avg": 7.579599335123594,
  "fwhm_x": 4.5644681441984245,
  "fwhm_y": 9.528141913043479,
  "fwhm_z": 8.646187948128878,
  "icvs_csf": 0.1866068916669639,
  "icvs_gm": 0.44470048394899775,
  "icvs_wm": 0.3686926243840383,
  "inu_med": 0.4791055917739868,
  "inu_range": 0.17120756506919854,
  "provenance": {
    "md5sum": "3fd4558200adf657c5d8782a7d32d231",
    "settings": {
      "testing": false
    },
    "software": "mriqc",
    "version": "22.0.6",
    "warnings": {
      "large_rot_frame": true,
      "small_air_mask": false
    },
    "webapi_port": null,
    "webapi_url": "https://mriqc.nimh.nih.gov/api/v1"
  },
  "qi_1": 2.847641903335372e-06,
  "qi_2": 0.007784957874169692,
  "rpve_csf": 21.766766766766768,
  "rpve_gm": 9.991597214100148,
  "rpve_wm": 13.429537319690228,
  "size_x": 192,
  "size_y": 512,
  "size_z": 512,
  "snr_csf": 2.565299578953623,
  "snr_gm": 17.290544109661482,
  "snr_total": 14.71907122518387,
  "snr_wm": 24.301369986936503,
  "snrd_csf": 27.003444403414974,
  "snrd_gm": 66.66291260949001,
  "snrd_total": 61.42883893578352,
  "snrd_wm": 90.62015979444558,
  "spacing_x": 0.8999953269958496,
  "spacing_y": 0.44921875,
  "spacing_z": 0.4492187798023224,
  "summary_bg_k": 58.586553110757954,
  "summary_bg_mad": 0.0,
  "summary_bg_mean": 2.7758864556637426,
  "summary_bg_median": 0.0,
  "summary_bg_n": 10590622.0,
  "summary_bg_p05": 0.0,
  "summary_bg_p95": 12.396694399416447,
  "summary_bg_stdv": 7.229477538315777,
  "summary_csf_k": 7.256198552804884,
  "summary_csf_mad": 102.97952232805748,
  "summary_csf_mean": 291.28068559699386,
  "summary_csf_median": 297.98496125638485,
  "summary_csf_n": 365530.0,
  "summary_csf_p05": 80.13743270933628,
  "summary_csf_p95": 473.3030063956976,
  "summary_csf_stdv": 116.1597483951341,
  "summary_gm_k": 0.2064433993799013,
  "summary_gm_mad": 41.921476669643724,
  "summary_gm_mean": 735.4157358904799,
  "summary_gm_median": 735.6300601661205,
  "summary_gm_n": 618695.0,
  "summary_gm_p05": 665.9392800405622,
  "summary_gm_p95": 804.6243967860937,
  "summary_gm_stdv": 42.54518891938471,
  "summary_wm_k": 0.36750894568638026,
  "summary_wm_mad": 39.85637929675487,
  "summary_wm_mean": 1000.9385184366889,
  "summary_wm_median": 1000.00001488626,
  "summary_wm_n": 1522466.0,
  "summary_wm_p05": 935.184339299798,
  "summary_wm_p95": 1069.7836541458964,
  "summary_wm_stdv": 41.14993051869933,
  "tpm_overlap_csf": 0.13936792364169276,
  "tpm_overlap_gm": 0.46252210887535594,
  "tpm_overlap_wm": 0.5085027940530896,
  "wm2max": 0.41724137931034483
}