{
  "aor": 0.0009616891891891891,
  "aqi": 0.0016636645472972974,
  "bids_meta": {
    "AcquisitionMatrixPE": 64,
    "AcquisitionNumber": 1,
    "AcquisitionTime": "16:37:18.910000",
    "BandwidthPerPixelPhaseEncode": 26.483,
    "BaseResolution": 64,
    "ConversionSoftware": "dcm2niix",
    "ConversionSoftwareVersion": "v1.0.20171215 Clang9.0.0",
    "DerivedVendorReportedEchoSpacing": 0.000590001,
    "DeviceSerialNumber": "35410",
    "DwellTime": 4.1e-06,
    "EchoTime": 0.026,
    "EffectiveEchoSpacing": 0.000590001,
    "FlipAngle": 90,
    "ImageOrientationPatientDICOM": [
      1,
      -1e-16,
      0,
      1e-16,
      0.983571,
      -0.180519
    ],
    "ImageType": [
      "ORIGINAL",
      "PRIMARY",
      "M",
      "ND",
      "MOSAIC"
    ],
    "InPlanePhaseEncodingDirectionDICOM": "COL",
    "InstitutionAddress": "Cooper_60_St._Lucia_QLD_AU_4072",
    "InstitutionName": "Centre_for_Advanced_Imaging",
    "InstitutionalDepartmentName": "Gehrmann_Labs_MRI",
    "MRAcquisitionType": "2D",
    "MagneticFieldStrength": 3,
    "Manufacturer": "Siemens",
    "ManufacturersModelName": "TrioTim",
    "Modality": "MR",
    "PartialFourier": 1,
    "PatientPosition": "HFS",
    "PercentPhaseFOV": 100,
    "PhaseEncodingDirection": "j-",
    "PhaseEncodingSteps": 64,
    "PhaseResolution": 1,
    "PixelBandwidth": 1905,
    "ProcedureStepDescription": "Brain_-_UQ_fMRI",
    "ProtocolName": "OLVSL_R9",
    "PulseSequenceDetails": "%SiemensSeq%_ep2d_pace",
    "ReceiveCoilName": "32Ch_Head",
    "ReconMatrixPE": 64,
    "RepetitionTime": 2,
    "SAR": 0.174782,
    "ScanOptions": "FS",
    "ScanningSequence": "EP",
    "SequenceName": "_epfid2d1_64",
    "SequenceVariant": "SK",
    "SeriesDescription": "OLVSL_R9",
    "SeriesNumber": 11,
    "ShimSetting": [
      6841,
      -11362,
      -2061,
      823,
      95,
      70,
      114,
      -1
    ],
    "SliceThickness": 3,
    "SliceTiming": [
      0,
      1.025,
      0.06,
      1.085,
      0.12,
      1.145,
      0.18,
      1.205,
      0.24,
      1.265,
      0.3025,
      1.325,
      0.3625,
      1.385,
      0.4225,
      1.445,
      0.4825,
      1.505,
      0.5425,
      1.565,
      0.6025,
      1.625,
      0.6625,
      1.6875,
      0.7225,
      1.7475,
      0.7825,
      1.8075,
      0.8425,
      1.8675,
      0.9025,
      1.9275,
      0.9625
    ],
    "SoftwareVersions": "syngo_MR_B17",
    "SpacingBetweenSlices": 3.3,
    "StationName": "mrc_Trio",
    "TaskName": "learn",
    "TotalReadoutTime": 0.0371701,
    "TxRefAmp": 336.45,
    "dataset": "ds001241",
    "modality": "bold",
    "run_id": 9,
    "subject_id": "07",
    "task_id": "learn"
  },
  "dummy_trs": 0,
  "dvars_nstd": 19.70723702965986,
  "dvars_std": 1.1987819325850337,
  "dvars_vstd": 0.9971672210884358,
  "efc": 0.6041392201636294,
  "fber": 496.38470458984375,
  "fd_mean": 0.14971549368399037,
  "fd_num": 30,
  "fd_perc": 20.27027027027027,
  "fwhm_avg": 2.6500396086512295,
  "fwhm_x": 2.5597566666666665,
  "fwhm_y": 2.75535,
  "fwhm_z": 2.6350121592870215,
  "gcor": 0.0480396,
  "gsr_x": -0.022191857919096947,
  "gsr_y": 0.13364049792289734,
  "provenance": {
    "md5sum": "0075792ebf4624f778f37f46e48c0e10",
    "settings": {
      "fd_thres": 0.2,
      "testing": false
    },
    "software": "mriqc",
    "version": "22.0.6",
    "webapi_port": null,
    "webapi_url": "https://mriqc.nimh.nih.gov/api/v1"
  },
  "size_t": 148,
  "size_x": 64,
  "size_y": 64,
  "size_z": 33,
  "snr": 3.101119628649474,
  "spacing_tr": 2.0,
  "spacing_x": 3.0,
  "spacing_y": 3.0,
  "spacing_z": 3.299999952316284,
  "summary_bg_k": 11.872791015727161,
  "summary_bg_mad": 10.388231736391072,
  "summary_bg_mean": 74.89655303955078,
  "summary_bg_median": 28.817567825317383,
  "summary_bg_n": 71456.0,
  "summary_bg_p05": 21.20945930480957,
  "summary_bg_p95": 320.104736328125,
  "summary_bg_stdv": 108.49188232421875,
  "summary_fg_k": 1.3654089091858301,
  "summary_fg_mad": 193.519676965103,
  "summary_fg_mean": 699.3335571289062,
  "summary_fg_median": 664.0,
  "summary_fg_n": 31138.0,
  "summary_fg_p05": 418.2044052124023,
  "summary_fg_p95": 1105.0605285644529,
  "summary_fg_stdv": 214.11277770996094,
  "tsnr": 102.23658951697871
}