{
  "aor": 0.0010556081081081082,
  "aqi": 0.001465449608108108,
  "bids_meta": {
    "AcquisitionMatrixPE": 64,
    "AcquisitionNumber": 1,
    "AcquisitionTime": "16:10:3.072500",
    "BandwidthPerPixelPhaseEncode": 26.483,
    "BaseResolution": 64,
    "ConversionSoftware": "dcm2niix",
    "ConversionSoftwareVersion": "v1.0.20171215 Clang9.0.0",
    "DerivedVendorReportedEchoSpacing": 0.000590001,
    "DeviceSerialNumber": "35410",
    "DwellTime": 4.1e-06,
    "EchoTime": 0.026,
    "EffectiveEchoSpacing": 0.000590001,
    "FlipAngle": 90,
    "ImageOrientationPatientDICOM": [
      1,
      -1e-16,
      0,
      1e-16,
      0.983571,
      -0.180519
    ],
    "ImageType": [
      "ORIGINAL",
      "PRIMARY",
      "M",
      "ND",
      "MOSAIC"
    ],
    "InPlanePhaseEncodingDirectionDICOM": "COL",
    "InstitutionAddress": "Cooper_60_St._Lucia_QLD_AU_4072",
    "InstitutionName": "Centre_for_Advanced_Imaging",
    "InstitutionalDepartmentName": "Gehrmann_Labs_MRI",
    "MRAcquisitionType": "2D",
    "MagneticFieldStrength": 3,
    "Manufacturer": "Siemens",
    "ManufacturersModelName": "TrioTim",
    "Modality": "MR",
    "PartialFourier": 1,
    "PatientPosition": "HFS",
    "PercentPhaseFOV": 100,
    "PhaseEncodingDirection": "j-",
    "PhaseEncodingSteps": 64,
    "PhaseResolution": 1,
    "PixelBandwidth": 1905,
    "ProcedureStepDescription": "Brain_-_UQ_fMRI",
    "ProtocolName": "OLVSL_R5",
    "PulseSequenceDetails": "%SiemensSeq%_ep2d_pace",
    "ReceiveCoilName": "32Ch_Head",
    "ReconMatrixPE": 64,
    "RepetitionTime": 2,
    "SAR": 0.174782,
    "ScanOptions": "FS",
    "ScanningSequence": "EP",
    "SequenceName": "_epfid2d1_64",
    "SequenceVariant": "SK",
    "SeriesDescription": "OLVSL_R5",
    "SeriesNumber": 6,
    "ShimSetting": [
      6841,
      -11362,
      -2061,
      823,
      95,
      70,
      114,
      -1
    ],
    "SliceThickness": 3,
    "SliceTiming": [
      0,
      1.025,
      0.0625,
      1.085,
      0.1225,
      1.145,
      0.1825,
      1.205,
      0.2425,
      1.265,
      0.3025,
      1.325,
      0.3625,
      1.385,
      0.4225,
      1.4475,
      0.4825,
      1.5075,
      0.5425,
      1.5675,
      0.6025,
      1.6275,
      0.6625,
      1.6875,
      0.725,
      1.7475,
      0.785,
      1.8075,
      0.845,
      1.8675,
      0.905,
      1.9275,
      0.965
    ],
    "SoftwareVersions": "syngo_MR_B17",
    "SpacingBetweenSlices": 3.3,
    "StationName": "mrc_Trio",
    "TaskName": "learn",
    "TotalReadoutTime": 0.0371701,
    "TxRefAmp": 336.45,
    "dataset": "ds001241",
    "modality": "bold",
    "run_id": 5,
    "subject_id": "07",
    "task_id": "learn"
  },
  "dummy_trs": 0,
  "dvars_nstd": 18.489555378299322,
  "dvars_std": 1.1792218330612245,
  "dvars_vstd": 0.9932020300680275,
  "efc": 0.6011563881219564,
  "fber": 516.0055541992188,
  "fd_mean": 0.126559968520549,
  "fd_num": 7,
  "fd_perc": 4.72972972972973,
  "fwhm_avg": 2.6702149623034934,
  "fwhm_x": 2.59981,
  "fwhm_y": 2.75155,
  "fwhm_z": 2.65928488691048,
  "gcor": 0.0422116,
  "gsr_x": -0.020222093909978867,
  "gsr_y": 0.13200612366199493,
  "provenance": {
    "md5sum": "02d2ca4c82227ac95b8341e8ffd4a17f",
    "settings": {
      "fd_thres": 0.2,
      "testing": false
    },
    "software": "mriqc",
    "version": "22.0.6",
    "webapi_port": null,
    "webapi_url": "https://mriqc.nimh.nih.gov/api/v1"
  },
  "size_t": 148,
  "size_x": 64,
  "size_y": 64,
  "size_z": 33,
  "snr": 3.106342847381697,
  "spacing_tr": 2.0,
  "spacing_x": 3.0,
  "spacing_y": 3.0,
  "spacing_z": 3.299999952316284,
  "summary_bg_k": 12.360369351590661,
  "summary_bg_mad": 9.907388767197663,
  "summary_bg_mean": 72.68285369873047,
  "summary_bg_median": 28.283784866333008,
  "summary_bg_n": 71710.0,
  "summary_bg_p05": 21.02027130126953,
  "summary_bg_p95": 310.31148223876954,
  "summary_bg_stdv": 105.2838134765625,
  "summary_fg_k": 1.4419455916278503,
  "summary_fg_mad": 192.8384617856041,
  "summary_fg_mean": 699.6350708007812,
  "summary_fg_median": 664.4526977539062,
  "summary_fg_n": 30987.0,
  "summary_fg_p05": 419.6898864746094,
  "summary_fg_p95": 1105.348010253906,
  "summary_fg_stdv": 213.89846801757812,
  "tsnr": 103.75271220784634
}