{
  "aor": 0.0008668243243243244,
  "aqi": 0.0014664517972972973,
  "bids_meta": {
    "AcquisitionMatrixPE": 64,
    "AcquisitionNumber": 1,
    "AcquisitionTime": "16:20:33.487500",
    "BandwidthPerPixelPhaseEncode": 26.483,
    "BaseResolution": 64,
    "ConversionSoftware": "dcm2niix",
    "ConversionSoftwareVersion": "v1.0.20171215 Clang9.0.0",
    "DerivedVendorReportedEchoSpacing": 0.000590001,
    "DeviceSerialNumber": "35410",
    "DwellTime": 4.1e-06,
    "EchoTime": 0.026,
    "EffectiveEchoSpacing": 0.000590001,
    "FlipAngle": 90,
    "ImageOrientationPatientDICOM": [
      1,
      -1e-16,
      0,
      1e-16,
      0.983571,
      -0.180519
    ],
    "ImageType": [
      "ORIGINAL",
      "PRIMARY",
      "M",
      "ND",
      "MOSAIC"
    ],
    "InPlanePhaseEncodingDirectionDICOM": "COL",
    "InstitutionAddress": "Cooper_60_St._Lucia_QLD_AU_4072",
    "InstitutionName": "Centre_for_Advanced_Imaging",
    "InstitutionalDepartmentName": "Gehrmann_Labs_MRI",
    "MRAcquisitionType": "2D",
    "MagneticFieldStrength": 3,
    "Manufacturer": "Siemens",
    "ManufacturersModelName": "TrioTim",
    "Modality": "MR",
    "PartialFourier": 1,
    "PatientPosition": "HFS",
    "PercentPhaseFOV": 100,
    "PhaseEncodingDirection": "j-",
    "PhaseEncodingSteps": 64,
    "PhaseResolution": 1,
    "PixelBandwidth": 1905,
    "ProcedureStepDescription": "Brain_-_UQ_fMRI",
    "ProtocolName": "OLVSL_R6",
    "PulseSequenceDetails": "%SiemensSeq%_ep2d_pace",
    "ReceiveCoilName": "32Ch_Head",
    "ReconMatrixPE": 64,
    "RepetitionTime": 2,
    "SAR": 0.174782,
    "ScanOptions": "FS",
    "ScanningSequence": "EP",
    "SequenceName": "_epfid2d1_64",
    "SequenceVariant": "SK",
    "SeriesDescription": "OLVSL_R6",
    "SeriesNumber": 8,
    "ShimSetting": [
      6841,
      -11362,
      -2061,
      823,
      95,
      70,
      114,
      -1
    ],
    "SliceThickness": 3,
    "SliceTiming": [
      0,
      1.025,
      0.06,
      1.085,
      0.12,
      1.145,
      0.18,
      1.205,
      0.24,
      1.265,
      0.3025,
      1.325,
      0.3625,
      1.385,
      0.4225,
      1.445,
      0.4825,
      1.505,
      0.5425,
      1.565,
      0.6025,
      1.625,
      0.6625,
      1.6875,
      0.7225,
      1.7475,
      0.7825,
      1.8075,
      0.8425,
      1.8675,
      0.9025,
      1.9275,
      0.9625
    ],
    "SoftwareVersions": "syngo_MR_B17",
    "SpacingBetweenSlices": 3.3,
    "StationName": "mrc_Trio",
    "TaskName": "learn",
    "TotalReadoutTime": 0.0371701,
    "TxRefAmp": 336.45,
    "dataset": "ds001241",
    "modality": "bold",
    "run_id": 6,
    "subject_id": "07",
    "task_id": "learn"
  },
  "dummy_trs": 0,
  "dvars_nstd": 19.204316067891156,
  "dvars_std": 1.1947928775510206,
  "dvars_vstd": 0.9950021698639459,
  "efc": 0.602372105206251,
  "fber": 503.9498596191406,
  "fd_mean": 0.12315183562373964,
  "fd_num": 6,
  "fd_perc": 4.054054054054054,
  "fwhm_avg": 2.6729546592629583,
  "fwhm_x": 2.5980733333333332,
  "fwhm_y": 2.7636299999999996,
  "fwhm_z": 2.6571606444555433,
  "gcor": 0.0550143,
  "gsr_x": -0.02186969481408596,
  "gsr_y": 0.1342771202325821,
  "provenance": {
    "md5sum": "d04f687cdb01325ec4170468e87c1f24",
    "settings": {
      "fd_thres": 0.2,
      "testing": false
    },
    "software": "mriqc",
    "version": "22.0.6",
    "webapi_port": null,
    "webapi_url": "https://mriqc.nimh.nih.gov/api/v1"
  },
  "size_t": 148,
  "size_x": 64,
  "size_y": 64,
  "size_z": 33,
  "snr": 3.104593315945566,
  "spacing_tr": 2.0,
  "spacing_x": 3.0,
  "spacing_y": 3.0,
  "spacing_z": 3.299999952316284,
  "summary_bg_k": 12.187067787610548,
  "summary_bg_mad": 10.117757389479822,
  "summary_bg_mean": 73.71886444091797,
  "summary_bg_median": 28.513513565063477,
  "summary_bg_n": 71683.0,
  "summary_bg_p05": 21.074325561523438,
  "summary_bg_p95": 315.26621093749975,
  "summary_bg_stdv": 106.86760711669922,
  "summary_fg_k": 1.390847226243225,
  "summary_fg_mad": 192.8685952413391,
  "summary_fg_mean": 696.2889404296875,
  "summary_fg_median": 661.7432861328125,
  "summary_fg_n": 31049.0,
  "summary_fg_p05": 416.6351318359375,
  "summary_fg_p95": 1099.4162841796874,
  "summary_fg_stdv": 213.1463165283203,
  "tsnr": 102.43904913961887
}