{
  "aor": 0.0008321768707482994,
  "aqi": 0.0012844614149659862,
  "bids_meta": {
    "AcquisitionMatrixPE": 64,
    "AcquisitionNumber": 1,
    "AcquisitionTime": "16:04:25.260000",
    "BandwidthPerPixelPhaseEncode": 26.483,
    "BaseResolution": 64,
    "ConversionSoftware": "dcm2niix",
    "ConversionSoftwareVersion": "v1.0.20171215 Clang9.0.0",
    "DerivedVendorReportedEchoSpacing": 0.000590001,
    "DeviceSerialNumber": "35410",
    "DwellTime": 4.1e-06,
    "EchoTime": 0.026,
    "EffectiveEchoSpacing": 0.000590001,
    "FlipAngle": 90,
    "ImageOrientationPatientDICOM": [
      1,
      -1e-16,
      0,
      1e-16,
      0.983571,
      -0.180519
    ],
    "ImageType": [
      "ORIGINAL",
      "PRIMARY",
      "M",
      "ND",
      "MOSAIC"
    ],
    "InPlanePhaseEncodingDirectionDICOM": "COL",
    "InstitutionAddress": "Cooper_60_St._Lucia_QLD_AU_4072",
    "InstitutionName": "Centre_for_Advanced_Imaging",
    "InstitutionalDepartmentName": "Gehrmann_Labs_MRI",
    "MRAcquisitionType": "2D",
    "MagneticFieldStrength": 3,
    "Manufacturer": "Siemens",
    "ManufacturersModelName": "TrioTim",
    "Modality": "MR",
    "PartialFourier": 1,
    "PatientPosition": "HFS",
    "PercentPhaseFOV": 100,
    "PhaseEncodingDirection": "j-",
    "PhaseEncodingSteps": 64,
    "PhaseResolution": 1,
    "PixelBandwidth": 1905,
    "ProcedureStepDescription": "Brain_-_UQ_fMRI",
    "ProtocolName": "OLVSL_R4",
    "PulseSequenceDetails": "%SiemensSeq%_ep2d_pace",
    "ReceiveCoilName": "32Ch_Head",
    "ReconMatrixPE": 64,
    "RepetitionTime": 2,
    "SAR": 0.174782,
    "ScanOptions": "FS",
    "ScanningSequence": "EP",
    "SequenceName": "_epfid2d1_64",
    "SequenceVariant": "SK",
    "SeriesDescription": "OLVSL_R4",
    "SeriesNumber": 5,
    "ShimSetting": [
      6841,
      -11362,
      -2061,
      823,
      95,
      70,
      114,
      -1
    ],
    "SliceThickness": 3,
    "SliceTiming": [
      0,
      1.0225,
      0.06,
      1.0825,
      0.12,
      1.1425,
      0.18,
      1.2025,
      0.24,
      1.2625,
      0.3,
      1.325,
      0.36,
      1.385,
      0.42,
      1.445,
      0.48,
      1.505,
      0.54,
      1.565,
      0.6,
      1.625,
      0.6625,
      1.685,
      0.7225,
      1.745,
      0.7825,
      1.805,
      0.8425,
      1.865,
      0.9025,
      1.925,
      0.9625
    ],
    "SoftwareVersions": "syngo_MR_B17",
    "SpacingBetweenSlices": 3.3,
    "StationName": "mrc_Trio",
    "TaskName": "learn",
    "TotalReadoutTime": 0.0371701,
    "TxRefAmp": 336.45,
    "dataset": "ds001241",
    "modality": "bold",
    "run_id": 4,
    "subject_id": "07",
    "task_id": "learn"
  },
  "dummy_trs": 1,
  "dvars_nstd": 18.51692517171232,
  "dvars_std": 1.1926869554109591,
  "dvars_vstd": 1.004435031369863,
  "efc": 0.6002126602637425,
  "fber": 524.036376953125,
  "fd_mean": 0.1318374199501007,
  "fd_num": 15,
  "fd_perc": 10.204081632653061,
  "fwhm_avg": 2.684825669422585,
  "fwhm_x": 2.6213433333333334,
  "fwhm_y": 2.7638033333333336,
  "fwhm_z": 2.669330341601088,
  "gcor": 0.0427797,
  "gsr_x": -0.018672607839107513,
  "gsr_y": 0.13073009252548218,
  "provenance": {
    "md5sum": "0e7d5363955c896ec2dce2114817879a",
    "settings": {
      "fd_thres": 0.2,
      "testing": false
    },
    "software": "mriqc",
    "version": "22.0.6",
    "webapi_port": null,
    "webapi_url": "https://mriqc.nimh.nih.gov/api/v1"
  },
  "size_t": 147,
  "size_x": 64,
  "size_y": 64,
  "size_z": 33,
  "snr": 3.1137642238515926,
  "spacing_tr": 2.0,
  "spacing_x": 3.0,
  "spacing_y": 3.0,
  "spacing_z": 3.299999952316284,
  "summary_bg_k": 12.451731448518148,
  "summary_bg_mad": 9.662130263453555,
  "summary_bg_mean": 72.15528869628906,
  "summary_bg_median": 28.095237731933594,
  "summary_bg_n": 71911.0,
  "summary_bg_p05": 21.06122398376465,
  "summary_bg_p95": 309.3333282470703,
  "summary_bg_stdv": 104.5943374633789,
  "summary_fg_k": 1.421431889713718,
  "summary_fg_mad": 192.18357944580154,
  "summary_fg_mean": 698.3575439453125,
  "summary_fg_median": 663.4285278320312,
  "summary_fg_n": 30893.0,
  "summary_fg_p05": 419.8163146972656,
  "summary_fg_p95": 1104.4257812499995,
  "summary_fg_stdv": 213.0597381591797,
  "tsnr": 108.20732286991552
}