{
  "aor": 0.0011249315068493151,
  "aqi": 0.003673437054794521,
  "bids_meta": {
    "AcquisitionMatrixPE": 64,
    "AcquisitionNumber": 1,
    "AcquisitionTime": "15:38:45.947500",
    "BandwidthPerPixelPhaseEncode": 26.483,
    "BaseResolution": 64,
    "ConversionSoftware": "dcm2niix",
    "ConversionSoftwareVersion": "v1.0.20171215 Clang9.0.0",
    "DerivedVendorReportedEchoSpacing": 0.000590001,
    "DeviceSerialNumber": "35410",
    "DwellTime": 4.1e-06,
    "EchoTime": 0.026,
    "EffectiveEchoSpacing": 0.000590001,
    "FlipAngle": 90,
    "ImageOrientationPatientDICOM": [
      1,
      2e-16,
      0,
      -2e-16,
      0.95882,
      -0.284015
    ],
    "ImageType": [
      "ORIGINAL",
      "PRIMARY",
      "M",
      "ND",
      "MOSAIC"
    ],
    "InPlanePhaseEncodingDirectionDICOM": "COL",
    "InstitutionAddress": "Cooper_60_St._Lucia_QLD_AU_4072",
    "InstitutionName": "St_Lucia_Campus",
    "InstitutionalDepartmentName": "Gehrmann_Labs_MRI",
    "MRAcquisitionType": "2D",
    "MagneticFieldStrength": 3,
    "Manufacturer": "Siemens",
    "ManufacturersModelName": "TrioTim",
    "Modality": "MR",
    "PartialFourier": 1,
    "PatientPosition": "HFS",
    "PercentPhaseFOV": 100,
    "PhaseEncodingDirection": "j-",
    "PhaseEncodingSteps": 64,
    "PhaseResolution": 1,
    "PixelBandwidth": 1905,
    "ProcedureStepDescription": "Brain_-_UQ_fMRI",
    "ProtocolName": "OLVSL_R10",
    "PulseSequenceDetails": "%SiemensSeq%_ep2d_pace",
    "ReceiveCoilName": "32Ch_Head",
    "ReconMatrixPE": 64,
    "RepetitionTime": 2,
    "SAR": 0.158068,
    "ScanOptions": "FS",
    "ScanningSequence": "EP",
    "SequenceName": "_epfid2d1_64",
    "SequenceVariant": "SK",
    "SeriesDescription": "OLVSL_R10",
    "SeriesNumber": 13,
    "ShimSetting": [
      6826,
      -11374,
      -2126,
      620,
      152,
      -195,
      -361,
      -60
    ],
    "SliceThickness": 3,
    "SliceTiming": [
      0,
      1.0225,
      0.06,
      1.0825,
      0.12,
      1.1425,
      0.18,
      1.2025,
      0.24,
      1.2625,
      0.3,
      1.325,
      0.36,
      1.385,
      0.42,
      1.445,
      0.48,
      1.505,
      0.54,
      1.565,
      0.6,
      1.625,
      0.6625,
      1.685,
      0.7225,
      1.745,
      0.7825,
      1.805,
      0.8425,
      1.865,
      0.9025,
      1.925,
      0.9625
    ],
    "SoftwareVersions": "syngo_MR_B17",
    "SpacingBetweenSlices": 3.3,
    "StationName": "mrc_Trio",
    "TaskName": "learn",
    "TotalReadoutTime": 0.0371701,
    "TxRefAmp": 313.496,
    "dataset": "ds001241",
    "modality": "bold",
    "run_id": 10,
    "subject_id": "03",
    "task_id": "learn"
  },
  "dummy_trs": 2,
  "dvars_nstd": 18.997911440137937,
  "dvars_std": 1.1440171111724131,
  "dvars_vstd": 0.9635654273793105,
  "efc": 0.6107871899331492,
  "fber": 406.0697937011719,
  "fd_mean": 0.1262172682060277,
  "fd_num": 22,
  "fd_perc": 15.068493150684931,
  "fwhm_avg": 2.6317274874108367,
  "fwhm_x": 2.5704833333333332,
  "fwhm_y": 2.6955566666666666,
  "fwhm_z": 2.62914246223251,
  "gcor": 0.018172,
  "gsr_x": -0.01314387284219265,
  "gsr_y": 0.0971829891204834,
  "provenance": {
    "md5sum": "fc4b4d98ad791a82d8a68f8ba7a64904",
    "settings": {
      "fd_thres": 0.2,
      "testing": false
    },
    "software": "mriqc",
    "version": "22.0.6",
    "webapi_port": null,
    "webapi_url": "https://mriqc.nimh.nih.gov/api/v1"
  },
  "size_t": 146,
  "size_x": 64,
  "size_y": 64,
  "size_z": 33,
  "snr": 3.287634288943162,
  "spacing_tr": 2.0,
  "spacing_x": 3.0,
  "spacing_y": 3.0,
  "spacing_z": 3.299999952316284,
  "summary_bg_k": 14.174912407173682,
  "summary_bg_mad": 13.52112845867009,
  "summary_bg_mean": 64.95821380615234,
  "summary_bg_median": 30.119861602783203,
  "summary_bg_n": 69712.0,
  "summary_bg_p05": 19.890411376953125,
  "summary_bg_p95": 244.25650100708006,
  "summary_bg_stdv": 84.49081420898438,
  "summary_fg_k": 1.5516008555330805,
  "summary_fg_mad": 167.29542629842067,
  "summary_fg_mean": 664.1842041015625,
  "summary_fg_median": 629.136962890625,
  "summary_fg_n": 32786.0,
  "summary_fg_p05": 424.6660919189453,
  "summary_fg_p95": 1041.7705383300781,
  "summary_fg_stdv": 191.36172485351562,
  "tsnr": 75.03144474467263
}