{
  "aor": 0.001522965517241379,
  "aqi": 0.004291558206896551,
  "bids_meta": {
    "AcquisitionMatrixPE": 64,
    "AcquisitionNumber": 1,
    "AcquisitionTime": "14:47:40.670000",
    "BandwidthPerPixelPhaseEncode": 26.483,
    "BaseResolution": 64,
    "ConversionSoftware": "dcm2niix",
    "ConversionSoftwareVersion": "v1.0.20171215 Clang9.0.0",
    "DerivedVendorReportedEchoSpacing": 0.000590001,
    "DeviceSerialNumber": "35410",
    "DwellTime": 4.1e-06,
    "EchoTime": 0.026,
    "EffectiveEchoSpacing": 0.000590001,
    "FlipAngle": 90,
    "ImageOrientationPatientDICOM": [
      1,
      2e-16,
      0,
      -2e-16,
      0.95882,
      -0.284015
    ],
    "ImageType": [
      "ORIGINAL",
      "PRIMARY",
      "M",
      "ND",
      "MOSAIC"
    ],
    "InPlanePhaseEncodingDirectionDICOM": "COL",
    "InstitutionAddress": "Cooper_60_St._Lucia_QLD_AU_4072",
    "InstitutionName": "St_Lucia_Campus",
    "InstitutionalDepartmentName": "Gehrmann_Labs_MRI",
    "MRAcquisitionType": "2D",
    "MagneticFieldStrength": 3,
    "Manufacturer": "Siemens",
    "ManufacturersModelName": "TrioTim",
    "Modality": "MR",
    "PartialFourier": 1,
    "PatientPosition": "HFS",
    "PercentPhaseFOV": 100,
    "PhaseEncodingDirection": "j-",
    "PhaseEncodingSteps": 64,
    "PhaseResolution": 1,
    "PixelBandwidth": 1905,
    "ProcedureStepDescription": "Brain_-_UQ_fMRI",
    "ProtocolName": "OLVSL_R2",
    "PulseSequenceDetails": "%SiemensSeq%_ep2d_pace",
    "ReceiveCoilName": "32Ch_Head",
    "ReconMatrixPE": 64,
    "RepetitionTime": 2,
    "SAR": 0.158068,
    "ScanOptions": "FS",
    "ScanningSequence": "EP",
    "SequenceName": "_epfid2d1_64",
    "SequenceVariant": "SK",
    "SeriesDescription": "OLVSL_R2",
    "SeriesNumber": 3,
    "ShimSetting": [
      6826,
      -11374,
      -2126,
      620,
      152,
      -195,
      -361,
      -60
    ],
    "SliceThickness": 3,
    "SliceTiming": [
      0,
      1.0225,
      0.06,
      1.0825,
      0.12,
      1.1425,
      0.18,
      1.205,
      0.24,
      1.265,
      0.3,
      1.325,
      0.36,
      1.385,
      0.42,
      1.445,
      0.48,
      1.505,
      0.5425,
      1.565,
      0.6025,
      1.625,
      0.6625,
      1.685,
      0.7225,
      1.745,
      0.7825,
      1.805,
      0.8425,
      1.8675,
      0.9025,
      1.9275,
      0.9625
    ],
    "SoftwareVersions": "syngo_MR_B17",
    "SpacingBetweenSlices": 3.3,
    "StationName": "mrc_Trio",
    "TaskName": "learn",
    "TotalReadoutTime": 0.0371701,
    "TxRefAmp": 313.496,
    "dataset": "ds001241",
    "modality": "bold",
    "run_id": 2,
    "subject_id": "03",
    "task_id": "learn"
  },
  "dummy_trs": 3,
  "dvars_nstd": 20.060218851041668,
  "dvars_std": 1.0998323915972223,
  "dvars_vstd": 0.9375478327777782,
  "efc": 0.6090599262593607,
  "fber": 414.1824645996094,
  "fd_mean": 0.12388642814568361,
  "fd_num": 10,
  "fd_perc": 6.896551724137931,
  "fwhm_avg": 2.680784154275784,
  "fwhm_x": 2.6238966666666665,
  "fwhm_y": 2.748146666666667,
  "fwhm_z": 2.6703091294940187,
  "gcor": 0.0181429,
  "gsr_x": -0.012278363108634949,
  "gsr_y": 0.09428928792476654,
  "provenance": {
    "md5sum": "6b21e54230f26ac2afe3f8c568a5a034",
    "settings": {
      "fd_thres": 0.2,
      "testing": false
    },
    "software": "mriqc",
    "version": "22.0.6",
    "webapi_port": null,
    "webapi_url": "https://mriqc.nimh.nih.gov/api/v1"
  },
  "size_t": 145,
  "size_x": 64,
  "size_y": 64,
  "size_z": 33,
  "snr": 3.2448918528696433,
  "spacing_tr": 2.0,
  "spacing_x": 3.0,
  "spacing_y": 3.0,
  "spacing_z": 3.299999952316284,
  "summary_bg_k": 15.755259829168526,
  "summary_bg_mad": 13.353642605672231,
  "summary_bg_mean": 66.1004409790039,
  "summary_bg_median": 30.11034393310547,
  "summary_bg_n": 69926.0,
  "summary_bg_p05": 20.172412872314453,
  "summary_bg_p95": 248.14654541015625,
  "summary_bg_stdv": 89.06198120117188,
  "summary_fg_k": 1.7559829167479242,
  "summary_fg_mad": 169.33364238543362,
  "summary_fg_mean": 670.0308227539062,
  "summary_fg_median": 633.9034423828125,
  "summary_fg_n": 32879.0,
  "summary_fg_p05": 427.6406982421875,
  "summary_fg_p95": 1052.9772338867188,
  "summary_fg_stdv": 195.35128784179688,
  "tsnr": 67.09761633211747
}