{
  "aor": 0.0008650340136054422,
  "aqi": 0.0018469563469387757,
  "bids_meta": {
    "AcquisitionMatrixPE": 64,
    "AcquisitionNumber": 1,
    "AcquisitionTime": "14:58:40.740000",
    "BandwidthPerPixelPhaseEncode": 26.483,
    "BaseResolution": 64,
    "ConversionSoftware": "dcm2niix",
    "ConversionSoftwareVersion": "v1.0.20171215 Clang9.0.0",
    "DerivedVendorReportedEchoSpacing": 0.000590001,
    "DeviceSerialNumber": "35410",
    "DwellTime": 4.1e-06,
    "EchoTime": 0.026,
    "EffectiveEchoSpacing": 0.000590001,
    "FlipAngle": 90,
    "ImageOrientationPatientDICOM": [
      1,
      2e-16,
      0,
      -2e-16,
      0.95882,
      -0.284015
    ],
    "ImageType": [
      "ORIGINAL",
      "PRIMARY",
      "M",
      "ND",
      "MOSAIC"
    ],
    "InPlanePhaseEncodingDirectionDICOM": "COL",
    "InstitutionAddress": "Cooper_60_St._Lucia_QLD_AU_4072",
    "InstitutionName": "St_Lucia_Campus",
    "InstitutionalDepartmentName": "Gehrmann_Labs_MRI",
    "MRAcquisitionType": "2D",
    "MagneticFieldStrength": 3,
    "Manufacturer": "Siemens",
    "ManufacturersModelName": "TrioTim",
    "Modality": "MR",
    "PartialFourier": 1,
    "PatientPosition": "HFS",
    "PercentPhaseFOV": 100,
    "PhaseEncodingDirection": "j-",
    "PhaseEncodingSteps": 64,
    "PhaseResolution": 1,
    "PixelBandwidth": 1905,
    "ProcedureStepDescription": "Brain_-_UQ_fMRI",
    "ProtocolName": "OLVSL_R4",
    "PulseSequenceDetails": "%SiemensSeq%_ep2d_pace",
    "ReceiveCoilName": "32Ch_Head",
    "ReconMatrixPE": 64,
    "RepetitionTime": 2,
    "SAR": 0.158068,
    "ScanOptions": "FS",
    "ScanningSequence": "EP",
    "SequenceName": "_epfid2d1_64",
    "SequenceVariant": "SK",
    "SeriesDescription": "OLVSL_R4",
    "SeriesNumber": 5,
    "ShimSetting": [
      6826,
      -11374,
      -2126,
      620,
      152,
      -195,
      -361,
      -60
    ],
    "SliceThickness": 3,
    "SliceTiming": [
      0,
      1.0225,
      0.06,
      1.0825,
      0.12,
      1.1425,
      0.18,
      1.2025,
      0.24,
      1.2625,
      0.3,
      1.325,
      0.36,
      1.385,
      0.42,
      1.445,
      0.48,
      1.505,
      0.54,
      1.565,
      0.6,
      1.625,
      0.6625,
      1.685,
      0.7225,
      1.745,
      0.7825,
      1.805,
      0.8425,
      1.865,
      0.9025,
      1.925,
      0.9625
    ],
    "SoftwareVersions": "syngo_MR_B17",
    "SpacingBetweenSlices": 3.3,
    "StationName": "mrc_Trio",
    "TaskName": "learn",
    "TotalReadoutTime": 0.0371701,
    "TxRefAmp": 313.496,
    "dataset": "ds001241",
    "modality": "bold",
    "run_id": 4,
    "subject_id": "03",
    "task_id": "learn"
  },
  "dummy_trs": 1,
  "dvars_nstd": 19.442035054657538,
  "dvars_std": 1.2110840413698634,
  "dvars_vstd": 0.9988584356849314,
  "efc": 0.6093665956574794,
  "fber": 412.8545227050781,
  "fd_mean": 0.13353742611156474,
  "fd_num": 19,
  "fd_perc": 12.92517006802721,
  "fwhm_avg": 2.638908901648056,
  "fwhm_x": 2.56954,
  "fwhm_y": 2.6981533333333334,
  "fwhm_z": 2.6490333716108343,
  "gcor": 0.0155862,
  "gsr_x": -0.010633345693349838,
  "gsr_y": 0.09662885218858719,
  "provenance": {
    "md5sum": "55e633166f03718d06896f7178e29343",
    "settings": {
      "fd_thres": 0.2,
      "testing": false
    },
    "software": "mriqc",
    "version": "22.0.6",
    "webapi_port": null,
    "webapi_url": "https://mriqc.nimh.nih.gov/api/v1"
  },
  "size_t": 147,
  "size_x": 64,
  "size_y": 64,
  "size_z": 33,
  "snr": 3.272083733226173,
  "spacing_tr": 2.0,
  "spacing_x": 3.0,
  "spacing_y": 3.0,
  "spacing_z": 3.299999952316284,
  "summary_bg_k": 14.748651440168619,
  "summary_bg_mad": 13.363590944380542,
  "summary_bg_mean": 66.26747131347656,
  "summary_bg_median": 30.054420471191406,
  "summary_bg_n": 70144.0,
  "summary_bg_p05": 20.34013557434082,
  "summary_bg_p95": 253.62482070922846,
  "summary_bg_stdv": 89.03899383544922,
  "summary_fg_k": 1.5886872855852046,
  "summary_fg_mad": 168.31064323503043,
  "summary_fg_mean": 666.9699096679688,
  "summary_fg_median": 632.0543823242188,
  "summary_fg_n": 32785.0,
  "summary_fg_p05": 425.24217529296874,
  "summary_fg_p95": 1049.24892578125,
  "summary_fg_stdv": 193.1627655029297,
  "tsnr": 99.99289589747787
}