{
  "bids_meta": {
    "AcquisitionMatrixPE": 256,
    "AcquisitionNumber": 1,
    "AcquisitionTime": "12:43:56.280000",
    "BaseResolution": 256,
    "ConversionSoftware": "dcm2niix",
    "ConversionSoftwareVersion": "v1.0.20171215 Clang9.0.0",
    "DeviceSerialNumber": "35410",
    "DwellTime": 9.8e-06,
    "EchoTime": 0.00232,
    "FlipAngle": 9,
    "ImageOrientationPatientDICOM": [
      0.0104687,
      0.999945,
      -4.62015e-08,
      -0.0174521,
      0.000182665,
      -0.999848
    ],
    "ImageType": [
      "ORIGINAL",
      "PRIMARY",
      "M",
      "ND",
      "NORM"
    ],
    "InPlanePhaseEncodingDirectionDICOM": "ROW",
    "InstitutionAddress": "Cooper_60_St._Lucia_QLD_AU_4072",
    "InstitutionName": "St_Lucia_Campus",
    "InstitutionalDepartmentName": "Gehrmann_Labs_MRI",
    "Interpolation2D": 1,
    "InversionTime": 0.9,
    "MRAcquisitionType": "3D",
    "MagneticFieldStrength": 3,
    "Manufacturer": "Siemens",
    "ManufacturersModelName": "TrioTim",
    "Modality": "MR",
    "ParallelReductionFactorInPlane": 2,
    "PartialFourier": 1,
    "PatientPosition": "HFS",
    "PercentPhaseFOV": 100,
    "PhaseEncodingSteps": 255,
    "PhaseResolution": 1,
    "PixelBandwidth": 199,
    "ProcedureStepDescription": "Brain_-_UQ_fMRI",
    "ProtocolName": "t1_mpr_sag_p2_iso_0.9",
    "PulseSequenceDetails": "%SiemensSeq%_tfl",
    "ReceiveCoilName": "32Ch_Head",
    "ReconMatrixPE": 512,
    "RepetitionTime": 1.9,
    "SAR": 0.115983,
    "ScanOptions": "IR",
    "ScanningSequence": "GR_IR",
    "SequenceName": "_tfl3d1_ns",
    "SequenceVariant": "SP_MP",
    "SeriesDescription": "t1_mpr_sag_p2_iso_0.9",
    "SeriesNumber": 7,
    "ShimSetting": [
      6825,
      -11255,
      -2613,
      -72,
      38,
      19,
      -121,
      14
    ],
    "SliceThickness": 0.9,
    "SoftwareVersions": "syngo_MR_B17",
    "StationName": "mrc_Trio",
    "TxRefAmp": 331.353,
    "dataset": "ds001241",
    "modality": "T1w",
    "subject_id": "09"
  },
  "cjv": 0.29747115048990225,
  "cnr": 4.5588353367556795,
  "efc": 0.5547163803425171,
  "fber": 25646.99402407205,
  "fwhm_avg": 7.585714513514714,
  "fwhm_x": 4.707451714457185,
  "fwhm_y": 8.954056347826088,
  "fwhm_z": 9.09563547826087,
  "icvs_csf": 0.22422670770507713,
  "icvs_gm": 0.42550239713565796,
  "icvs_wm": 0.3502708951592649,
  "inu_med": 0.44149452447891235,
  "inu_range": 0.14576690644025792,
  "provenance": {
    "md5sum": "479bb0ec20cd05439a05b3e233fcde8e",
    "settings": {
      "testing": false
    },
    "software": "mriqc",
    "version": "22.0.6",
    "warnings": {
      "large_rot_frame": true,
      "small_air_mask": false
    },
    "webapi_port": null,
    "webapi_url": "https://mriqc.nimh.nih.gov/api/v1"
  },
  "qi_1": 0.0,
  "qi_2": 0.009264670202341181,
  "rpve_csf": 20.257030066727086,
  "rpve_gm": 10.956649257182821,
  "rpve_wm": 14.927833288230572,
  "size_x": 192,
  "size_y": 512,
  "size_z": 512,
  "snr_csf": 2.8668839249172016,
  "snr_gm": 18.26853139792207,
  "snr_total": 15.82546660206557,
  "snr_wm": 26.340984483357435,
  "snrd_csf": 29.26275087386628,
  "snrd_gm": 79.51954579820931,
  "snrd_total": 71.86163060728249,
  "snrd_wm": 106.80259514977185,
  "spacing_x": 0.9000049829483032,
  "spacing_y": 0.44921875,
  "spacing_z": 0.44921875,
  "summary_bg_k": 89.73367306474435,
  "summary_bg_mad": 0.0,
  "summary_bg_mean": 2.570034723446015,
  "summary_bg_median": 0.0,
  "summary_bg_n": 10936205.0,
  "summary_bg_p05": 0.0,
  "summary_bg_p95": 12.328648664057255,
  "summary_bg_stdv": 6.134086724098278,
  "summary_csf_k": 0.8304330735132202,
  "summary_csf_mad": 74.58387528395856,
  "summary_csf_mean": 284.62024284124743,
  "summary_csf_median": 273.9891290515661,
  "summary_csf_n": 539222.0,
  "summary_csf_p05": 127.76963160932064,
  "summary_csf_p95": 461.20353865996003,
  "summary_csf_stdv": 95.57027147504385,
  "summary_gm_k": 0.4244841052167492,
  "summary_gm_mad": 38.9216624232483,
  "summary_gm_mean": 744.1975422245615,
  "summary_gm_median": 744.5469221174717,
  "summary_gm_n": 548587.0,
  "summary_gm_p05": 676.997997444123,
  "summary_gm_p95": 810.2853459380567,
  "summary_gm_stdv": 40.75567035441149,
  "summary_wm_k": 0.24462238843024542,
  "summary_wm_mad": 37.06824992690314,
  "summary_wm_mean": 1000.3972220420957,
  "summary_wm_median": 999.9999710097909,
  "summary_wm_n": 1393169.0,
  "summary_wm_p05": 938.787799321115,
  "summary_wm_p95": 1063.2812865301967,
  "summary_wm_stdv": 37.96363847932661,
  "tpm_overlap_csf": 0.14656716724121022,
  "tpm_overlap_gm": 0.4589199348606433,
  "tpm_overlap_wm": 0.5161419054516693,
  "wm2max": 0.42652791056850775
}