{
  "aor": 0.0012142068965517241,
  "aqi": 0.001320154620689655,
  "bids_meta": {
    "AcquisitionMatrixPE": 64,
    "AcquisitionNumber": 1,
    "AcquisitionTime": "13:51:59.775000",
    "BandwidthPerPixelPhaseEncode": 26.483,
    "BaseResolution": 64,
    "ConversionSoftware": "dcm2niix",
    "ConversionSoftwareVersion": "v1.0.20171215 Clang9.0.0",
    "DerivedVendorReportedEchoSpacing": 0.000590001,
    "DeviceSerialNumber": "35410",
    "DwellTime": 4.1e-06,
    "EchoTime": 0.026,
    "EffectiveEchoSpacing": 0.000590001,
    "FlipAngle": 90,
    "ImageOrientationPatientDICOM": [
      1,
      2e-16,
      0,
      -2e-16,
      0.973579,
      -0.228351
    ],
    "ImageType": [
      "ORIGINAL",
      "PRIMARY",
      "M",
      "ND",
      "MOSAIC"
    ],
    "InPlanePhaseEncodingDirectionDICOM": "COL",
    "InstitutionAddress": "Cooper_60_St._Lucia_QLD_AU_4072",
    "InstitutionName": "Centre_for_Advanced_Imaging",
    "InstitutionalDepartmentName": "Gehrmann_Labs_MRI",
    "MRAcquisitionType": "2D",
    "MagneticFieldStrength": 3,
    "Manufacturer": "Siemens",
    "ManufacturersModelName": "TrioTim",
    "Modality": "MR",
    "PartialFourier": 1,
    "PatientPosition": "HFS",
    "PercentPhaseFOV": 100,
    "PhaseEncodingDirection": "j-",
    "PhaseEncodingSteps": 64,
    "PhaseResolution": 1,
    "PixelBandwidth": 1905,
    "ProcedureStepDescription": "Brain_-_UQ_fMRI",
    "ProtocolName": "OLVSL_R7",
    "PulseSequenceDetails": "%SiemensSeq%_ep2d_pace",
    "ReceiveCoilName": "32Ch_Head",
    "ReconMatrixPE": 64,
    "RepetitionTime": 2,
    "SAR": 0.200084,
    "ScanOptions": "FS",
    "ScanningSequence": "EP",
    "SequenceName": "_epfid2d1_64",
    "SequenceVariant": "SK",
    "SeriesDescription": "OLVSL_R7",
    "SeriesNumber": 9,
    "ShimSetting": [
      6796,
      -11278,
      -2124,
      796,
      -20,
      168,
      -149,
      -174
    ],
    "SliceThickness": 3,
    "SliceTiming": [
      0,
      1.025,
      0.06,
      1.085,
      0.1225,
      1.145,
      0.1825,
      1.205,
      0.2425,
      1.265,
      0.3025,
      1.325,
      0.3625,
      1.385,
      0.4225,
      1.4475,
      0.4825,
      1.5075,
      0.5425,
      1.5675,
      0.6025,
      1.6275,
      0.6625,
      1.6875,
      0.7225,
      1.7475,
      0.785,
      1.8075,
      0.845,
      1.8675,
      0.905,
      1.9275,
      0.965
    ],
    "SoftwareVersions": "syngo_MR_B17",
    "SpacingBetweenSlices": 3.3,
    "StationName": "mrc_Trio",
    "TaskName": "learn",
    "TotalReadoutTime": 0.0371701,
    "TxRefAmp": 335.312,
    "dataset": "ds001241",
    "modality": "bold",
    "run_id": 7,
    "subject_id": "12",
    "task_id": "learn"
  },
  "dummy_trs": 3,
  "dvars_nstd": 23.700324217569452,
  "dvars_std": 1.3031585770138892,
  "dvars_vstd": 1.005314759444444,
  "efc": 0.5840070149453013,
  "fber": 527.6935424804688,
  "fd_mean": 0.159339471681886,
  "fd_num": 24,
  "fd_perc": 16.551724137931036,
  "fwhm_avg": 3.5035738463060917,
  "fwhm_x": 3.4842,
  "fwhm_y": 3.464400275325797,
  "fwhm_z": 3.5621212635924784,
  "gcor": 0.0300605,
  "gsr_x": -0.020750362426042557,
  "gsr_y": 0.09728790819644928,
  "provenance": {
    "md5sum": "f335fb6647c85b58fd80a5daa2915d5e",
    "settings": {
      "fd_thres": 0.2,
      "testing": false
    },
    "software": "mriqc",
    "version": "22.0.6",
    "webapi_port": null,
    "webapi_url": "https://mriqc.nimh.nih.gov/api/v1"
  },
  "size_t": 145,
  "size_x": 64,
  "size_y": 64,
  "size_z": 33,
  "snr": 1.9576608848852854,
  "spacing_tr": 2.0,
  "spacing_x": 3.0,
  "spacing_y": 2.999999761581421,
  "spacing_z": 3.299999952316284,
  "summary_bg_k": 22.718607121209633,
  "summary_bg_mad": 9.345508406769445,
  "summary_bg_mean": 55.54069519042969,
  "summary_bg_median": 27.944828033447266,
  "summary_bg_n": 65628.0,
  "summary_bg_p05": 20.965517044067383,
  "summary_bg_p95": 198.05483093261708,
  "summary_bg_stdv": 73.14338684082031,
  "summary_fg_k": 3.7363590633376944,
  "summary_fg_mad": 231.54158276090212,
  "summary_fg_mean": 752.157470703125,
  "summary_fg_median": 655.38623046875,
  "summary_fg_n": 37381.0,
  "summary_fg_p05": 417.2689514160156,
  "summary_fg_p95": 1461.50341796875,
  "summary_fg_stdv": 334.7757873535156,
  "tsnr": 98.96495144092478
}