{
  "aor": 0.001293809523809524,
  "aqi": 0.0011504533673469387,
  "bids_meta": {
    "AcquisitionMatrixPE": 64,
    "AcquisitionNumber": 1,
    "AcquisitionTime": "14:03:2.145000",
    "BandwidthPerPixelPhaseEncode": 26.483,
    "BaseResolution": 64,
    "ConversionSoftware": "dcm2niix",
    "ConversionSoftwareVersion": "v1.0.20171215 Clang9.0.0",
    "DerivedVendorReportedEchoSpacing": 0.000590001,
    "DeviceSerialNumber": "35410",
    "DwellTime": 4.1e-06,
    "EchoTime": 0.026,
    "EffectiveEchoSpacing": 0.000590001,
    "FlipAngle": 90,
    "ImageOrientationPatientDICOM": [
      1,
      2e-16,
      0,
      -2e-16,
      0.973579,
      -0.228351
    ],
    "ImageType": [
      "ORIGINAL",
      "PRIMARY",
      "M",
      "ND",
      "MOSAIC"
    ],
    "InPlanePhaseEncodingDirectionDICOM": "COL",
    "InstitutionAddress": "Cooper_60_St._Lucia_QLD_AU_4072",
    "InstitutionName": "Centre_for_Advanced_Imaging",
    "InstitutionalDepartmentName": "Gehrmann_Labs_MRI",
    "MRAcquisitionType": "2D",
    "MagneticFieldStrength": 3,
    "Manufacturer": "Siemens",
    "ManufacturersModelName": "TrioTim",
    "Modality": "MR",
    "PartialFourier": 1,
    "PatientPosition": "HFS",
    "PercentPhaseFOV": 100,
    "PhaseEncodingDirection": "j-",
    "PhaseEncodingSteps": 64,
    "PhaseResolution": 1,
    "PixelBandwidth": 1905,
    "ProcedureStepDescription": "Brain_-_UQ_fMRI",
    "ProtocolName": "OLVSL_R9",
    "PulseSequenceDetails": "%SiemensSeq%_ep2d_pace",
    "ReceiveCoilName": "32Ch_Head",
    "ReconMatrixPE": 64,
    "RepetitionTime": 2,
    "SAR": 0.200084,
    "ScanOptions": "FS",
    "ScanningSequence": "EP",
    "SequenceName": "_epfid2d1_64",
    "SequenceVariant": "SK",
    "SeriesDescription": "OLVSL_R9",
    "SeriesNumber": 11,
    "ShimSetting": [
      6796,
      -11278,
      -2124,
      796,
      -20,
      168,
      -149,
      -174
    ],
    "SliceThickness": 3,
    "SliceTiming": [
      0,
      1.0225,
      0.06,
      1.0825,
      0.12,
      1.1425,
      0.18,
      1.2025,
      0.24,
      1.265,
      0.3,
      1.325,
      0.36,
      1.385,
      0.42,
      1.445,
      0.48,
      1.505,
      0.54,
      1.565,
      0.6025,
      1.625,
      0.6625,
      1.685,
      0.7225,
      1.745,
      0.7825,
      1.805,
      0.8425,
      1.865,
      0.9025,
      1.9275,
      0.9625
    ],
    "SoftwareVersions": "syngo_MR_B17",
    "SpacingBetweenSlices": 3.3,
    "StationName": "mrc_Trio",
    "TaskName": "learn",
    "TotalReadoutTime": 0.0371701,
    "TxRefAmp": 335.312,
    "dataset": "ds001241",
    "modality": "bold",
    "run_id": 9,
    "subject_id": "12",
    "task_id": "learn"
  },
  "dummy_trs": 1,
  "dvars_nstd": 23.680895974589042,
  "dvars_std": 1.3107637771232872,
  "dvars_vstd": 1.0113998299315072,
  "efc": 0.5849743500519039,
  "fber": 538.03466796875,
  "fd_mean": 0.1452425145865845,
  "fd_num": 14,
  "fd_perc": 9.523809523809524,
  "fwhm_avg": 3.4120698033536434,
  "fwhm_x": 3.405333333333333,
  "fwhm_y": 3.3903002694368576,
  "fwhm_z": 3.440575807290739,
  "gcor": 0.0320224,
  "gsr_x": -0.017606129869818687,
  "gsr_y": 0.09587497264146805,
  "provenance": {
    "md5sum": "0201c80356fa8ab7de140707c9e24e62",
    "settings": {
      "fd_thres": 0.2,
      "testing": false
    },
    "software": "mriqc",
    "version": "22.0.6",
    "webapi_port": null,
    "webapi_url": "https://mriqc.nimh.nih.gov/api/v1"
  },
  "size_t": 147,
  "size_x": 64,
  "size_y": 64,
  "size_z": 33,
  "snr": 2.028872370308132,
  "spacing_tr": 2.0,
  "spacing_x": 3.0,
  "spacing_y": 2.999999761581421,
  "spacing_z": 3.299999952316284,
  "summary_bg_k": 24.200243161105476,
  "summary_bg_mad": 9.248615320498397,
  "summary_bg_mean": 55.31361770629883,
  "summary_bg_median": 27.73469352722168,
  "summary_bg_n": 65980.0,
  "summary_bg_p05": 20.836734771728516,
  "summary_bg_p95": 197.5836738586421,
  "summary_bg_stdv": 73.72852325439453,
  "summary_fg_k": 3.580623696630143,
  "summary_fg_mad": 226.41455172476378,
  "summary_fg_mean": 747.2767333984375,
  "summary_fg_median": 655.0612182617188,
  "summary_fg_n": 37207.0,
  "summary_fg_p05": 421.1244781494141,
  "summary_fg_p95": 1432.568664550781,
  "summary_fg_stdv": 322.8652648925781,
  "tsnr": 103.99682846013457
}