{
  "aor": 0.0006925850340136053,
  "aqi": 0.0020124463401360545,
  "bids_meta": {
    "AcquisitionMatrixPE": 64,
    "AcquisitionNumber": 1,
    "AcquisitionTime": "13:57:28.332500",
    "BandwidthPerPixelPhaseEncode": 26.483,
    "BaseResolution": 64,
    "ConversionSoftware": "dcm2niix",
    "ConversionSoftwareVersion": "v1.0.20171215 Clang9.0.0",
    "DerivedVendorReportedEchoSpacing": 0.000590001,
    "DeviceSerialNumber": "35410",
    "DwellTime": 4.1e-06,
    "EchoTime": 0.026,
    "EffectiveEchoSpacing": 0.000590001,
    "FlipAngle": 90,
    "ImageOrientationPatientDICOM": [
      1,
      2e-16,
      0,
      -2e-16,
      0.973579,
      -0.228351
    ],
    "ImageType": [
      "ORIGINAL",
      "PRIMARY",
      "M",
      "ND",
      "MOSAIC"
    ],
    "InPlanePhaseEncodingDirectionDICOM": "COL",
    "InstitutionAddress": "Cooper_60_St._Lucia_QLD_AU_4072",
    "InstitutionName": "Centre_for_Advanced_Imaging",
    "InstitutionalDepartmentName": "Gehrmann_Labs_MRI",
    "MRAcquisitionType": "2D",
    "MagneticFieldStrength": 3,
    "Manufacturer": "Siemens",
    "ManufacturersModelName": "TrioTim",
    "Modality": "MR",
    "PartialFourier": 1,
    "PatientPosition": "HFS",
    "PercentPhaseFOV": 100,
    "PhaseEncodingDirection": "j-",
    "PhaseEncodingSteps": 64,
    "PhaseResolution": 1,
    "PixelBandwidth": 1905,
    "ProcedureStepDescription": "Brain_-_UQ_fMRI",
    "ProtocolName": "OLVSL_R8",
    "PulseSequenceDetails": "%SiemensSeq%_ep2d_pace",
    "ReceiveCoilName": "32Ch_Head",
    "ReconMatrixPE": 64,
    "RepetitionTime": 2,
    "SAR": 0.200084,
    "ScanOptions": "FS",
    "ScanningSequence": "EP",
    "SequenceName": "_epfid2d1_64",
    "SequenceVariant": "SK",
    "SeriesDescription": "OLVSL_R8",
    "SeriesNumber": 10,
    "ShimSetting": [
      6796,
      -11278,
      -2124,
      796,
      -20,
      168,
      -149,
      -174
    ],
    "SliceThickness": 3,
    "SliceTiming": [
      0,
      1.025,
      0.06,
      1.085,
      0.12,
      1.145,
      0.18,
      1.205,
      0.2425,
      1.265,
      0.3025,
      1.325,
      0.3625,
      1.385,
      0.4225,
      1.445,
      0.4825,
      1.505,
      0.5425,
      1.565,
      0.6025,
      1.6275,
      0.6625,
      1.6875,
      0.7225,
      1.7475,
      0.7825,
      1.8075,
      0.8425,
      1.8675,
      0.905,
      1.9275,
      0.965
    ],
    "SoftwareVersions": "syngo_MR_B17",
    "SpacingBetweenSlices": 3.3,
    "StationName": "mrc_Trio",
    "TaskName": "learn",
    "TotalReadoutTime": 0.0371701,
    "TxRefAmp": 335.312,
    "dataset": "ds001241",
    "modality": "bold",
    "run_id": 8,
    "subject_id": "12",
    "task_id": "learn"
  },
  "dummy_trs": 1,
  "dvars_nstd": 24.33065462089042,
  "dvars_std": 1.2166323972602744,
  "dvars_vstd": 0.9522390166438366,
  "efc": 0.5846783039155602,
  "fber": 526.7237548828125,
  "fd_mean": 0.14998304276489488,
  "fd_num": 25,
  "fd_perc": 17.006802721088434,
  "fwhm_avg": 3.4526809152703204,
  "fwhm_x": 3.4476666666666667,
  "fwhm_y": 3.4098002709865787,
  "fwhm_z": 3.500575808157716,
  "gcor": 0.0203867,
  "gsr_x": -0.019179170951247215,
  "gsr_y": 0.09627795219421387,
  "provenance": {
    "md5sum": "b069f80aa374ca9aacaeac5b6f5f1c28",
    "settings": {
      "fd_thres": 0.2,
      "testing": false
    },
    "software": "mriqc",
    "version": "22.0.6",
    "webapi_port": null,
    "webapi_url": "https://mriqc.nimh.nih.gov/api/v1"
  },
  "size_t": 147,
  "size_x": 64,
  "size_y": 64,
  "size_z": 33,
  "snr": 1.9710897141793153,
  "spacing_tr": 2.0,
  "spacing_x": 3.0,
  "spacing_y": 2.999999761581421,
  "spacing_z": 3.299999952316284,
  "summary_bg_k": 23.0401883318217,
  "summary_bg_mad": 9.480585807303802,
  "summary_bg_mean": 55.56581497192383,
  "summary_bg_median": 27.959182739257812,
  "summary_bg_n": 65701.0,
  "summary_bg_p05": 20.78911590576172,
  "summary_bg_p95": 198.29931640625,
  "summary_bg_stdv": 73.2554931640625,
  "summary_fg_k": 3.738831619051574,
  "summary_fg_mad": 229.73273837636458,
  "summary_fg_mean": 749.6454467773438,
  "summary_fg_median": 653.9115600585938,
  "summary_fg_n": 37396.0,
  "summary_fg_p05": 417.32311248779297,
  "summary_fg_p95": 1450.3757934570312,
  "summary_fg_stdv": 331.7468566894531,
  "tsnr": 84.57771624438465
}