{
  "aor": 0.002635608108108108,
  "aqi": 0.002961713202702702,
  "bids_meta": {
    "AcquisitionMatrixPE": 64,
    "AcquisitionNumber": 1,
    "AcquisitionTime": "13:18:54.622500",
    "BandwidthPerPixelPhaseEncode": 26.483,
    "BaseResolution": 64,
    "ConversionSoftware": "dcm2niix",
    "ConversionSoftwareVersion": "v1.0.20171215 Clang9.0.0",
    "DerivedVendorReportedEchoSpacing": 0.000590001,
    "DeviceSerialNumber": "35410",
    "DwellTime": 4.1e-06,
    "EchoTime": 0.026,
    "EffectiveEchoSpacing": 0.000590001,
    "FlipAngle": 90,
    "ImageOrientationPatientDICOM": [
      1,
      2e-16,
      0,
      -2e-16,
      0.973579,
      -0.228351
    ],
    "ImageType": [
      "ORIGINAL",
      "PRIMARY",
      "M",
      "ND",
      "MOSAIC"
    ],
    "InPlanePhaseEncodingDirectionDICOM": "COL",
    "InstitutionAddress": "Cooper_60_St._Lucia_QLD_AU_4072",
    "InstitutionName": "Centre_for_Advanced_Imaging",
    "InstitutionalDepartmentName": "Gehrmann_Labs_MRI",
    "MRAcquisitionType": "2D",
    "MagneticFieldStrength": 3,
    "Manufacturer": "Siemens",
    "ManufacturersModelName": "TrioTim",
    "Modality": "MR",
    "PartialFourier": 1,
    "PatientPosition": "HFS",
    "PercentPhaseFOV": 100,
    "PhaseEncodingDirection": "j-",
    "PhaseEncodingSteps": 64,
    "PhaseResolution": 1,
    "PixelBandwidth": 1905,
    "ProcedureStepDescription": "Brain_-_UQ_fMRI",
    "ProtocolName": "OLVSL_R2",
    "PulseSequenceDetails": "%SiemensSeq%_ep2d_pace",
    "ReceiveCoilName": "32Ch_Head",
    "ReconMatrixPE": 64,
    "RepetitionTime": 2,
    "SAR": 0.200084,
    "ScanOptions": "FS",
    "ScanningSequence": "EP",
    "SequenceName": "_epfid2d1_64",
    "SequenceVariant": "SK",
    "SeriesDescription": "OLVSL_R2",
    "SeriesNumber": 3,
    "ShimSetting": [
      6796,
      -11278,
      -2124,
      796,
      -20,
      168,
      -149,
      -174
    ],
    "SliceThickness": 3,
    "SliceTiming": [
      0,
      1.025,
      0.06,
      1.085,
      0.12,
      1.145,
      0.1825,
      1.205,
      0.2425,
      1.265,
      0.3025,
      1.325,
      0.3625,
      1.385,
      0.4225,
      1.445,
      0.4825,
      1.5075,
      0.5425,
      1.5675,
      0.6025,
      1.6275,
      0.6625,
      1.6875,
      0.7225,
      1.7475,
      0.7825,
      1.8075,
      0.845,
      1.8675,
      0.905,
      1.9275,
      0.965
    ],
    "SoftwareVersions": "syngo_MR_B17",
    "SpacingBetweenSlices": 3.3,
    "StationName": "mrc_Trio",
    "TaskName": "learn",
    "TotalReadoutTime": 0.0371701,
    "TxRefAmp": 335.312,
    "dataset": "ds001241",
    "modality": "bold",
    "run_id": 2,
    "subject_id": "12",
    "task_id": "learn"
  },
  "dummy_trs": 0,
  "dvars_nstd": 24.911233227278927,
  "dvars_std": 1.2113066368027214,
  "dvars_vstd": 0.9556871239455784,
  "efc": 0.580891926104916,
  "fber": 532.4000244140625,
  "fd_mean": 0.13930441485155665,
  "fd_num": 21,
  "fd_perc": 14.18918918918919,
  "fwhm_avg": 3.5191859689187965,
  "fwhm_x": 3.5401000000000002,
  "fwhm_y": 3.5310336139546723,
  "fwhm_z": 3.4864242928017166,
  "gcor": 0.0436194,
  "gsr_x": -0.02107728272676468,
  "gsr_y": 0.09442503750324249,
  "provenance": {
    "md5sum": "07d3b5f268a84b279b161e84841d19cd",
    "settings": {
      "fd_thres": 0.2,
      "testing": false
    },
    "software": "mriqc",
    "version": "22.0.6",
    "webapi_port": null,
    "webapi_url": "https://mriqc.nimh.nih.gov/api/v1"
  },
  "size_t": 148,
  "size_x": 64,
  "size_y": 64,
  "size_z": 33,
  "snr": 1.892034470237143,
  "spacing_tr": 2.0,
  "spacing_x": 3.0,
  "spacing_y": 2.999999761581421,
  "spacing_z": 3.299999952316284,
  "summary_bg_k": 23.84976446172231,
  "summary_bg_mad": 9.656949661829442,
  "summary_bg_mean": 54.72964859008789,
  "summary_bg_median": 28.135135650634766,
  "summary_bg_n": 65416.0,
  "summary_bg_p05": 20.736486434936523,
  "summary_bg_p95": 191.9408836364746,
  "summary_bg_stdv": 70.34236145019531,
  "summary_fg_k": 3.92053423094951,
  "summary_fg_mad": 237.5920277581452,
  "summary_fg_mean": 766.7694091796875,
  "summary_fg_median": 662.67236328125,
  "summary_fg_n": 37536.0,
  "summary_fg_p05": 421.5794143676758,
  "summary_fg_p95": 1511.5507202148438,
  "summary_fg_stdv": 350.2386169433594,
  "tsnr": 72.8929677340202
}