{
  "aor": 0.0009031972789115646,
  "aqi": 0.0012293017551020407,
  "bids_meta": {
    "AcquisitionMatrixPE": 64,
    "AcquisitionNumber": 1,
    "AcquisitionTime": "14:08:38.190000",
    "BandwidthPerPixelPhaseEncode": 26.483,
    "BaseResolution": 64,
    "ConversionSoftware": "dcm2niix",
    "ConversionSoftwareVersion": "v1.0.20171215 Clang9.0.0",
    "DerivedVendorReportedEchoSpacing": 0.000590001,
    "DeviceSerialNumber": "35410",
    "DwellTime": 4.1e-06,
    "EchoTime": 0.026,
    "EffectiveEchoSpacing": 0.000590001,
    "FlipAngle": 90,
    "ImageOrientationPatientDICOM": [
      1,
      2e-16,
      0,
      -2e-16,
      0.973579,
      -0.228351
    ],
    "ImageType": [
      "ORIGINAL",
      "PRIMARY",
      "M",
      "ND",
      "MOSAIC"
    ],
    "InPlanePhaseEncodingDirectionDICOM": "COL",
    "InstitutionAddress": "Cooper_60_St._Lucia_QLD_AU_4072",
    "InstitutionName": "Centre_for_Advanced_Imaging",
    "InstitutionalDepartmentName": "Gehrmann_Labs_MRI",
    "MRAcquisitionType": "2D",
    "MagneticFieldStrength": 3,
    "Manufacturer": "Siemens",
    "ManufacturersModelName": "TrioTim",
    "Modality": "MR",
    "PartialFourier": 1,
    "PatientPosition": "HFS",
    "PercentPhaseFOV": 100,
    "PhaseEncodingDirection": "j-",
    "PhaseEncodingSteps": 64,
    "PhaseResolution": 1,
    "PixelBandwidth": 1905,
    "ProcedureStepDescription": "Brain_-_UQ_fMRI",
    "ProtocolName": "OLVSL_R10",
    "PulseSequenceDetails": "%SiemensSeq%_ep2d_pace",
    "ReceiveCoilName": "32Ch_Head",
    "ReconMatrixPE": 64,
    "RepetitionTime": 2,
    "SAR": 0.200084,
    "ScanOptions": "FS",
    "ScanningSequence": "EP",
    "SequenceName": "_epfid2d1_64",
    "SequenceVariant": "SK",
    "SeriesDescription": "OLVSL_R10",
    "SeriesNumber": 12,
    "ShimSetting": [
      6796,
      -11278,
      -2124,
      796,
      -20,
      168,
      -149,
      -174
    ],
    "SliceThickness": 3,
    "SliceTiming": [
      0,
      1.025,
      0.0625,
      1.085,
      0.1225,
      1.145,
      0.1825,
      1.205,
      0.2425,
      1.265,
      0.3025,
      1.325,
      0.3625,
      1.385,
      0.4225,
      1.4475,
      0.4825,
      1.5075,
      0.5425,
      1.5675,
      0.6025,
      1.6275,
      0.6625,
      1.6875,
      0.725,
      1.7475,
      0.785,
      1.8075,
      0.845,
      1.8675,
      0.905,
      1.9275,
      0.965
    ],
    "SoftwareVersions": "syngo_MR_B17",
    "SpacingBetweenSlices": 3.3,
    "StationName": "mrc_Trio",
    "TaskName": "learn",
    "TotalReadoutTime": 0.0371701,
    "TxRefAmp": 335.312,
    "dataset": "ds001241",
    "modality": "bold",
    "run_id": 10,
    "subject_id": "12",
    "task_id": "learn"
  },
  "dummy_trs": 1,
  "dvars_nstd": 24.169563555068493,
  "dvars_std": 1.302357635136986,
  "dvars_vstd": 0.9960216671232879,
  "efc": 0.5847215838709399,
  "fber": 540.179443359375,
  "fd_mean": 0.14431198190328898,
  "fd_num": 20,
  "fd_perc": 13.605442176870747,
  "fwhm_avg": 3.393424348382553,
  "fwhm_x": 3.3801666666666663,
  "fwhm_y": 3.377500268419605,
  "fwhm_z": 3.422606110061387,
  "gcor": 0.0753968,
  "gsr_x": -0.017106080427765846,
  "gsr_y": 0.09569719433784485,
  "provenance": {
    "md5sum": "19e086a98239927960e635ba142f1143",
    "settings": {
      "fd_thres": 0.2,
      "testing": false
    },
    "software": "mriqc",
    "version": "22.0.6",
    "webapi_port": null,
    "webapi_url": "https://mriqc.nimh.nih.gov/api/v1"
  },
  "size_t": 147,
  "size_x": 64,
  "size_y": 64,
  "size_z": 33,
  "snr": 2.033690484557562,
  "spacing_tr": 2.0,
  "spacing_x": 3.0,
  "spacing_y": 2.999999761581421,
  "spacing_z": 3.299999952316284,
  "summary_bg_k": 23.966688818928553,
  "summary_bg_mad": 9.07715493934405,
  "summary_bg_mean": 54.95823287963867,
  "summary_bg_median": 27.585033416748047,
  "summary_bg_n": 66102.0,
  "summary_bg_p05": 20.86394500732422,
  "summary_bg_p95": 196.1323059082029,
  "summary_bg_stdv": 72.85769653320312,
  "summary_fg_k": 3.4920319542512397,
  "summary_fg_mad": 226.67674898600157,
  "summary_fg_mean": 743.0777587890625,
  "summary_fg_median": 652.244873046875,
  "summary_fg_n": 37137.0,
  "summary_fg_p05": 417.2421569824219,
  "summary_fg_p95": 1423.805419921874,
  "summary_fg_stdv": 320.71551513671875,
  "tsnr": 96.53931482322514
}