{
  "aor": 0.0010435374149659862,
  "aqi": 0.0019133674217687077,
  "bids_meta": {
    "AcquisitionMatrixPE": 64,
    "AcquisitionNumber": 1,
    "AcquisitionTime": "13:35:28.017500",
    "BandwidthPerPixelPhaseEncode": 26.483,
    "BaseResolution": 64,
    "ConversionSoftware": "dcm2niix",
    "ConversionSoftwareVersion": "v1.0.20171215 Clang9.0.0",
    "DerivedVendorReportedEchoSpacing": 0.000590001,
    "DeviceSerialNumber": "35410",
    "DwellTime": 4.1e-06,
    "EchoTime": 0.026,
    "EffectiveEchoSpacing": 0.000590001,
    "FlipAngle": 90,
    "ImageOrientationPatientDICOM": [
      1,
      2e-16,
      0,
      -2e-16,
      0.973579,
      -0.228351
    ],
    "ImageType": [
      "ORIGINAL",
      "PRIMARY",
      "M",
      "ND",
      "MOSAIC"
    ],
    "InPlanePhaseEncodingDirectionDICOM": "COL",
    "InstitutionAddress": "Cooper_60_St._Lucia_QLD_AU_4072",
    "InstitutionName": "Centre_for_Advanced_Imaging",
    "InstitutionalDepartmentName": "Gehrmann_Labs_MRI",
    "MRAcquisitionType": "2D",
    "MagneticFieldStrength": 3,
    "Manufacturer": "Siemens",
    "ManufacturersModelName": "TrioTim",
    "Modality": "MR",
    "PartialFourier": 1,
    "PatientPosition": "HFS",
    "PercentPhaseFOV": 100,
    "PhaseEncodingDirection": "j-",
    "PhaseEncodingSteps": 64,
    "PhaseResolution": 1,
    "PixelBandwidth": 1905,
    "ProcedureStepDescription": "Brain_-_UQ_fMRI",
    "ProtocolName": "OLVSL_R5",
    "PulseSequenceDetails": "%SiemensSeq%_ep2d_pace",
    "ReceiveCoilName": "32Ch_Head",
    "ReconMatrixPE": 64,
    "RepetitionTime": 2,
    "SAR": 0.200084,
    "ScanOptions": "FS",
    "ScanningSequence": "EP",
    "SequenceName": "_epfid2d1_64",
    "SequenceVariant": "SK",
    "SeriesDescription": "OLVSL_R5",
    "SeriesNumber": 6,
    "ShimSetting": [
      6796,
      -11278,
      -2124,
      796,
      -20,
      168,
      -149,
      -174
    ],
    "SliceThickness": 3,
    "SliceTiming": [
      0,
      1.025,
      0.06,
      1.085,
      0.1225,
      1.145,
      0.1825,
      1.205,
      0.2425,
      1.265,
      0.3025,
      1.325,
      0.3625,
      1.385,
      0.4225,
      1.4475,
      0.4825,
      1.5075,
      0.5425,
      1.5675,
      0.6025,
      1.6275,
      0.6625,
      1.6875,
      0.7225,
      1.7475,
      0.785,
      1.8075,
      0.845,
      1.8675,
      0.905,
      1.9275,
      0.965
    ],
    "SoftwareVersions": "syngo_MR_B17",
    "SpacingBetweenSlices": 3.3,
    "StationName": "mrc_Trio",
    "TaskName": "learn",
    "TotalReadoutTime": 0.0371701,
    "TxRefAmp": 335.312,
    "dataset": "ds001241",
    "modality": "bold",
    "run_id": 5,
    "subject_id": "12",
    "task_id": "learn"
  },
  "dummy_trs": 1,
  "dvars_nstd": 24.28273294993151,
  "dvars_std": 1.2469038842465754,
  "dvars_vstd": 0.9778382499999998,
  "efc": 0.582959583817379,
  "fber": 536.3873291015625,
  "fd_mean": 0.13688187414081252,
  "fd_num": 13,
  "fd_perc": 8.843537414965986,
  "fwhm_avg": 3.467645561933941,
  "fwhm_x": 3.4819999999999998,
  "fwhm_y": 3.4166336048629766,
  "fwhm_z": 3.504303080938846,
  "gcor": 0.0276636,
  "gsr_x": -0.01944325678050518,
  "gsr_y": 0.09528898447751999,
  "provenance": {
    "md5sum": "d128702bbdbece1f673e365a3e353b24",
    "settings": {
      "fd_thres": 0.2,
      "testing": false
    },
    "software": "mriqc",
    "version": "22.0.6",
    "webapi_port": null,
    "webapi_url": "https://mriqc.nimh.nih.gov/api/v1"
  },
  "size_t": 147,
  "size_x": 64,
  "size_y": 64,
  "size_z": 33,
  "snr": 1.949892722814907,
  "spacing_tr": 2.0,
  "spacing_x": 3.0,
  "spacing_y": 2.999999761581421,
  "spacing_z": 3.299999952316284,
  "summary_bg_k": 23.69027409627566,
  "summary_bg_mad": 9.409985970978708,
  "summary_bg_mean": 54.78341293334961,
  "summary_bg_median": 27.843536376953125,
  "summary_bg_n": 65641.0,
  "summary_bg_p05": 20.755102157592773,
  "summary_bg_p95": 193.61904907226562,
  "summary_bg_stdv": 71.86011505126953,
  "summary_fg_k": 3.7635304769833544,
  "summary_fg_mad": 231.7650046894599,
  "summary_fg_mean": 754.9812622070312,
  "summary_fg_median": 656.9829711914062,
  "summary_fg_n": 37396.0,
  "summary_fg_p05": 418.2312927246094,
  "summary_fg_p95": 1469.037353515625,
  "summary_fg_stdv": 336.9283752441406,
  "tsnr": 90.05061747506261
}