{
  "aor": 0.002958986486486486,
  "aqi": 0.002368653405405405,
  "bids_meta": {
    "AcquisitionMatrixPE": 64,
    "AcquisitionNumber": 1,
    "AcquisitionTime": "14:36:55.185000",
    "BandwidthPerPixelPhaseEncode": 26.483,
    "BaseResolution": 64,
    "ConversionSoftware": "dcm2niix",
    "ConversionSoftwareVersion": "v1.0.20171215 Clang9.0.0",
    "DerivedVendorReportedEchoSpacing": 0.000590001,
    "DeviceSerialNumber": "35410",
    "DwellTime": 4.1e-06,
    "EchoTime": 0.026,
    "EffectiveEchoSpacing": 0.000590001,
    "FlipAngle": 90,
    "ImageOrientationPatientDICOM": [
      1,
      0,
      0,
      0,
      0.996493,
      -0.0836778
    ],
    "ImageType": [
      "ORIGINAL",
      "PRIMARY",
      "M",
      "ND",
      "MOSAIC"
    ],
    "InPlanePhaseEncodingDirectionDICOM": "COL",
    "InstitutionAddress": "Cooper_60_St._Lucia_QLD_AU_4072",
    "InstitutionName": "St_Lucia_Campus",
    "InstitutionalDepartmentName": "Gehrmann_Labs_MRI",
    "MRAcquisitionType": "2D",
    "MagneticFieldStrength": 3,
    "Manufacturer": "Siemens",
    "ManufacturersModelName": "TrioTim",
    "Modality": "MR",
    "PartialFourier": 1,
    "PatientPosition": "HFS",
    "PercentPhaseFOV": 100,
    "PhaseEncodingDirection": "j-",
    "PhaseEncodingSteps": 64,
    "PhaseResolution": 1,
    "PixelBandwidth": 1905,
    "ProcedureStepDescription": "Brain_-_UQ_fMRI",
    "ProtocolName": "OLVSL_R10",
    "PulseSequenceDetails": "%SiemensSeq%_ep2d_pace",
    "ReceiveCoilName": "32Ch_Head",
    "ReconMatrixPE": 64,
    "RepetitionTime": 2,
    "SAR": 0.188967,
    "ScanOptions": "FS",
    "ScanningSequence": "EP",
    "SequenceName": "_epfid2d1_64",
    "SequenceVariant": "SK",
    "SeriesDescription": "OLVSL_R10",
    "SeriesNumber": 12,
    "ShimSetting": [
      6832,
      -11426,
      -2168,
      631,
      43,
      -261,
      -283,
      -51
    ],
    "SliceThickness": 3,
    "SliceTiming": [
      0,
      1.0225,
      0.06,
      1.0825,
      0.12,
      1.145,
      0.18,
      1.205,
      0.24,
      1.265,
      0.3,
      1.325,
      0.36,
      1.385,
      0.4225,
      1.445,
      0.4825,
      1.505,
      0.5425,
      1.565,
      0.6025,
      1.625,
      0.6625,
      1.685,
      0.7225,
      1.745,
      0.7825,
      1.8075,
      0.8425,
      1.8675,
      0.9025,
      1.9275,
      0.9625
    ],
    "SoftwareVersions": "syngo_MR_B17",
    "SpacingBetweenSlices": 3.3,
    "StationName": "mrc_Trio",
    "TaskName": "learn",
    "TotalReadoutTime": 0.0371701,
    "TxRefAmp": 350.359,
    "dataset": "ds001241",
    "modality": "bold",
    "run_id": 10,
    "subject_id": "05",
    "task_id": "learn"
  },
  "dummy_trs": 0,
  "dvars_nstd": 21.14808213653061,
  "dvars_std": 1.2185118901360543,
  "dvars_vstd": 1.024812768911565,
  "efc": 0.6649382269881763,
  "fber": 217.66233825683594,
  "fd_mean": 0.11561611597315818,
  "fd_num": 14,
  "fd_perc": 9.45945945945946,
  "fwhm_avg": 2.3046140520793847,
  "fwhm_x": 2.0497533333333333,
  "fwhm_y": 2.4400766666666667,
  "fwhm_z": 2.424012156238154,
  "gcor": 0.0354032,
  "gsr_x": 0.016418449580669403,
  "gsr_y": 0.07818170636892319,
  "provenance": {
    "md5sum": "b18e2f12b98e32cb5f372755f2ee9e37",
    "settings": {
      "fd_thres": 0.2,
      "testing": false
    },
    "software": "mriqc",
    "version": "22.0.6",
    "webapi_port": null,
    "webapi_url": "https://mriqc.nimh.nih.gov/api/v1"
  },
  "size_t": 148,
  "size_x": 64,
  "size_y": 64,
  "size_z": 33,
  "snr": 3.501171385390394,
  "spacing_tr": 2.0,
  "spacing_x": 3.0,
  "spacing_y": 3.0,
  "spacing_z": 3.299999952316284,
  "summary_bg_k": 9.2764748537162,
  "summary_bg_mad": 25.19421867990406,
  "summary_bg_mean": 85.10276794433594,
  "summary_bg_median": 40.033782958984375,
  "summary_bg_n": 62670.0,
  "summary_bg_p05": 21.75,
  "summary_bg_p95": 310.15880432128876,
  "summary_bg_stdv": 104.63805389404297,
  "summary_fg_k": 0.4132433414559329,
  "summary_fg_mad": 174.11554128891933,
  "summary_fg_mean": 640.7488403320312,
  "summary_fg_median": 617.898681640625,
  "summary_fg_n": 37781.0,
  "summary_fg_p05": 396.2432556152344,
  "summary_fg_p95": 961.229736328125,
  "summary_fg_stdv": 176.4810791015625,
  "tsnr": 89.00322122499347
}