{
  "aor": 0.0027087671232876717,
  "aqi": 0.002951521780821918,
  "bids_meta": {
    "AcquisitionMatrixPE": 64,
    "AcquisitionNumber": 1,
    "AcquisitionTime": "14:20:34.022500",
    "BandwidthPerPixelPhaseEncode": 26.483,
    "BaseResolution": 64,
    "ConversionSoftware": "dcm2niix",
    "ConversionSoftwareVersion": "v1.0.20171215 Clang9.0.0",
    "DerivedVendorReportedEchoSpacing": 0.000590001,
    "DeviceSerialNumber": "35410",
    "DwellTime": 4.1e-06,
    "EchoTime": 0.026,
    "EffectiveEchoSpacing": 0.000590001,
    "FlipAngle": 90,
    "ImageOrientationPatientDICOM": [
      1,
      0,
      0,
      0,
      0.996493,
      -0.0836778
    ],
    "ImageType": [
      "ORIGINAL",
      "PRIMARY",
      "M",
      "ND",
      "MOSAIC"
    ],
    "InPlanePhaseEncodingDirectionDICOM": "COL",
    "InstitutionAddress": "Cooper_60_St._Lucia_QLD_AU_4072",
    "InstitutionName": "St_Lucia_Campus",
    "InstitutionalDepartmentName": "Gehrmann_Labs_MRI",
    "MRAcquisitionType": "2D",
    "MagneticFieldStrength": 3,
    "Manufacturer": "Siemens",
    "ManufacturersModelName": "TrioTim",
    "Modality": "MR",
    "PartialFourier": 1,
    "PatientPosition": "HFS",
    "PercentPhaseFOV": 100,
    "PhaseEncodingDirection": "j-",
    "PhaseEncodingSteps": 64,
    "PhaseResolution": 1,
    "PixelBandwidth": 1905,
    "ProcedureStepDescription": "Brain_-_UQ_fMRI",
    "ProtocolName": "OLVSL_R7",
    "PulseSequenceDetails": "%SiemensSeq%_ep2d_pace",
    "ReceiveCoilName": "32Ch_Head",
    "ReconMatrixPE": 64,
    "RepetitionTime": 2,
    "SAR": 0.188967,
    "ScanOptions": "FS",
    "ScanningSequence": "EP",
    "SequenceName": "_epfid2d1_64",
    "SequenceVariant": "SK",
    "SeriesDescription": "OLVSL_R7",
    "SeriesNumber": 9,
    "ShimSetting": [
      6832,
      -11426,
      -2168,
      631,
      43,
      -261,
      -283,
      -51
    ],
    "SliceThickness": 3,
    "SliceTiming": [
      0,
      1.025,
      0.06,
      1.085,
      0.1225,
      1.145,
      0.1825,
      1.205,
      0.2425,
      1.265,
      0.3025,
      1.325,
      0.3625,
      1.385,
      0.4225,
      1.445,
      0.4825,
      1.5075,
      0.5425,
      1.5675,
      0.6025,
      1.6275,
      0.6625,
      1.6875,
      0.7225,
      1.7475,
      0.785,
      1.8075,
      0.845,
      1.8675,
      0.905,
      1.9275,
      0.965
    ],
    "SoftwareVersions": "syngo_MR_B17",
    "SpacingBetweenSlices": 3.3,
    "StationName": "mrc_Trio",
    "TaskName": "learn",
    "TotalReadoutTime": 0.0371701,
    "TxRefAmp": 350.359,
    "dataset": "ds001241",
    "modality": "bold",
    "run_id": 7,
    "subject_id": "05",
    "task_id": "learn"
  },
  "dummy_trs": 2,
  "dvars_nstd": 23.488269043310343,
  "dvars_std": 1.2142680877241376,
  "dvars_vstd": 1.021576388206896,
  "efc": 0.6650277659088514,
  "fber": 215.34324645996094,
  "fd_mean": 0.15239067965718484,
  "fd_num": 30,
  "fd_perc": 20.54794520547945,
  "fwhm_avg": 2.328547688419858,
  "fwhm_x": 2.0976333333333335,
  "fwhm_y": 2.4688066666666666,
  "fwhm_z": 2.4192030652595733,
  "gcor": 0.038069,
  "gsr_x": 0.016234638169407845,
  "gsr_y": 0.07618600130081177,
  "provenance": {
    "md5sum": "d80f5d4e8eb0ca1e98e87c013dee4a0e",
    "settings": {
      "fd_thres": 0.2,
      "testing": false
    },
    "software": "mriqc",
    "version": "22.0.6",
    "webapi_port": null,
    "webapi_url": "https://mriqc.nimh.nih.gov/api/v1"
  },
  "size_t": 146,
  "size_x": 64,
  "size_y": 64,
  "size_z": 33,
  "snr": 3.4610090358424173,
  "spacing_tr": 2.0,
  "spacing_x": 3.0,
  "spacing_y": 3.0,
  "spacing_z": 3.299999952316284,
  "summary_bg_k": 9.338743856605056,
  "summary_bg_mad": 25.569809469812842,
  "summary_bg_mean": 85.81324005126953,
  "summary_bg_median": 40.5684928894043,
  "summary_bg_n": 62569.0,
  "summary_bg_p05": 22.075342178344727,
  "summary_bg_p95": 314.34793090820295,
  "summary_bg_stdv": 105.52931213378906,
  "summary_fg_k": 0.46259826452465935,
  "summary_fg_mad": 174.79467517868278,
  "summary_fg_mean": 644.7578735351562,
  "summary_fg_median": 620.869873046875,
  "summary_fg_n": 37960.0,
  "summary_fg_p05": 395.6907455444336,
  "summary_fg_p95": 971.4787597656244,
  "summary_fg_stdv": 179.38748168945312,
  "tsnr": 83.56067535676993
}