{
  "aor": 0.01253831081081081,
  "aqi": 0.005866760405405405,
  "bids_meta": {
    "AcquisitionMatrixPE": 64,
    "AcquisitionNumber": 1,
    "AcquisitionTime": "13:58:40.827500",
    "BandwidthPerPixelPhaseEncode": 26.483,
    "BaseResolution": 64,
    "ConversionSoftware": "dcm2niix",
    "ConversionSoftwareVersion": "v1.0.20171215 Clang9.0.0",
    "DerivedVendorReportedEchoSpacing": 0.000590001,
    "DeviceSerialNumber": "35410",
    "DwellTime": 4.1e-06,
    "EchoTime": 0.026,
    "EffectiveEchoSpacing": 0.000590001,
    "FlipAngle": 90,
    "ImageOrientationPatientDICOM": [
      1,
      0,
      0,
      0,
      0.996493,
      -0.0836778
    ],
    "ImageType": [
      "ORIGINAL",
      "PRIMARY",
      "M",
      "ND",
      "MOSAIC"
    ],
    "InPlanePhaseEncodingDirectionDICOM": "COL",
    "InstitutionAddress": "Cooper_60_St._Lucia_QLD_AU_4072",
    "InstitutionName": "St_Lucia_Campus",
    "InstitutionalDepartmentName": "Gehrmann_Labs_MRI",
    "MRAcquisitionType": "2D",
    "MagneticFieldStrength": 3,
    "Manufacturer": "Siemens",
    "ManufacturersModelName": "TrioTim",
    "Modality": "MR",
    "PartialFourier": 1,
    "PatientPosition": "HFS",
    "PercentPhaseFOV": 100,
    "PhaseEncodingDirection": "j-",
    "PhaseEncodingSteps": 64,
    "PhaseResolution": 1,
    "PixelBandwidth": 1905,
    "ProcedureStepDescription": "Brain_-_UQ_fMRI",
    "ProtocolName": "OLVSL_R4",
    "PulseSequenceDetails": "%SiemensSeq%_ep2d_pace",
    "ReceiveCoilName": "32Ch_Head",
    "ReconMatrixPE": 64,
    "RepetitionTime": 2,
    "SAR": 0.188967,
    "ScanOptions": "FS",
    "ScanningSequence": "EP",
    "SequenceName": "_epfid2d1_64",
    "SequenceVariant": "SK",
    "SeriesDescription": "OLVSL_R4",
    "SeriesNumber": 5,
    "ShimSetting": [
      6832,
      -11426,
      -2168,
      631,
      43,
      -261,
      -283,
      -51
    ],
    "SliceThickness": 3,
    "SliceTiming": [
      0,
      1.025,
      0.06,
      1.085,
      0.12,
      1.145,
      0.18,
      1.205,
      0.24,
      1.265,
      0.3,
      1.325,
      0.3625,
      1.385,
      0.4225,
      1.445,
      0.4825,
      1.505,
      0.5425,
      1.565,
      0.6025,
      1.625,
      0.6625,
      1.6875,
      0.7225,
      1.7475,
      0.7825,
      1.8075,
      0.8425,
      1.8675,
      0.9025,
      1.9275,
      0.9625
    ],
    "SoftwareVersions": "syngo_MR_B17",
    "SpacingBetweenSlices": 3.3,
    "StationName": "mrc_Trio",
    "TaskName": "learn",
    "TotalReadoutTime": 0.0371701,
    "TxRefAmp": 350.359,
    "dataset": "ds001241",
    "modality": "bold",
    "run_id": 4,
    "subject_id": "05",
    "task_id": "learn"
  },
  "dummy_trs": 0,
  "dvars_nstd": 29.220393486122436,
  "dvars_std": 1.31353149537415,
  "dvars_vstd": 1.0809794176870746,
  "efc": 0.6621697712449682,
  "fber": 225.48016357421875,
  "fd_mean": 0.20187477278291277,
  "fd_num": 36,
  "fd_perc": 24.324324324324323,
  "fwhm_avg": 2.327299203634251,
  "fwhm_x": 2.0885833333333332,
  "fwhm_y": 2.4610566666666664,
  "fwhm_z": 2.432257610902752,
  "gcor": 0.0622824,
  "gsr_x": 0.015460314229130745,
  "gsr_y": 0.0755886659026146,
  "provenance": {
    "md5sum": "dd1bb0fb2828520abcfac477438d8833",
    "settings": {
      "fd_thres": 0.2,
      "testing": false
    },
    "software": "mriqc",
    "version": "22.0.6",
    "webapi_port": null,
    "webapi_url": "https://mriqc.nimh.nih.gov/api/v1"
  },
  "size_t": 148,
  "size_x": 64,
  "size_y": 64,
  "size_z": 33,
  "snr": 3.487733321228118,
  "spacing_tr": 2.0,
  "spacing_x": 3.0,
  "spacing_y": 3.0,
  "spacing_z": 3.299999952316284,
  "summary_bg_k": 10.000700769180307,
  "summary_bg_mad": 24.608194227408887,
  "summary_bg_mean": 83.3867416381836,
  "summary_bg_median": 39.65203094482422,
  "summary_bg_n": 62794.0,
  "summary_bg_p05": 21.905405044555664,
  "summary_bg_p95": 304.0750061035156,
  "summary_bg_stdv": 102.87538146972656,
  "summary_fg_k": 0.4471820701775995,
  "summary_fg_mad": 174.56138974659615,
  "summary_fg_mean": 645.0450439453125,
  "summary_fg_median": 621.3615112304688,
  "summary_fg_n": 37808.0,
  "summary_fg_p05": 398.2344680786133,
  "summary_fg_p95": 970.1216430664062,
  "summary_fg_stdv": 178.15390014648438,
  "tsnr": 61.50402639526874
}