{
  "aor": 0.0016125675675675677,
  "aqi": 0.0021375162162162163,
  "bids_meta": {
    "AcquisitionMatrixPE": 64,
    "AcquisitionNumber": 1,
    "AcquisitionTime": "13:42:11.102500",
    "BandwidthPerPixelPhaseEncode": 26.483,
    "BaseResolution": 64,
    "ConversionSoftware": "dcm2niix",
    "ConversionSoftwareVersion": "v1.0.20171215 Clang9.0.0",
    "DerivedVendorReportedEchoSpacing": 0.000590001,
    "DeviceSerialNumber": "35410",
    "DwellTime": 4.1e-06,
    "EchoTime": 0.026,
    "EffectiveEchoSpacing": 0.000590001,
    "FlipAngle": 90,
    "ImageOrientationPatientDICOM": [
      1,
      0,
      0,
      0,
      0.996493,
      -0.0836778
    ],
    "ImageType": [
      "ORIGINAL",
      "PRIMARY",
      "M",
      "ND",
      "MOSAIC"
    ],
    "InPlanePhaseEncodingDirectionDICOM": "COL",
    "InstitutionAddress": "Cooper_60_St._Lucia_QLD_AU_4072",
    "InstitutionName": "St_Lucia_Campus",
    "InstitutionalDepartmentName": "Gehrmann_Labs_MRI",
    "MRAcquisitionType": "2D",
    "MagneticFieldStrength": 3,
    "Manufacturer": "Siemens",
    "ManufacturersModelName": "TrioTim",
    "Modality": "MR",
    "PartialFourier": 1,
    "PatientPosition": "HFS",
    "PercentPhaseFOV": 100,
    "PhaseEncodingDirection": "j-",
    "PhaseEncodingSteps": 64,
    "PhaseResolution": 1,
    "PixelBandwidth": 1905,
    "ProcedureStepDescription": "Brain_-_UQ_fMRI",
    "ProtocolName": "OLVSL_R1",
    "PulseSequenceDetails": "%SiemensSeq%_ep2d_pace",
    "ReceiveCoilName": "32Ch_Head",
    "ReconMatrixPE": 64,
    "RepetitionTime": 2,
    "SAR": 0.188967,
    "ScanOptions": "FS",
    "ScanningSequence": "EP",
    "SequenceName": "_epfid2d1_64",
    "SequenceVariant": "SK",
    "SeriesDescription": "OLVSL_R1",
    "SeriesNumber": 2,
    "ShimSetting": [
      6832,
      -11426,
      -2168,
      631,
      43,
      -261,
      -283,
      -51
    ],
    "SliceThickness": 3,
    "SliceTiming": [
      0,
      1.025,
      0.0625,
      1.085,
      0.1225,
      1.145,
      0.1825,
      1.205,
      0.2425,
      1.265,
      0.3025,
      1.325,
      0.3625,
      1.3875,
      0.4225,
      1.4475,
      0.4825,
      1.5075,
      0.5425,
      1.5675,
      0.6025,
      1.6275,
      0.6625,
      1.6875,
      0.725,
      1.7475,
      0.785,
      1.8075,
      0.845,
      1.8675,
      0.905,
      1.9275,
      0.965
    ],
    "SoftwareVersions": "syngo_MR_B17",
    "SpacingBetweenSlices": 3.3,
    "StationName": "mrc_Trio",
    "TaskName": "learn",
    "TotalReadoutTime": 0.0371701,
    "TxRefAmp": 350.359,
    "dataset": "ds001241",
    "modality": "bold",
    "run_id": 1,
    "subject_id": "05",
    "task_id": "learn"
  },
  "dummy_trs": 0,
  "dvars_nstd": 21.881888707619037,
  "dvars_std": 1.2113977649659857,
  "dvars_vstd": 0.9996825093197281,
  "efc": 0.6588389571204958,
  "fber": 237.37118530273438,
  "fd_mean": 0.10866883513307549,
  "fd_num": 2,
  "fd_perc": 1.3513513513513513,
  "fwhm_avg": 2.3503922340065224,
  "fwhm_x": 2.1079866666666667,
  "fwhm_y": 2.4965566666666668,
  "fwhm_z": 2.4466333686862334,
  "gcor": 0.041907,
  "gsr_x": 0.017973728477954865,
  "gsr_y": 0.0734940692782402,
  "provenance": {
    "md5sum": "2b4dda91e4c224ebb4d77a8f5af2367d",
    "settings": {
      "fd_thres": 0.2,
      "testing": false
    },
    "software": "mriqc",
    "version": "22.0.6",
    "webapi_port": null,
    "webapi_url": "https://mriqc.nimh.nih.gov/api/v1"
  },
  "size_t": 148,
  "size_x": 64,
  "size_y": 64,
  "size_z": 33,
  "snr": 3.4943148688582717,
  "spacing_tr": 2.0,
  "spacing_x": 3.0,
  "spacing_y": 3.0,
  "spacing_z": 3.299999952316284,
  "summary_bg_k": 10.880257063644224,
  "summary_bg_mad": 23.691584047694743,
  "summary_bg_mean": 81.82012176513672,
  "summary_bg_median": 39.04054260253906,
  "summary_bg_n": 63120.0,
  "summary_bg_p05": 21.925676345825195,
  "summary_bg_p95": 295.71756896972647,
  "summary_bg_stdv": 101.80613708496094,
  "summary_fg_k": 0.4396182833864284,
  "summary_fg_mad": 174.92701805860005,
  "summary_fg_mean": 649.4851684570312,
  "summary_fg_median": 624.7432861328125,
  "summary_fg_n": 37648.0,
  "summary_fg_p05": 402.910823059082,
  "summary_fg_p95": 975.9473205566406,
  "summary_fg_stdv": 178.78611755371094,
  "tsnr": 91.13030929025263
}