{
  "aor": 0.0077435135135135134,
  "aqi": 0.005724390810810812,
  "bids_meta": {
    "AcquisitionMatrixPE": 64,
    "AcquisitionNumber": 1,
    "AcquisitionTime": "14:26:0.195000",
    "BandwidthPerPixelPhaseEncode": 26.483,
    "BaseResolution": 64,
    "ConversionSoftware": "dcm2niix",
    "ConversionSoftwareVersion": "v1.0.20171215 Clang9.0.0",
    "DerivedVendorReportedEchoSpacing": 0.000590001,
    "DeviceSerialNumber": "35410",
    "DwellTime": 4.1e-06,
    "EchoTime": 0.026,
    "EffectiveEchoSpacing": 0.000590001,
    "FlipAngle": 90,
    "ImageOrientationPatientDICOM": [
      1,
      0,
      0,
      0,
      0.996493,
      -0.0836778
    ],
    "ImageType": [
      "ORIGINAL",
      "PRIMARY",
      "M",
      "ND",
      "MOSAIC"
    ],
    "InPlanePhaseEncodingDirectionDICOM": "COL",
    "InstitutionAddress": "Cooper_60_St._Lucia_QLD_AU_4072",
    "InstitutionName": "St_Lucia_Campus",
    "InstitutionalDepartmentName": "Gehrmann_Labs_MRI",
    "MRAcquisitionType": "2D",
    "MagneticFieldStrength": 3,
    "Manufacturer": "Siemens",
    "ManufacturersModelName": "TrioTim",
    "Modality": "MR",
    "PartialFourier": 1,
    "PatientPosition": "HFS",
    "PercentPhaseFOV": 100,
    "PhaseEncodingDirection": "j-",
    "PhaseEncodingSteps": 64,
    "PhaseResolution": 1,
    "PixelBandwidth": 1905,
    "ProcedureStepDescription": "Brain_-_UQ_fMRI",
    "ProtocolName": "OLVSL_R8",
    "PulseSequenceDetails": "%SiemensSeq%_ep2d_pace",
    "ReceiveCoilName": "32Ch_Head",
    "ReconMatrixPE": 64,
    "RepetitionTime": 2,
    "SAR": 0.188967,
    "ScanOptions": "FS",
    "ScanningSequence": "EP",
    "SequenceName": "_epfid2d1_64",
    "SequenceVariant": "SK",
    "SeriesDescription": "OLVSL_R8",
    "SeriesNumber": 10,
    "ShimSetting": [
      6832,
      -11426,
      -2168,
      631,
      43,
      -261,
      -283,
      -51
    ],
    "SliceThickness": 3,
    "SliceTiming": [
      0,
      1.0225,
      0.06,
      1.0825,
      0.12,
      1.1425,
      0.18,
      1.2025,
      0.24,
      1.2625,
      0.3,
      1.3225,
      0.36,
      1.385,
      0.42,
      1.445,
      0.48,
      1.505,
      0.54,
      1.565,
      0.6,
      1.625,
      0.66,
      1.685,
      0.7225,
      1.745,
      0.7825,
      1.805,
      0.8425,
      1.865,
      0.9025,
      1.925,
      0.9625
    ],
    "SoftwareVersions": "syngo_MR_B17",
    "SpacingBetweenSlices": 3.3,
    "StationName": "mrc_Trio",
    "TaskName": "learn",
    "TotalReadoutTime": 0.0371701,
    "TxRefAmp": 350.359,
    "dataset": "ds001241",
    "modality": "bold",
    "run_id": 8,
    "subject_id": "05",
    "task_id": "learn"
  },
  "dummy_trs": 0,
  "dvars_nstd": 29.05496926877552,
  "dvars_std": 1.2392555212244891,
  "dvars_vstd": 1.0390465601360546,
  "efc": 0.6662185829668691,
  "fber": 210.80332946777344,
  "fd_mean": 0.20165017759176912,
  "fd_num": 49,
  "fd_perc": 33.108108108108105,
  "fwhm_avg": 2.310475263965053,
  "fwhm_x": 2.088693333333333,
  "fwhm_y": 2.4676233333333335,
  "fwhm_z": 2.3751091252284935,
  "gcor": 0.0320867,
  "gsr_x": 0.01477994304150343,
  "gsr_y": 0.0766790509223938,
  "provenance": {
    "md5sum": "cef3a2ae1ef4760a723e155d8f04421f",
    "settings": {
      "fd_thres": 0.2,
      "testing": false
    },
    "software": "mriqc",
    "version": "22.0.6",
    "webapi_port": null,
    "webapi_url": "https://mriqc.nimh.nih.gov/api/v1"
  },
  "size_t": 148,
  "size_x": 64,
  "size_y": 64,
  "size_z": 33,
  "snr": 3.467494272707125,
  "spacing_tr": 2.0,
  "spacing_x": 3.0,
  "spacing_y": 3.0,
  "spacing_z": 3.299999952316284,
  "summary_bg_k": 9.015100733984681,
  "summary_bg_mad": 26.216013170759283,
  "summary_bg_mean": 86.39498138427734,
  "summary_bg_median": 40.83783721923828,
  "summary_bg_n": 62503.0,
  "summary_bg_p05": 21.736486434936523,
  "summary_bg_p95": 315.0425720214841,
  "summary_bg_stdv": 105.68087005615234,
  "summary_fg_k": 0.45037602478163885,
  "summary_fg_mad": 173.77502419002795,
  "summary_fg_mean": 643.0387573242188,
  "summary_fg_median": 618.79052734375,
  "summary_fg_n": 37997.0,
  "summary_fg_p05": 396.74730224609374,
  "summary_fg_p95": 969.9959838867187,
  "summary_fg_stdv": 178.4523162841797,
  "tsnr": 61.429610311985016
}