{
  "aor": 0.004330540540540541,
  "aqi": 0.004131116756756757,
  "bids_meta": {
    "AcquisitionMatrixPE": 64,
    "AcquisitionNumber": 1,
    "AcquisitionTime": "14:04:12.862500",
    "BandwidthPerPixelPhaseEncode": 26.483,
    "BaseResolution": 64,
    "ConversionSoftware": "dcm2niix",
    "ConversionSoftwareVersion": "v1.0.20171215 Clang9.0.0",
    "DerivedVendorReportedEchoSpacing": 0.000590001,
    "DeviceSerialNumber": "35410",
    "DwellTime": 4.1e-06,
    "EchoTime": 0.026,
    "EffectiveEchoSpacing": 0.000590001,
    "FlipAngle": 90,
    "ImageOrientationPatientDICOM": [
      1,
      0,
      0,
      0,
      0.996493,
      -0.0836778
    ],
    "ImageType": [
      "ORIGINAL",
      "PRIMARY",
      "M",
      "ND",
      "MOSAIC"
    ],
    "InPlanePhaseEncodingDirectionDICOM": "COL",
    "InstitutionAddress": "Cooper_60_St._Lucia_QLD_AU_4072",
    "InstitutionName": "St_Lucia_Campus",
    "InstitutionalDepartmentName": "Gehrmann_Labs_MRI",
    "MRAcquisitionType": "2D",
    "MagneticFieldStrength": 3,
    "Manufacturer": "Siemens",
    "ManufacturersModelName": "TrioTim",
    "Modality": "MR",
    "PartialFourier": 1,
    "PatientPosition": "HFS",
    "PercentPhaseFOV": 100,
    "PhaseEncodingDirection": "j-",
    "PhaseEncodingSteps": 64,
    "PhaseResolution": 1,
    "PixelBandwidth": 1905,
    "ProcedureStepDescription": "Brain_-_UQ_fMRI",
    "ProtocolName": "OLVSL_R5",
    "PulseSequenceDetails": "%SiemensSeq%_ep2d_pace",
    "ReceiveCoilName": "32Ch_Head",
    "ReconMatrixPE": 64,
    "RepetitionTime": 2,
    "SAR": 0.188967,
    "ScanOptions": "FS",
    "ScanningSequence": "EP",
    "SequenceName": "_epfid2d1_64",
    "SequenceVariant": "SK",
    "SeriesDescription": "OLVSL_R5",
    "SeriesNumber": 6,
    "ShimSetting": [
      6832,
      -11426,
      -2168,
      631,
      43,
      -261,
      -283,
      -51
    ],
    "SliceThickness": 3,
    "SliceTiming": [
      0,
      1.025,
      0.0625,
      1.085,
      0.1225,
      1.145,
      0.1825,
      1.205,
      0.2425,
      1.265,
      0.3025,
      1.325,
      0.3625,
      1.385,
      0.4225,
      1.4475,
      0.4825,
      1.5075,
      0.5425,
      1.5675,
      0.6025,
      1.6275,
      0.6625,
      1.6875,
      0.7225,
      1.7475,
      0.785,
      1.8075,
      0.845,
      1.8675,
      0.905,
      1.9275,
      0.965
    ],
    "SoftwareVersions": "syngo_MR_B17",
    "SpacingBetweenSlices": 3.3,
    "StationName": "mrc_Trio",
    "TaskName": "learn",
    "TotalReadoutTime": 0.0371701,
    "TxRefAmp": 350.359,
    "dataset": "ds001241",
    "modality": "bold",
    "run_id": 5,
    "subject_id": "05",
    "task_id": "learn"
  },
  "dummy_trs": 0,
  "dvars_nstd": 24.19086815680272,
  "dvars_std": 1.2398824365986392,
  "dvars_vstd": 1.0318456597278918,
  "efc": 0.6624064620139342,
  "fber": 223.9506378173828,
  "fd_mean": 0.1562676237903808,
  "fd_num": 27,
  "fd_perc": 18.243243243243242,
  "fwhm_avg": 2.326556880396644,
  "fwhm_x": 2.08809,
  "fwhm_y": 2.46042,
  "fwhm_z": 2.4311606411899316,
  "gcor": 0.0590252,
  "gsr_x": 0.016146710142493248,
  "gsr_y": 0.07533510029315948,
  "provenance": {
    "md5sum": "3ff030f9b5ad940f61a95d9714bf01a9",
    "settings": {
      "fd_thres": 0.2,
      "testing": false
    },
    "software": "mriqc",
    "version": "22.0.6",
    "webapi_port": null,
    "webapi_url": "https://mriqc.nimh.nih.gov/api/v1"
  },
  "size_t": 148,
  "size_x": 64,
  "size_y": 64,
  "size_z": 33,
  "snr": 3.4867274204789336,
  "spacing_tr": 2.0,
  "spacing_x": 3.0,
  "spacing_y": 3.0,
  "spacing_z": 3.299999952316284,
  "summary_bg_k": 10.105896535639406,
  "summary_bg_mad": 24.913730953980266,
  "summary_bg_mean": 83.95527648925781,
  "summary_bg_median": 39.7094612121582,
  "summary_bg_n": 62725.0,
  "summary_bg_p05": 21.506757736206055,
  "summary_bg_p95": 306.1175842285155,
  "summary_bg_stdv": 104.02156066894531,
  "summary_fg_k": 0.45713364899123166,
  "summary_fg_mad": 174.95710626890605,
  "summary_fg_mean": 644.7931518554688,
  "summary_fg_median": 620.7567749023438,
  "summary_fg_n": 37825.0,
  "summary_fg_p05": 398.8121704101562,
  "summary_fg_p95": 968.6108154296874,
  "summary_fg_stdv": 178.0318603515625,
  "tsnr": 74.0896987146698
}