{
  "aor": 0.0011514965986394558,
  "aqi": 0.004015125306122448,
  "bids_meta": {
    "AcquisitionMatrixPE": 64,
    "AcquisitionNumber": 1,
    "AcquisitionTime": "15:26:17.232500",
    "BandwidthPerPixelPhaseEncode": 26.483,
    "BaseResolution": 64,
    "ConversionSoftware": "dcm2niix",
    "ConversionSoftwareVersion": "v1.0.20171215 Clang9.0.0",
    "DerivedVendorReportedEchoSpacing": 0.000590001,
    "DeviceSerialNumber": "35410",
    "DwellTime": 4.1e-06,
    "EchoTime": 0.026,
    "EffectiveEchoSpacing": 0.000590001,
    "FlipAngle": 90,
    "ImageOrientationPatientDICOM": [
      1,
      2e-16,
      0,
      -2e-16,
      0.95882,
      -0.284015
    ],
    "ImageType": [
      "ORIGINAL",
      "PRIMARY",
      "M",
      "ND",
      "MOSAIC"
    ],
    "InPlanePhaseEncodingDirectionDICOM": "COL",
    "InstitutionAddress": "Cooper_60_St._Lucia_QLD_AU_4072",
    "InstitutionName": "St_Lucia_Campus",
    "InstitutionalDepartmentName": "Gehrmann_Labs_MRI",
    "MRAcquisitionType": "2D",
    "MagneticFieldStrength": 3,
    "Manufacturer": "Siemens",
    "ManufacturersModelName": "TrioTim",
    "Modality": "MR",
    "PartialFourier": 1,
    "PatientPosition": "HFS",
    "PercentPhaseFOV": 100,
    "PhaseEncodingDirection": "j-",
    "PhaseEncodingSteps": 64,
    "PhaseResolution": 1,
    "PixelBandwidth": 1905,
    "ProcedureStepDescription": "Brain_-_UQ_fMRI",
    "ProtocolName": "OLVSL_R8",
    "PulseSequenceDetails": "%SiemensSeq%_ep2d_pace",
    "ReceiveCoilName": "32Ch_Head",
    "ReconMatrixPE": 64,
    "RepetitionTime": 2,
    "SAR": 0.158068,
    "ScanOptions": "FS",
    "ScanningSequence": "EP",
    "SequenceName": "_epfid2d1_64",
    "SequenceVariant": "SK",
    "SeriesDescription": "OLVSL_R8",
    "SeriesNumber": 10,
    "ShimSetting": [
      6826,
      -11374,
      -2126,
      620,
      152,
      -195,
      -361,
      -60
    ],
    "SliceThickness": 3,
    "SliceTiming": [
      0,
      1.0225,
      0.06,
      1.0825,
      0.12,
      1.1425,
      0.18,
      1.205,
      0.24,
      1.265,
      0.3,
      1.325,
      0.36,
      1.385,
      0.42,
      1.445,
      0.4825,
      1.505,
      0.5425,
      1.565,
      0.6025,
      1.625,
      0.6625,
      1.685,
      0.7225,
      1.745,
      0.7825,
      1.805,
      0.8425,
      1.8675,
      0.9025,
      1.9275,
      0.9625
    ],
    "SoftwareVersions": "syngo_MR_B17",
    "SpacingBetweenSlices": 3.3,
    "StationName": "mrc_Trio",
    "TaskName": "learn",
    "TotalReadoutTime": 0.0371701,
    "TxRefAmp": 313.496,
    "dataset": "ds001241",
    "modality": "bold",
    "run_id": 8,
    "subject_id": "03",
    "task_id": "learn"
  },
  "dummy_trs": 1,
  "dvars_nstd": 20.148194482876715,
  "dvars_std": 1.129713917191781,
  "dvars_vstd": 0.9469063676712328,
  "efc": 0.611136577209305,
  "fber": 408.4338073730469,
  "fd_mean": 0.13711386173898776,
  "fd_num": 19,
  "fd_perc": 12.92517006802721,
  "fwhm_avg": 2.6171445581473907,
  "fwhm_x": 2.5378933333333333,
  "fwhm_y": 2.6782766666666666,
  "fwhm_z": 2.635263674442171,
  "gcor": 0.0255619,
  "gsr_x": -0.013264262117445469,
  "gsr_y": 0.09691350162029266,
  "provenance": {
    "md5sum": "62c91189b4f99872e166e28d423da719",
    "settings": {
      "fd_thres": 0.2,
      "testing": false
    },
    "software": "mriqc",
    "version": "22.0.6",
    "webapi_port": null,
    "webapi_url": "https://mriqc.nimh.nih.gov/api/v1"
  },
  "size_t": 147,
  "size_x": 64,
  "size_y": 64,
  "size_z": 33,
  "snr": 3.307238656608281,
  "spacing_tr": 2.0,
  "spacing_x": 3.0,
  "spacing_y": 3.0,
  "spacing_z": 3.299999952316284,
  "summary_bg_k": 13.82435843428015,
  "summary_bg_mad": 13.50479061703073,
  "summary_bg_mean": 64.43236541748047,
  "summary_bg_median": 30.040815353393555,
  "summary_bg_n": 69543.0,
  "summary_bg_p05": 19.959182739257812,
  "summary_bg_p95": 243.56870574951157,
  "summary_bg_stdv": 82.77997589111328,
  "summary_fg_k": 1.5607077002750458,
  "summary_fg_mad": 166.74732317113254,
  "summary_fg_mean": 664.8463745117188,
  "summary_fg_median": 630.5714111328125,
  "summary_fg_n": 32867.0,
  "summary_fg_p05": 425.13128356933595,
  "summary_fg_p95": 1040.616357421875,
  "summary_fg_stdv": 190.66111755371094,
  "tsnr": 72.1658025085926
}