{
  "aor": 0.0007804081632653062,
  "aqi": 0.0023828909523809527,
  "bids_meta": {
    "AcquisitionMatrixPE": 64,
    "AcquisitionNumber": 1,
    "AcquisitionTime": "14:42:8.745000",
    "BandwidthPerPixelPhaseEncode": 26.483,
    "BaseResolution": 64,
    "ConversionSoftware": "dcm2niix",
    "ConversionSoftwareVersion": "v1.0.20171215 Clang9.0.0",
    "DerivedVendorReportedEchoSpacing": 0.000590001,
    "DeviceSerialNumber": "35410",
    "DwellTime": 4.1e-06,
    "EchoTime": 0.026,
    "EffectiveEchoSpacing": 0.000590001,
    "FlipAngle": 90,
    "ImageOrientationPatientDICOM": [
      1,
      2e-16,
      0,
      -2e-16,
      0.95882,
      -0.284015
    ],
    "ImageType": [
      "ORIGINAL",
      "PRIMARY",
      "M",
      "ND",
      "MOSAIC"
    ],
    "InPlanePhaseEncodingDirectionDICOM": "COL",
    "InstitutionAddress": "Cooper_60_St._Lucia_QLD_AU_4072",
    "InstitutionName": "St_Lucia_Campus",
    "InstitutionalDepartmentName": "Gehrmann_Labs_MRI",
    "MRAcquisitionType": "2D",
    "MagneticFieldStrength": 3,
    "Manufacturer": "Siemens",
    "ManufacturersModelName": "TrioTim",
    "Modality": "MR",
    "PartialFourier": 1,
    "PatientPosition": "HFS",
    "PercentPhaseFOV": 100,
    "PhaseEncodingDirection": "j-",
    "PhaseEncodingSteps": 64,
    "PhaseResolution": 1,
    "PixelBandwidth": 1905,
    "ProcedureStepDescription": "Brain_-_UQ_fMRI",
    "ProtocolName": "OLVSL_R1",
    "PulseSequenceDetails": "%SiemensSeq%_ep2d_pace",
    "ReceiveCoilName": "32Ch_Head",
    "ReconMatrixPE": 64,
    "RepetitionTime": 2,
    "SAR": 0.158068,
    "ScanOptions": "FS",
    "ScanningSequence": "EP",
    "SequenceName": "_epfid2d1_64",
    "SequenceVariant": "SK",
    "SeriesDescription": "OLVSL_R1",
    "SeriesNumber": 2,
    "ShimSetting": [
      6826,
      -11374,
      -2126,
      620,
      152,
      -195,
      -361,
      -60
    ],
    "SliceThickness": 3,
    "SliceTiming": [
      0,
      1.025,
      0.06,
      1.085,
      0.12,
      1.145,
      0.18,
      1.205,
      0.24,
      1.265,
      0.3025,
      1.325,
      0.3625,
      1.385,
      0.4225,
      1.445,
      0.4825,
      1.505,
      0.5425,
      1.565,
      0.6025,
      1.625,
      0.6625,
      1.6875,
      0.7225,
      1.7475,
      0.7825,
      1.8075,
      0.8425,
      1.8675,
      0.9025,
      1.9275,
      0.9625
    ],
    "SoftwareVersions": "syngo_MR_B17",
    "SpacingBetweenSlices": 3.3,
    "StationName": "mrc_Trio",
    "TaskName": "learn",
    "TotalReadoutTime": 0.0371701,
    "TxRefAmp": 313.496,
    "dataset": "ds001241",
    "modality": "bold",
    "run_id": 1,
    "subject_id": "03",
    "task_id": "learn"
  },
  "dummy_trs": 1,
  "dvars_nstd": 20.14973545753425,
  "dvars_std": 1.173802854041096,
  "dvars_vstd": 0.978008450958904,
  "efc": 0.6092420393183607,
  "fber": 411.1488952636719,
  "fd_mean": 0.11093121694532461,
  "fd_num": 8,
  "fd_perc": 5.442176870748299,
  "fwhm_avg": 2.699898901915695,
  "fwhm_x": 2.62133,
  "fwhm_y": 2.773766666666667,
  "fwhm_z": 2.7046000390804177,
  "gcor": 0.0214583,
  "gsr_x": -0.010340931825339794,
  "gsr_y": 0.09586306661367416,
  "provenance": {
    "md5sum": "b594b6fb1aaa4fe00461c65647720ab1",
    "settings": {
      "fd_thres": 0.2,
      "testing": false
    },
    "software": "mriqc",
    "version": "22.0.6",
    "webapi_port": null,
    "webapi_url": "https://mriqc.nimh.nih.gov/api/v1"
  },
  "size_t": 147,
  "size_x": 64,
  "size_y": 64,
  "size_z": 33,
  "snr": 3.2110052365206005,
  "spacing_tr": 2.0,
  "spacing_x": 3.0,
  "spacing_y": 3.0,
  "spacing_z": 3.299999952316284,
  "summary_bg_k": 15.567554567237025,
  "summary_bg_mad": 13.353506869385138,
  "summary_bg_mean": 66.47067260742188,
  "summary_bg_median": 30.251699447631836,
  "summary_bg_n": 69763.0,
  "summary_bg_p05": 20.571428298950195,
  "summary_bg_p95": 250.2353622436522,
  "summary_bg_stdv": 89.7292251586914,
  "summary_fg_k": 1.7077819778633634,
  "summary_fg_mad": 171.90113950125755,
  "summary_fg_mean": 672.8386840820312,
  "summary_fg_median": 636.4353637695312,
  "summary_fg_n": 32884.0,
  "summary_fg_p05": 426.8231201171875,
  "summary_fg_p95": 1062.8577636718746,
  "summary_fg_stdv": 198.20138549804688,
  "tsnr": 87.02785050217062
}