{
  "aor": 0.0011217482517482517,
  "aqi": 0.002122130594405594,
  "bids_meta": {
    "AcquisitionMatrixPE": 64,
    "AcquisitionNumber": 1,
    "AcquisitionTime": "15:04:13.312500",
    "BandwidthPerPixelPhaseEncode": 26.483,
    "BaseResolution": 64,
    "ConversionSoftware": "dcm2niix",
    "ConversionSoftwareVersion": "v1.0.20171215 Clang9.0.0",
    "DerivedVendorReportedEchoSpacing": 0.000590001,
    "DeviceSerialNumber": "35410",
    "DwellTime": 4.1e-06,
    "EchoTime": 0.026,
    "EffectiveEchoSpacing": 0.000590001,
    "FlipAngle": 90,
    "ImageOrientationPatientDICOM": [
      1,
      2e-16,
      0,
      -2e-16,
      0.95882,
      -0.284015
    ],
    "ImageType": [
      "ORIGINAL",
      "PRIMARY",
      "M",
      "ND",
      "MOSAIC"
    ],
    "InPlanePhaseEncodingDirectionDICOM": "COL",
    "InstitutionAddress": "Cooper_60_St._Lucia_QLD_AU_4072",
    "InstitutionName": "St_Lucia_Campus",
    "InstitutionalDepartmentName": "Gehrmann_Labs_MRI",
    "MRAcquisitionType": "2D",
    "MagneticFieldStrength": 3,
    "Manufacturer": "Siemens",
    "ManufacturersModelName": "TrioTim",
    "Modality": "MR",
    "PartialFourier": 1,
    "PatientPosition": "HFS",
    "PercentPhaseFOV": 100,
    "PhaseEncodingDirection": "j-",
    "PhaseEncodingSteps": 64,
    "PhaseResolution": 1,
    "PixelBandwidth": 1905,
    "ProcedureStepDescription": "Brain_-_UQ_fMRI",
    "ProtocolName": "OLVSL_R5",
    "PulseSequenceDetails": "%SiemensSeq%_ep2d_pace",
    "ReceiveCoilName": "32Ch_Head",
    "ReconMatrixPE": 64,
    "RepetitionTime": 2,
    "SAR": 0.158068,
    "ScanOptions": "FS",
    "ScanningSequence": "EP",
    "SequenceName": "_epfid2d1_64",
    "SequenceVariant": "SK",
    "SeriesDescription": "OLVSL_R5",
    "SeriesNumber": 6,
    "ShimSetting": [
      6826,
      -11374,
      -2126,
      620,
      152,
      -195,
      -361,
      -60
    ],
    "SliceThickness": 3,
    "SliceTiming": [
      0,
      1.025,
      0.06,
      1.085,
      0.12,
      1.145,
      0.18,
      1.205,
      0.24,
      1.265,
      0.3025,
      1.325,
      0.3625,
      1.385,
      0.4225,
      1.445,
      0.4825,
      1.505,
      0.5425,
      1.565,
      0.6025,
      1.6275,
      0.6625,
      1.6875,
      0.7225,
      1.7475,
      0.7825,
      1.8075,
      0.8425,
      1.8675,
      0.9025,
      1.9275,
      0.965
    ],
    "SoftwareVersions": "syngo_MR_B17",
    "SpacingBetweenSlices": 3.3,
    "StationName": "mrc_Trio",
    "TaskName": "learn",
    "TotalReadoutTime": 0.0371701,
    "TxRefAmp": 313.496,
    "dataset": "ds001241",
    "modality": "bold",
    "run_id": 5,
    "subject_id": "03",
    "task_id": "learn"
  },
  "dummy_trs": 5,
  "dvars_nstd": 19.344436746197175,
  "dvars_std": 1.193983738239437,
  "dvars_vstd": 0.9972991221126762,
  "efc": 0.6102342182435061,
  "fber": 407.1345520019531,
  "fd_mean": 0.14998088173860555,
  "fd_num": 30,
  "fd_perc": 20.97902097902098,
  "fwhm_avg": 2.665379204795999,
  "fwhm_x": 2.582543333333333,
  "fwhm_y": 2.7401366666666664,
  "fwhm_z": 2.673457614387998,
  "gcor": 0.0147802,
  "gsr_x": -0.013907344080507755,
  "gsr_y": 0.0972842425107956,
  "provenance": {
    "md5sum": "cfb5b634472e05f2fe164daabf3d5033",
    "settings": {
      "fd_thres": 0.2,
      "testing": false
    },
    "software": "mriqc",
    "version": "22.0.6",
    "webapi_port": null,
    "webapi_url": "https://mriqc.nimh.nih.gov/api/v1"
  },
  "size_t": 143,
  "size_x": 64,
  "size_y": 64,
  "size_z": 33,
  "snr": 3.2615156495691653,
  "spacing_tr": 2.0,
  "spacing_x": 3.0,
  "spacing_y": 3.0,
  "spacing_z": 3.299999952316284,
  "summary_bg_k": 14.375587950506937,
  "summary_bg_mad": 13.327866850320824,
  "summary_bg_mean": 64.66806030273438,
  "summary_bg_median": 30.143356323242188,
  "summary_bg_n": 69536.0,
  "summary_bg_p05": 20.44055938720703,
  "summary_bg_p95": 244.40734100341797,
  "summary_bg_stdv": 83.83263397216797,
  "summary_fg_k": 1.6784658234658867,
  "summary_fg_mad": 168.2961194523113,
  "summary_fg_mean": 667.4057006835938,
  "summary_fg_median": 632.0034790039062,
  "summary_fg_n": 32834.0,
  "summary_fg_p05": 425.3083862304688,
  "summary_fg_p95": 1047.8331726074216,
  "summary_fg_stdv": 193.77305603027344,
  "tsnr": 94.5935983043164
}