{
  "aor": 0.009743673469387754,
  "aqi": 0.0042734354421768705,
  "bids_meta": {
    "AcquisitionMatrixPE": 64,
    "AcquisitionNumber": 1,
    "AcquisitionTime": "15:14:56.622500",
    "BandwidthPerPixelPhaseEncode": 26.483,
    "BaseResolution": 64,
    "ConversionSoftware": "dcm2niix",
    "ConversionSoftwareVersion": "v1.0.20171215 Clang9.0.0",
    "DerivedVendorReportedEchoSpacing": 0.000590001,
    "DeviceSerialNumber": "35410",
    "DwellTime": 4.1e-06,
    "EchoTime": 0.026,
    "EffectiveEchoSpacing": 0.000590001,
    "FlipAngle": 90,
    "ImageOrientationPatientDICOM": [
      1,
      2e-16,
      0,
      -2e-16,
      0.95882,
      -0.284015
    ],
    "ImageType": [
      "ORIGINAL",
      "PRIMARY",
      "M",
      "ND",
      "MOSAIC"
    ],
    "InPlanePhaseEncodingDirectionDICOM": "COL",
    "InstitutionAddress": "Cooper_60_St._Lucia_QLD_AU_4072",
    "InstitutionName": "St_Lucia_Campus",
    "InstitutionalDepartmentName": "Gehrmann_Labs_MRI",
    "MRAcquisitionType": "2D",
    "MagneticFieldStrength": 3,
    "Manufacturer": "Siemens",
    "ManufacturersModelName": "TrioTim",
    "Modality": "MR",
    "PartialFourier": 1,
    "PatientPosition": "HFS",
    "PercentPhaseFOV": 100,
    "PhaseEncodingDirection": "j-",
    "PhaseEncodingSteps": 64,
    "PhaseResolution": 1,
    "PixelBandwidth": 1905,
    "ProcedureStepDescription": "Brain_-_UQ_fMRI",
    "ProtocolName": "OLVSL_R6",
    "PulseSequenceDetails": "%SiemensSeq%_ep2d_pace",
    "ReceiveCoilName": "32Ch_Head",
    "ReconMatrixPE": 64,
    "RepetitionTime": 2,
    "SAR": 0.158068,
    "ScanOptions": "FS",
    "ScanningSequence": "EP",
    "SequenceName": "_epfid2d1_64",
    "SequenceVariant": "SK",
    "SeriesDescription": "OLVSL_R6",
    "SeriesNumber": 8,
    "ShimSetting": [
      6826,
      -11374,
      -2126,
      620,
      152,
      -195,
      -361,
      -60
    ],
    "SliceThickness": 3,
    "SliceTiming": [
      0,
      1.0225,
      0.06,
      1.0825,
      0.12,
      1.1425,
      0.18,
      1.2025,
      0.24,
      1.2625,
      0.3,
      1.325,
      0.36,
      1.385,
      0.42,
      1.445,
      0.48,
      1.505,
      0.54,
      1.565,
      0.6025,
      1.625,
      0.6625,
      1.685,
      0.7225,
      1.745,
      0.7825,
      1.805,
      0.8425,
      1.865,
      0.9025,
      1.925,
      0.9625
    ],
    "SoftwareVersions": "syngo_MR_B17",
    "SpacingBetweenSlices": 3.3,
    "StationName": "mrc_Trio",
    "TaskName": "learn",
    "TotalReadoutTime": 0.0371701,
    "TxRefAmp": 313.496,
    "dataset": "ds001241",
    "modality": "bold",
    "run_id": 6,
    "subject_id": "03",
    "task_id": "learn"
  },
  "dummy_trs": 1,
  "dvars_nstd": 20.25042961054794,
  "dvars_std": 1.2334036493150686,
  "dvars_vstd": 1.061522700821918,
  "efc": 0.6128482713407039,
  "fber": 396.02630615234375,
  "fd_mean": 0.1579263269719891,
  "fd_num": 39,
  "fd_perc": 26.53061224489796,
  "fwhm_avg": 2.6683910228776924,
  "fwhm_x": 2.5984433333333334,
  "fwhm_y": 2.7540600000000004,
  "fwhm_z": 2.6526697352997424,
  "gcor": 0.0194351,
  "gsr_x": -0.016921916976571083,
  "gsr_y": 0.09913904964923859,
  "provenance": {
    "md5sum": "a7b0b0224d2d3dd3f79f2ce7861495c4",
    "settings": {
      "fd_thres": 0.2,
      "testing": false
    },
    "software": "mriqc",
    "version": "22.0.6",
    "webapi_port": null,
    "webapi_url": "https://mriqc.nimh.nih.gov/api/v1"
  },
  "size_t": 147,
  "size_x": 64,
  "size_y": 64,
  "size_z": 33,
  "snr": 3.2238950159413,
  "spacing_tr": 2.0,
  "spacing_x": 3.0,
  "spacing_y": 3.0,
  "spacing_z": 3.299999952316284,
  "summary_bg_k": 14.100790040684267,
  "summary_bg_mad": 13.807363768000545,
  "summary_bg_mean": 65.8076171875,
  "summary_bg_median": 30.53741455078125,
  "summary_bg_n": 68972.0,
  "summary_bg_p05": 20.34013557434082,
  "summary_bg_p95": 245.72040405273432,
  "summary_bg_stdv": 85.15744018554688,
  "summary_fg_k": 1.7296381500846199,
  "summary_fg_mad": 170.25719208282547,
  "summary_fg_mean": 669.1838989257812,
  "summary_fg_median": 632.8231201171875,
  "summary_fg_n": 33095.0,
  "summary_fg_p05": 425.3319610595703,
  "summary_fg_p95": 1054.91357421875,
  "summary_fg_stdv": 196.28851318359375,
  "tsnr": 66.13694074610248
}