{
  "aor": 0.002745067567567568,
  "aqi": 0.001806479783783784,
  "bids_meta": {
    "AcquisitionMatrixPE": 64,
    "AcquisitionNumber": 1,
    "AcquisitionTime": "14:50:27.457500",
    "BandwidthPerPixelPhaseEncode": 26.483,
    "BaseResolution": 64,
    "ConversionSoftware": "dcm2niix",
    "ConversionSoftwareVersion": "v1.0.20171215 Clang9.0.0",
    "DerivedVendorReportedEchoSpacing": 0.000590001,
    "DeviceSerialNumber": "35410",
    "DwellTime": 4.1e-06,
    "EchoTime": 0.026,
    "EffectiveEchoSpacing": 0.000590001,
    "FlipAngle": 90,
    "ImageOrientationPatientDICOM": [
      1,
      2e-16,
      0,
      -2e-16,
      0.977046,
      -0.21303
    ],
    "ImageType": [
      "ORIGINAL",
      "PRIMARY",
      "M",
      "ND",
      "MOSAIC"
    ],
    "InPlanePhaseEncodingDirectionDICOM": "COL",
    "InstitutionAddress": "Cooper_60_St._Lucia_QLD_AU_4072",
    "InstitutionName": "St_Lucia_Campus",
    "InstitutionalDepartmentName": "Gehrmann_Labs_MRI",
    "MRAcquisitionType": "2D",
    "MagneticFieldStrength": 3,
    "Manufacturer": "Siemens",
    "ManufacturersModelName": "TrioTim",
    "Modality": "MR",
    "PartialFourier": 1,
    "PatientPosition": "HFS",
    "PercentPhaseFOV": 100,
    "PhaseEncodingDirection": "j-",
    "PhaseEncodingSteps": 64,
    "PhaseResolution": 1,
    "PixelBandwidth": 1905,
    "ProcedureStepDescription": "Brain_-_UQ_fMRI",
    "ProtocolName": "OLVSL_R7",
    "PulseSequenceDetails": "%SiemensSeq%_ep2d_pace",
    "ReceiveCoilName": "32Ch_Head",
    "ReconMatrixPE": 64,
    "RepetitionTime": 2,
    "SAR": 0.191062,
    "ScanOptions": "FS",
    "ScanningSequence": "EP",
    "SequenceName": "_epfid2d1_64",
    "SequenceVariant": "SK",
    "SeriesDescription": "OLVSL_R7",
    "SeriesNumber": 9,
    "ShimSetting": [
      6849,
      -11251,
      -2167,
      510,
      68,
      190,
      -206,
      7
    ],
    "SliceThickness": 3,
    "SliceTiming": [
      0,
      1.025,
      0.06,
      1.085,
      0.12,
      1.145,
      0.1825,
      1.205,
      0.2425,
      1.265,
      0.3025,
      1.325,
      0.3625,
      1.385,
      0.4225,
      1.445,
      0.4825,
      1.5075,
      0.5425,
      1.5675,
      0.6025,
      1.6275,
      0.6625,
      1.6875,
      0.7225,
      1.7475,
      0.7825,
      1.8075,
      0.845,
      1.8675,
      0.905,
      1.9275,
      0.965
    ],
    "SoftwareVersions": "syngo_MR_B17",
    "SpacingBetweenSlices": 3.3,
    "StationName": "mrc_Trio",
    "TaskName": "learn",
    "TotalReadoutTime": 0.0371701,
    "TxRefAmp": 358.147,
    "dataset": "ds001241",
    "modality": "bold",
    "run_id": 7,
    "subject_id": "24",
    "task_id": "learn"
  },
  "dummy_trs": 0,
  "dvars_nstd": 18.058825869115648,
  "dvars_std": 1.139302546462585,
  "dvars_vstd": 1.0128619959183671,
  "efc": 0.6409980601892484,
  "fber": 300.2689514160156,
  "fd_mean": 0.14386472038843293,
  "fd_num": 30,
  "fd_perc": 20.27027027027027,
  "fwhm_avg": 2.5024074871772344,
  "fwhm_x": 2.33832,
  "fwhm_y": 2.58826,
  "fwhm_z": 2.5806424615317036,
  "gcor": 0.0291989,
  "gsr_x": -0.012563713826239109,
  "gsr_y": 0.1378975510597229,
  "provenance": {
    "md5sum": "ff77428655e3b2a7cf03f08bd7176ee8",
    "settings": {
      "fd_thres": 0.2,
      "testing": false
    },
    "software": "mriqc",
    "version": "22.0.6",
    "webapi_port": null,
    "webapi_url": "https://mriqc.nimh.nih.gov/api/v1"
  },
  "size_t": 148,
  "size_x": 64,
  "size_y": 64,
  "size_z": 33,
  "snr": 3.246389675720185,
  "spacing_tr": 2.0,
  "spacing_x": 3.0,
  "spacing_y": 3.0,
  "spacing_z": 3.299999952316284,
  "summary_bg_k": 12.603148599934046,
  "summary_bg_mad": 15.727605226653061,
  "summary_bg_mean": 90.0523452758789,
  "summary_bg_median": 32.10810852050781,
  "summary_bg_n": 68730.0,
  "summary_bg_p05": 20.20270347595215,
  "summary_bg_p95": 380.9496627807617,
  "summary_bg_stdv": 131.7954864501953,
  "summary_fg_k": 1.278768228867925,
  "summary_fg_mad": 161.0977300523944,
  "summary_fg_mean": 602.14306640625,
  "summary_fg_median": 574.9661865234375,
  "summary_fg_n": 33196.0,
  "summary_fg_p05": 372.0490036010742,
  "summary_fg_p95": 941.3614959716797,
  "summary_fg_stdv": 177.10675048828125,
  "tsnr": 89.6578835323453
}