{
  "aor": 0.0017451020408163268,
  "aqi": 0.0016530527619047618,
  "bids_meta": {
    "AcquisitionMatrixPE": 64,
    "AcquisitionNumber": 1,
    "AcquisitionTime": "14:23:11.142500",
    "BandwidthPerPixelPhaseEncode": 26.483,
    "BaseResolution": 64,
    "ConversionSoftware": "dcm2niix",
    "ConversionSoftwareVersion": "v1.0.20171215 Clang9.0.0",
    "DerivedVendorReportedEchoSpacing": 0.000590001,
    "DeviceSerialNumber": "35410",
    "DwellTime": 4.1e-06,
    "EchoTime": 0.026,
    "EffectiveEchoSpacing": 0.000590001,
    "FlipAngle": 90,
    "ImageOrientationPatientDICOM": [
      1,
      2e-16,
      0,
      -2e-16,
      0.977046,
      -0.21303
    ],
    "ImageType": [
      "ORIGINAL",
      "PRIMARY",
      "M",
      "ND",
      "MOSAIC"
    ],
    "InPlanePhaseEncodingDirectionDICOM": "COL",
    "InstitutionAddress": "Cooper_60_St._Lucia_QLD_AU_4072",
    "InstitutionName": "St_Lucia_Campus",
    "InstitutionalDepartmentName": "Gehrmann_Labs_MRI",
    "MRAcquisitionType": "2D",
    "MagneticFieldStrength": 3,
    "Manufacturer": "Siemens",
    "ManufacturersModelName": "TrioTim",
    "Modality": "MR",
    "PartialFourier": 1,
    "PatientPosition": "HFS",
    "PercentPhaseFOV": 100,
    "PhaseEncodingDirection": "j-",
    "PhaseEncodingSteps": 64,
    "PhaseResolution": 1,
    "PixelBandwidth": 1905,
    "ProcedureStepDescription": "Brain_-_UQ_fMRI",
    "ProtocolName": "OLVSL_R3",
    "PulseSequenceDetails": "%SiemensSeq%_ep2d_pace",
    "ReceiveCoilName": "32Ch_Head",
    "ReconMatrixPE": 64,
    "RepetitionTime": 2,
    "SAR": 0.191062,
    "ScanOptions": "FS",
    "ScanningSequence": "EP",
    "SequenceName": "_epfid2d1_64",
    "SequenceVariant": "SK",
    "SeriesDescription": "OLVSL_R3",
    "SeriesNumber": 4,
    "ShimSetting": [
      6849,
      -11251,
      -2167,
      510,
      68,
      190,
      -206,
      7
    ],
    "SliceThickness": 3,
    "SliceTiming": [
      0,
      1.025,
      0.06,
      1.085,
      0.12,
      1.145,
      0.18,
      1.205,
      0.2425,
      1.265,
      0.3025,
      1.325,
      0.3625,
      1.385,
      0.4225,
      1.445,
      0.4825,
      1.505,
      0.5425,
      1.5675,
      0.6025,
      1.6275,
      0.6625,
      1.6875,
      0.7225,
      1.7475,
      0.7825,
      1.8075,
      0.8425,
      1.8675,
      0.905,
      1.9275,
      0.965
    ],
    "SoftwareVersions": "syngo_MR_B17",
    "SpacingBetweenSlices": 3.3,
    "StationName": "mrc_Trio",
    "TaskName": "learn",
    "TotalReadoutTime": 0.0371701,
    "TxRefAmp": 358.147,
    "dataset": "ds001241",
    "modality": "bold",
    "run_id": 3,
    "subject_id": "24",
    "task_id": "learn"
  },
  "dummy_trs": 1,
  "dvars_nstd": 18.02360161034246,
  "dvars_std": 1.133048886917808,
  "dvars_vstd": 1.0058531662328771,
  "efc": 0.633142186210496,
  "fber": 338.9830017089844,
  "fd_mean": 0.1656446571808504,
  "fd_num": 38,
  "fd_perc": 25.85034013605442,
  "fwhm_avg": 2.4914714265152145,
  "fwhm_x": 2.3223,
  "fwhm_y": 2.58309,
  "fwhm_z": 2.5690242795456433,
  "gcor": 0.0287831,
  "gsr_x": -0.006925046909600496,
  "gsr_y": 0.13053889572620392,
  "provenance": {
    "md5sum": "f63b6d8a573a206c1b02cbe9238f7edf",
    "settings": {
      "fd_thres": 0.2,
      "testing": false
    },
    "software": "mriqc",
    "version": "22.0.6",
    "webapi_port": null,
    "webapi_url": "https://mriqc.nimh.nih.gov/api/v1"
  },
  "size_t": 147,
  "size_x": 64,
  "size_y": 64,
  "size_z": 33,
  "snr": 3.3236035776914115,
  "spacing_tr": 2.0,
  "spacing_x": 3.0,
  "spacing_y": 3.0,
  "spacing_z": 3.299999952316284,
  "summary_bg_k": 14.516824855763964,
  "summary_bg_mad": 13.676248170345762,
  "summary_bg_mean": 83.52449798583984,
  "summary_bg_median": 30.557823181152344,
  "summary_bg_n": 69526.0,
  "summary_bg_p05": 20.53741455078125,
  "summary_bg_p95": 352.10882568359375,
  "summary_bg_stdv": 123.22188568115234,
  "summary_fg_k": 1.2497027037481976,
  "summary_fg_mad": 158.26525308144724,
  "summary_fg_mean": 608.2035522460938,
  "summary_fg_median": 580.08837890625,
  "summary_fg_n": 32790.0,
  "summary_fg_p05": 382.50134887695316,
  "summary_fg_p95": 941.1428192138671,
  "summary_fg_stdv": 174.53330993652344,
  "tsnr": 92.3921141307801
}