{
  "aor": 0.0033062837837837845,
  "aqi": 0.0024237060270270267,
  "bids_meta": {
    "AcquisitionMatrixPE": 64,
    "AcquisitionNumber": 1,
    "AcquisitionTime": "14:55:53.415000",
    "BandwidthPerPixelPhaseEncode": 26.483,
    "BaseResolution": 64,
    "ConversionSoftware": "dcm2niix",
    "ConversionSoftwareVersion": "v1.0.20171215 Clang9.0.0",
    "DerivedVendorReportedEchoSpacing": 0.000590001,
    "DeviceSerialNumber": "35410",
    "DwellTime": 4.1e-06,
    "EchoTime": 0.026,
    "EffectiveEchoSpacing": 0.000590001,
    "FlipAngle": 90,
    "ImageOrientationPatientDICOM": [
      1,
      2e-16,
      0,
      -2e-16,
      0.977046,
      -0.21303
    ],
    "ImageType": [
      "ORIGINAL",
      "PRIMARY",
      "M",
      "ND",
      "MOSAIC"
    ],
    "InPlanePhaseEncodingDirectionDICOM": "COL",
    "InstitutionAddress": "Cooper_60_St._Lucia_QLD_AU_4072",
    "InstitutionName": "St_Lucia_Campus",
    "InstitutionalDepartmentName": "Gehrmann_Labs_MRI",
    "MRAcquisitionType": "2D",
    "MagneticFieldStrength": 3,
    "Manufacturer": "Siemens",
    "ManufacturersModelName": "TrioTim",
    "Modality": "MR",
    "PartialFourier": 1,
    "PatientPosition": "HFS",
    "PercentPhaseFOV": 100,
    "PhaseEncodingDirection": "j-",
    "PhaseEncodingSteps": 64,
    "PhaseResolution": 1,
    "PixelBandwidth": 1905,
    "ProcedureStepDescription": "Brain_-_UQ_fMRI",
    "ProtocolName": "OLVSL_R8",
    "PulseSequenceDetails": "%SiemensSeq%_ep2d_pace",
    "ReceiveCoilName": "32Ch_Head",
    "ReconMatrixPE": 64,
    "RepetitionTime": 2,
    "SAR": 0.191062,
    "ScanOptions": "FS",
    "ScanningSequence": "EP",
    "SequenceName": "_epfid2d1_64",
    "SequenceVariant": "SK",
    "SeriesDescription": "OLVSL_R8",
    "SeriesNumber": 10,
    "ShimSetting": [
      6849,
      -11251,
      -2167,
      510,
      68,
      190,
      -206,
      7
    ],
    "SliceThickness": 3,
    "SliceTiming": [
      0,
      1.0225,
      0.06,
      1.0825,
      0.12,
      1.1425,
      0.18,
      1.2025,
      0.24,
      1.2625,
      0.3,
      1.3225,
      0.36,
      1.385,
      0.42,
      1.445,
      0.48,
      1.505,
      0.54,
      1.565,
      0.6,
      1.625,
      0.66,
      1.685,
      0.7225,
      1.745,
      0.7825,
      1.805,
      0.8425,
      1.865,
      0.9025,
      1.925,
      0.9625
    ],
    "SoftwareVersions": "syngo_MR_B17",
    "SpacingBetweenSlices": 3.3,
    "StationName": "mrc_Trio",
    "TaskName": "learn",
    "TotalReadoutTime": 0.0371701,
    "TxRefAmp": 358.147,
    "dataset": "ds001241",
    "modality": "bold",
    "run_id": 8,
    "subject_id": "24",
    "task_id": "learn"
  },
  "dummy_trs": 0,
  "dvars_nstd": 19.305958242176867,
  "dvars_std": 1.1549219063265304,
  "dvars_vstd": 1.0135024455782307,
  "efc": 0.6417633284911889,
  "fber": 300.3523864746094,
  "fd_mean": 0.1535479804396119,
  "fd_num": 30,
  "fd_perc": 20.27027027027027,
  "fwhm_avg": 2.5093423356287903,
  "fwhm_x": 2.343103333333333,
  "fwhm_y": 2.6111933333333335,
  "fwhm_z": 2.5737303402197047,
  "gcor": 0.0311788,
  "gsr_x": -0.013156847096979618,
  "gsr_y": 0.14003050327301025,
  "provenance": {
    "md5sum": "659c42a3fb81c230f578439d1d944384",
    "settings": {
      "fd_thres": 0.2,
      "testing": false
    },
    "software": "mriqc",
    "version": "22.0.6",
    "webapi_port": null,
    "webapi_url": "https://mriqc.nimh.nih.gov/api/v1"
  },
  "size_t": 148,
  "size_x": 64,
  "size_y": 64,
  "size_z": 33,
  "snr": 3.247140649266302,
  "spacing_tr": 2.0,
  "spacing_x": 3.0,
  "spacing_y": 3.0,
  "spacing_z": 3.299999952316284,
  "summary_bg_k": 12.599229865360558,
  "summary_bg_mad": 15.366970878878519,
  "summary_bg_mean": 90.6702880859375,
  "summary_bg_median": 32.216217041015625,
  "summary_bg_n": 68673.0,
  "summary_bg_p05": 21.141891479492188,
  "summary_bg_p95": 383.1229736328124,
  "summary_bg_stdv": 132.60208129882812,
  "summary_fg_k": 1.2612513695943814,
  "summary_fg_mad": 161.18285932711726,
  "summary_fg_mean": 604.6370239257812,
  "summary_fg_median": 576.6216430664062,
  "summary_fg_n": 33253.0,
  "summary_fg_p05": 373.5243408203125,
  "summary_fg_p95": 944.425695800781,
  "summary_fg_stdv": 177.5756072998047,
  "tsnr": 85.73017181153409
}