{
  "aor": 0.0022317687074829935,
  "aqi": 0.0022049750408163265,
  "bids_meta": {
    "AcquisitionMatrixPE": 64,
    "AcquisitionNumber": 1,
    "AcquisitionTime": "15:01:21.912500",
    "BandwidthPerPixelPhaseEncode": 26.483,
    "BaseResolution": 64,
    "ConversionSoftware": "dcm2niix",
    "ConversionSoftwareVersion": "v1.0.20171215 Clang9.0.0",
    "DerivedVendorReportedEchoSpacing": 0.000590001,
    "DeviceSerialNumber": "35410",
    "DwellTime": 4.1e-06,
    "EchoTime": 0.026,
    "EffectiveEchoSpacing": 0.000590001,
    "FlipAngle": 90,
    "ImageOrientationPatientDICOM": [
      1,
      2e-16,
      0,
      -2e-16,
      0.977046,
      -0.21303
    ],
    "ImageType": [
      "ORIGINAL",
      "PRIMARY",
      "M",
      "ND",
      "MOSAIC"
    ],
    "InPlanePhaseEncodingDirectionDICOM": "COL",
    "InstitutionAddress": "Cooper_60_St._Lucia_QLD_AU_4072",
    "InstitutionName": "St_Lucia_Campus",
    "InstitutionalDepartmentName": "Gehrmann_Labs_MRI",
    "MRAcquisitionType": "2D",
    "MagneticFieldStrength": 3,
    "Manufacturer": "Siemens",
    "ManufacturersModelName": "TrioTim",
    "Modality": "MR",
    "PartialFourier": 1,
    "PatientPosition": "HFS",
    "PercentPhaseFOV": 100,
    "PhaseEncodingDirection": "j-",
    "PhaseEncodingSteps": 64,
    "PhaseResolution": 1,
    "PixelBandwidth": 1905,
    "ProcedureStepDescription": "Brain_-_UQ_fMRI",
    "ProtocolName": "OLVSL_R9",
    "PulseSequenceDetails": "%SiemensSeq%_ep2d_pace",
    "ReceiveCoilName": "32Ch_Head",
    "ReconMatrixPE": 64,
    "RepetitionTime": 2,
    "SAR": 0.191062,
    "ScanOptions": "FS",
    "ScanningSequence": "EP",
    "SequenceName": "_epfid2d1_64",
    "SequenceVariant": "SK",
    "SeriesDescription": "OLVSL_R9",
    "SeriesNumber": 11,
    "ShimSetting": [
      6849,
      -11251,
      -2167,
      510,
      68,
      190,
      -206,
      7
    ],
    "SliceThickness": 3,
    "SliceTiming": [
      0,
      1.025,
      0.06,
      1.085,
      0.12,
      1.145,
      0.18,
      1.205,
      0.24,
      1.265,
      0.3,
      1.325,
      0.3625,
      1.385,
      0.4225,
      1.445,
      0.4825,
      1.505,
      0.5425,
      1.565,
      0.6025,
      1.625,
      0.6625,
      1.685,
      0.7225,
      1.7475,
      0.7825,
      1.8075,
      0.8425,
      1.8675,
      0.9025,
      1.9275,
      0.9625
    ],
    "SoftwareVersions": "syngo_MR_B17",
    "SpacingBetweenSlices": 3.3,
    "StationName": "mrc_Trio",
    "TaskName": "learn",
    "TotalReadoutTime": 0.0371701,
    "TxRefAmp": 358.147,
    "dataset": "ds001241",
    "modality": "bold",
    "run_id": 9,
    "subject_id": "24",
    "task_id": "learn"
  },
  "dummy_trs": 1,
  "dvars_nstd": 18.2386843080822,
  "dvars_std": 1.15249531239726,
  "dvars_vstd": 1.0240465519178084,
  "efc": 0.642690868521936,
  "fber": 296.1331481933594,
  "fd_mean": 0.14733786737080914,
  "fd_num": 30,
  "fd_perc": 20.408163265306122,
  "fwhm_avg": 2.5212955680061433,
  "fwhm_x": 2.34876,
  "fwhm_y": 2.63016,
  "fwhm_z": 2.58496670401843,
  "gcor": 0.0331737,
  "gsr_x": -0.013476517982780933,
  "gsr_y": 0.14054441452026367,
  "provenance": {
    "md5sum": "637a711a3238b2c639bde19150296047",
    "settings": {
      "fd_thres": 0.2,
      "testing": false
    },
    "software": "mriqc",
    "version": "22.0.6",
    "webapi_port": null,
    "webapi_url": "https://mriqc.nimh.nih.gov/api/v1"
  },
  "size_t": 147,
  "size_x": 64,
  "size_y": 64,
  "size_z": 33,
  "snr": 3.254522558273155,
  "spacing_tr": 2.0,
  "spacing_x": 3.0,
  "spacing_y": 3.0,
  "spacing_z": 3.299999952316284,
  "summary_bg_k": 12.205416478726326,
  "summary_bg_mad": 15.70348375730062,
  "summary_bg_mean": 91.7789077758789,
  "summary_bg_median": 32.482994079589844,
  "summary_bg_n": 68701.0,
  "summary_bg_p05": 21.190475463867188,
  "summary_bg_p95": 388.1292419433594,
  "summary_bg_stdv": 133.87039184570312,
  "summary_fg_k": 1.2308053780977781,
  "summary_fg_mad": 161.59355208643657,
  "summary_fg_mean": 605.82080078125,
  "summary_fg_median": 578.0136108398438,
  "summary_fg_n": 33234.0,
  "summary_fg_p05": 373.9499801635742,
  "summary_fg_p95": 942.4156372070312,
  "summary_fg_stdv": 177.60052490234375,
  "tsnr": 88.37935510091484
}