{
  "aor": 0.002995405405405406,
  "aqi": 0.0018045910743243244,
  "bids_meta": {
    "AcquisitionMatrixPE": 64,
    "AcquisitionNumber": 1,
    "AcquisitionTime": "14:17:48.562500",
    "BandwidthPerPixelPhaseEncode": 26.483,
    "BaseResolution": 64,
    "ConversionSoftware": "dcm2niix",
    "ConversionSoftwareVersion": "v1.0.20171215 Clang9.0.0",
    "DerivedVendorReportedEchoSpacing": 0.000590001,
    "DeviceSerialNumber": "35410",
    "DwellTime": 4.1e-06,
    "EchoTime": 0.026,
    "EffectiveEchoSpacing": 0.000590001,
    "FlipAngle": 90,
    "ImageOrientationPatientDICOM": [
      1,
      2e-16,
      0,
      -2e-16,
      0.977046,
      -0.21303
    ],
    "ImageType": [
      "ORIGINAL",
      "PRIMARY",
      "M",
      "ND",
      "MOSAIC"
    ],
    "InPlanePhaseEncodingDirectionDICOM": "COL",
    "InstitutionAddress": "Cooper_60_St._Lucia_QLD_AU_4072",
    "InstitutionName": "St_Lucia_Campus",
    "InstitutionalDepartmentName": "Gehrmann_Labs_MRI",
    "MRAcquisitionType": "2D",
    "MagneticFieldStrength": 3,
    "Manufacturer": "Siemens",
    "ManufacturersModelName": "TrioTim",
    "Modality": "MR",
    "PartialFourier": 1,
    "PatientPosition": "HFS",
    "PercentPhaseFOV": 100,
    "PhaseEncodingDirection": "j-",
    "PhaseEncodingSteps": 64,
    "PhaseResolution": 1,
    "PixelBandwidth": 1905,
    "ProcedureStepDescription": "Brain_-_UQ_fMRI",
    "ProtocolName": "OLVSL_R2",
    "PulseSequenceDetails": "%SiemensSeq%_ep2d_pace",
    "ReceiveCoilName": "32Ch_Head",
    "ReconMatrixPE": 64,
    "RepetitionTime": 2,
    "SAR": 0.191062,
    "ScanOptions": "FS",
    "ScanningSequence": "EP",
    "SequenceName": "_epfid2d1_64",
    "SequenceVariant": "SK",
    "SeriesDescription": "OLVSL_R2",
    "SeriesNumber": 3,
    "ShimSetting": [
      6849,
      -11251,
      -2167,
      510,
      68,
      190,
      -206,
      7
    ],
    "SliceThickness": 3,
    "SliceTiming": [
      0,
      1.0225,
      0.06,
      1.0825,
      0.12,
      1.1425,
      0.18,
      1.205,
      0.24,
      1.265,
      0.3,
      1.325,
      0.36,
      1.385,
      0.42,
      1.445,
      0.48,
      1.505,
      0.5425,
      1.565,
      0.6025,
      1.625,
      0.6625,
      1.685,
      0.7225,
      1.745,
      0.7825,
      1.805,
      0.8425,
      1.865,
      0.9025,
      1.9275,
      0.9625
    ],
    "SoftwareVersions": "syngo_MR_B17",
    "SpacingBetweenSlices": 3.3,
    "StationName": "mrc_Trio",
    "TaskName": "learn",
    "TotalReadoutTime": 0.0371701,
    "TxRefAmp": 358.147,
    "dataset": "ds001241",
    "modality": "bold",
    "run_id": 2,
    "subject_id": "24",
    "task_id": "learn"
  },
  "dummy_trs": 0,
  "dvars_nstd": 18.80958825034014,
  "dvars_std": 1.164819491904762,
  "dvars_vstd": 1.0200899974149653,
  "efc": 0.6316849444920891,
  "fber": 343.77020263671875,
  "fd_mean": 0.1563210711013643,
  "fd_num": 36,
  "fd_perc": 24.324324324324323,
  "fwhm_avg": 2.4697349617982387,
  "fwhm_x": 2.2923899999999997,
  "fwhm_y": 2.56243,
  "fwhm_z": 2.554384885394716,
  "gcor": 0.0419265,
  "gsr_x": -0.007330122869461775,
  "gsr_y": 0.130815327167511,
  "provenance": {
    "md5sum": "c353d2247d0d6851a4e7add696cc772b",
    "settings": {
      "fd_thres": 0.2,
      "testing": false
    },
    "software": "mriqc",
    "version": "22.0.6",
    "webapi_port": null,
    "webapi_url": "https://mriqc.nimh.nih.gov/api/v1"
  },
  "size_t": 148,
  "size_x": 64,
  "size_y": 64,
  "size_z": 33,
  "snr": 3.3155379083671175,
  "spacing_tr": 2.0,
  "spacing_x": 3.0,
  "spacing_y": 3.0,
  "spacing_z": 3.299999952316284,
  "summary_bg_k": 15.140725341128416,
  "summary_bg_mad": 13.523739968277003,
  "summary_bg_mean": 81.7919692993164,
  "summary_bg_median": 30.304054260253906,
  "summary_bg_n": 69581.0,
  "summary_bg_p05": 20.304054260253906,
  "summary_bg_p95": 343.9256896972656,
  "summary_bg_stdv": 120.5146713256836,
  "summary_fg_k": 1.2307051190277125,
  "summary_fg_mad": 158.2177001355351,
  "summary_fg_mean": 607.269775390625,
  "summary_fg_median": 579.3310546875,
  "summary_fg_n": 32730.0,
  "summary_fg_p05": 381.0790588378906,
  "summary_fg_p95": 942.8675994873047,
  "summary_fg_stdv": 174.72947692871094,
  "tsnr": 91.16641795844771
}