{
  "aor": 0.002397755102040817,
  "aqi": 0.0018894467619047616,
  "bids_meta": {
    "AcquisitionMatrixPE": 64,
    "AcquisitionNumber": 1,
    "AcquisitionTime": "15:06:49.135000",
    "BandwidthPerPixelPhaseEncode": 26.483,
    "BaseResolution": 64,
    "ConversionSoftware": "dcm2niix",
    "ConversionSoftwareVersion": "v1.0.20171215 Clang9.0.0",
    "DerivedVendorReportedEchoSpacing": 0.000590001,
    "DeviceSerialNumber": "35410",
    "DwellTime": 4.1e-06,
    "EchoTime": 0.026,
    "EffectiveEchoSpacing": 0.000590001,
    "FlipAngle": 90,
    "ImageOrientationPatientDICOM": [
      1,
      2e-16,
      0,
      -2e-16,
      0.977046,
      -0.21303
    ],
    "ImageType": [
      "ORIGINAL",
      "PRIMARY",
      "M",
      "ND",
      "MOSAIC"
    ],
    "InPlanePhaseEncodingDirectionDICOM": "COL",
    "InstitutionAddress": "Cooper_60_St._Lucia_QLD_AU_4072",
    "InstitutionName": "St_Lucia_Campus",
    "InstitutionalDepartmentName": "Gehrmann_Labs_MRI",
    "MRAcquisitionType": "2D",
    "MagneticFieldStrength": 3,
    "Manufacturer": "Siemens",
    "ManufacturersModelName": "TrioTim",
    "Modality": "MR",
    "PartialFourier": 1,
    "PatientPosition": "HFS",
    "PercentPhaseFOV": 100,
    "PhaseEncodingDirection": "j-",
    "PhaseEncodingSteps": 64,
    "PhaseResolution": 1,
    "PixelBandwidth": 1905,
    "ProcedureStepDescription": "Brain_-_UQ_fMRI",
    "ProtocolName": "OLVSL_R10",
    "PulseSequenceDetails": "%SiemensSeq%_ep2d_pace",
    "ReceiveCoilName": "32Ch_Head",
    "ReconMatrixPE": 64,
    "RepetitionTime": 2,
    "SAR": 0.191062,
    "ScanOptions": "FS",
    "ScanningSequence": "EP",
    "SequenceName": "_epfid2d1_64",
    "SequenceVariant": "SK",
    "SeriesDescription": "OLVSL_R10",
    "SeriesNumber": 12,
    "ShimSetting": [
      6849,
      -11251,
      -2167,
      510,
      68,
      190,
      -206,
      7
    ],
    "SliceThickness": 3,
    "SliceTiming": [
      0,
      1.025,
      0.06,
      1.085,
      0.1225,
      1.145,
      0.1825,
      1.205,
      0.2425,
      1.265,
      0.3025,
      1.325,
      0.3625,
      1.385,
      0.4225,
      1.4475,
      0.4825,
      1.5075,
      0.5425,
      1.5675,
      0.6025,
      1.6275,
      0.6625,
      1.6875,
      0.7225,
      1.7475,
      0.785,
      1.8075,
      0.845,
      1.8675,
      0.905,
      1.9275,
      0.965
    ],
    "SoftwareVersions": "syngo_MR_B17",
    "SpacingBetweenSlices": 3.3,
    "StationName": "mrc_Trio",
    "TaskName": "learn",
    "TotalReadoutTime": 0.0371701,
    "TxRefAmp": 358.147,
    "dataset": "ds001241",
    "modality": "bold",
    "run_id": 10,
    "subject_id": "24",
    "task_id": "learn"
  },
  "dummy_trs": 1,
  "dvars_nstd": 20.52810392643835,
  "dvars_std": 1.177690442876713,
  "dvars_vstd": 1.0162552834246579,
  "efc": 0.6437537005690454,
  "fber": 291.204833984375,
  "fd_mean": 0.1697235085301314,
  "fd_num": 39,
  "fd_perc": 26.53061224489796,
  "fwhm_avg": 2.5171657700245498,
  "fwhm_x": 2.3488933333333333,
  "fwhm_y": 2.61801,
  "fwhm_z": 2.5845939767403165,
  "gcor": 0.0225108,
  "gsr_x": -0.012105230242013931,
  "gsr_y": 0.14063957333564758,
  "provenance": {
    "md5sum": "8c1cf0f98bc55712ac553c9ec445e7ee",
    "settings": {
      "fd_thres": 0.2,
      "testing": false
    },
    "software": "mriqc",
    "version": "22.0.6",
    "webapi_port": null,
    "webapi_url": "https://mriqc.nimh.nih.gov/api/v1"
  },
  "size_t": 147,
  "size_x": 64,
  "size_y": 64,
  "size_z": 33,
  "snr": 3.2435325585340786,
  "spacing_tr": 2.0,
  "spacing_x": 3.0,
  "spacing_y": 3.0,
  "spacing_z": 3.299999952316284,
  "summary_bg_k": 11.536054316785536,
  "summary_bg_mad": 15.844683429950807,
  "summary_bg_mean": 93.24848175048828,
  "summary_bg_median": 32.693878173828125,
  "summary_bg_n": 68703.0,
  "summary_bg_p05": 21.278911590576172,
  "summary_bg_p95": 396.55780334472615,
  "summary_bg_stdv": 135.91038513183594,
  "summary_fg_k": 1.2894030053339138,
  "summary_fg_mad": 161.8760192998805,
  "summary_fg_mean": 605.880615234375,
  "summary_fg_median": 577.9795532226562,
  "summary_fg_n": 33263.0,
  "summary_fg_p05": 373.7081665039062,
  "summary_fg_p95": 944.1516723632811,
  "summary_fg_stdv": 178.19178771972656,
  "tsnr": 91.09656307380646
}