{
  "aor": 0.0031333783783783786,
  "aqi": 0.002422974087837838,
  "bids_meta": {
    "AcquisitionMatrixPE": 64,
    "AcquisitionNumber": 1,
    "AcquisitionTime": "14:34:1.985000",
    "BandwidthPerPixelPhaseEncode": 26.483,
    "BaseResolution": 64,
    "ConversionSoftware": "dcm2niix",
    "ConversionSoftwareVersion": "v1.0.20171215 Clang9.0.0",
    "DerivedVendorReportedEchoSpacing": 0.000590001,
    "DeviceSerialNumber": "35410",
    "DwellTime": 4.1e-06,
    "EchoTime": 0.026,
    "EffectiveEchoSpacing": 0.000590001,
    "FlipAngle": 90,
    "ImageOrientationPatientDICOM": [
      1,
      2e-16,
      0,
      -2e-16,
      0.977046,
      -0.21303
    ],
    "ImageType": [
      "ORIGINAL",
      "PRIMARY",
      "M",
      "ND",
      "MOSAIC"
    ],
    "InPlanePhaseEncodingDirectionDICOM": "COL",
    "InstitutionAddress": "Cooper_60_St._Lucia_QLD_AU_4072",
    "InstitutionName": "St_Lucia_Campus",
    "InstitutionalDepartmentName": "Gehrmann_Labs_MRI",
    "MRAcquisitionType": "2D",
    "MagneticFieldStrength": 3,
    "Manufacturer": "Siemens",
    "ManufacturersModelName": "TrioTim",
    "Modality": "MR",
    "PartialFourier": 1,
    "PatientPosition": "HFS",
    "PercentPhaseFOV": 100,
    "PhaseEncodingDirection": "j-",
    "PhaseEncodingSteps": 64,
    "PhaseResolution": 1,
    "PixelBandwidth": 1905,
    "ProcedureStepDescription": "Brain_-_UQ_fMRI",
    "ProtocolName": "OLVSL_R5",
    "PulseSequenceDetails": "%SiemensSeq%_ep2d_pace",
    "ReceiveCoilName": "32Ch_Head",
    "ReconMatrixPE": 64,
    "RepetitionTime": 2,
    "SAR": 0.191062,
    "ScanOptions": "FS",
    "ScanningSequence": "EP",
    "SequenceName": "_epfid2d1_64",
    "SequenceVariant": "SK",
    "SeriesDescription": "OLVSL_R5",
    "SeriesNumber": 6,
    "ShimSetting": [
      6849,
      -11251,
      -2167,
      510,
      68,
      190,
      -206,
      7
    ],
    "SliceThickness": 3,
    "SliceTiming": [
      0,
      1.025,
      0.0625,
      1.085,
      0.1225,
      1.145,
      0.1825,
      1.205,
      0.2425,
      1.265,
      0.3025,
      1.325,
      0.3625,
      1.385,
      0.4225,
      1.4475,
      0.4825,
      1.5075,
      0.5425,
      1.5675,
      0.6025,
      1.6275,
      0.6625,
      1.6875,
      0.725,
      1.7475,
      0.785,
      1.8075,
      0.845,
      1.8675,
      0.905,
      1.9275,
      0.965
    ],
    "SoftwareVersions": "syngo_MR_B17",
    "SpacingBetweenSlices": 3.3,
    "StationName": "mrc_Trio",
    "TaskName": "learn",
    "TotalReadoutTime": 0.0371701,
    "TxRefAmp": 358.147,
    "dataset": "ds001241",
    "modality": "bold",
    "run_id": 5,
    "subject_id": "24",
    "task_id": "learn"
  },
  "dummy_trs": 0,
  "dvars_nstd": 18.47327144768707,
  "dvars_std": 1.11234983170068,
  "dvars_vstd": 0.9975821710204081,
  "efc": 0.6375351016815324,
  "fber": 316.1933288574219,
  "fd_mean": 0.16992087124196506,
  "fd_num": 33,
  "fd_perc": 22.2972972972973,
  "fwhm_avg": 2.507866780008854,
  "fwhm_x": 2.3484233333333333,
  "fwhm_y": 2.614813333333333,
  "fwhm_z": 2.560363673359895,
  "gcor": 0.027446,
  "gsr_x": -0.011041039600968361,
  "gsr_y": 0.13633513450622559,
  "provenance": {
    "md5sum": "c07db84a4e3ff657747a7370616b8eca",
    "settings": {
      "fd_thres": 0.2,
      "testing": false
    },
    "software": "mriqc",
    "version": "22.0.6",
    "webapi_port": null,
    "webapi_url": "https://mriqc.nimh.nih.gov/api/v1"
  },
  "size_t": 148,
  "size_x": 64,
  "size_y": 64,
  "size_z": 33,
  "snr": 3.280622819036639,
  "spacing_tr": 2.0,
  "spacing_x": 3.0,
  "spacing_y": 3.0,
  "spacing_z": 3.299999952316284,
  "summary_bg_k": 13.95005368383687,
  "summary_bg_mad": 14.896144116536968,
  "summary_bg_mean": 87.0361328125,
  "summary_bg_median": 31.45945930480957,
  "summary_bg_n": 69051.0,
  "summary_bg_p05": 20.45945930480957,
  "summary_bg_p95": 364.77366638183594,
  "summary_bg_stdv": 128.10289001464844,
  "summary_fg_k": 1.2457348040353686,
  "summary_fg_mad": 160.01082173348416,
  "summary_fg_mean": 605.1367797851562,
  "summary_fg_median": 577.5878295898438,
  "summary_fg_n": 33033.0,
  "summary_fg_p05": 376.60406494140625,
  "summary_fg_p95": 938.2824584960935,
  "summary_fg_stdv": 176.05775451660156,
  "tsnr": 85.59999109618366
}